{
  "bids_meta": {
    "AcquisitionMatrixPE": 256,
    "AcquisitionNumber": 1,
    "AcquisitionTime": "11:17:14.245000",
    "BaseResolution": 256,
    "BodyPartExamined": "HEAD",
    "CoilCombinationMethod": "Adaptive Combine",
    "ConsistencyInfo": "N4_VD13D_LATEST_20130810",
    "ConversionSoftware": "dcm2niix",
    "ConversionSoftwareVersion": "v1.0.20211006",
    "Dcm2bidsVersion": "2.1.6",
    "DeviceSerialNumber": "66040",
    "DwellTime": 1.5e-05,
    "EchoTime": 0.00303,
    "FlipAngle": 9,
    "ImageOrientationPatientDICOM": [
      -0.0612052,
      0.994568,
      -0.0841957,
      0.0146676,
      -0.0834485,
      -0.996404
    ],
    "ImageOrientationText": "Sag>Cor(-3.6)>Tra(-0.5)",
    "ImageType": [
      "ORIGINAL",
      "PRIMARY",
      "M",
      "ND",
      "NORM"
    ],
    "ImagingFrequency": 123.21,
    "InPlanePhaseEncodingDirectionDICOM": "ROW",
    "InstitutionAddress": "Magyar Tudosok Korutja 2,Budapest,,HU,1117",
    "InstitutionName": "RCNS",
    "InstitutionalDepartmentName": "BIC",
    "InversionTime": 0.9,
    "MRAcquisitionType": "3D",
    "MagneticFieldStrength": 3,
    "Manufacturer": "Siemens",
    "ManufacturersModelName": "Prisma",
    "MatrixCoilMode": "GRAPPA",
    "Modality": "MR",
    "ParallelReductionFactorInPlane": 2,
    "PartialFourier": 1,
    "PatientPosition": "HFS",
    "PercentPhaseFOV": 100,
    "PercentSampling": 100,
    "PhaseEncodingSteps": 255,
    "PhaseResolution": 1,
    "PixelBandwidth": 130,
    "ProcedureStepDescription": "head^MR-artefacts",
    "ProtocolName": "MPRAGE_move2",
    "PulseSequenceDetails": "%SiemensSeq%\\tfl",
    "ReceiveCoilActiveElements": "HE1-4",
    "ReceiveCoilName": "HeadNeck_20",
    "ReconMatrixPE": 256,
    "RefLinesPE": 24,
    "RepetitionTime": 2.3,
    "SAR": 0.057268,
    "ScanOptions": "IR",
    "ScanningSequence": "GR\\IR",
    "SequenceName": "*tfl3d1_16ns",
    "SequenceVariant": "SK\\SP\\MP",
    "SeriesDescription": "MPRAGE_move2",
    "SeriesNumber": 21,
    "ShimSetting": [
      5957,
      -1034,
      1137,
      208,
      26,
      -166,
      183,
      -53
    ],
    "SliceThickness": 1,
    "SoftwareVersions": "syngo MR D13D",
    "SpoilingState": true,
    "StationName": "AWP66040",
    "TxRefAmp": 250.496,
    "acq_id": "headmotion2",
    "dataset": "<unset>",
    "modality": "T1w",
    "subject_id": "519991"
  },
  "cjv": 0.4737418916837793,
  "cnr": 2.892875355975605,
  "efc": 0.5828180641085112,
  "fber": 6283.579994331212,
  "fwhm_avg": 4.4581566666666665,
  "fwhm_x": 4.08502,
  "fwhm_y": 4.60148,
  "fwhm_z": 4.68797,
  "icvs_csf": 0.2219041117957154,
  "icvs_gm": 0.4096594217399498,
  "icvs_wm": 0.3684364664643348,
  "inu_med": 1.7223377227783203,
  "inu_range": 0.6877984464168545,
  "provenance": {
    "md5sum": "7a1bd96315963a488fce45198a040da5",
    "settings": {
      "testing": false
    },
    "software": "mriqc",
    "version": "0.16.1",
    "warnings": {
      "large_rot_frame": true,
      "small_air_mask": false
    },
    "webapi_port": null,
    "webapi_url": "https://mriqc.nimh.nih.gov/api/v1"
  },
  "qi_1": 6.216935616482215e-06,
  "qi_2": 0.0090060774444376,
  "rpve_csf": 26.015203209358127,
  "rpve_gm": 14.252060298273499,
  "rpve_wm": 18.6784922891977,
  "size_x": 192,
  "size_y": 256,
  "size_z": 256,
  "snr_csf": 3.2531697088864866,
  "snr_gm": 11.99773477235278,
  "snr_total": 10.442285055085463,
  "snr_wm": 16.075950684017123,
  "snrd_csf": 64.14530997860211,
  "snrd_gm": 129.72874752310724,
  "snrd_total": 122.81127358879156,
  "snrd_wm": 174.55976326466535,
  "spacing_x": 1.0,
  "spacing_y": 1.0,
  "spacing_z": 1.0,
  "summary_bg_k": 17.083752758568277,
  "summary_bg_mad": 3.7530778229082666,
  "summary_bg_mean": 10.221083297996515,
  "summary_bg_median": 4.74064527079463,
  "summary_bg_n": 2992382.0,
  "summary_bg_p05": 0.0,
  "summary_bg_p95": 35.57785237208009,
  "summary_bg_stdv": 13.240185340565015,
  "summary_csf_k": -0.1128429611338988,
  "summary_csf_mad": 122.21386146961284,
  "summary_csf_mean": 372.0295803929595,
  "summary_csf_median": 367.4690470099449,
  "summary_csf_n": 30389.0,
  "summary_csf_p05": 201.27030843868852,
  "summary_csf_p95": 560.0497066415842,
  "summary_csf_stdv": 112.95537391421676,
  "summary_gm_k": -0.011695209205960566,
  "summary_gm_mad": 62.642280753268885,
  "summary_gm_mean": 743.6606615372572,
  "summary_gm_median": 743.1766911409795,
  "summary_gm_n": 26043.0,
  "summary_gm_p05": 642.895934674889,
  "summary_gm_p95": 845.8553856518118,
  "summary_gm_stdv": 61.9418946028541,
  "summary_wm_k": 0.5278995332795406,
  "summary_wm_mad": 59.025678487557286,
  "summary_wm_mean": 1002.4954764434877,
  "summary_wm_median": 999.9999980442226,
  "summary_wm_n": 214577.0,
  "summary_wm_p05": 904.358630347997,
  "summary_wm_p95": 1107.884197216481,
  "summary_wm_stdv": 62.204574244548986,
  "tpm_overlap_csf": 0.1584150642156601,
  "tpm_overlap_gm": 0.4374745786190033,
  "tpm_overlap_wm": 0.4903971552848816,
  "wm2max": 0.5616600102402602
}