{
  "bids_meta": {
    "AcquisitionMatrixPE": 256,
    "AcquisitionNumber": 1,
    "AcquisitionTime": "10:44:19.792500",
    "BaseResolution": 256,
    "BodyPartExamined": "HEAD",
    "CoilCombinationMethod": "Adaptive Combine",
    "ConsistencyInfo": "N4_VD13D_LATEST_20130810",
    "ConversionSoftware": "dcm2niix",
    "ConversionSoftwareVersion": "v1.0.20211006",
    "Dcm2bidsVersion": "2.1.6",
    "DeviceSerialNumber": "66040",
    "DwellTime": 1.5e-05,
    "EchoTime": 0.00303,
    "FlipAngle": 9,
    "ImageOrientationPatientDICOM": [
      -0.0612042,
      0.994562,
      -0.0842625,
      0.0146721,
      -0.0835151,
      -0.996399
    ],
    "ImageOrientationText": "Sag>Cor(-3.6)>Tra(-0.5)",
    "ImageType": [
      "ORIGINAL",
      "PRIMARY",
      "M",
      "ND",
      "NORM"
    ],
    "ImagingFrequency": 123.21,
    "InPlanePhaseEncodingDirectionDICOM": "ROW",
    "InstitutionAddress": "Magyar Tudosok Korutja 2,Budapest,,HU,1117",
    "InstitutionName": "RCNS",
    "InstitutionalDepartmentName": "BIC",
    "InversionTime": 0.9,
    "MRAcquisitionType": "3D",
    "MagneticFieldStrength": 3,
    "Manufacturer": "Siemens",
    "ManufacturersModelName": "Prisma",
    "MatrixCoilMode": "GRAPPA",
    "Modality": "MR",
    "ParallelReductionFactorInPlane": 2,
    "PartialFourier": 1,
    "PatientPosition": "HFS",
    "PercentPhaseFOV": 100,
    "PercentSampling": 100,
    "PhaseEncodingSteps": 255,
    "PhaseResolution": 1,
    "PixelBandwidth": 130,
    "ProcedureStepDescription": "head^MR-artefacts",
    "ProtocolName": "MPRAGE_conventional",
    "PulseSequenceDetails": "%SiemensSeq%\\tfl",
    "ReceiveCoilActiveElements": "HE1-4",
    "ReceiveCoilName": "HeadNeck_20",
    "ReconMatrixPE": 256,
    "RefLinesPE": 24,
    "RepetitionTime": 2.3,
    "SAR": 0.057268,
    "ScanOptions": "IR",
    "ScanningSequence": "GR\\IR",
    "SequenceName": "*tfl3d1_16ns",
    "SequenceVariant": "SK\\SP\\MP",
    "SeriesDescription": "MPRAGE_conventional",
    "SeriesNumber": 8,
    "ShimSetting": [
      5957,
      -1034,
      1137,
      208,
      26,
      -166,
      183,
      -53
    ],
    "SliceThickness": 1,
    "SoftwareVersions": "syngo MR D13D",
    "SpoilingState": true,
    "StationName": "AWP66040",
    "TxRefAmp": 250.496,
    "acq_id": "standard",
    "dataset": "<unset>",
    "modality": "T1w",
    "subject_id": "519991"
  },
  "cjv": 0.3231856122957874,
  "cnr": 4.085893532684664,
  "efc": 0.5734339457021468,
  "fber": 12060.583876337692,
  "fwhm_avg": 4.60569,
  "fwhm_x": 4.2304,
  "fwhm_y": 4.77548,
  "fwhm_z": 4.81119,
  "icvs_csf": 0.22543778427853917,
  "icvs_gm": 0.40667847339721497,
  "icvs_wm": 0.36788374232424587,
  "inu_med": 1.4661989212036133,
  "inu_range": 0.5014640808105468,
  "provenance": {
    "md5sum": "02cf9affb48c83ddcf12a4064f8a3c1b",
    "settings": {
      "testing": false
    },
    "software": "mriqc",
    "version": "0.16.1",
    "warnings": {
      "large_rot_frame": true,
      "small_air_mask": false
    },
    "webapi_port": null,
    "webapi_url": "https://mriqc.nimh.nih.gov/api/v1"
  },
  "qi_1": 2.289789924858908e-06,
  "qi_2": 0.015623916620993147,
  "rpve_csf": 25.5441287510615,
  "rpve_gm": 14.38788093262866,
  "rpve_wm": 19.262393290169054,
  "size_x": 192,
  "size_y": 256,
  "size_z": 256,
  "snr_csf": 3.1607177574203074,
  "snr_gm": 13.972344710681948,
  "snr_total": 13.841496180814138,
  "snr_wm": 24.391426074340153,
  "snrd_csf": 74.66917039245686,
  "snrd_gm": 151.94454733605141,
  "snrd_total": 145.10588539390812,
  "snrd_wm": 208.70393845321607,
  "spacing_x": 1.0,
  "spacing_y": 1.0,
  "spacing_z": 1.0,
  "summary_bg_k": 14.966389711716008,
  "summary_bg_mad": 3.1392062779950716,
  "summary_bg_mean": 6.080328828047697,
  "summary_bg_median": 4.148301959037781,
  "summary_bg_n": 2835816.0,
  "summary_bg_p05": 0.0,
  "summary_bg_p95": 16.76605375111103,
  "summary_bg_stdv": 5.884419298036751,
  "summary_csf_k": -0.0697610924170946,
  "summary_csf_mad": 125.24792394857887,
  "summary_csf_mean": 371.05069948102926,
  "summary_csf_median": 357.7910439670086,
  "summary_csf_n": 23038.0,
  "summary_csf_p05": 209.05713414400816,
  "summary_csf_p95": 563.0455679818988,
  "summary_csf_stdv": 113.19684518053978,
  "summary_gm_k": 0.24533131316373868,
  "summary_gm_mad": 50.86795479036912,
  "summary_gm_mean": 728.5712090443828,
  "summary_gm_median": 728.0702052898705,
  "summary_gm_n": 31811.0,
  "summary_gm_p05": 643.9374561831355,
  "summary_gm_p95": 814.4067398123443,
  "summary_gm_stdv": 52.10712851631115,
  "summary_wm_k": 0.7367475375777142,
  "summary_wm_mad": 37.02982099349288,
  "summary_wm_mean": 998.9170413766789,
  "summary_wm_median": 1000.043252479285,
  "summary_wm_n": 219669.0,
  "summary_wm_p05": 927.29240687266,
  "summary_wm_p95": 1063.8666065782309,
  "summary_wm_stdv": 40.99969280920579,
  "tpm_overlap_csf": 0.15981751680374146,
  "tpm_overlap_gm": 0.4379447400569916,
  "tpm_overlap_wm": 0.4928519129753113,
  "wm2max": 0.5847145022738757
}