{
  "bids_meta": {
    "AcquisitionMatrixPE": 256,
    "AcquisitionNumber": 1,
    "AcquisitionTime": "10:19:9.032500",
    "BodyPartExamined": "HEAD",
    "CoilString": "HeadNeck_20",
    "ConversionSoftware": "dcm2niix",
    "ConversionSoftwareVersion": "v1.0.20211006",
    "Dcm2bidsVersion": "2.1.6",
    "DeviceSerialNumber": "66040",
    "EchoTime": 0.00303,
    "FlipAngle": 9,
    "ImageOrientationPatientDICOM": [
      0.0181365,
      0.982812,
      -0.183716,
      0.0771406,
      -0.184574,
      -0.979787
    ],
    "ImageType": [
      "ORIGINAL",
      "PRIMARY",
      "M",
      "NONE"
    ],
    "ImagingFrequency": 123.227,
    "InPlanePhaseEncodingDirectionDICOM": "ROW",
    "InstitutionAddress": "Magyar Tudosok Korutja 2,Budapest,,HU,1117",
    "InstitutionName": "RCNS",
    "InstitutionalDepartmentName": "BIC",
    "InversionTime": 0.9,
    "MRAcquisitionType": "3D",
    "MTState": true,
    "MagneticFieldStrength": 3,
    "Manufacturer": "Siemens",
    "ManufacturersModelName": "MAGNETOM Prisma",
    "Modality": "MR",
    "ParallelAcquisitionTechnique": "GRAPPA",
    "ParallelReductionFactorInPlane": 2,
    "PatientPosition": "HFS",
    "PercentPhaseFOV": 100,
    "PercentSampling": 100,
    "PixelBandwidth": 130,
    "ProcedureStepDescription": "head MR-artefacts",
    "ProtocolName": "MPRAGE_conventional",
    "ReceiveCoilActiveElements": "HE1-4;NE1,2",
    "ReconMatrixPE": 256,
    "RepetitionTime": 2.3,
    "SequenceVariant": "SK\\SP\\MP",
    "SeriesDescription": "MPRAGE_conventional",
    "SeriesNumber": 5,
    "SliceThickness": 1,
    "SoftwareVersions": "syngo MR XA30",
    "StationName": "AWP66040",
    "acq_id": "standard",
    "dataset": "<unset>",
    "modality": "T1w",
    "subject_id": "654601"
  },
  "cjv": 0.4240149537275411,
  "cnr": 3.1254735402696427,
  "efc": 0.590805107814075,
  "fber": 8205.427545190283,
  "fwhm_avg": 4.517413333333334,
  "fwhm_x": 4.44509,
  "fwhm_y": 4.48386,
  "fwhm_z": 4.62329,
  "icvs_csf": 0.23135712751360643,
  "icvs_gm": 0.3902674953896568,
  "icvs_wm": 0.37837537709673674,
  "inu_med": 1.532784342765808,
  "inu_range": 0.5951588153839111,
  "provenance": {
    "md5sum": "dd9b812bcb53265c28358d0ec8957838",
    "settings": {
      "testing": false
    },
    "software": "mriqc",
    "version": "0.16.1",
    "warnings": {
      "large_rot_frame": true,
      "small_air_mask": false
    },
    "webapi_port": null,
    "webapi_url": "https://mriqc.nimh.nih.gov/api/v1"
  },
  "qi_1": 0.0,
  "qi_2": 0.011063951268181558,
  "rpve_csf": 26.25318258589831,
  "rpve_gm": 15.0145489533976,
  "rpve_wm": 18.556165551834496,
  "size_x": 192,
  "size_y": 256,
  "size_z": 256,
  "snr_csf": 3.521846833020443,
  "snr_gm": 13.690566045113359,
  "snr_total": 12.320447907429736,
  "snr_wm": 19.748930844155407,
  "snrd_csf": 35.889007637378405,
  "snrd_gm": 83.947568388139,
  "snrd_total": 76.5828555273693,
  "snrd_wm": 109.91199055659052,
  "spacing_x": 1.0,
  "spacing_y": 1.0,
  "spacing_z": 1.0,
  "summary_bg_k": 8.187923780155993,
  "summary_bg_mad": 5.960554237612029,
  "summary_bg_mean": 8.513161254828892,
  "summary_bg_median": 7.9944547563791275,
  "summary_bg_n": 2337362.0,
  "summary_bg_p05": 0.0,
  "summary_bg_p95": 19.96303153038025,
  "summary_bg_stdv": 6.051368747567335,
  "summary_csf_k": 0.789970086181849,
  "summary_csf_mad": 78.58339897173559,
  "summary_csf_mean": 348.30521591517083,
  "summary_csf_median": 326.52495554089546,
  "summary_csf_n": 27525.0,
  "summary_csf_p05": 234.8613690972328,
  "summary_csf_p95": 536.2661766290664,
  "summary_csf_stdv": 92.7124430853854,
  "summary_gm_k": 0.29351685198383315,
  "summary_gm_mad": 52.48028213805534,
  "summary_gm_mean": 761.8654049462726,
  "summary_gm_median": 763.7707989215851,
  "summary_gm_n": 11679.0,
  "summary_gm_p05": 663.9972309187054,
  "summary_gm_p95": 850.3281006798148,
  "summary_gm_stdv": 55.785721148244996,
  "summary_wm_k": 0.4802987392772633,
  "summary_wm_mad": 47.68443390089623,
  "summary_wm_mean": 1001.2904064876778,
  "summary_wm_median": 1000.000005364418,
  "summary_wm_n": 204385.0,
  "summary_wm_p05": 918.9926112145185,
  "summary_wm_p95": 1086.635865348577,
  "summary_wm_stdv": 50.63552892504436,
  "tpm_overlap_csf": 0.14788159728050232,
  "tpm_overlap_gm": 0.40946418046951294,
  "tpm_overlap_wm": 0.46831193566322327,
  "wm2max": 0.44364262577391445
}