{
  "bids_meta": {
    "AcquisitionMatrixPE": 256,
    "AcquisitionNumber": 1,
    "AcquisitionTime": "13:13:39.650000",
    "BaseResolution": 256,
    "BodyPartExamined": "HEAD",
    "CoilCombinationMethod": "Adaptive Combine",
    "ConsistencyInfo": "N4_VD13D_LATEST_20130810",
    "ConversionSoftware": "dcm2niix",
    "ConversionSoftwareVersion": "v1.0.20211006",
    "Dcm2bidsVersion": "2.1.6",
    "DeviceSerialNumber": "66040",
    "DwellTime": 1.5e-05,
    "EchoTime": 0.00303,
    "FlipAngle": 9,
    "ImageOrientationPatientDICOM": [
      -0.0581154,
      0.997849,
      0.0303462,
      0.0769015,
      0.0347819,
      -0.996432
    ],
    "ImageOrientationText": "Sag>Tra(-4.5)>Cor(-3.2)",
    "ImageType": [
      "ORIGINAL",
      "PRIMARY",
      "M",
      "ND",
      "NORM"
    ],
    "ImagingFrequency": 123.21,
    "InPlanePhaseEncodingDirectionDICOM": "ROW",
    "InstitutionAddress": "Magyar Tudosok Korutja 2,Budapest,,HU,1117",
    "InstitutionName": "RCNS",
    "InstitutionalDepartmentName": "BIC",
    "InversionTime": 0.9,
    "MRAcquisitionType": "3D",
    "MagneticFieldStrength": 3,
    "Manufacturer": "Siemens",
    "ManufacturersModelName": "Prisma",
    "MatrixCoilMode": "GRAPPA",
    "Modality": "MR",
    "ParallelReductionFactorInPlane": 2,
    "PartialFourier": 1,
    "PatientPosition": "HFS",
    "PercentPhaseFOV": 100,
    "PercentSampling": 100,
    "PhaseEncodingSteps": 255,
    "PhaseResolution": 1,
    "PixelBandwidth": 130,
    "ProcedureStepDescription": "head^MR-artefacts",
    "ProtocolName": "MPRAGE_conventional",
    "PulseSequenceDetails": "%SiemensSeq%\\tfl",
    "ReceiveCoilActiveElements": "HE1-4",
    "ReceiveCoilName": "HeadNeck_20",
    "ReconMatrixPE": 256,
    "RefLinesPE": 24,
    "RepetitionTime": 2.3,
    "SAR": 0.0519345,
    "ScanOptions": "IR",
    "ScanningSequence": "GR\\IR",
    "SequenceName": "*tfl3d1_16ns",
    "SequenceVariant": "SK\\SP\\MP",
    "SeriesDescription": "MPRAGE_conventional",
    "SeriesNumber": 6,
    "ShimSetting": [
      5974,
      -1043,
      1134,
      194,
      -95,
      -270,
      91,
      -41
    ],
    "SliceThickness": 1,
    "SoftwareVersions": "syngo MR D13D",
    "SpoilingState": true,
    "StationName": "AWP66040",
    "TxRefAmp": 251.059,
    "acq_id": "standard",
    "dataset": "<unset>",
    "modality": "T1w",
    "subject_id": "691777"
  },
  "cjv": 0.30733072395757627,
  "cnr": 4.217458229044145,
  "efc": 0.5272471366336166,
  "fber": 9502.768176020409,
  "fwhm_avg": 4.353423333333333,
  "fwhm_x": 4.05729,
  "fwhm_y": 4.51155,
  "fwhm_z": 4.49143,
  "icvs_csf": 0.2212420449844639,
  "icvs_gm": 0.4238855409868651,
  "icvs_wm": 0.35487241402867103,
  "inu_med": 1.5926012992858887,
  "inu_range": 0.3773356914520263,
  "provenance": {
    "md5sum": "d80adc873f26949185df12ea2431d2a3",
    "settings": {
      "testing": false
    },
    "software": "mriqc",
    "version": "0.16.1",
    "warnings": {
      "large_rot_frame": true,
      "small_air_mask": false
    },
    "webapi_port": null,
    "webapi_url": "https://mriqc.nimh.nih.gov/api/v1"
  },
  "qi_1": 0.0,
  "qi_2": 0.017308171640259083,
  "rpve_csf": 29.867240880727103,
  "rpve_gm": 16.333880487365736,
  "rpve_wm": 23.291007605341235,
  "size_x": 192,
  "size_y": 256,
  "size_z": 256,
  "snr_csf": 3.0261057909488382,
  "snr_gm": 14.884028934896433,
  "snr_total": 14.583932006199788,
  "snr_wm": 25.841661292754093,
  "snrd_csf": 62.554738006630004,
  "snrd_gm": 134.30970192548307,
  "snrd_total": 126.55220437880565,
  "snrd_wm": 182.7921732043039,
  "spacing_x": 1.0,
  "spacing_y": 1.0,
  "spacing_z": 1.0,
  "summary_bg_k": 7.728794715854056,
  "summary_bg_mad": 3.584272760777714,
  "summary_bg_mean": 5.540798323716109,
  "summary_bg_median": 4.711133286356926,
  "summary_bg_n": 3128932.0,
  "summary_bg_p05": 0.0,
  "summary_bg_p95": 14.009422667324543,
  "summary_bg_stdv": 4.545662845923476,
  "summary_csf_k": 2.2665132896605007,
  "summary_csf_mad": 117.08624351873866,
  "summary_csf_mean": 371.24997088841127,
  "summary_csf_median": 342.2390378154814,
  "summary_csf_n": 19959.0,
  "summary_csf_p05": 236.54228299222888,
  "summary_csf_p95": 570.4810478202999,
  "summary_csf_stdv": 113.0926966201853,
  "summary_gm_k": 0.22607934732358848,
  "summary_gm_mad": 48.157921196090314,
  "summary_gm_mean": 735.3257118100526,
  "summary_gm_median": 734.8128154799342,
  "summary_gm_n": 28459.0,
  "summary_gm_p05": 655.7773557417095,
  "summary_gm_p95": 818.063499737531,
  "summary_gm_stdv": 49.36834700841812,
  "summary_wm_k": 1.0690723913443385,
  "summary_wm_mad": 33.3613080041618,
  "summary_wm_mean": 997.5400970254017,
  "summary_wm_median": 1000.0620172210038,
  "summary_wm_n": 174585.0,
  "summary_wm_p05": 928.2792231999338,
  "summary_wm_p95": 1056.4096508696675,
  "summary_wm_stdv": 38.69949156036763,
  "tpm_overlap_csf": 0.1675020009279251,
  "tpm_overlap_gm": 0.4646776020526886,
  "tpm_overlap_wm": 0.4993210434913635,
  "wm2max": 0.5215297084114566
}