{
  "bids_meta": {
    "AcquisitionMatrixPE": 256,
    "AcquisitionNumber": 1,
    "AcquisitionTime": "16:37:33.622500",
    "BaseResolution": 256,
    "BodyPartExamined": "HEAD",
    "CoilCombinationMethod": "Adaptive Combine",
    "ConsistencyInfo": "N4_VD13D_LATEST_20130810",
    "ConversionSoftware": "dcm2niix",
    "ConversionSoftwareVersion": "v1.0.20211006",
    "Dcm2bidsVersion": "2.1.6",
    "DeviceSerialNumber": "66040",
    "DwellTime": 1.5e-05,
    "EchoTime": 0.00303,
    "FlipAngle": 9,
    "FrameTimesStart": [
      0
    ],
    "ImageOrientationPatientDICOM": [
      0.0183437,
      0.999346,
      0.0311502,
      0.0747511,
      0.0296974,
      -0.99676
    ],
    "ImageOrientationText": "Sag>Tra(-4.3)>Cor(1.2)",
    "ImageType": [
      "ORIGINAL",
      "PRIMARY",
      "M",
      "ND",
      "NORM"
    ],
    "ImagingFrequency": 123.21,
    "InPlanePhaseEncodingDirectionDICOM": "ROW",
    "InstitutionAddress": "Magyar Tudosok Korutja 2,Budapest,,HU,1117",
    "InstitutionName": "RCNS",
    "InstitutionalDepartmentName": "BIC",
    "InversionTime": 0.9,
    "MRAcquisitionType": "3D",
    "MagneticFieldStrength": 3,
    "Manufacturer": "Siemens",
    "ManufacturersModelName": "Prisma",
    "MatrixCoilMode": "GRAPPA",
    "Modality": "MR",
    "ParallelReductionFactorInPlane": 2,
    "PartialFourier": 1,
    "PatientPosition": "HFS",
    "PercentPhaseFOV": 100,
    "PercentSampling": 100,
    "PhaseEncodingSteps": 255,
    "PhaseResolution": 1,
    "PixelBandwidth": 130,
    "ProcedureStepDescription": "head^MR-artefacts",
    "ProtocolName": "MPRAGE_move2",
    "PulseSequenceDetails": "%SiemensSeq%\\tfl",
    "ReceiveCoilActiveElements": "HE1-4",
    "ReceiveCoilName": "HeadNeck_20",
    "ReconMatrixPE": 256,
    "RefLinesPE": 24,
    "RepetitionTime": 2.3,
    "SAR": 0.0569565,
    "ScanOptions": "IR",
    "ScanningSequence": "GR\\IR",
    "SequenceName": "*tfl3d1_16ns",
    "SequenceVariant": "SK\\SP\\MP",
    "SeriesDescription": "MPRAGE_move2",
    "SeriesNumber": 19,
    "ShimSetting": [
      5959,
      -1023,
      1129,
      174,
      -23,
      -101,
      151,
      -15
    ],
    "SliceThickness": 1,
    "SoftwareVersions": "syngo MR D13D",
    "SpoilingState": true,
    "StationName": "AWP66040",
    "TxRefAmp": 263.045,
    "acq_id": "headmotion2",
    "dataset": "<unset>",
    "modality": "T1w",
    "subject_id": "000179"
  },
  "cjv": 0.44070607169539305,
  "cnr": 3.0680320153546545,
  "efc": 0.5764302361085333,
  "fber": 4143.134826660156,
  "fwhm_avg": 4.37348,
  "fwhm_x": 4.10669,
  "fwhm_y": 4.46547,
  "fwhm_z": 4.54828,
  "icvs_csf": 0.2344410587695138,
  "icvs_gm": 0.37999533119844525,
  "icvs_wm": 0.3855636100320409,
  "inu_med": 1.3790290355682373,
  "inu_range": 0.3988412618637085,
  "provenance": {
    "md5sum": "34694f4195890d5d4c09b1a09a143469",
    "settings": {
      "testing": false
    },
    "software": "mriqc",
    "version": "0.16.1",
    "warnings": {
      "large_rot_frame": true,
      "small_air_mask": false
    },
    "webapi_port": null,
    "webapi_url": "https://mriqc.nimh.nih.gov/api/v1"
  },
  "qi_1": 3.8656912239144986e-05,
  "qi_2": 0.005279947229624428,
  "rpve_csf": 27.7317516426018,
  "rpve_gm": 16.479148011509487,
  "rpve_wm": 20.19949639741641,
  "size_x": 192,
  "size_y": 256,
  "size_z": 256,
  "snr_csf": 3.4617160867631367,
  "snr_gm": 12.173205621863339,
  "snr_total": 11.942162485682083,
  "snr_wm": 20.191565748419773,
  "snrd_csf": 28.21490541143941,
  "snrd_gm": 62.581647534390505,
  "snrd_total": 57.95108432318156,
  "snrd_wm": 83.05670002371477,
  "spacing_x": 1.0,
  "spacing_y": 1.0,
  "spacing_z": 1.0,
  "summary_bg_k": 13.114881480713056,
  "summary_bg_mad": 7.8881488959044725,
  "summary_bg_mean": 11.332220757199499,
  "summary_bg_median": 7.980713367462158,
  "summary_bg_n": 2775703.0,
  "summary_bg_p05": 0.0,
  "summary_bg_p95": 37.3264614790678,
  "summary_bg_stdv": 13.137022716777611,
  "summary_csf_k": 0.3630068440916676,
  "summary_csf_mad": 94.84266524060143,
  "summary_csf_mean": 355.9720939920046,
  "summary_csf_median": 339.72067891806364,
  "summary_csf_n": 28047.0,
  "summary_csf_p05": 223.00274591892958,
  "summary_csf_p95": 535.8882761389015,
  "summary_csf_stdv": 98.13474417739529,
  "summary_gm_k": -0.06046657753838902,
  "summary_gm_mad": 62.11917255524772,
  "summary_gm_mean": 754.6232661298295,
  "summary_gm_median": 753.5123537778854,
  "summary_gm_n": 13487.0,
  "summary_gm_p05": 653.878135330975,
  "summary_gm_p95": 857.2075914748011,
  "summary_gm_stdv": 61.89695975739405,
  "summary_wm_k": 0.571202369601187,
  "summary_wm_mad": 46.52775325318654,
  "summary_wm_mean": 1000.3886574985678,
  "summary_wm_median": 1000.0415776446462,
  "summary_wm_n": 217945.0,
  "summary_wm_p05": 919.5278183072805,
  "summary_wm_p95": 1081.9685883074999,
  "summary_wm_stdv": 49.527574822577144,
  "tpm_overlap_csf": 0.16414709389209747,
  "tpm_overlap_gm": 0.42219987511634827,
  "tpm_overlap_wm": 0.49367037415504456,
  "wm2max": 0.5007492819381426
}