{
  "bids_meta": {
    "AcquisitionMatrixPE": 256,
    "AcquisitionNumber": 1,
    "AcquisitionTime": "13:25:1.040000",
    "BaseResolution": 256,
    "BodyPartExamined": "HEAD",
    "CoilCombinationMethod": "Adaptive Combine",
    "ConsistencyInfo": "N4_VD13D_LATEST_20130810",
    "ConversionSoftware": "dcm2niix",
    "ConversionSoftwareVersion": "v1.0.20211006",
    "Dcm2bidsVersion": "2.1.6",
    "DeviceSerialNumber": "66040",
    "DwellTime": 1.5e-05,
    "EchoTime": 0.00303,
    "FlipAngle": 9,
    "ImageOrientationPatientDICOM": [
      -0.0340861,
      0.999361,
      0.0107548,
      -0.0119116,
      0.0103541,
      -0.999875
    ],
    "ImageOrientationText": "Sag>Cor(-2.0)>Tra(0.7)",
    "ImageType": [
      "ORIGINAL",
      "PRIMARY",
      "M",
      "ND",
      "NORM"
    ],
    "ImagingFrequency": 123.21,
    "InPlanePhaseEncodingDirectionDICOM": "ROW",
    "InstitutionAddress": "Magyar Tudosok Korutja 2,Budapest,,HU,1117",
    "InstitutionName": "RCNS",
    "InstitutionalDepartmentName": "BIC",
    "InversionTime": 0.9,
    "MRAcquisitionType": "3D",
    "MagneticFieldStrength": 3,
    "Manufacturer": "Siemens",
    "ManufacturersModelName": "Prisma",
    "MatrixCoilMode": "GRAPPA",
    "Modality": "MR",
    "ParallelReductionFactorInPlane": 2,
    "PartialFourier": 1,
    "PatientPosition": "HFS",
    "PercentPhaseFOV": 100,
    "PercentSampling": 100,
    "PhaseEncodingSteps": 255,
    "PhaseResolution": 1,
    "PixelBandwidth": 130,
    "ProcedureStepDescription": "head^MR-artefacts",
    "ProtocolName": "MPRAGE_conventional",
    "PulseSequenceDetails": "%SiemensSeq%\\tfl",
    "ReceiveCoilActiveElements": "HE1-4",
    "ReceiveCoilName": "HeadNeck_20",
    "ReconMatrixPE": 256,
    "RefLinesPE": 24,
    "RepetitionTime": 2.3,
    "SAR": 0.0529235,
    "ScanOptions": "IR",
    "ScanningSequence": "GR\\IR",
    "SequenceName": "*tfl3d1_16ns",
    "SequenceVariant": "SK\\SP\\MP",
    "SeriesDescription": "MPRAGE_conventional",
    "SeriesNumber": 6,
    "ShimSetting": [
      5938,
      -1038,
      1074,
      174,
      -14,
      -159,
      105,
      33
    ],
    "SliceThickness": 1,
    "SoftwareVersions": "syngo MR D13D",
    "SpoilingState": true,
    "StationName": "AWP66040",
    "TxRefAmp": 254.112,
    "acq_id": "standard",
    "dataset": "<unset>",
    "modality": "T1w",
    "subject_id": "938344"
  },
  "cjv": 0.29675273547056896,
  "cnr": 4.270950423443126,
  "efc": 0.5342338928500298,
  "fber": 14128.979659763314,
  "fwhm_avg": 4.450340000000001,
  "fwhm_x": 4.15287,
  "fwhm_y": 4.64815,
  "fwhm_z": 4.55,
  "icvs_csf": 0.21171609293227175,
  "icvs_gm": 0.4248810635668035,
  "icvs_wm": 0.3634028435009247,
  "inu_med": 0.9700440764427185,
  "inu_range": 0.2685803651809694,
  "provenance": {
    "md5sum": "522d9d09dbe14337b8b4939c920ba65c",
    "settings": {
      "testing": false
    },
    "software": "mriqc",
    "version": "0.16.1",
    "warnings": {
      "large_rot_frame": true,
      "small_air_mask": false
    },
    "webapi_port": null,
    "webapi_url": "https://mriqc.nimh.nih.gov/api/v1"
  },
  "qi_1": 0.0,
  "qi_2": 0.009727138186657963,
  "rpve_csf": 29.943497639644388,
  "rpve_gm": 15.975877525723353,
  "rpve_wm": 22.276488833967814,
  "size_x": 192,
  "size_y": 256,
  "size_z": 256,
  "snr_csf": 3.1431839954078096,
  "snr_gm": 13.936811136831452,
  "snr_total": 14.196618478836953,
  "snr_wm": 25.509860304271594,
  "snrd_csf": 59.55020175537663,
  "snrd_gm": 114.75955510693488,
  "snrd_total": 111.10319178076452,
  "snrd_wm": 158.99981847998203,
  "spacing_x": 1.0,
  "spacing_y": 1.0,
  "spacing_z": 1.0,
  "summary_bg_k": 9.812640558102874,
  "summary_bg_mad": 4.120583764985739,
  "summary_bg_mean": 6.33117299977387,
  "summary_bg_median": 5.613078940659761,
  "summary_bg_n": 2931962.0,
  "summary_bg_p05": 0.0,
  "summary_bg_p95": 14.168937131762505,
  "summary_bg_stdv": 5.062209279664377,
  "summary_csf_k": 14.289469540350403,
  "summary_csf_mad": 142.76610809274118,
  "summary_csf_mean": 388.34385609275034,
  "summary_csf_median": 374.5504034869373,
  "summary_csf_n": 18633.0,
  "summary_csf_p05": 233.02451990544796,
  "summary_csf_p95": 570.9209729507564,
  "summary_csf_stdv": 119.15953796277526,
  "summary_gm_k": 0.23791101295336814,
  "summary_gm_mad": 49.60859670002438,
  "summary_gm_mean": 723.9579736180204,
  "summary_gm_median": 721.7983550392091,
  "summary_gm_n": 23054.0,
  "summary_gm_p05": 642.596721268259,
  "summary_gm_p95": 813.133503627032,
  "summary_gm_stdv": 51.78965928923639,
  "summary_wm_k": 1.105569006216614,
  "summary_wm_mad": 32.96467011988591,
  "summary_wm_mean": 994.83691827099,
  "summary_wm_median": 1000.0544819422066,
  "summary_wm_n": 191005.0,
  "summary_wm_p05": 918.092630226165,
  "summary_wm_p95": 1049.0463068708777,
  "summary_wm_stdv": 39.202561367856,
  "tpm_overlap_csf": 0.16998431086540222,
  "tpm_overlap_gm": 0.4596388041973114,
  "tpm_overlap_wm": 0.5053515434265137,
  "wm2max": 0.5172355477888329
}