{
  "bids_meta": {
    "AcquisitionMatrixPE": 256,
    "AcquisitionNumber": 1,
    "AcquisitionTime": "13:54:19.045000",
    "BaseResolution": 256,
    "BodyPartExamined": "HEAD",
    "CoilCombinationMethod": "Adaptive Combine",
    "ConsistencyInfo": "N4_VD13D_LATEST_20130810",
    "ConversionSoftware": "dcm2niix",
    "ConversionSoftwareVersion": "v1.0.20211006",
    "Dcm2bidsVersion": "2.1.6",
    "DeviceSerialNumber": "66040",
    "DwellTime": 1.5e-05,
    "EchoTime": 0.00303,
    "FlipAngle": 9,
    "ImageOrientationPatientDICOM": [
      -0.0340854,
      0.99936,
      0.0108204,
      -0.0119139,
      0.0104197,
      -0.999875
    ],
    "ImageOrientationText": "Sag>Cor(-2.0)>Tra(0.7)",
    "ImageType": [
      "ORIGINAL",
      "PRIMARY",
      "M",
      "ND",
      "NORM"
    ],
    "ImagingFrequency": 123.21,
    "InPlanePhaseEncodingDirectionDICOM": "ROW",
    "InstitutionAddress": "Magyar Tudosok Korutja 2,Budapest,,HU,1117",
    "InstitutionName": "RCNS",
    "InstitutionalDepartmentName": "BIC",
    "InversionTime": 0.9,
    "MRAcquisitionType": "3D",
    "MagneticFieldStrength": 3,
    "Manufacturer": "Siemens",
    "ManufacturersModelName": "Prisma",
    "MatrixCoilMode": "GRAPPA",
    "Modality": "MR",
    "ParallelReductionFactorInPlane": 2,
    "PartialFourier": 1,
    "PatientPosition": "HFS",
    "PercentPhaseFOV": 100,
    "PercentSampling": 100,
    "PhaseEncodingSteps": 255,
    "PhaseResolution": 1,
    "PixelBandwidth": 130,
    "ProcedureStepDescription": "head^MR-artefacts",
    "ProtocolName": "MPRAGE_move1",
    "PulseSequenceDetails": "%SiemensSeq%\\tfl",
    "ReceiveCoilActiveElements": "HE1-4",
    "ReceiveCoilName": "HeadNeck_20",
    "ReconMatrixPE": 256,
    "RefLinesPE": 24,
    "RepetitionTime": 2.3,
    "SAR": 0.0529235,
    "ScanOptions": "IR",
    "ScanningSequence": "GR\\IR",
    "SequenceName": "*tfl3d1_16ns",
    "SequenceVariant": "SK\\SP\\MP",
    "SeriesDescription": "MPRAGE_move1",
    "SeriesNumber": 18,
    "ShimSetting": [
      5938,
      -1038,
      1074,
      174,
      -14,
      -159,
      105,
      33
    ],
    "SliceThickness": 1,
    "SoftwareVersions": "syngo MR D13D",
    "SpoilingState": true,
    "StationName": "AWP66040",
    "TxRefAmp": 254.112,
    "acq_id": "headmotion1",
    "dataset": "<unset>",
    "modality": "T1w",
    "subject_id": "938344"
  },
  "cjv": 0.34295715360707013,
  "cnr": 3.91389647125398,
  "efc": 0.5472085814343042,
  "fber": 7111.425490779298,
  "fwhm_avg": 4.442656666666667,
  "fwhm_x": 4.15695,
  "fwhm_y": 4.60862,
  "fwhm_z": 4.5624,
  "icvs_csf": 0.21924120855900892,
  "icvs_gm": 0.4164536181784211,
  "icvs_wm": 0.36430517326257,
  "inu_med": 1.2729748487472534,
  "inu_range": 0.3183495759963988,
  "provenance": {
    "md5sum": "bee759206181a12d331160a3ab72d23c",
    "settings": {
      "testing": false
    },
    "software": "mriqc",
    "version": "0.16.1",
    "warnings": {
      "large_rot_frame": true,
      "small_air_mask": false
    },
    "webapi_port": null,
    "webapi_url": "https://mriqc.nimh.nih.gov/api/v1"
  },
  "qi_1": 4.554162162654504e-06,
  "qi_2": 0.015285421003169833,
  "rpve_csf": 29.395094720449407,
  "rpve_gm": 16.144548109275643,
  "rpve_wm": 22.02483162982331,
  "size_x": 192,
  "size_y": 256,
  "size_z": 256,
  "snr_csf": 3.4136831080006123,
  "snr_gm": 13.878879205368449,
  "snr_total": 13.087831839551482,
  "snr_wm": 21.970933205285384,
  "snrd_csf": 62.474189678558375,
  "snrd_gm": 121.90340534886396,
  "snrd_total": 117.39887915547682,
  "snrd_wm": 167.81904243900811,
  "spacing_x": 1.0,
  "spacing_y": 1.0,
  "spacing_z": 1.0,
  "summary_bg_k": 15.692869611147458,
  "summary_bg_mad": 3.9038260981917947,
  "summary_bg_mean": 8.195442985105107,
  "summary_bg_median": 5.218307003378868,
  "summary_bg_n": 2862273.0,
  "summary_bg_p05": 0.0,
  "summary_bg_p95": 24.12868559360504,
  "summary_bg_stdv": 8.717974737062264,
  "summary_csf_k": -0.7017600275787039,
  "summary_csf_mad": 129.67800511629835,
  "summary_csf_mean": 382.0041440886492,
  "summary_csf_median": 372.2711491584778,
  "summary_csf_n": 20647.0,
  "summary_csf_p05": 224.11431720107794,
  "summary_csf_p95": 559.1583514437079,
  "summary_csf_stdv": 109.04999735853266,
  "summary_gm_k": 0.03855363171958581,
  "summary_gm_mad": 52.09833374677777,
  "summary_gm_mean": 726.6837333427817,
  "summary_gm_median": 726.397909745574,
  "summary_gm_n": 20460.0,
  "summary_gm_p05": 640.9421482682228,
  "summary_gm_p95": 813.0505306273699,
  "summary_gm_stdv": 52.337090561903544,
  "summary_wm_k": 0.5814751549436217,
  "summary_wm_mad": 41.73544992248682,
  "summary_wm_mean": 998.1016619800392,
  "summary_wm_median": 999.9999696016312,
  "summary_wm_n": 191079.0,
  "summary_wm_p05": 918.2257476523519,
  "summary_wm_p95": 1069.2263175547123,
  "summary_wm_stdv": 45.514559783877814,
  "tpm_overlap_csf": 0.16847631335258484,
  "tpm_overlap_gm": 0.45591384172439575,
  "tpm_overlap_wm": 0.5063608884811401,
  "wm2max": 0.543053244592346
}