{
  "bids_meta": {
    "AcquisitionMatrixPE": 256,
    "AcquisitionNumber": 1,
    "AcquisitionTime": "10:56:54.612500",
    "BaseResolution": 256,
    "BodyPartExamined": "HEAD",
    "CoilCombinationMethod": "Adaptive Combine",
    "ConsistencyInfo": "N4_VD13D_LATEST_20130810",
    "ConversionSoftware": "dcm2niix",
    "ConversionSoftwareVersion": "v1.0.20211006",
    "Dcm2bidsVersion": "2.1.6",
    "DeviceSerialNumber": "66040",
    "DwellTime": 1.5e-05,
    "EchoTime": 0.00303,
    "FlipAngle": 9,
    "FrameTimesStart": [
      0
    ],
    "ImageOrientationPatientDICOM": [
      -0.0793274,
      0.996842,
      -0.00369019,
      -0.00473174,
      -0.00407836,
      -0.999981
    ],
    "ImageOrientationText": "Sag>Cor(-4.5)>Tra(0.3)",
    "ImageType": [
      "ORIGINAL",
      "PRIMARY",
      "M",
      "ND",
      "NORM"
    ],
    "ImagingFrequency": 123.21,
    "InPlanePhaseEncodingDirectionDICOM": "ROW",
    "InstitutionAddress": "Magyar Tudosok Korutja 2,Budapest,,HU,1117",
    "InstitutionName": "RCNS",
    "InstitutionalDepartmentName": "BIC",
    "InversionTime": 0.9,
    "MRAcquisitionType": "3D",
    "MagneticFieldStrength": 3,
    "Manufacturer": "Siemens",
    "ManufacturersModelName": "Prisma",
    "MatrixCoilMode": "GRAPPA",
    "Modality": "MR",
    "ParallelReductionFactorInPlane": 2,
    "PartialFourier": 1,
    "PatientPosition": "HFS",
    "PercentPhaseFOV": 100,
    "PercentSampling": 100,
    "PhaseEncodingSteps": 255,
    "PhaseResolution": 1,
    "PixelBandwidth": 130,
    "ProcedureStepDescription": "head^MR-artefacts",
    "ProtocolName": "MPRAGE_conventional",
    "PulseSequenceDetails": "%SiemensSeq%\\tfl",
    "ReceiveCoilActiveElements": "HE1-4",
    "ReceiveCoilName": "HeadNeck_20",
    "ReconMatrixPE": 256,
    "RefLinesPE": 24,
    "RepetitionTime": 2.3,
    "SAR": 0.0676212,
    "ScanOptions": "IR",
    "ScanningSequence": "GR\\IR",
    "SequenceName": "*tfl3d1_16ns",
    "SequenceVariant": "SK\\SP\\MP",
    "SeriesDescription": "MPRAGE_conventional",
    "SeriesNumber": 6,
    "ShimSetting": [
      5964,
      -1008,
      1105,
      196,
      91,
      34,
      67,
      0
    ],
    "SliceThickness": 1,
    "SoftwareVersions": "syngo MR D13D",
    "SpoilingState": true,
    "StationName": "AWP66040",
    "TxRefAmp": 260.086,
    "acq_id": "standard",
    "dataset": "<unset>",
    "modality": "T1w",
    "subject_id": "707576"
  },
  "cjv": 0.3233580046066419,
  "cnr": 4.02535065845667,
  "efc": 0.5179385579635594,
  "fber": 15448.671029149316,
  "fwhm_avg": 4.2376933333333335,
  "fwhm_x": 3.94664,
  "fwhm_y": 4.3636,
  "fwhm_z": 4.40284,
  "icvs_csf": 0.21729838398039988,
  "icvs_gm": 0.4308188205958618,
  "icvs_wm": 0.3518827954237383,
  "inu_med": 1.3549678325653076,
  "inu_range": 0.37235782742500323,
  "provenance": {
    "md5sum": "d80f237c7f6d993d183443be2c51b487",
    "settings": {
      "testing": false
    },
    "software": "mriqc",
    "version": "0.16.1",
    "warnings": {
      "large_rot_frame": true,
      "small_air_mask": false
    },
    "webapi_port": null,
    "webapi_url": "https://mriqc.nimh.nih.gov/api/v1"
  },
  "qi_1": 0.0,
  "qi_2": 0.012520218703391725,
  "rpve_csf": 28.19816412737382,
  "rpve_gm": 15.165855480723804,
  "rpve_wm": 21.787797867892976,
  "size_x": 192,
  "size_y": 256,
  "size_z": 256,
  "snr_csf": 1.9167163673650147,
  "snr_gm": 14.271824204485409,
  "snr_total": 14.521257285666152,
  "snr_wm": 27.375231285148036,
  "snrd_csf": 51.52784222537551,
  "snrd_gm": 120.29989017352885,
  "snrd_total": 111.22871945477591,
  "snrd_wm": 161.8584259654234,
  "spacing_x": 1.0,
  "spacing_y": 1.0,
  "spacing_z": 1.0,
  "summary_bg_k": 7.0557667722990125,
  "summary_bg_mad": 4.0475889641631095,
  "summary_bg_mean": 6.187942504631113,
  "summary_bg_median": 5.460114538669586,
  "summary_bg_n": 3435741.0,
  "summary_bg_p05": 0.0,
  "summary_bg_p95": 13.716873109340668,
  "summary_bg_stdv": 4.714549746262279,
  "summary_csf_k": 60.57792798884839,
  "summary_csf_mad": 87.02316272950685,
  "summary_csf_mean": 369.1806783615472,
  "summary_csf_median": 318.35131230950356,
  "summary_csf_n": 26504.0,
  "summary_csf_p05": 235.98348689079285,
  "summary_csf_p95": 573.8347326472401,
  "summary_csf_stdv": 166.08889658957992,
  "summary_gm_k": 0.253137226719117,
  "summary_gm_mad": 49.85444943664318,
  "summary_gm_mean": 743.2608309390793,
  "summary_gm_median": 743.2414448857307,
  "summary_gm_n": 24909.0,
  "summary_gm_p05": 657.1713954627514,
  "summary_gm_p95": 829.8708231151104,
  "summary_gm_stdv": 52.0764910604672,
  "summary_wm_k": 0.9820162299968307,
  "summary_wm_mad": 33.17048516972695,
  "summary_wm_mean": 998.2662127628173,
  "summary_wm_median": 1000.0000017285347,
  "summary_wm_n": 188499.0,
  "summary_wm_p05": 934.6118007898331,
  "summary_wm_p95": 1054.1350397765636,
  "summary_wm_stdv": 36.52927490455863,
  "tpm_overlap_csf": 0.15727286040782928,
  "tpm_overlap_gm": 0.4561837315559387,
  "tpm_overlap_wm": 0.4875420928001404,
  "wm2max": 0.5416079448382003
}