{
  "bids_meta": {
    "AcquisitionMatrixPE": 256,
    "AcquisitionNumber": 1,
    "AcquisitionTime": "11:21:9.590000",
    "BodyPartExamined": "HEAD",
    "CoilString": "HeadNeck_20",
    "ConversionSoftware": "dcm2niix",
    "ConversionSoftwareVersion": "v1.0.20211006",
    "Dcm2bidsVersion": "2.1.6",
    "DeviceSerialNumber": "66040",
    "EchoTime": 0.00303,
    "FlipAngle": 9,
    "ImageOrientationPatientDICOM": [
      -0.0817602,
      0.990725,
      -0.108529,
      0.0878006,
      -0.10131,
      -0.990973
    ],
    "ImageType": [
      "ORIGINAL",
      "PRIMARY",
      "M",
      "NONE"
    ],
    "ImagingFrequency": 123.227,
    "InPlanePhaseEncodingDirectionDICOM": "ROW",
    "InstitutionAddress": "Magyar Tudosok Korutja 2,Budapest,,HU,1117",
    "InstitutionName": "RCNS",
    "InstitutionalDepartmentName": "BIC",
    "InversionTime": 0.9,
    "MRAcquisitionType": "3D",
    "MTState": true,
    "MagneticFieldStrength": 3,
    "Manufacturer": "Siemens",
    "ManufacturersModelName": "MAGNETOM Prisma",
    "Modality": "MR",
    "ParallelAcquisitionTechnique": "GRAPPA",
    "ParallelReductionFactorInPlane": 2,
    "PatientPosition": "HFS",
    "PercentPhaseFOV": 100,
    "PercentSampling": 100,
    "PixelBandwidth": 130,
    "ProcedureStepDescription": "head MR-artefacts",
    "ProtocolName": "MPRAGE_move2",
    "ReceiveCoilActiveElements": "HE1-4;NE1,2",
    "ReconMatrixPE": 256,
    "RepetitionTime": 2.3,
    "SequenceVariant": "SK\\SP\\MP",
    "SeriesDescription": "MPRAGE_move2",
    "SeriesNumber": 7,
    "SliceThickness": 1,
    "SoftwareVersions": "syngo MR XA30",
    "StationName": "AWP66040",
    "acq_id": "headmotion2",
    "dataset": "<unset>",
    "modality": "T1w",
    "subject_id": "468609"
  },
  "cjv": 0.4207107849749057,
  "cnr": 3.165963199960772,
  "efc": 0.5902808666140953,
  "fber": 2388.9851285453046,
  "fwhm_avg": 4.737776666666666,
  "fwhm_x": 4.50133,
  "fwhm_y": 4.81268,
  "fwhm_z": 4.89932,
  "icvs_csf": 0.2396958772446055,
  "icvs_gm": 0.3903634013376719,
  "icvs_wm": 0.3699407214177226,
  "inu_med": 1.6444402933120728,
  "inu_range": 0.5908762216567989,
  "provenance": {
    "md5sum": "e64aeb567153bd395e0efb016c45ffbb",
    "settings": {
      "testing": false
    },
    "software": "mriqc",
    "version": "0.16.1",
    "warnings": {
      "large_rot_frame": true,
      "small_air_mask": false
    },
    "webapi_port": null,
    "webapi_url": "https://mriqc.nimh.nih.gov/api/v1"
  },
  "qi_1": 0.0,
  "qi_2": 0.011442662532310783,
  "rpve_csf": 29.123616451124317,
  "rpve_gm": 17.222534879369018,
  "rpve_wm": 22.273035312384263,
  "size_x": 192,
  "size_y": 256,
  "size_z": 256,
  "snr_csf": 4.169484855987631,
  "snr_gm": 12.899822931488115,
  "snr_total": 11.90559938106624,
  "snr_wm": 18.647490355722976,
  "snrd_csf": 25.66865457437553,
  "snrd_gm": 45.022067870641045,
  "snrd_total": 43.647321469964034,
  "snrd_wm": 60.25124196487553,
  "spacing_x": 1.0,
  "spacing_y": 1.0,
  "spacing_z": 1.0,
  "summary_bg_k": 4.686440714528745,
  "summary_bg_mad": 10.873883534708717,
  "summary_bg_mean": 13.499584794657105,
  "summary_bg_median": 11.088797852396965,
  "summary_bg_n": 2182266.0,
  "summary_bg_p05": 0.0,
  "summary_bg_p95": 37.195495158433914,
  "summary_bg_stdv": 11.955424731869218,
  "summary_csf_k": -0.2696763341888708,
  "summary_csf_mad": 107.50905089970941,
  "summary_csf_mean": 419.4825069432978,
  "summary_csf_median": 426.04558362811804,
  "summary_csf_n": 20705.0,
  "summary_csf_p05": 242.84467296749355,
  "summary_csf_p95": 573.9107738882303,
  "summary_csf_stdv": 102.17936022026498,
  "summary_gm_k": 0.07448328057104225,
  "summary_gm_mad": 57.02316305999036,
  "summary_gm_mean": 748.9553172387156,
  "summary_gm_median": 747.271467871964,
  "summary_gm_n": 16163.0,
  "summary_gm_p05": 656.7711609899998,
  "summary_gm_p95": 847.3282229818403,
  "summary_gm_stdv": 57.927023863150616,
  "summary_wm_k": 0.653239628097674,
  "summary_wm_mad": 49.320828889571686,
  "summary_wm_mean": 1000.9547989938854,
  "summary_wm_median": 1000.0436708852649,
  "summary_wm_n": 184102.0,
  "summary_wm_p05": 912.5556752309203,
  "summary_wm_p95": 1090.4566643983126,
  "summary_wm_stdv": 53.62871548933643,
  "tpm_overlap_csf": 0.15663224458694458,
  "tpm_overlap_gm": 0.43910694122314453,
  "tpm_overlap_wm": 0.511522114276886,
  "wm2max": 0.5049598800811216
}