{
  "bids_meta": {
    "AcquisitionMatrixPE": 256,
    "AcquisitionNumber": 1,
    "AcquisitionTime": "11:10:2.080000",
    "BodyPartExamined": "HEAD",
    "CoilString": "HeadNeck_20",
    "ConversionSoftware": "dcm2niix",
    "ConversionSoftwareVersion": "v1.0.20211006",
    "Dcm2bidsVersion": "2.1.6",
    "DeviceSerialNumber": "66040",
    "EchoTime": 0.00303,
    "FlipAngle": 9,
    "ImageOrientationPatientDICOM": [
      -0.0817602,
      0.990725,
      -0.108529,
      0.0878006,
      -0.10131,
      -0.990973
    ],
    "ImageType": [
      "ORIGINAL",
      "PRIMARY",
      "M",
      "NONE"
    ],
    "ImagingFrequency": 123.227,
    "InPlanePhaseEncodingDirectionDICOM": "ROW",
    "InstitutionAddress": "Magyar Tudosok Korutja 2,Budapest,,HU,1117",
    "InstitutionName": "RCNS",
    "InstitutionalDepartmentName": "BIC",
    "InversionTime": 0.9,
    "MRAcquisitionType": "3D",
    "MTState": true,
    "MagneticFieldStrength": 3,
    "Manufacturer": "Siemens",
    "ManufacturersModelName": "MAGNETOM Prisma",
    "Modality": "MR",
    "ParallelAcquisitionTechnique": "GRAPPA",
    "ParallelReductionFactorInPlane": 2,
    "PatientPosition": "HFS",
    "PercentPhaseFOV": 100,
    "PercentSampling": 100,
    "PixelBandwidth": 130,
    "ProcedureStepDescription": "head MR-artefacts",
    "ProtocolName": "MPRAGE_conventional",
    "ReceiveCoilActiveElements": "HE1-4;NE1,2",
    "ReconMatrixPE": 256,
    "RepetitionTime": 2.3,
    "SequenceVariant": "SK\\SP\\MP",
    "SeriesDescription": "MPRAGE_conventional",
    "SeriesNumber": 5,
    "SliceThickness": 1,
    "SoftwareVersions": "syngo MR XA30",
    "StationName": "AWP66040",
    "acq_id": "standard",
    "dataset": "<unset>",
    "modality": "T1w",
    "subject_id": "468609"
  },
  "cjv": 0.36374478172074787,
  "cnr": 3.5720810363716673,
  "efc": 0.5717119760641121,
  "fber": 9330.286197319163,
  "fwhm_avg": 4.7654966666666665,
  "fwhm_x": 4.514,
  "fwhm_y": 4.90147,
  "fwhm_z": 4.88102,
  "icvs_csf": 0.24206104839891096,
  "icvs_gm": 0.39113066881420705,
  "icvs_wm": 0.366808282786882,
  "inu_med": 0.9391760230064392,
  "inu_range": 0.3171280026435852,
  "provenance": {
    "md5sum": "4be4bfd60ee1e8738a229f3825768f05",
    "settings": {
      "testing": false
    },
    "software": "mriqc",
    "version": "0.16.1",
    "warnings": {
      "large_rot_frame": true,
      "small_air_mask": false
    },
    "webapi_port": null,
    "webapi_url": "https://mriqc.nimh.nih.gov/api/v1"
  },
  "qi_1": 0.0,
  "qi_2": 0.010718254400558618,
  "rpve_csf": 28.736180869853186,
  "rpve_gm": 17.222890105153446,
  "rpve_wm": 22.879525517685217,
  "size_x": 192,
  "size_y": 256,
  "size_z": 256,
  "snr_csf": 4.022918121761441,
  "snr_gm": 13.810082738752115,
  "snr_total": 14.072308313249957,
  "snr_wm": 24.38392407923632,
  "snrd_csf": 49.98131174235329,
  "snrd_gm": 90.83847262840796,
  "snrd_total": 87.03633845039741,
  "snrd_wm": 120.28923098043097,
  "spacing_x": 1.0,
  "spacing_y": 1.0,
  "spacing_z": 1.0,
  "summary_bg_k": 6.626698503167059,
  "summary_bg_mad": 5.446342825262217,
  "summary_bg_mean": 6.86020702272759,
  "summary_bg_median": 7.347004823386669,
  "summary_bg_n": 2261899.0,
  "summary_bg_p05": 0.0,
  "summary_bg_p95": 14.855482280254364,
  "summary_bg_stdv": 5.094485575862225,
  "summary_csf_k": -0.37590087007761674,
  "summary_csf_mad": 114.31334940934983,
  "summary_csf_mean": 413.418586034024,
  "summary_csf_median": 415.5094541050494,
  "summary_csf_n": 21008.0,
  "summary_csf_p05": 243.2726511945948,
  "summary_csf_p95": 573.8454816807059,
  "summary_csf_stdv": 103.28312734601514,
  "summary_gm_k": 0.20807310440817872,
  "summary_gm_mad": 52.96718022370398,
  "summary_gm_mean": 756.303748160562,
  "summary_gm_median": 755.1671386323869,
  "summary_gm_n": 20597.0,
  "summary_gm_p05": 669.3686548322439,
  "summary_gm_p95": 849.1442113183439,
  "summary_gm_stdv": 54.68097626393538,
  "summary_wm_k": 0.9542854207171145,
  "summary_wm_mad": 36.089502457506775,
  "summary_wm_mean": 999.3181851989734,
  "summary_wm_median": 1000.0000191479921,
  "summary_wm_n": 186644.0,
  "summary_wm_p05": 928.7098514661193,
  "summary_wm_p95": 1065.2349630743265,
  "summary_wm_stdv": 41.01051729812261,
  "tpm_overlap_csf": 0.15962062776088715,
  "tpm_overlap_gm": 0.439836710691452,
  "tpm_overlap_wm": 0.5164203643798828,
  "wm2max": 0.49291092824735727
}