{
  "bids_meta": {
    "AcquisitionMatrixPE": 256,
    "AcquisitionNumber": 1,
    "AcquisitionTime": "09:50:5.190000",
    "BaseResolution": 256,
    "BodyPartExamined": "HEAD",
    "CoilCombinationMethod": "Adaptive Combine",
    "ConsistencyInfo": "N4_VD13D_LATEST_20130810",
    "ConversionSoftware": "dcm2niix",
    "ConversionSoftwareVersion": "v1.0.20211006",
    "Dcm2bidsVersion": "2.1.6",
    "DeviceSerialNumber": "66040",
    "DwellTime": 1.5e-05,
    "EchoTime": 0.00303,
    "FlipAngle": 9,
    "FrameTimesStart": [
      0
    ],
    "ImageOrientationPatientDICOM": [
      -0.0394427,
      0.995008,
      -0.0916667,
      -0.0105625,
      -0.0921482,
      -0.995689
    ],
    "ImageOrientationText": "Sag>Cor(-2.2)>Tra(0.8)",
    "ImageType": [
      "ORIGINAL",
      "PRIMARY",
      "M",
      "ND",
      "NORM"
    ],
    "ImagingFrequency": 123.21,
    "InPlanePhaseEncodingDirectionDICOM": "ROW",
    "InstitutionAddress": "Magyar Tudosok Korutja 2,Budapest,,HU,1117",
    "InstitutionName": "RCNS",
    "InstitutionalDepartmentName": "BIC",
    "InversionTime": 0.9,
    "MRAcquisitionType": "3D",
    "MagneticFieldStrength": 3,
    "Manufacturer": "Siemens",
    "ManufacturersModelName": "Prisma",
    "MatrixCoilMode": "GRAPPA",
    "Modality": "MR",
    "ParallelReductionFactorInPlane": 2,
    "PartialFourier": 1,
    "PatientPosition": "HFS",
    "PercentPhaseFOV": 100,
    "PercentSampling": 100,
    "PhaseEncodingSteps": 255,
    "PhaseResolution": 1,
    "PixelBandwidth": 130,
    "ProcedureStepDescription": "head^MR-artefacts",
    "ProtocolName": "MPRAGE_move1",
    "PulseSequenceDetails": "%SiemensSeq%\\tfl",
    "ReceiveCoilActiveElements": "HE1-4",
    "ReceiveCoilName": "HeadNeck_20",
    "ReconMatrixPE": 256,
    "RefLinesPE": 24,
    "RepetitionTime": 2.3,
    "SAR": 0.0586216,
    "ScanOptions": "IR",
    "ScanningSequence": "GR\\IR",
    "SequenceName": "*tfl3d1_16ns",
    "SequenceVariant": "SK\\SP\\MP",
    "SeriesDescription": "MPRAGE_move1",
    "SeriesNumber": 18,
    "ShimSetting": [
      5954,
      -1032,
      1105,
      253,
      -45,
      -62,
      38,
      -56
    ],
    "SliceThickness": 1,
    "SoftwareVersions": "syngo MR D13D",
    "SpoilingState": true,
    "StationName": "AWP66040",
    "TxRefAmp": 251.756,
    "acq_id": "headmotion1",
    "dataset": "<unset>",
    "modality": "T1w",
    "subject_id": "012059"
  },
  "cjv": 0.6050542558608714,
  "cnr": 2.2936320461094315,
  "efc": 0.5382456364879108,
  "fber": 5638.165589412126,
  "fwhm_avg": 4.330356666666667,
  "fwhm_x": 4.21114,
  "fwhm_y": 4.36301,
  "fwhm_z": 4.41692,
  "icvs_csf": 0.21502960557397482,
  "icvs_gm": 0.40494965353495815,
  "icvs_wm": 0.380020740891067,
  "inu_med": 1.12058424949646,
  "inu_range": 0.44861821830272675,
  "provenance": {
    "md5sum": "824776934e25cd73bc88e655bcd02ad3",
    "settings": {
      "testing": false
    },
    "software": "mriqc",
    "version": "0.16.1",
    "warnings": {
      "large_rot_frame": true,
      "small_air_mask": false
    },
    "webapi_port": null,
    "webapi_url": "https://mriqc.nimh.nih.gov/api/v1"
  },
  "qi_1": 0.000286297425000699,
  "qi_2": 0.0075658199618776865,
  "rpve_csf": 29.48144103516026,
  "rpve_gm": 15.810214005676428,
  "rpve_wm": 20.048583632336264,
  "size_x": 192,
  "size_y": 256,
  "size_z": 256,
  "snr_csf": 3.308653559675197,
  "snr_gm": 11.80359681942227,
  "snr_total": 9.675740105906433,
  "snr_wm": 13.914969938621828,
  "snrd_csf": 57.55329292458341,
  "snrd_gm": 104.00912641738596,
  "snrd_total": 98.5695753395192,
  "snrd_wm": 134.14630667658827,
  "spacing_x": 1.0,
  "spacing_y": 1.0,
  "spacing_z": 1.0,
  "summary_bg_k": 26.013257077830453,
  "summary_bg_mad": 4.884027391813846,
  "summary_bg_mean": 10.383972494838066,
  "summary_bg_median": 6.588452830910683,
  "summary_bg_n": 3351565.0,
  "summary_bg_p05": 0.0,
  "summary_bg_p95": 26.35381132364273,
  "summary_bg_stdv": 10.72349656446013,
  "summary_csf_k": 0.42231259171400426,
  "summary_csf_mad": 150.46231754430022,
  "summary_csf_mean": 427.1139121779265,
  "summary_csf_median": 429.0585422515869,
  "summary_csf_n": 24254.0,
  "summary_csf_p05": 222.9844522587955,
  "summary_csf_p95": 633.0896339323372,
  "summary_csf_stdv": 129.67501411469559,
  "summary_gm_k": -0.10855804143993764,
  "summary_gm_mad": 66.19142386274028,
  "summary_gm_mean": 776.2293173643088,
  "summary_gm_median": 775.3857667185366,
  "summary_gm_n": 15038.0,
  "summary_gm_p05": 668.6701688915491,
  "summary_gm_p95": 885.6932272072881,
  "summary_gm_stdv": 65.68845050124453,
  "summary_wm_k": 0.35892084140661185,
  "summary_wm_mad": 69.7473385427451,
  "summary_wm_mean": 1003.8248912215993,
  "summary_wm_median": 1000.0577875971794,
  "summary_wm_n": 195489.0,
  "summary_wm_p05": 892.9665323719382,
  "summary_wm_p95": 1129.3995194882154,
  "summary_wm_stdv": 71.8690183427364,
  "tpm_overlap_csf": 0.16604551672935486,
  "tpm_overlap_gm": 0.4567640721797943,
  "tpm_overlap_wm": 0.5103052854537964,
  "wm2max": 0.4888889020735843
}