{
  "bids_meta": {
    "AcquisitionMatrixPE": 256,
    "AcquisitionNumber": 1,
    "AcquisitionTime": "11:47:52.415000",
    "BaseResolution": 256,
    "BodyPartExamined": "HEAD",
    "CoilCombinationMethod": "Adaptive Combine",
    "ConsistencyInfo": "N4_VD13D_LATEST_20130810",
    "ConversionSoftware": "dcm2niix",
    "ConversionSoftwareVersion": "v1.0.20211006",
    "Dcm2bidsVersion": "2.1.6",
    "DeviceSerialNumber": "66040",
    "DwellTime": 1.5e-05,
    "EchoTime": 0.00303,
    "FlipAngle": 9,
    "ImageOrientationPatientDICOM": [
      -0.0355926,
      0.991929,
      0.121696,
      -0.00740575,
      0.121508,
      -0.992563
    ],
    "ImageOrientationText": "Sag>Cor(-2.1)>Tra(0.2)",
    "ImageType": [
      "ORIGINAL",
      "PRIMARY",
      "M",
      "ND",
      "NORM"
    ],
    "ImagingFrequency": 123.21,
    "InPlanePhaseEncodingDirectionDICOM": "ROW",
    "InstitutionAddress": "Magyar Tudosok Korutja 2,Budapest,,HU,1117",
    "InstitutionName": "RCNS",
    "InstitutionalDepartmentName": "BIC",
    "InversionTime": 0.9,
    "MRAcquisitionType": "3D",
    "MagneticFieldStrength": 3,
    "Manufacturer": "Siemens",
    "ManufacturersModelName": "Prisma",
    "MatrixCoilMode": "GRAPPA",
    "Modality": "MR",
    "ParallelReductionFactorInPlane": 2,
    "PartialFourier": 1,
    "PatientPosition": "HFS",
    "PercentPhaseFOV": 100,
    "PercentSampling": 100,
    "PhaseEncodingSteps": 255,
    "PhaseResolution": 1,
    "PixelBandwidth": 130,
    "ProcedureStepDescription": "head^MR-artefacts",
    "ProtocolName": "MPRAGE_move2",
    "PulseSequenceDetails": "%SiemensSeq%\\tfl",
    "ReceiveCoilActiveElements": "HE1-4",
    "ReceiveCoilName": "HeadNeck_20",
    "ReconMatrixPE": 256,
    "RefLinesPE": 24,
    "RepetitionTime": 2.3,
    "SAR": 0.0583011,
    "ScanOptions": "IR",
    "ScanningSequence": "GR\\IR",
    "SequenceName": "*tfl3d1_16ns",
    "SequenceVariant": "SK\\SP\\MP",
    "SeriesDescription": "MPRAGE_move2",
    "SeriesNumber": 29,
    "ShimSetting": [
      5931,
      -1068,
      1151,
      180,
      -66,
      -231,
      54,
      4
    ],
    "SliceThickness": 1,
    "SoftwareVersions": "syngo MR D13D",
    "SpoilingState": true,
    "StationName": "AWP66040",
    "TxRefAmp": 250.016,
    "acq_id": "headmotion2",
    "dataset": "<unset>",
    "modality": "T1w",
    "subject_id": "182744"
  },
  "cjv": 0.6087278435438925,
  "cnr": 2.1846841868083318,
  "efc": 0.6010536898726045,
  "fber": 2521.1484335469727,
  "fwhm_avg": 4.3605133333333335,
  "fwhm_x": 4.05297,
  "fwhm_y": 4.27287,
  "fwhm_z": 4.7557,
  "icvs_csf": 0.22811687481657314,
  "icvs_gm": 0.4170152215965053,
  "icvs_wm": 0.35486790358692155,
  "inu_med": 1.2412364482879639,
  "inu_range": 0.551156610250473,
  "provenance": {
    "md5sum": "4fecdabcf9622a572d2ea0d081a9326d",
    "settings": {
      "testing": false
    },
    "software": "mriqc",
    "version": "0.16.1",
    "warnings": {
      "large_rot_frame": true,
      "small_air_mask": false
    },
    "webapi_port": null,
    "webapi_url": "https://mriqc.nimh.nih.gov/api/v1"
  },
  "qi_1": 0.008584572580798498,
  "qi_2": 0.003455016494458187,
  "rpve_csf": 26.220501481114738,
  "rpve_gm": 13.987223485771532,
  "rpve_wm": 18.504116757590133,
  "size_x": 192,
  "size_y": 256,
  "size_z": 256,
  "snr_csf": 3.731038288272444,
  "snr_gm": 10.371520844144241,
  "snr_total": 8.437219053792154,
  "snr_wm": 11.209098028959774,
  "snrd_csf": 32.652998682209386,
  "snrd_gm": 57.498213875089874,
  "snrd_total": 55.88510418719871,
  "snrd_wm": 77.50410000429686,
  "spacing_x": 1.0,
  "spacing_y": 1.0,
  "spacing_z": 1.0,
  "summary_bg_k": 9.311653312513284,
  "summary_bg_mad": 8.452925759120516,
  "summary_bg_mean": 20.414345867589088,
  "summary_bg_median": 8.506138548254967,
  "summary_bg_n": 2908596.0,
  "summary_bg_p05": 0.0,
  "summary_bg_p95": 84.60159420967102,
  "summary_bg_stdv": 29.747121731516636,
  "summary_csf_k": 0.060767583083363164,
  "summary_csf_mad": 112.41027884507847,
  "summary_csf_mean": 416.1915488409424,
  "summary_csf_median": 421.3067433387041,
  "summary_csf_n": 41580.0,
  "summary_csf_p05": 222.81255188062786,
  "summary_csf_p95": 591.7076880238949,
  "summary_csf_stdv": 112.91807924186716,
  "summary_gm_k": -0.1314917083001732,
  "summary_gm_mad": 72.46338775762185,
  "summary_gm_mean": 742.5202815915401,
  "summary_gm_median": 741.8732187896967,
  "summary_gm_n": 19762.0,
  "summary_gm_p05": 626.5575675517321,
  "summary_gm_p95": 860.5453463196754,
  "summary_gm_stdv": 71.52802944760882,
  "summary_wm_k": 0.870631842947784,
  "summary_wm_mad": 84.66559510344904,
  "summary_wm_mean": 1005.9946852556692,
  "summary_wm_median": 1000.000039383769,
  "summary_wm_n": 195011.0,
  "summary_wm_p05": 871.4423994868994,
  "summary_wm_p95": 1163.1799621284008,
  "summary_wm_stdv": 89.21301899928626,
  "tpm_overlap_csf": 0.1341542750597,
  "tpm_overlap_gm": 0.44752418994903564,
  "tpm_overlap_wm": 0.4870440363883972,
  "wm2max": 0.4634591524387055
}