{
  "bids_meta": {
    "AcquisitionMatrixPE": 256,
    "AcquisitionNumber": 1,
    "AcquisitionTime": "14:56:43.837500",
    "BodyPartExamined": "HEAD",
    "CoilString": "HeadNeck_20",
    "ConversionSoftware": "dcm2niix",
    "ConversionSoftwareVersion": "v1.0.20211006",
    "Dcm2bidsVersion": "2.1.6",
    "DeviceSerialNumber": "66040",
    "EchoTime": 0.00303,
    "FlipAngle": 9,
    "ImageOrientationPatientDICOM": [
      0.0329978,
      0.986702,
      -0.159153,
      -0.0278287,
      -0.158271,
      -0.987004
    ],
    "ImageType": [
      "ORIGINAL",
      "PRIMARY",
      "M",
      "NONE"
    ],
    "ImagingFrequency": 123.227,
    "InPlanePhaseEncodingDirectionDICOM": "ROW",
    "InstitutionAddress": "Magyar Tudosok Korutja 2,Budapest,,HU,1117",
    "InstitutionName": "RCNS",
    "InstitutionalDepartmentName": "BIC",
    "InversionTime": 0.9,
    "MRAcquisitionType": "3D",
    "MTState": true,
    "MagneticFieldStrength": 3,
    "Manufacturer": "Siemens",
    "ManufacturersModelName": "MAGNETOM Prisma",
    "Modality": "MR",
    "ParallelAcquisitionTechnique": "GRAPPA",
    "ParallelReductionFactorInPlane": 2,
    "PatientPosition": "HFS",
    "PercentPhaseFOV": 100,
    "PercentSampling": 100,
    "PixelBandwidth": 130,
    "ProcedureStepDescription": "head MR-artefacts",
    "ProtocolName": "MPRAGE_move2",
    "ReceiveCoilActiveElements": "HE1-4;NE1,2",
    "ReconMatrixPE": 256,
    "RepetitionTime": 2.3,
    "SequenceVariant": "SK\\SP\\MP",
    "SeriesDescription": "MPRAGE_move2",
    "SeriesNumber": 7,
    "SliceThickness": 1,
    "SoftwareVersions": "syngo MR XA30",
    "StationName": "AWP66040",
    "acq_id": "headmotion2",
    "dataset": "<unset>",
    "modality": "T1w",
    "subject_id": "107738"
  },
  "cjv": 0.44169823536042624,
  "cnr": 3.010641141704667,
  "efc": 0.6301457562867533,
  "fber": 1748.7195624204876,
  "fwhm_avg": 4.723903333333333,
  "fwhm_x": 4.4682,
  "fwhm_y": 4.71885,
  "fwhm_z": 4.98466,
  "icvs_csf": 0.2472910192880855,
  "icvs_gm": 0.3754783741244742,
  "icvs_wm": 0.3772306065874403,
  "inu_med": 1.3042547702789307,
  "inu_range": 0.5142771005630493,
  "provenance": {
    "md5sum": "fb6e374d27589be43221f40bd301a06b",
    "settings": {
      "testing": false
    },
    "software": "mriqc",
    "version": "0.16.1",
    "warnings": {
      "large_rot_frame": true,
      "small_air_mask": false
    },
    "webapi_port": null,
    "webapi_url": "https://mriqc.nimh.nih.gov/api/v1"
  },
  "qi_1": 0.0,
  "qi_2": 0.009226140657304937,
  "rpve_csf": 22.075542316998966,
  "rpve_gm": 13.407031066369012,
  "rpve_wm": 16.36124065360214,
  "size_x": 192,
  "size_y": 256,
  "size_z": 256,
  "snr_csf": 3.51920287008115,
  "snr_gm": 11.0645577860312,
  "snr_total": 9.97002135200403,
  "snr_wm": 15.326303399899738,
  "snrd_csf": 18.40196253477655,
  "snrd_gm": 39.3815745708225,
  "snrd_total": 37.583766331365716,
  "snrd_wm": 54.9677618884981,
  "spacing_x": 1.0,
  "spacing_y": 1.0,
  "spacing_z": 1.0,
  "summary_bg_k": 13.21160990429551,
  "summary_bg_mad": 11.919088867733654,
  "summary_bg_mean": 18.912936405108656,
  "summary_bg_median": 12.103617705404758,
  "summary_bg_n": 2526277.0,
  "summary_bg_p05": 0.0,
  "summary_bg_p95": 59.31219303607941,
  "summary_bg_stdv": 20.515532942149743,
  "summary_csf_k": 0.34306297677096254,
  "summary_csf_mad": 94.16080205509586,
  "summary_csf_mean": 342.8577678343921,
  "summary_csf_median": 334.79231852293015,
  "summary_csf_n": 42179.0,
  "summary_csf_p05": 199.55337235331535,
  "summary_csf_p95": 507.50781678333874,
  "summary_csf_stdv": 95.13186995755812,
  "summary_gm_k": 0.10478293042611542,
  "summary_gm_mad": 62.806976616918725,
  "summary_gm_mean": 717.3725698945593,
  "summary_gm_median": 716.4805728048086,
  "summary_gm_n": 11318.0,
  "summary_gm_p05": 611.5230022966862,
  "summary_gm_p95": 824.7945524293929,
  "summary_gm_stdv": 64.7516994081265,
  "summary_wm_k": 0.35141696283353197,
  "summary_wm_mad": 62.44278223484908,
  "summary_wm_mean": 1004.0522318667287,
  "summary_wm_median": 1000.0446643605828,
  "summary_wm_n": 240971.0,
  "summary_wm_p05": 903.3497111052275,
  "summary_wm_p95": 1118.2224224731326,
  "summary_wm_stdv": 65.25008433108654,
  "tpm_overlap_csf": 0.16401158273220062,
  "tpm_overlap_gm": 0.4121934175491333,
  "tpm_overlap_wm": 0.4965088963508606,
  "wm2max": 0.4828456213745067
}