{
  "bids_meta": {
    "AcquisitionMatrixPE": 256,
    "AcquisitionNumber": 1,
    "AcquisitionTime": "13:42:57.102500",
    "BodyPartExamined": "HEAD",
    "CoilString": "HeadNeck_20",
    "ConversionSoftware": "dcm2niix",
    "ConversionSoftwareVersion": "v1.0.20211006",
    "Dcm2bidsVersion": "2.1.6",
    "DeviceSerialNumber": "66040",
    "EchoTime": 0.00303,
    "FlipAngle": 9,
    "ImageOrientationPatientDICOM": [
      -0.0216694,
      0.992358,
      -0.121476,
      0.0306021,
      -0.120789,
      -0.992206
    ],
    "ImageType": [
      "ORIGINAL",
      "PRIMARY",
      "M",
      "NONE"
    ],
    "ImagingFrequency": 123.227,
    "InPlanePhaseEncodingDirectionDICOM": "ROW",
    "InstitutionAddress": "Magyar Tudosok Korutja 2,Budapest,,HU,1117",
    "InstitutionName": "RCNS",
    "InstitutionalDepartmentName": "BIC",
    "InversionTime": 0.9,
    "MRAcquisitionType": "3D",
    "MTState": true,
    "MagneticFieldStrength": 3,
    "Manufacturer": "Siemens",
    "ManufacturersModelName": "MAGNETOM Prisma",
    "Modality": "MR",
    "ParallelAcquisitionTechnique": "GRAPPA",
    "ParallelReductionFactorInPlane": 2,
    "PatientPosition": "HFS",
    "PercentPhaseFOV": 100,
    "PercentSampling": 100,
    "PixelBandwidth": 130,
    "ProcedureStepDescription": "head MR-artefacts",
    "ProtocolName": "MPRAGE_conventional",
    "ReceiveCoilActiveElements": "HE1-4;NE1,2",
    "ReconMatrixPE": 256,
    "RepetitionTime": 2.3,
    "SequenceVariant": "SK\\SP\\MP",
    "SeriesDescription": "MPRAGE_conventional",
    "SeriesNumber": 5,
    "SliceThickness": 1,
    "SoftwareVersions": "syngo MR XA30",
    "StationName": "AWP66040",
    "acq_id": "standard",
    "dataset": "<unset>",
    "modality": "T1w",
    "subject_id": "253493"
  },
  "cjv": 0.36866408206651424,
  "cnr": 3.5311265525536437,
  "efc": 0.5944465757728342,
  "fber": 8303.630825251217,
  "fwhm_avg": 4.779310000000001,
  "fwhm_x": 4.44831,
  "fwhm_y": 5.08262,
  "fwhm_z": 4.807,
  "icvs_csf": 0.2425620721574063,
  "icvs_gm": 0.38354749997489496,
  "icvs_wm": 0.3738904278676987,
  "inu_med": 1.463502049446106,
  "inu_range": 0.5377519369125365,
  "provenance": {
    "md5sum": "b6bf82f2ec470ca87a17cd46bf05a539",
    "settings": {
      "testing": false
    },
    "software": "mriqc",
    "version": "0.16.1",
    "warnings": {
      "large_rot_frame": true,
      "small_air_mask": false
    },
    "webapi_port": null,
    "webapi_url": "https://mriqc.nimh.nih.gov/api/v1"
  },
  "qi_1": 0.0,
  "qi_2": 0.013394557255325094,
  "rpve_csf": 25.08357293694758,
  "rpve_gm": 15.128242725292099,
  "rpve_wm": 19.361133270855763,
  "size_x": 192,
  "size_y": 256,
  "size_z": 256,
  "snr_csf": 3.8684395139132306,
  "snr_gm": 12.157407850734106,
  "snr_total": 13.127538932529816,
  "snr_wm": 23.356769432942112,
  "snrd_csf": 39.56428958989207,
  "snrd_gm": 86.75894775446018,
  "snrd_total": 81.33360928035984,
  "snrd_wm": 117.67759049672725,
  "spacing_x": 1.0,
  "spacing_y": 1.0,
  "spacing_z": 1.0,
  "summary_bg_k": 18.508065513064885,
  "summary_bg_mad": 5.567214470060978,
  "summary_bg_mean": 6.2947535922883615,
  "summary_bg_median": 3.75502909719944,
  "summary_bg_n": 2254930.0,
  "summary_bg_p05": 0.0,
  "summary_bg_p95": 15.154224570840597,
  "summary_bg_stdv": 5.098964711526128,
  "summary_csf_k": 0.9606689137615709,
  "summary_csf_mad": 75.62132988499494,
  "summary_csf_mean": 346.3796725485268,
  "summary_csf_median": 336.2092123813927,
  "summary_csf_n": 24675.0,
  "summary_csf_p05": 222.48547400906682,
  "summary_csf_p95": 509.2668807622045,
  "summary_csf_stdv": 86.90904907603785,
  "summary_gm_k": 0.019341832749288468,
  "summary_gm_mad": 59.15165374439788,
  "summary_gm_mean": 736.1310665103002,
  "summary_gm_median": 737.2597307804972,
  "summary_gm_n": 17972.0,
  "summary_gm_p05": 634.1327739259228,
  "summary_gm_p95": 836.2740367190913,
  "summary_gm_stdv": 60.641152143887986,
  "summary_wm_k": 0.9758689704533139,
  "summary_wm_mad": 37.71125039838924,
  "summary_wm_mean": 999.3152091119051,
  "summary_wm_median": 1000.000010766089,
  "summary_wm_n": 217148.0,
  "summary_wm_p05": 925.3911588229239,
  "summary_wm_p95": 1067.4117236062884,
  "summary_wm_stdv": 42.81404202997286,
  "tpm_overlap_csf": 0.1687912791967392,
  "tpm_overlap_gm": 0.4253668189048767,
  "tpm_overlap_wm": 0.4992678165435791,
  "wm2max": 0.4897646414887794
}