{
  "bids_meta": {
    "AcquisitionMatrixPE": 256,
    "AcquisitionNumber": 1,
    "AcquisitionTime": "09:20:30.035000",
    "BaseResolution": 256,
    "BodyPartExamined": "HEAD",
    "CoilCombinationMethod": "Adaptive Combine",
    "ConsistencyInfo": "N4_VD13D_LATEST_20130810",
    "ConversionSoftware": "dcm2niix",
    "ConversionSoftwareVersion": "v1.0.20211006",
    "Dcm2bidsVersion": "2.1.6",
    "DeviceSerialNumber": "66040",
    "DwellTime": 1.5e-05,
    "EchoTime": 0.00303,
    "FlipAngle": 9,
    "ImageOrientationPatientDICOM": [
      0.000508157,
      0.999878,
      -0.0156226,
      0.0409237,
      -0.0156303,
      -0.99904
    ],
    "ImageOrientationText": "Sag>Tra(-2.3)>Cor(-0.0)",
    "ImageType": [
      "ORIGINAL",
      "PRIMARY",
      "M",
      "ND",
      "NORM"
    ],
    "ImagingFrequency": 123.21,
    "InPlanePhaseEncodingDirectionDICOM": "ROW",
    "InstitutionAddress": "Magyar Tudosok Korutja 2,Budapest,,HU,1117",
    "InstitutionName": "RCNS",
    "InstitutionalDepartmentName": "BIC",
    "InversionTime": 0.9,
    "MRAcquisitionType": "3D",
    "MagneticFieldStrength": 3,
    "Manufacturer": "Siemens",
    "ManufacturersModelName": "Prisma",
    "MatrixCoilMode": "GRAPPA",
    "Modality": "MR",
    "ParallelReductionFactorInPlane": 2,
    "PartialFourier": 1,
    "PatientPosition": "HFS",
    "PercentPhaseFOV": 100,
    "PercentSampling": 100,
    "PhaseEncodingSteps": 255,
    "PhaseResolution": 1,
    "PixelBandwidth": 130,
    "ProcedureStepDescription": "head^MR-artefacts",
    "ProtocolName": "MPRAGE_conventional",
    "PulseSequenceDetails": "%SiemensSeq%\\tfl",
    "ReceiveCoilActiveElements": "HE1-4",
    "ReceiveCoilName": "HeadNeck_20",
    "ReconMatrixPE": 256,
    "RefLinesPE": 24,
    "RepetitionTime": 2.3,
    "SAR": 0.0651094,
    "ScanOptions": "IR",
    "ScanningSequence": "GR\\IR",
    "SequenceName": "*tfl3d1_16ns",
    "SequenceVariant": "SK\\SP\\MP",
    "SeriesDescription": "MPRAGE_conventional",
    "SeriesNumber": 6,
    "ShimSetting": [
      5954,
      -1024,
      1066,
      235,
      2,
      17,
      -49,
      -52
    ],
    "SliceThickness": 1,
    "SoftwareVersions": "syngo MR D13D",
    "SpoilingState": true,
    "StationName": "AWP66040",
    "TxRefAmp": 245.822,
    "acq_id": "standard",
    "dataset": "<unset>",
    "modality": "T1w",
    "subject_id": "579247"
  },
  "cjv": 0.2889504946402574,
  "cnr": 4.4921826796054924,
  "efc": 0.5231892561332354,
  "fber": 18111.842859320226,
  "fwhm_avg": 4.36723,
  "fwhm_x": 4.09738,
  "fwhm_y": 4.45966,
  "fwhm_z": 4.54465,
  "icvs_csf": 0.22505995034545298,
  "icvs_gm": 0.4086358037041243,
  "icvs_wm": 0.36630424595042277,
  "inu_med": 1.4190195798873901,
  "inu_range": 0.3431439399719236,
  "provenance": {
    "md5sum": "42b8b63e0673a843b83f54cad98433da",
    "settings": {
      "testing": false
    },
    "software": "mriqc",
    "version": "0.16.1",
    "warnings": {
      "large_rot_frame": true,
      "small_air_mask": false
    },
    "webapi_port": null,
    "webapi_url": "https://mriqc.nimh.nih.gov/api/v1"
  },
  "qi_1": 0.0,
  "qi_2": 0.010681262248918636,
  "rpve_csf": 29.409326973783337,
  "rpve_gm": 16.671688529143037,
  "rpve_wm": 23.07883115853445,
  "size_x": 192,
  "size_y": 256,
  "size_z": 256,
  "snr_csf": 2.7977268875615082,
  "snr_gm": 14.401395784364462,
  "snr_total": 14.787412461218393,
  "snr_wm": 27.163114711729207,
  "snrd_csf": 65.26931866071408,
  "snrd_gm": 133.77192589444903,
  "snrd_total": 128.2465949774423,
  "snrd_wm": 185.69854037716377,
  "spacing_x": 1.0,
  "spacing_y": 1.0,
  "spacing_z": 1.0,
  "summary_bg_k": 8.980993571890364,
  "summary_bg_mad": 3.5279565396624673,
  "summary_bg_mean": 5.33766585264693,
  "summary_bg_median": 4.701102744787931,
  "summary_bg_n": 3074519.0,
  "summary_bg_p05": 0.0,
  "summary_bg_p95": 11.95589093118906,
  "summary_bg_stdv": 4.182109816423665,
  "summary_csf_k": 59.798007688059634,
  "summary_csf_mad": 100.2886182189416,
  "summary_csf_mean": 372.9889477229727,
  "summary_csf_median": 351.4799780547619,
  "summary_csf_n": 15420.0,
  "summary_csf_p05": 235.8676735162735,
  "summary_csf_p95": 541.7875817604363,
  "summary_csf_stdv": 125.62648003496606,
  "summary_gm_k": 0.2599369178951938,
  "summary_gm_mad": 48.875105232397104,
  "summary_gm_mean": 720.0896072738461,
  "summary_gm_median": 720.3714477568865,
  "summary_gm_n": 23963.0,
  "summary_gm_p05": 637.49274751544,
  "summary_gm_p95": 801.6250754445791,
  "summary_gm_stdv": 50.019902756301434,
  "summary_wm_k": 1.3989349805196625,
  "summary_wm_mad": 31.923704297921347,
  "summary_wm_mean": 996.9901290554483,
  "summary_wm_median": 1000.0000036135316,
  "summary_wm_n": 188229.0,
  "summary_wm_p05": 930.1799221076071,
  "summary_wm_p95": 1050.4352910853922,
  "summary_wm_stdv": 36.81453168694853,
  "tpm_overlap_csf": 0.16976788640022278,
  "tpm_overlap_gm": 0.45634445548057556,
  "tpm_overlap_wm": 0.5205500721931458,
  "wm2max": 0.5828715367539846
}