{
  "bids_meta": {
    "AcquisitionMatrixPE": 256,
    "AcquisitionNumber": 1,
    "AcquisitionTime": "09:47:38.357500",
    "BaseResolution": 256,
    "BodyPartExamined": "HEAD",
    "CoilCombinationMethod": "Adaptive Combine",
    "ConsistencyInfo": "N4_VD13D_LATEST_20130810",
    "ConversionSoftware": "dcm2niix",
    "ConversionSoftwareVersion": "v1.0.20211006",
    "Dcm2bidsVersion": "2.1.6",
    "DeviceSerialNumber": "66040",
    "DwellTime": 1.5e-05,
    "EchoTime": 0.00303,
    "FlipAngle": 9,
    "ImageOrientationPatientDICOM": [
      0.000511084,
      0.999877,
      -0.0156943,
      0.0409236,
      -0.015702,
      -0.999039
    ],
    "ImageOrientationText": "Sag>Tra(-2.3)>Cor(-0.0)",
    "ImageType": [
      "ORIGINAL",
      "PRIMARY",
      "M",
      "ND",
      "NORM"
    ],
    "ImagingFrequency": 123.21,
    "InPlanePhaseEncodingDirectionDICOM": "ROW",
    "InstitutionAddress": "Magyar Tudosok Korutja 2,Budapest,,HU,1117",
    "InstitutionName": "RCNS",
    "InstitutionalDepartmentName": "BIC",
    "InversionTime": 0.9,
    "MRAcquisitionType": "3D",
    "MagneticFieldStrength": 3,
    "Manufacturer": "Siemens",
    "ManufacturersModelName": "Prisma",
    "MatrixCoilMode": "GRAPPA",
    "Modality": "MR",
    "ParallelReductionFactorInPlane": 2,
    "PartialFourier": 1,
    "PatientPosition": "HFS",
    "PercentPhaseFOV": 100,
    "PercentSampling": 100,
    "PhaseEncodingSteps": 255,
    "PhaseResolution": 1,
    "PixelBandwidth": 130,
    "ProcedureStepDescription": "head^MR-artefacts",
    "ProtocolName": "MPRAGE_move1",
    "PulseSequenceDetails": "%SiemensSeq%\\tfl",
    "ReceiveCoilActiveElements": "HE1-4",
    "ReceiveCoilName": "HeadNeck_20",
    "ReconMatrixPE": 256,
    "RefLinesPE": 24,
    "RepetitionTime": 2.3,
    "SAR": 0.0651094,
    "ScanOptions": "IR",
    "ScanningSequence": "GR\\IR",
    "SequenceName": "*tfl3d1_16ns",
    "SequenceVariant": "SK\\SP\\MP",
    "SeriesDescription": "MPRAGE_move1",
    "SeriesNumber": 17,
    "ShimSetting": [
      5954,
      -1024,
      1066,
      235,
      2,
      17,
      -49,
      -52
    ],
    "SliceThickness": 1,
    "SoftwareVersions": "syngo MR D13D",
    "SpoilingState": true,
    "StationName": "AWP66040",
    "TxRefAmp": 245.822,
    "acq_id": "headmotion1",
    "dataset": "<unset>",
    "modality": "T1w",
    "subject_id": "579247"
  },
  "cjv": 0.37480044298108617,
  "cnr": 3.5911545233599917,
  "efc": 0.552161460407277,
  "fber": 4328.066664697542,
  "fwhm_avg": 4.540696666666666,
  "fwhm_x": 4.22454,
  "fwhm_y": 4.64662,
  "fwhm_z": 4.75093,
  "icvs_csf": 0.23348738610431552,
  "icvs_gm": 0.3981805583161347,
  "icvs_wm": 0.3683320555795498,
  "inu_med": 1.5598722696304321,
  "inu_range": 0.4494681000709533,
  "provenance": {
    "md5sum": "d61cd667a814cc5cb5448e69608e1935",
    "settings": {
      "testing": false
    },
    "software": "mriqc",
    "version": "0.16.1",
    "warnings": {
      "large_rot_frame": true,
      "small_air_mask": false
    },
    "webapi_port": null,
    "webapi_url": "https://mriqc.nimh.nih.gov/api/v1"
  },
  "qi_1": 9.509235845314762e-05,
  "qi_2": 0.005859829297799806,
  "rpve_csf": 29.56240303477504,
  "rpve_gm": 17.072406587987047,
  "rpve_wm": 22.43000398030645,
  "size_x": 192,
  "size_y": 256,
  "size_z": 256,
  "snr_csf": 3.712686277650022,
  "snr_gm": 13.804773772082397,
  "snr_total": 12.268925972396792,
  "snr_wm": 19.289317867457953,
  "snrd_csf": 34.13423014600919,
  "snrd_gm": 66.45722651373237,
  "snrd_total": 63.92327970416424,
  "snrd_wm": 91.17838245275118,
  "spacing_x": 1.0,
  "spacing_y": 1.0,
  "spacing_z": 1.0,
  "summary_bg_k": 5.74880149050577,
  "summary_bg_mad": 7.185598812064471,
  "summary_bg_mean": 12.621577343200453,
  "summary_bg_median": 7.2965488620102406,
  "summary_bg_n": 2982518.0,
  "summary_bg_p05": 0.0,
  "summary_bg_p95": 44.63144486397505,
  "summary_bg_stdv": 15.001288267353626,
  "summary_csf_k": 48.73697076281842,
  "summary_csf_mad": 97.32143446010397,
  "summary_csf_mean": 380.8126313420315,
  "summary_csf_median": 374.3875198941678,
  "summary_csf_n": 22554.0,
  "summary_csf_p05": 237.16446775570512,
  "summary_csf_p95": 538.0805339626968,
  "summary_csf_stdv": 100.83782792334299,
  "summary_gm_k": 0.06169320631544384,
  "summary_gm_mad": 52.98392091093693,
  "summary_gm_mean": 729.3394158342611,
  "summary_gm_median": 728.9092534705997,
  "summary_gm_n": 19367.0,
  "summary_gm_p05": 643.2680084332824,
  "summary_gm_p95": 816.8406561799347,
  "summary_gm_stdv": 52.79988262974598,
  "summary_wm_k": 0.5445119378675565,
  "summary_wm_mad": 48.64097657397488,
  "summary_wm_mean": 1000.9492192925707,
  "summary_wm_median": 1000.0532699413598,
  "summary_wm_n": 186665.0,
  "summary_wm_p05": 916.9152204990387,
  "summary_wm_p95": 1087.1857804395258,
  "summary_wm_stdv": 51.844787776911204,
  "tpm_overlap_csf": 0.16255976259708405,
  "tpm_overlap_gm": 0.44802573323249817,
  "tpm_overlap_wm": 0.5156344771385193,
  "wm2max": 0.5722078317842451
}