{
    "Modality": "MR",
    "MagneticFieldStrength": 3,
    "ImagingFrequency": 123.21,
    "Manufacturer": "Siemens",
    "ManufacturersModelName": "Prisma",
    "InstitutionName": "RCNS",
    "InstitutionalDepartmentName": "BIC",
    "InstitutionAddress": "Magyar Tudosok Korutja 2,Budapest,,HU,1117",
    "DeviceSerialNumber": "66040",
    "StationName": "AWP66040",
    "BodyPartExamined": "HEAD",
    "PatientPosition": "HFS",
    "ProcedureStepDescription": "head^MR-artefacts",
    "SoftwareVersions": "syngo MR D13D",
    "MRAcquisitionType": "3D",
    "SeriesDescription": "MPRAGE_move1",
    "ProtocolName": "MPRAGE_move1",
    "ScanningSequence": "GR\\IR",
    "SequenceVariant": "SK\\SP\\MP",
    "ScanOptions": "IR",
    "SequenceName": "*tfl3d1_16ns",
    "ImageType": [
        "ORIGINAL",
        "PRIMARY",
        "M",
        "ND",
        "NORM"
    ],
    "SeriesNumber": 18,
    "AcquisitionTime": "09:45:21.297500",
    "AcquisitionNumber": 1,
    "FrameTimesStart": [
        0
    ],
    "SliceThickness": 1,
    "SAR": 0.0512329,
    "EchoTime": 0.00303,
    "RepetitionTime": 2.3,
    "SpoilingState": true,
    "InversionTime": 0.9,
    "FlipAngle": 9,
    "PartialFourier": 1,
    "BaseResolution": 256,
    "ShimSetting": [
        5965,
        -1032,
        1047,
        189,
        -29,
        -54,
        98,
        -13
    ],
    "TxRefAmp": 269.498,
    "PhaseResolution": 1,
    "ReceiveCoilName": "HeadNeck_20",
    "ReceiveCoilActiveElements": "HE1-4",
    "PulseSequenceDetails": "%SiemensSeq%\\tfl",
    "RefLinesPE": 24,
    "CoilCombinationMethod": "Adaptive Combine",
    "ConsistencyInfo": "N4_VD13D_LATEST_20130810",
    "MatrixCoilMode": "GRAPPA",
    "PercentPhaseFOV": 100,
    "PercentSampling": 100,
    "PhaseEncodingSteps": 255,
    "AcquisitionMatrixPE": 256,
    "ReconMatrixPE": 256,
    "ParallelReductionFactorInPlane": 2,
    "PixelBandwidth": 130,
    "DwellTime": 1.5e-05,
    "ImageOrientationPatientDICOM": [
        -0.0447444,
        0.996042,
        -0.0767969,
        0.0873009,
        -0.0726813,
        -0.993527
    ],
    "ImageOrientationText": "Sag>Tra(-4.8)>Cor(-2.9)",
    "InPlanePhaseEncodingDirectionDICOM": "ROW",
    "ConversionSoftware": "dcm2niix",
    "ConversionSoftwareVersion": "v1.0.20211006",
    "Dcm2bidsVersion": "2.1.6"
}