{
  "bids_meta": {
    "AcquisitionMatrixPE": 256,
    "AcquisitionNumber": 1,
    "AcquisitionTime": "11:50:12.575000",
    "BaseResolution": 256,
    "BodyPartExamined": "HEAD",
    "CoilCombinationMethod": "Adaptive Combine",
    "ConsistencyInfo": "N4_VD13D_LATEST_20130810",
    "ConversionSoftware": "dcm2niix",
    "ConversionSoftwareVersion": "v1.0.20211006",
    "Dcm2bidsVersion": "2.1.6",
    "DeviceSerialNumber": "66040",
    "DwellTime": 1.5e-05,
    "EchoTime": 0.00303,
    "FlipAngle": 9,
    "ImageOrientationPatientDICOM": [
      -0.0955101,
      0.991905,
      0.0836765,
      -0.00225983,
      0.0838445,
      -0.996476
    ],
    "ImageOrientationText": "Sag>Cor(-5.5)>Tra(-0.3)",
    "ImageType": [
      "ORIGINAL",
      "PRIMARY",
      "M",
      "ND",
      "NORM"
    ],
    "ImagingFrequency": 123.21,
    "InPlanePhaseEncodingDirectionDICOM": "ROW",
    "InstitutionAddress": "Magyar Tudosok Korutja 2,Budapest,,HU,1117",
    "InstitutionName": "RCNS",
    "InstitutionalDepartmentName": "BIC",
    "InversionTime": 0.9,
    "MRAcquisitionType": "3D",
    "MagneticFieldStrength": 3,
    "Manufacturer": "Siemens",
    "ManufacturersModelName": "Prisma",
    "MatrixCoilMode": "GRAPPA",
    "Modality": "MR",
    "ParallelReductionFactorInPlane": 2,
    "PartialFourier": 1,
    "PatientPosition": "HFS",
    "PercentPhaseFOV": 100,
    "PercentSampling": 100,
    "PhaseEncodingSteps": 255,
    "PhaseResolution": 1,
    "PixelBandwidth": 130,
    "ProcedureStepDescription": "head^MR-artefacts",
    "ProtocolName": "MPRAGE_move2",
    "PulseSequenceDetails": "%SiemensSeq%\\tfl",
    "ReceiveCoilActiveElements": "HE1-4",
    "ReceiveCoilName": "HeadNeck_20",
    "ReconMatrixPE": 256,
    "RefLinesPE": 24,
    "RepetitionTime": 2.3,
    "SAR": 0.0595333,
    "ScanOptions": "IR",
    "ScanningSequence": "GR\\IR",
    "SequenceName": "*tfl3d1_16ns",
    "SequenceVariant": "SK\\SP\\MP",
    "SeriesDescription": "MPRAGE_move2",
    "SeriesNumber": 19,
    "ShimSetting": [
      5957,
      -1062,
      1049,
      171,
      -12,
      -106,
      145,
      -34
    ],
    "SliceThickness": 1,
    "SoftwareVersions": "syngo MR D13D",
    "SpoilingState": true,
    "StationName": "AWP66040",
    "TxRefAmp": 240.585,
    "acq_id": "headmotion2",
    "dataset": "<unset>",
    "modality": "T1w",
    "subject_id": "122916"
  },
  "cjv": 0.48865886122892627,
  "cnr": 2.7440398074914,
  "efc": 0.5666881599700282,
  "fber": 4873.751721201979,
  "fwhm_avg": 4.678746666666666,
  "fwhm_x": 4.28358,
  "fwhm_y": 4.83271,
  "fwhm_z": 4.91995,
  "icvs_csf": 0.23294987609713663,
  "icvs_gm": 0.40145473080809957,
  "icvs_wm": 0.3655953930947638,
  "inu_med": 1.263024091720581,
  "inu_range": 0.38005614280700684,
  "provenance": {
    "md5sum": "d046b8c24b79da80132a315e6dd0a74d",
    "settings": {
      "testing": false
    },
    "software": "mriqc",
    "version": "0.16.1",
    "warnings": {
      "large_rot_frame": true,
      "small_air_mask": false
    },
    "webapi_port": null,
    "webapi_url": "https://mriqc.nimh.nih.gov/api/v1"
  },
  "qi_1": 0.00018155930110841953,
  "qi_2": 0.0065828177762152235,
  "rpve_csf": 29.233865877435374,
  "rpve_gm": 16.465193783240625,
  "rpve_wm": 21.10792329192809,
  "size_x": 192,
  "size_y": 256,
  "size_z": 256,
  "snr_csf": 3.8463029598156866,
  "snr_gm": 13.36881892148179,
  "snr_total": 10.787691730300272,
  "snr_wm": 15.147953309603336,
  "snrd_csf": 37.128350113009574,
  "snrd_gm": 69.37219605020712,
  "snrd_total": 66.10113050727757,
  "snrd_wm": 91.80284535861601,
  "spacing_x": 1.0,
  "spacing_y": 1.0,
  "spacing_z": 1.0,
  "summary_bg_k": 19.27511518839714,
  "summary_bg_mad": 7.136604877666021,
  "summary_bg_mean": 13.37416645892769,
  "summary_bg_median": 7.220350261777639,
  "summary_bg_n": 2656352.0,
  "summary_bg_p05": 0.0,
  "summary_bg_p95": 50.394342083483934,
  "summary_bg_stdv": 19.381832504478403,
  "summary_csf_k": 0.08206976235950458,
  "summary_csf_mad": 105.18257650467767,
  "summary_csf_mean": 403.48879843972446,
  "summary_csf_median": 404.45069697126746,
  "summary_csf_n": 40034.0,
  "summary_csf_p05": 229.35905449502172,
  "summary_csf_p95": 573.3828252626582,
  "summary_csf_stdv": 105.15179116806516,
  "summary_gm_k": 0.06043718173384516,
  "summary_gm_mad": 56.653663336548725,
  "summary_gm_mean": 755.6420549046563,
  "summary_gm_median": 755.6929666288197,
  "summary_gm_n": 18476.0,
  "summary_gm_p05": 662.8929520463571,
  "summary_gm_p95": 848.3726420402527,
  "summary_gm_stdv": 56.52500195608225,
  "summary_wm_k": 0.8319048082145502,
  "summary_wm_mad": 62.74722596286356,
  "summary_wm_mean": 1003.605189194404,
  "summary_wm_median": 1000.037024974823,
  "summary_wm_n": 184384.0,
  "summary_wm_p05": 900.7664657346904,
  "summary_wm_p95": 1117.1548089645803,
  "summary_wm_stdv": 66.01778423126746,
  "tpm_overlap_csf": 0.15385840833187103,
  "tpm_overlap_gm": 0.4467003643512726,
  "tpm_overlap_wm": 0.4985203742980957,
  "wm2max": 0.5634756180899443
}