{
  "bids_meta": {
    "AcquisitionMatrixPE": 256,
    "AcquisitionNumber": 1,
    "AcquisitionTime": "11:16:35.627500",
    "BaseResolution": 256,
    "BodyPartExamined": "HEAD",
    "CoilCombinationMethod": "Adaptive Combine",
    "ConsistencyInfo": "N4_VD13D_LATEST_20130810",
    "ConversionSoftware": "dcm2niix",
    "ConversionSoftwareVersion": "v1.0.20211006",
    "Dcm2bidsVersion": "2.1.6",
    "DeviceSerialNumber": "66040",
    "DwellTime": 1.5e-05,
    "EchoTime": 0.00303,
    "FlipAngle": 9,
    "ImageOrientationPatientDICOM": [
      -0.09551,
      0.9919,
      0.0837446,
      -0.00226649,
      0.0839123,
      -0.996471
    ],
    "ImageOrientationText": "Sag>Cor(-5.5)>Tra(-0.3)",
    "ImageType": [
      "ORIGINAL",
      "PRIMARY",
      "M",
      "ND",
      "NORM"
    ],
    "ImagingFrequency": 123.21,
    "InPlanePhaseEncodingDirectionDICOM": "ROW",
    "InstitutionAddress": "Magyar Tudosok Korutja 2,Budapest,,HU,1117",
    "InstitutionName": "RCNS",
    "InstitutionalDepartmentName": "BIC",
    "InversionTime": 0.9,
    "MRAcquisitionType": "3D",
    "MagneticFieldStrength": 3,
    "Manufacturer": "Siemens",
    "ManufacturersModelName": "Prisma",
    "MatrixCoilMode": "GRAPPA",
    "Modality": "MR",
    "ParallelReductionFactorInPlane": 2,
    "PartialFourier": 1,
    "PatientPosition": "HFS",
    "PercentPhaseFOV": 100,
    "PercentSampling": 100,
    "PhaseEncodingSteps": 255,
    "PhaseResolution": 1,
    "PixelBandwidth": 130,
    "ProcedureStepDescription": "head^MR-artefacts",
    "ProtocolName": "MPRAGE_conventional",
    "PulseSequenceDetails": "%SiemensSeq%\\tfl",
    "ReceiveCoilActiveElements": "HE1-4",
    "ReceiveCoilName": "HeadNeck_20",
    "ReconMatrixPE": 256,
    "RefLinesPE": 24,
    "RepetitionTime": 2.3,
    "SAR": 0.0595333,
    "ScanOptions": "IR",
    "ScanningSequence": "GR\\IR",
    "SequenceName": "*tfl3d1_16ns",
    "SequenceVariant": "SK\\SP\\MP",
    "SeriesDescription": "MPRAGE_conventional",
    "SeriesNumber": 6,
    "ShimSetting": [
      5957,
      -1062,
      1049,
      171,
      -12,
      -106,
      145,
      -34
    ],
    "SliceThickness": 1,
    "SoftwareVersions": "syngo MR D13D",
    "SpoilingState": true,
    "StationName": "AWP66040",
    "TxRefAmp": 240.585,
    "acq_id": "standard",
    "dataset": "<unset>",
    "modality": "T1w",
    "subject_id": "122916"
  },
  "cjv": 0.29316315602476317,
  "cnr": 4.344996687691827,
  "efc": 0.5266428490810459,
  "fber": 18969.645751799013,
  "fwhm_avg": 4.464763333333334,
  "fwhm_x": 4.1716,
  "fwhm_y": 4.6604,
  "fwhm_z": 4.56229,
  "icvs_csf": 0.21415911307403565,
  "icvs_gm": 0.42126594961148023,
  "icvs_wm": 0.36457493731448415,
  "inu_med": 1.3183180093765259,
  "inu_range": 0.3483569860458373,
  "provenance": {
    "md5sum": "012475b0e82309206f1ab6470f9dea4c",
    "settings": {
      "testing": false
    },
    "software": "mriqc",
    "version": "0.16.1",
    "warnings": {
      "large_rot_frame": true,
      "small_air_mask": false
    },
    "webapi_port": null,
    "webapi_url": "https://mriqc.nimh.nih.gov/api/v1"
  },
  "qi_1": 0.0,
  "qi_2": 0.008746203359133805,
  "rpve_csf": 30.1936643364076,
  "rpve_gm": 16.24956988516326,
  "rpve_wm": 22.452087486564615,
  "size_x": 192,
  "size_y": 256,
  "size_z": 256,
  "snr_csf": 3.3735948176412207,
  "snr_gm": 14.56345330112618,
  "snr_total": 15.386702618330167,
  "snr_wm": 28.223059736223096,
  "snrd_csf": 69.50615142189147,
  "snrd_gm": 135.72831042723064,
  "snrd_total": 130.21147097516317,
  "snrd_wm": 185.39995107636736,
  "spacing_x": 1.0,
  "spacing_y": 1.0,
  "spacing_z": 1.0,
  "summary_bg_k": 10.388924917735313,
  "summary_bg_mad": 3.533638359235698,
  "summary_bg_mean": 5.636936312095768,
  "summary_bg_median": 4.766805708408356,
  "summary_bg_n": 2903229.0,
  "summary_bg_p05": 0.0,
  "summary_bg_p95": 14.300417125225067,
  "summary_bg_stdv": 4.450035637919158,
  "summary_csf_k": 0.9491539201478649,
  "summary_csf_mad": 132.02957869507927,
  "summary_csf_mean": 383.63696913026786,
  "summary_csf_median": 374.8984353169799,
  "summary_csf_n": 21135.0,
  "summary_csf_p05": 226.1524299159646,
  "summary_csf_p95": 560.7117719255388,
  "summary_csf_stdv": 111.12465673540679,
  "summary_gm_k": 0.2542222339219302,
  "summary_gm_mad": 48.42690751407104,
  "summary_gm_mean": 731.7530602072225,
  "summary_gm_median": 732.0838539674878,
  "summary_gm_n": 27139.0,
  "summary_gm_p05": 648.827258810401,
  "summary_gm_p95": 814.6416787423193,
  "summary_gm_stdv": 50.26763577528381,
  "summary_wm_k": 1.3355686922299679,
  "summary_wm_mad": 30.116236016213335,
  "summary_wm_mean": 997.1373802058282,
  "summary_wm_median": 1000.000002078712,
  "summary_wm_n": 185565.0,
  "summary_wm_p05": 932.2896937206388,
  "summary_wm_p95": 1049.2389383167028,
  "summary_wm_stdv": 35.43192399929579,
  "tpm_overlap_csf": 0.16731436550617218,
  "tpm_overlap_gm": 0.4504188895225525,
  "tpm_overlap_wm": 0.497523695230484,
  "wm2max": 0.5481856964273628
}