{
  "bids_meta": {
    "AcquisitionMatrixPE": 256,
    "AcquisitionNumber": 1,
    "AcquisitionTime": "11:01:41.642500",
    "BaseResolution": 256,
    "BodyPartExamined": "HEAD",
    "CoilCombinationMethod": "Adaptive Combine",
    "ConsistencyInfo": "N4_VD13D_LATEST_20130810",
    "ConversionSoftware": "dcm2niix",
    "ConversionSoftwareVersion": "v1.0.20211006",
    "Dcm2bidsVersion": "2.1.6",
    "DeviceSerialNumber": "66040",
    "DwellTime": 1.5e-05,
    "EchoTime": 0.00303,
    "FlipAngle": 9,
    "ImageOrientationPatientDICOM": [
      -0.035592,
      0.99192,
      0.121766,
      -0.00740834,
      0.121578,
      -0.992554
    ],
    "ImageOrientationText": "Sag>Cor(-2.1)>Tra(0.2)",
    "ImageType": [
      "ORIGINAL",
      "PRIMARY",
      "M",
      "ND",
      "NORM"
    ],
    "ImagingFrequency": 123.21,
    "InPlanePhaseEncodingDirectionDICOM": "ROW",
    "InstitutionAddress": "Magyar Tudosok Korutja 2,Budapest,,HU,1117",
    "InstitutionName": "RCNS",
    "InstitutionalDepartmentName": "BIC",
    "InversionTime": 0.9,
    "MRAcquisitionType": "3D",
    "MagneticFieldStrength": 3,
    "Manufacturer": "Siemens",
    "ManufacturersModelName": "Prisma",
    "MatrixCoilMode": "GRAPPA",
    "Modality": "MR",
    "ParallelReductionFactorInPlane": 2,
    "PartialFourier": 1,
    "PatientPosition": "HFS",
    "PercentPhaseFOV": 100,
    "PercentSampling": 100,
    "PhaseEncodingSteps": 255,
    "PhaseResolution": 1,
    "PixelBandwidth": 130,
    "ProcedureStepDescription": "head^MR-artefacts",
    "ProtocolName": "MPRAGE_conventional",
    "PulseSequenceDetails": "%SiemensSeq%\\tfl",
    "ReceiveCoilActiveElements": "HE1-4",
    "ReceiveCoilName": "HeadNeck_20",
    "ReconMatrixPE": 256,
    "RefLinesPE": 24,
    "RepetitionTime": 2.3,
    "SAR": 0.0583011,
    "ScanOptions": "IR",
    "ScanningSequence": "GR\\IR",
    "SequenceName": "*tfl3d1_16ns",
    "SequenceVariant": "SK\\SP\\MP",
    "SeriesDescription": "MPRAGE_conventional",
    "SeriesNumber": 12,
    "ShimSetting": [
      5931,
      -1068,
      1151,
      180,
      -66,
      -231,
      54,
      4
    ],
    "SliceThickness": 1,
    "SoftwareVersions": "syngo MR D13D",
    "SpoilingState": true,
    "StationName": "AWP66040",
    "TxRefAmp": 250.016,
    "acq_id": "standard",
    "dataset": "<unset>",
    "modality": "T1w",
    "subject_id": "182744"
  },
  "cjv": 0.31906482147480386,
  "cnr": 4.046558203765988,
  "efc": 0.5409365132889031,
  "fber": 15122.352081811543,
  "fwhm_avg": 4.545800000000001,
  "fwhm_x": 4.32749,
  "fwhm_y": 4.64283,
  "fwhm_z": 4.66708,
  "icvs_csf": 0.21310223436155157,
  "icvs_gm": 0.42917952257069397,
  "icvs_wm": 0.35771824306775446,
  "inu_med": 1.012222409248352,
  "inu_range": 0.393551778793335,
  "provenance": {
    "md5sum": "4c16761962749b4d1663eb07928de0c7",
    "settings": {
      "testing": false
    },
    "software": "mriqc",
    "version": "0.16.1",
    "warnings": {
      "large_rot_frame": true,
      "small_air_mask": false
    },
    "webapi_port": null,
    "webapi_url": "https://mriqc.nimh.nih.gov/api/v1"
  },
  "qi_1": 0.0,
  "qi_2": 0.009724732443722878,
  "rpve_csf": 27.017163592929432,
  "rpve_gm": 14.268771611769226,
  "rpve_wm": 20.33793688005453,
  "size_x": 192,
  "size_y": 256,
  "size_z": 256,
  "snr_csf": 3.174566592569011,
  "snr_gm": 13.733403314804828,
  "snr_total": 12.958652090332814,
  "snr_wm": 21.967986363624608,
  "snrd_csf": 61.95999881700645,
  "snrd_gm": 113.04968145151683,
  "snrd_total": 110.77867181299585,
  "snrd_wm": 157.32633517046426,
  "spacing_x": 1.0,
  "spacing_y": 1.0,
  "spacing_z": 1.0,
  "summary_bg_k": 11.804378018867958,
  "summary_bg_mad": 4.1644003343105425,
  "summary_bg_mean": 6.1153775864774085,
  "summary_bg_median": 5.617690682411194,
  "summary_bg_n": 3320733.0,
  "summary_bg_p05": 0.0,
  "summary_bg_p95": 14.248506367206573,
  "summary_bg_stdv": 5.22524302240968,
  "summary_csf_k": 9.91060368772041,
  "summary_csf_mad": 137.87950925053633,
  "summary_csf_mean": 401.64619260443476,
  "summary_csf_median": 393.85118675231934,
  "summary_csf_n": 16555.0,
  "summary_csf_p05": 229.6103391647339,
  "summary_csf_p95": 588.9025142371654,
  "summary_csf_stdv": 124.06080636673623,
  "summary_gm_k": 0.3850695919745122,
  "summary_gm_mad": 49.745654902582295,
  "summary_gm_mean": 718.3999068769102,
  "summary_gm_median": 718.604778110981,
  "summary_gm_n": 26762.0,
  "summary_gm_p05": 632.5034544199705,
  "summary_gm_p95": 804.3486123949289,
  "summary_gm_stdv": 52.32434638897579,
  "summary_wm_k": 0.9467387704178281,
  "summary_wm_mad": 40.053959579095945,
  "summary_wm_mean": 997.1300607740749,
  "summary_wm_median": 1000.0510812997818,
  "summary_wm_n": 200644.0,
  "summary_wm_p05": 913.742924451828,
  "summary_wm_p95": 1065.880202114582,
  "summary_wm_stdv": 45.522997540159736,
  "tpm_overlap_csf": 0.1536271870136261,
  "tpm_overlap_gm": 0.452571302652359,
  "tpm_overlap_wm": 0.493818998336792,
  "wm2max": 0.4694234687762196
}