{
  "bids_meta": {
    "AcquisitionMatrixPE": 256,
    "AcquisitionNumber": 1,
    "AcquisitionTime": "09:48:14.227500",
    "BaseResolution": 256,
    "BodyPartExamined": "HEAD",
    "CoilCombinationMethod": "Adaptive Combine",
    "ConsistencyInfo": "N4_VD13D_LATEST_20130810",
    "ConversionSoftware": "dcm2niix",
    "ConversionSoftwareVersion": "v1.0.20211006",
    "Dcm2bidsVersion": "2.1.6",
    "DeviceSerialNumber": "66040",
    "DwellTime": 1.5e-05,
    "EchoTime": 0.00303,
    "FlipAngle": 9,
    "ImageOrientationPatientDICOM": [
      0.0125944,
      0.998063,
      0.0609181,
      0.100547,
      0.05935,
      -0.993161
    ],
    "ImageOrientationText": "Sag>Tra(-5.7)>Cor(1.1)",
    "ImageType": [
      "ORIGINAL",
      "PRIMARY",
      "M",
      "ND",
      "NORM"
    ],
    "ImagingFrequency": 123.21,
    "InPlanePhaseEncodingDirectionDICOM": "ROW",
    "InstitutionAddress": "Magyar Tudosok Korutja 2,Budapest,,HU,1117",
    "InstitutionName": "RCNS",
    "InstitutionalDepartmentName": "BIC",
    "InversionTime": 0.9,
    "MRAcquisitionType": "3D",
    "MagneticFieldStrength": 3,
    "Manufacturer": "Siemens",
    "ManufacturersModelName": "Prisma",
    "MatrixCoilMode": "GRAPPA",
    "Modality": "MR",
    "ParallelReductionFactorInPlane": 2,
    "PartialFourier": 1,
    "PatientPosition": "HFS",
    "PercentPhaseFOV": 100,
    "PercentSampling": 100,
    "PhaseEncodingSteps": 255,
    "PhaseResolution": 1,
    "PixelBandwidth": 130,
    "ProcedureStepDescription": "head^MR-artefacts",
    "ProtocolName": "MPRAGE_move1",
    "PulseSequenceDetails": "%SiemensSeq%\\tfl",
    "ReceiveCoilActiveElements": "HE1-4",
    "ReceiveCoilName": "HeadNeck_20",
    "ReconMatrixPE": 256,
    "RefLinesPE": 24,
    "RepetitionTime": 2.3,
    "SAR": 0.0586151,
    "ScanOptions": "IR",
    "ScanningSequence": "GR\\IR",
    "SequenceName": "*tfl3d1_16ns",
    "SequenceVariant": "SK\\SP\\MP",
    "SeriesDescription": "MPRAGE_move1",
    "SeriesNumber": 19,
    "ShimSetting": [
      5972,
      -1070,
      1131,
      261,
      -2,
      -109,
      108,
      0
    ],
    "SliceThickness": 1,
    "SoftwareVersions": "syngo MR D13D",
    "SpoilingState": true,
    "StationName": "AWP66040",
    "TxRefAmp": 242.912,
    "acq_id": "headmotion1",
    "dataset": "<unset>",
    "modality": "T1w",
    "subject_id": "740606"
  },
  "cjv": 0.44507607002293476,
  "cnr": 3.035144482451502,
  "efc": 0.5455896945110676,
  "fber": 8141.081368944637,
  "fwhm_avg": 4.252339999999999,
  "fwhm_x": 4.0267,
  "fwhm_y": 4.31389,
  "fwhm_z": 4.41643,
  "icvs_csf": 0.23285359268951153,
  "icvs_gm": 0.40701190856524105,
  "icvs_wm": 0.36013449874524744,
  "inu_med": 1.415691614151001,
  "inu_range": 0.4496363282203675,
  "provenance": {
    "md5sum": "29f0a8b13f145b8f96c7ae04f9c1ba2b",
    "settings": {
      "testing": false
    },
    "software": "mriqc",
    "version": "0.16.1",
    "warnings": {
      "large_rot_frame": true,
      "small_air_mask": false
    },
    "webapi_port": null,
    "webapi_url": "https://mriqc.nimh.nih.gov/api/v1"
  },
  "qi_1": 6.88362549722838e-05,
  "qi_2": 0.008221749334156704,
  "rpve_csf": 28.937589699904628,
  "rpve_gm": 16.503814654542655,
  "rpve_wm": 22.139852067968008,
  "size_x": 192,
  "size_y": 256,
  "size_z": 256,
  "snr_csf": 3.216222176151193,
  "snr_gm": 12.227813238603835,
  "snr_total": 10.906771818998607,
  "snr_wm": 17.276280042240792,
  "snrd_csf": 56.68587468443737,
  "snrd_gm": 125.25455346727315,
  "snrd_total": 116.8619828550656,
  "snrd_wm": 168.64552041348628,
  "spacing_x": 1.0,
  "spacing_y": 1.0,
  "spacing_z": 1.0,
  "summary_bg_k": 28.654659464023617,
  "summary_bg_mad": 3.8849160605397413,
  "summary_bg_mean": 9.174767483149758,
  "summary_bg_median": 5.126744471490383,
  "summary_bg_n": 2655945.0,
  "summary_bg_p05": 0.0,
  "summary_bg_p95": 28.36798607558012,
  "summary_bg_stdv": 12.110413006111436,
  "summary_csf_k": 3.4580037265619126,
  "summary_csf_mad": 106.32846348303335,
  "summary_csf_mean": 351.144389818468,
  "summary_csf_median": 336.1435458473861,
  "summary_csf_n": 24981.0,
  "summary_csf_p05": 206.94958516582847,
  "summary_csf_p95": 537.5676397494972,
  "summary_csf_stdv": 104.5129345504728,
  "summary_gm_k": -0.006011668405580206,
  "summary_gm_mad": 60.46956302927075,
  "summary_gm_mean": 742.6742592132937,
  "summary_gm_median": 742.7513462640345,
  "summary_gm_n": 14066.0,
  "summary_gm_p05": 641.697516348213,
  "summary_gm_p95": 842.0250565716997,
  "summary_gm_stdv": 60.740618860978174,
  "summary_wm_k": 0.6848666960973477,
  "summary_wm_mad": 54.05100605968335,
  "summary_wm_mean": 1001.6769621427043,
  "summary_wm_median": 1000.0569549053907,
  "summary_wm_n": 175852.0,
  "summary_wm_p05": 909.541433069855,
  "summary_wm_p95": 1098.8322317227721,
  "summary_wm_stdv": 57.885963239436485,
  "tpm_overlap_csf": 0.1732254922389984,
  "tpm_overlap_gm": 0.452614426612854,
  "tpm_overlap_wm": 0.5127633213996887,
  "wm2max": 0.517845554834523
}