{
  "bids_meta": {
    "AcquisitionMatrixPE": 256,
    "AcquisitionNumber": 1,
    "AcquisitionTime": "09:54:9.212500",
    "BaseResolution": 256,
    "BodyPartExamined": "HEAD",
    "CoilCombinationMethod": "Adaptive Combine",
    "ConsistencyInfo": "N4_VD13D_LATEST_20130810",
    "ConversionSoftware": "dcm2niix",
    "ConversionSoftwareVersion": "v1.0.20211006",
    "Dcm2bidsVersion": "2.1.6",
    "DeviceSerialNumber": "66040",
    "DwellTime": 1.5e-05,
    "EchoTime": 0.00303,
    "FlipAngle": 9,
    "ImageOrientationPatientDICOM": [
      0.0125944,
      0.998063,
      0.0609181,
      0.100547,
      0.05935,
      -0.993161
    ],
    "ImageOrientationText": "Sag>Tra(-5.7)>Cor(1.1)",
    "ImageType": [
      "ORIGINAL",
      "PRIMARY",
      "M",
      "ND",
      "NORM"
    ],
    "ImagingFrequency": 123.21,
    "InPlanePhaseEncodingDirectionDICOM": "ROW",
    "InstitutionAddress": "Magyar Tudosok Korutja 2,Budapest,,HU,1117",
    "InstitutionName": "RCNS",
    "InstitutionalDepartmentName": "BIC",
    "InversionTime": 0.9,
    "MRAcquisitionType": "3D",
    "MagneticFieldStrength": 3,
    "Manufacturer": "Siemens",
    "ManufacturersModelName": "Prisma",
    "MatrixCoilMode": "GRAPPA",
    "Modality": "MR",
    "ParallelReductionFactorInPlane": 2,
    "PartialFourier": 1,
    "PatientPosition": "HFS",
    "PercentPhaseFOV": 100,
    "PercentSampling": 100,
    "PhaseEncodingSteps": 255,
    "PhaseResolution": 1,
    "PixelBandwidth": 130,
    "ProcedureStepDescription": "head^MR-artefacts",
    "ProtocolName": "MPRAGE_move2",
    "PulseSequenceDetails": "%SiemensSeq%\\tfl",
    "ReceiveCoilActiveElements": "HE1-4",
    "ReceiveCoilName": "HeadNeck_20",
    "ReconMatrixPE": 256,
    "RefLinesPE": 24,
    "RepetitionTime": 2.3,
    "SAR": 0.0586151,
    "ScanOptions": "IR",
    "ScanningSequence": "GR\\IR",
    "SequenceName": "*tfl3d1_16ns",
    "SequenceVariant": "SK\\SP\\MP",
    "SeriesDescription": "MPRAGE_move2",
    "SeriesNumber": 21,
    "ShimSetting": [
      5972,
      -1070,
      1131,
      261,
      -2,
      -109,
      108,
      0
    ],
    "SliceThickness": 1,
    "SoftwareVersions": "syngo MR D13D",
    "SpoilingState": true,
    "StationName": "AWP66040",
    "TxRefAmp": 242.912,
    "acq_id": "headmotion2",
    "dataset": "<unset>",
    "modality": "T1w",
    "subject_id": "740606"
  },
  "cjv": 0.49546145567406596,
  "cnr": 2.6927919037840575,
  "efc": 0.5573297037391293,
  "fber": 3822.5784507468534,
  "fwhm_avg": 4.190513333333333,
  "fwhm_x": 3.92646,
  "fwhm_y": 4.25383,
  "fwhm_z": 4.39125,
  "icvs_csf": 0.23832505760965578,
  "icvs_gm": 0.4009264311422072,
  "icvs_wm": 0.360748511248137,
  "inu_med": 1.3042144775390625,
  "inu_range": 0.48047695755958575,
  "provenance": {
    "md5sum": "1a82cbfe6b841520e4eddff6bf6d5582",
    "settings": {
      "testing": false
    },
    "software": "mriqc",
    "version": "0.16.1",
    "warnings": {
      "large_rot_frame": true,
      "small_air_mask": false
    },
    "webapi_port": null,
    "webapi_url": "https://mriqc.nimh.nih.gov/api/v1"
  },
  "qi_1": 2.1839389661856918e-05,
  "qi_2": 0.009276403506013236,
  "rpve_csf": 28.677055280024593,
  "rpve_gm": 16.66879867786688,
  "rpve_wm": 22.112355636965425,
  "size_x": 192,
  "size_y": 256,
  "size_z": 256,
  "snr_csf": 3.210384432408089,
  "snr_gm": 11.469398046121167,
  "snr_total": 10.179883947096018,
  "snr_wm": 15.859869362758795,
  "snrd_csf": 27.228217225757533,
  "snrd_gm": 57.46722892951109,
  "snrd_total": 53.74867306303093,
  "snrd_wm": 76.55057303382416,
  "spacing_x": 1.0,
  "spacing_y": 1.0,
  "spacing_z": 1.0,
  "summary_bg_k": 8.769132153593704,
  "summary_bg_mad": 8.558216368299576,
  "summary_bg_mean": 14.6766329606673,
  "summary_bg_median": 8.658643830567598,
  "summary_bg_n": 2679401.0,
  "summary_bg_p05": 0.0,
  "summary_bg_p95": 51.7561874166131,
  "summary_bg_stdv": 17.637514419258157,
  "summary_csf_k": -0.13794519131250027,
  "summary_csf_mad": 113.21504873657321,
  "summary_csf_mean": 370.8626992114753,
  "summary_csf_median": 355.68926153704524,
  "summary_csf_n": 27939.0,
  "summary_csf_p05": 214.01525929011405,
  "summary_csf_p95": 572.600519215688,
  "summary_csf_stdv": 110.79137203257663,
  "summary_gm_k": 0.02157835510061501,
  "summary_gm_mad": 65.05694985054848,
  "summary_gm_mean": 750.6344552776371,
  "summary_gm_median": 750.7093119993806,
  "summary_gm_n": 16280.0,
  "summary_gm_p05": 642.9899124801159,
  "summary_gm_p95": 857.9884414933622,
  "summary_gm_stdv": 65.45123400930237,
  "summary_wm_k": 0.5972989532882766,
  "summary_wm_mad": 58.456969430927614,
  "summary_wm_mean": 1001.2792723739817,
  "summary_wm_median": 999.9999840930104,
  "summary_wm_n": 178009.0,
  "summary_wm_p05": 898.9335538446903,
  "summary_wm_p95": 1107.0345191285014,
  "summary_wm_stdv": 63.052043643593976,
  "tpm_overlap_csf": 0.17240464687347412,
  "tpm_overlap_gm": 0.4469457268714905,
  "tpm_overlap_wm": 0.5118081569671631,
  "wm2max": 0.4853737296989268
}