{
  "bids_meta": {
    "AcquisitionMatrixPE": 256,
    "AcquisitionNumber": 1,
    "AcquisitionTime": "09:20:50.537500",
    "BaseResolution": 256,
    "BodyPartExamined": "HEAD",
    "CoilCombinationMethod": "Adaptive Combine",
    "ConsistencyInfo": "N4_VD13D_LATEST_20130810",
    "ConversionSoftware": "dcm2niix",
    "ConversionSoftwareVersion": "v1.0.20211006",
    "Dcm2bidsVersion": "2.1.6",
    "DeviceSerialNumber": "66040",
    "DwellTime": 1.5e-05,
    "EchoTime": 0.00303,
    "FlipAngle": 9,
    "ImageOrientationPatientDICOM": [
      0.0125926,
      0.998062,
      0.0609351,
      0.100547,
      0.0593671,
      -0.99316
    ],
    "ImageOrientationText": "Sag>Tra(-5.7)>Cor(1.1)",
    "ImageType": [
      "ORIGINAL",
      "PRIMARY",
      "M",
      "ND",
      "NORM"
    ],
    "ImagingFrequency": 123.21,
    "InPlanePhaseEncodingDirectionDICOM": "ROW",
    "InstitutionAddress": "Magyar Tudosok Korutja 2,Budapest,,HU,1117",
    "InstitutionName": "RCNS",
    "InstitutionalDepartmentName": "BIC",
    "InversionTime": 0.9,
    "MRAcquisitionType": "3D",
    "MagneticFieldStrength": 3,
    "Manufacturer": "Siemens",
    "ManufacturersModelName": "Prisma",
    "MatrixCoilMode": "GRAPPA",
    "Modality": "MR",
    "ParallelReductionFactorInPlane": 2,
    "PartialFourier": 1,
    "PatientPosition": "HFS",
    "PercentPhaseFOV": 100,
    "PercentSampling": 100,
    "PhaseEncodingSteps": 255,
    "PhaseResolution": 1,
    "PixelBandwidth": 130,
    "ProcedureStepDescription": "head^MR-artefacts",
    "ProtocolName": "MPRAGE_conventional_repeat",
    "PulseSequenceDetails": "%SiemensSeq%\\tfl",
    "ReceiveCoilActiveElements": "HE1-4",
    "ReceiveCoilName": "HeadNeck_20",
    "ReconMatrixPE": 256,
    "RefLinesPE": 24,
    "RepetitionTime": 2.3,
    "SAR": 0.0586151,
    "ScanOptions": "IR",
    "ScanningSequence": "GR\\IR",
    "SequenceName": "*tfl3d1_16ns",
    "SequenceVariant": "SK\\SP\\MP",
    "SeriesDescription": "MPRAGE_conventional_repeat",
    "SeriesNumber": 8,
    "ShimSetting": [
      5972,
      -1070,
      1131,
      261,
      -2,
      -109,
      108,
      0
    ],
    "SliceThickness": 1,
    "SoftwareVersions": "syngo MR D13D",
    "SpoilingState": true,
    "StationName": "AWP66040",
    "TxRefAmp": 242.912,
    "acq_id": "standard",
    "dataset": "<unset>",
    "modality": "T1w",
    "subject_id": "740606"
  },
  "cjv": 0.31204705697282653,
  "cnr": 4.019060273024436,
  "efc": 0.5288245516413211,
  "fber": 8850.194375222498,
  "fwhm_avg": 4.293310000000001,
  "fwhm_x": 4.06242,
  "fwhm_y": 4.41852,
  "fwhm_z": 4.39899,
  "icvs_csf": 0.22419537006625767,
  "icvs_gm": 0.41847620506813477,
  "icvs_wm": 0.35732842486560756,
  "inu_med": 0.9739084243774414,
  "inu_range": 0.28865348398685453,
  "provenance": {
    "md5sum": "8fd3590c1a6bb1f0f1bac7386f438810",
    "settings": {
      "testing": false
    },
    "software": "mriqc",
    "version": "0.16.1",
    "warnings": {
      "large_rot_frame": true,
      "small_air_mask": false
    },
    "webapi_port": null,
    "webapi_url": "https://mriqc.nimh.nih.gov/api/v1"
  },
  "qi_1": 0.0,
  "qi_2": 0.028702204258748375,
  "rpve_csf": 29.5740088001514,
  "rpve_gm": 16.40990198343289,
  "rpve_wm": 22.794561405106997,
  "size_x": 192,
  "size_y": 256,
  "size_z": 256,
  "snr_csf": 2.7807473482797564,
  "snr_gm": 13.963380316192403,
  "snr_total": 13.707334926540122,
  "snr_wm": 24.377877115148213,
  "snrd_csf": 57.14021948489614,
  "snrd_gm": 127.62052156246214,
  "snrd_total": 119.71241232034377,
  "snrd_wm": 174.376495913673,
  "spacing_x": 1.0,
  "spacing_y": 1.0,
  "spacing_z": 1.0,
  "summary_bg_k": 8.346387714616151,
  "summary_bg_mad": 3.75702207882397,
  "summary_bg_mean": 5.763924191311254,
  "summary_bg_median": 4.931168854236603,
  "summary_bg_n": 2774239.0,
  "summary_bg_p05": 0.0,
  "summary_bg_p95": 14.656529650092125,
  "summary_bg_stdv": 4.602876424565775,
  "summary_csf_k": 80.99944294957369,
  "summary_csf_mad": 96.3117686963388,
  "summary_csf_mean": 351.7412377029233,
  "summary_csf_median": 327.68301920965314,
  "summary_csf_n": 22688.0,
  "summary_csf_p05": 221.2177138775587,
  "summary_csf_p95": 536.8125205487013,
  "summary_csf_stdv": 117.83731370906551,
  "summary_gm_k": 0.23455349568794404,
  "summary_gm_mad": 50.77056863275635,
  "summary_gm_mean": 730.6195834693785,
  "summary_gm_median": 731.8676441162825,
  "summary_gm_n": 21374.0,
  "summary_gm_p05": 642.0553069356829,
  "summary_gm_p95": 814.7386762499809,
  "summary_gm_stdv": 52.41213136302082,
  "summary_wm_k": 1.7254726461501804,
  "summary_wm_mad": 32.89932847402611,
  "summary_wm_mean": 995.8862639455534,
  "summary_wm_median": 999.9999505653977,
  "summary_wm_n": 180869.0,
  "summary_wm_p05": 917.4028722569346,
  "summary_wm_p95": 1053.6949003115296,
  "summary_wm_stdv": 41.020683688187425,
  "tpm_overlap_csf": 0.1743854582309723,
  "tpm_overlap_gm": 0.4578137695789337,
  "tpm_overlap_wm": 0.515596330165863,
  "wm2max": 0.5243293712069522
}