{
  "bids_meta": {
    "AcquisitionMatrixPE": 256,
    "AcquisitionNumber": 1,
    "AcquisitionTime": "09:37:59.982500",
    "BodyPartExamined": "HEAD",
    "CoilString": "HeadNeck_20",
    "ConversionSoftware": "dcm2niix",
    "ConversionSoftwareVersion": "v1.0.20211006",
    "Dcm2bidsVersion": "2.1.6",
    "DeviceSerialNumber": "66040",
    "EchoTime": 0.00303,
    "FlipAngle": 9,
    "ImageOrientationPatientDICOM": [
      -0.0415414,
      0.99771,
      -0.0533697,
      0.0234814,
      -0.0524261,
      -0.998349
    ],
    "ImageType": [
      "ORIGINAL",
      "PRIMARY",
      "M",
      "NONE"
    ],
    "ImagingFrequency": 123.228,
    "InPlanePhaseEncodingDirectionDICOM": "ROW",
    "InstitutionAddress": "Magyar Tudosok Korutja 2,Budapest,,HU,1117",
    "InstitutionName": "RCNS",
    "InstitutionalDepartmentName": "BIC",
    "InversionTime": 0.9,
    "MRAcquisitionType": "3D",
    "MTState": true,
    "MagneticFieldStrength": 3,
    "Manufacturer": "Siemens",
    "ManufacturersModelName": "MAGNETOM Prisma",
    "Modality": "MR",
    "ParallelAcquisitionTechnique": "GRAPPA",
    "ParallelReductionFactorInPlane": 2,
    "PatientPosition": "HFS",
    "PercentPhaseFOV": 100,
    "PercentSampling": 100,
    "PixelBandwidth": 130,
    "ProcedureStepDescription": "head MR-artefacts",
    "ProtocolName": "MPRAGE_conventional",
    "ReceiveCoilActiveElements": "HE1-4;NE1,2",
    "ReconMatrixPE": 256,
    "RepetitionTime": 2.3,
    "SequenceVariant": "SK\\SP\\MP",
    "SeriesDescription": "MPRAGE_conventional",
    "SeriesNumber": 5,
    "SliceThickness": 1,
    "SoftwareVersions": "syngo MR XA30",
    "StationName": "AWP66040",
    "acq_id": "standard",
    "dataset": "<unset>",
    "modality": "T1w",
    "subject_id": "862915"
  },
  "cjv": 0.3318452618052879,
  "cnr": 3.9424494339579925,
  "efc": 0.5727694394180559,
  "fber": 8799.454083272462,
  "fwhm_avg": 4.8106333333333335,
  "fwhm_x": 4.61845,
  "fwhm_y": 4.87051,
  "fwhm_z": 4.94294,
  "icvs_csf": 0.24383456275220744,
  "icvs_gm": 0.39564265143433397,
  "icvs_wm": 0.3605227858134586,
  "inu_med": 1.239152431488037,
  "inu_range": 0.40922904610633837,
  "provenance": {
    "md5sum": "bc2a04bed59d41fab8d7042f052a71df",
    "settings": {
      "testing": false
    },
    "software": "mriqc",
    "version": "0.16.1",
    "warnings": {
      "large_rot_frame": true,
      "small_air_mask": false
    },
    "webapi_port": null,
    "webapi_url": "https://mriqc.nimh.nih.gov/api/v1"
  },
  "qi_1": 0.0,
  "qi_2": 0.0069497451119478965,
  "rpve_csf": 27.966118425470384,
  "rpve_gm": 16.773930288883427,
  "rpve_wm": 22.719091800421236,
  "size_x": 192,
  "size_y": 256,
  "size_z": 256,
  "snr_csf": 3.5989513967160085,
  "snr_gm": 12.66453278535157,
  "snr_total": 13.302055473105412,
  "snr_wm": 23.642682237248657,
  "snrd_csf": 44.71362668201976,
  "snrd_gm": 93.58095141751363,
  "snrd_total": 89.42234355546566,
  "snrd_wm": 129.9724525668636,
  "spacing_x": 1.0,
  "spacing_y": 1.0,
  "spacing_z": 1.0,
  "summary_bg_k": 21.153557631032136,
  "summary_bg_mad": 5.040769001891337,
  "summary_bg_mean": 6.109359108148854,
  "summary_bg_median": 3.5888329707086086,
  "summary_bg_n": 2234150.0,
  "summary_bg_p05": 0.0,
  "summary_bg_p95": 14.128668747842312,
  "summary_bg_stdv": 4.784562308634649,
  "summary_csf_k": -0.23465492222711193,
  "summary_csf_mad": 103.44778162770332,
  "summary_csf_mean": 349.9598557572295,
  "summary_csf_median": 344.03686172887683,
  "summary_csf_n": 24861.0,
  "summary_csf_p05": 207.585654463619,
  "summary_csf_p95": 509.1231783814728,
  "summary_csf_stdv": 95.59171673315392,
  "summary_gm_k": 0.2098814104308011,
  "summary_gm_mad": 55.84051883206292,
  "summary_gm_mean": 717.4709155610259,
  "summary_gm_median": 720.033225491643,
  "summary_gm_n": 21555.0,
  "summary_gm_p05": 621.6652026239783,
  "summary_gm_p95": 806.5429886803031,
  "summary_gm_stdv": 56.852987415267066,
  "summary_wm_k": 0.9251676642250577,
  "summary_wm_mad": 37.077656436134056,
  "summary_wm_mean": 998.2373957219816,
  "summary_wm_median": 1000.0377515852451,
  "summary_wm_n": 195651.0,
  "summary_wm_p05": 923.2745032012463,
  "summary_wm_p95": 1064.296750355512,
  "summary_wm_stdv": 42.297874068580704,
  "tpm_overlap_csf": 0.15714731812477112,
  "tpm_overlap_gm": 0.44321194291114807,
  "tpm_overlap_wm": 0.5087134838104248,
  "wm2max": 0.5578978740248933
}