{
  "bids_meta": {
    "AcquisitionMatrixPE": 256,
    "AcquisitionNumber": 1,
    "AcquisitionTime": "15:39:42.677500",
    "BaseResolution": 256,
    "BodyPartExamined": "HEAD",
    "CoilCombinationMethod": "Adaptive Combine",
    "ConsistencyInfo": "N4_VD13D_LATEST_20130810",
    "ConversionSoftware": "dcm2niix",
    "ConversionSoftwareVersion": "v1.0.20211006",
    "Dcm2bidsVersion": "2.1.6",
    "DeviceSerialNumber": "66040",
    "DwellTime": 1.5e-05,
    "EchoTime": 0.00303,
    "FlipAngle": 9,
    "ImageOrientationPatientDICOM": [
      0.0832218,
      0.986852,
      0.138558,
      0.0588724,
      0.133929,
      -0.989241
    ],
    "ImageOrientationText": "Sag>Cor(5.2)>Tra(-2.7)",
    "ImageType": [
      "ORIGINAL",
      "PRIMARY",
      "M",
      "ND",
      "NORM"
    ],
    "ImagingFrequency": 123.21,
    "InPlanePhaseEncodingDirectionDICOM": "ROW",
    "InstitutionAddress": "Magyar Tudosok Korutja 2,Budapest,,HU,1117",
    "InstitutionName": "RCNS",
    "InstitutionalDepartmentName": "BIC",
    "InversionTime": 0.9,
    "MRAcquisitionType": "3D",
    "MagneticFieldStrength": 3,
    "Manufacturer": "Siemens",
    "ManufacturersModelName": "Prisma",
    "MatrixCoilMode": "GRAPPA",
    "Modality": "MR",
    "ParallelReductionFactorInPlane": 2,
    "PartialFourier": 1,
    "PatientPosition": "HFS",
    "PercentPhaseFOV": 100,
    "PercentSampling": 100,
    "PhaseEncodingSteps": 255,
    "PhaseResolution": 1,
    "PixelBandwidth": 130,
    "ProcedureStepDescription": "head^MR-artefacts",
    "ProtocolName": "MPRAGE_conventional",
    "PulseSequenceDetails": "%SiemensSeq%\\tfl",
    "ReceiveCoilActiveElements": "HE1-4",
    "ReceiveCoilName": "HeadNeck_20",
    "ReconMatrixPE": 256,
    "RefLinesPE": 24,
    "RepetitionTime": 2.3,
    "SAR": 0.0538378,
    "ScanOptions": "IR",
    "ScanningSequence": "GR\\IR",
    "SequenceName": "*tfl3d1_16ns",
    "SequenceVariant": "SK\\SP\\MP",
    "SeriesDescription": "MPRAGE_conventional",
    "SeriesNumber": 6,
    "ShimSetting": [
      5955,
      -1024,
      1022,
      247,
      -24,
      32,
      31,
      20
    ],
    "SliceThickness": 1,
    "SoftwareVersions": "syngo MR D13D",
    "SpoilingState": true,
    "StationName": "AWP66040",
    "TxRefAmp": 240.778,
    "acq_id": "standard",
    "dataset": "<unset>",
    "modality": "T1w",
    "subject_id": "012322"
  },
  "cjv": 0.3297681116292433,
  "cnr": 3.9487354671681625,
  "efc": 0.5409594475125055,
  "fber": 10620.55454624858,
  "fwhm_avg": 4.336943333333333,
  "fwhm_x": 4.05107,
  "fwhm_y": 4.50604,
  "fwhm_z": 4.45372,
  "icvs_csf": 0.21470972785284112,
  "icvs_gm": 0.4126072168928041,
  "icvs_wm": 0.3726830552543548,
  "inu_med": 1.4565966129302979,
  "inu_range": 0.40605963468551654,
  "provenance": {
    "md5sum": "5dfdbdd09313ba4327e44f4171a6b136",
    "settings": {
      "testing": false
    },
    "software": "mriqc",
    "version": "0.16.1",
    "warnings": {
      "large_rot_frame": true,
      "small_air_mask": false
    },
    "webapi_port": null,
    "webapi_url": "https://mriqc.nimh.nih.gov/api/v1"
  },
  "qi_1": 0.0,
  "qi_2": 0.010233926229096064,
  "rpve_csf": 27.147377620097306,
  "rpve_gm": 14.606439574540724,
  "rpve_wm": 19.682474856570668,
  "size_x": 192,
  "size_y": 256,
  "size_z": 256,
  "snr_csf": 3.172582949269106,
  "snr_gm": 13.496834875631755,
  "snr_total": 14.338170511784137,
  "snr_wm": 26.345093710451547,
  "snrd_csf": 70.29618425604677,
  "snrd_gm": 150.55927991700185,
  "snrd_total": 141.7216244840782,
  "snrd_wm": 204.309409279186,
  "spacing_x": 1.0,
  "spacing_y": 1.0,
  "spacing_z": 1.0,
  "summary_bg_k": 14.654547856910131,
  "summary_bg_mad": 3.206589441576831,
  "summary_bg_mean": 5.092749181431123,
  "summary_bg_median": 4.325623422861099,
  "summary_bg_n": 2788586.0,
  "summary_bg_p05": 0.0,
  "summary_bg_p95": 12.916792165488005,
  "summary_bg_stdv": 4.131714637152093,
  "summary_csf_k": 1.3443847197057401,
  "summary_csf_mad": 113.7448532470448,
  "summary_csf_mean": 366.6712938700298,
  "summary_csf_median": 344.06729642674327,
  "summary_csf_n": 16725.0,
  "summary_csf_p05": 224.21148075163364,
  "summary_csf_p95": 555.3379537716507,
  "summary_csf_stdv": 108.44697073544425,
  "summary_gm_k": 0.15872046574420473,
  "summary_gm_mad": 54.422948577873434,
  "summary_gm_mean": 736.3608690129049,
  "summary_gm_median": 736.9180125668645,
  "summary_gm_n": 22459.0,
  "summary_gm_p05": 646.620623614639,
  "summary_gm_p95": 825.2328241169453,
  "summary_gm_stdv": 54.59810491300886,
  "summary_wm_k": 1.6610320923801503,
  "summary_wm_mad": 32.333110202566374,
  "summary_wm_mean": 997.0232186816579,
  "summary_wm_median": 1000.0000260211527,
  "summary_wm_n": 208796.0,
  "summary_wm_p05": 928.0114389872178,
  "summary_wm_p95": 1051.6671946831048,
  "summary_wm_stdv": 37.957641841282076,
  "tpm_overlap_csf": 0.1797374188899994,
  "tpm_overlap_gm": 0.4513343870639801,
  "tpm_overlap_wm": 0.5076116323471069,
  "wm2max": 0.5409921483984391
}