{
  "bids_meta": {
    "AcquisitionMatrixPE": 256,
    "AcquisitionNumber": 1,
    "AcquisitionTime": "14:45:42.867500",
    "BodyPartExamined": "HEAD",
    "CoilString": "HeadNeck_20",
    "ConversionSoftware": "dcm2niix",
    "ConversionSoftwareVersion": "v1.0.20211006",
    "Dcm2bidsVersion": "2.1.6",
    "DeviceSerialNumber": "66040",
    "EchoTime": 0.00303,
    "FlipAngle": 9,
    "ImageOrientationPatientDICOM": [
      0.0329978,
      0.986702,
      -0.159153,
      -0.0278287,
      -0.158271,
      -0.987004
    ],
    "ImageType": [
      "ORIGINAL",
      "PRIMARY",
      "M",
      "NONE"
    ],
    "ImagingFrequency": 123.227,
    "InPlanePhaseEncodingDirectionDICOM": "ROW",
    "InstitutionAddress": "Magyar Tudosok Korutja 2,Budapest,,HU,1117",
    "InstitutionName": "RCNS",
    "InstitutionalDepartmentName": "BIC",
    "InversionTime": 0.9,
    "MRAcquisitionType": "3D",
    "MTState": true,
    "MagneticFieldStrength": 3,
    "Manufacturer": "Siemens",
    "ManufacturersModelName": "MAGNETOM Prisma",
    "Modality": "MR",
    "ParallelAcquisitionTechnique": "GRAPPA",
    "ParallelReductionFactorInPlane": 2,
    "PatientPosition": "HFS",
    "PercentPhaseFOV": 100,
    "PercentSampling": 100,
    "PixelBandwidth": 130,
    "ProcedureStepDescription": "head MR-artefacts",
    "ProtocolName": "MPRAGE_conventional",
    "ReceiveCoilActiveElements": "HE1-4;NE1,2",
    "ReconMatrixPE": 256,
    "RepetitionTime": 2.3,
    "SequenceVariant": "SK\\SP\\MP",
    "SeriesDescription": "MPRAGE_conventional",
    "SeriesNumber": 5,
    "SliceThickness": 1,
    "SoftwareVersions": "syngo MR XA30",
    "StationName": "AWP66040",
    "acq_id": "standard",
    "dataset": "<unset>",
    "modality": "T1w",
    "subject_id": "107738"
  },
  "cjv": 0.33737233145560913,
  "cnr": 3.7979940681577826,
  "efc": 0.605857786936032,
  "fber": 7299.268094004557,
  "fwhm_avg": 4.804433333333333,
  "fwhm_x": 4.55036,
  "fwhm_y": 4.94677,
  "fwhm_z": 4.91617,
  "icvs_csf": 0.2493505937753777,
  "icvs_gm": 0.3761858681615827,
  "icvs_wm": 0.37446353806303956,
  "inu_med": 0.9901483058929443,
  "inu_range": 0.3758452534675598,
  "provenance": {
    "md5sum": "93c77a75c3778e9ddb6baaab7ff72406",
    "settings": {
      "testing": false
    },
    "software": "mriqc",
    "version": "0.16.1",
    "warnings": {
      "large_rot_frame": true,
      "small_air_mask": false
    },
    "webapi_port": null,
    "webapi_url": "https://mriqc.nimh.nih.gov/api/v1"
  },
  "qi_1": 0.0,
  "qi_2": 0.0102187311996229,
  "rpve_csf": 21.932831556720625,
  "rpve_gm": 13.594480088884204,
  "rpve_wm": 17.138946181048713,
  "size_x": 192,
  "size_y": 256,
  "size_z": 256,
  "snr_csf": 3.6548681983458353,
  "snr_gm": 13.358426182899887,
  "snr_total": 13.566981887457011,
  "snr_wm": 23.687651281125312,
  "snrd_csf": 36.67627004663309,
  "snrd_gm": 80.34818981517036,
  "snrd_total": 75.41300470262762,
  "snrd_wm": 109.21455424607936,
  "spacing_x": 1.0,
  "spacing_y": 1.0,
  "spacing_z": 1.0,
  "summary_bg_k": 8.8939593086836,
  "summary_bg_mad": 5.998890829917796,
  "summary_bg_mean": 6.5017150656712275,
  "summary_bg_median": 4.091653190553188,
  "summary_bg_n": 2448780.0,
  "summary_bg_p05": 0.0,
  "summary_bg_p95": 16.321149948984385,
  "summary_bg_stdv": 5.282533742352959,
  "summary_csf_k": 0.9939338009756495,
  "summary_csf_mad": 84.05187488660103,
  "summary_csf_mean": 350.4155842381368,
  "summary_csf_median": 335.83380131796,
  "summary_csf_n": 30689.0,
  "summary_csf_p05": 227.99600834026933,
  "summary_csf_p95": 520.9856544718145,
  "summary_csf_stdv": 91.88520939250262,
  "summary_gm_k": 0.2769119921708203,
  "summary_gm_mad": 52.102725972207374,
  "summary_gm_mean": 732.5975743782634,
  "summary_gm_median": 735.7247064746916,
  "summary_gm_n": 20301.0,
  "summary_gm_p05": 635.2064264267683,
  "summary_gm_p95": 818.2851752974093,
  "summary_gm_stdv": 55.074346017479115,
  "summary_wm_k": 0.6792388700968597,
  "summary_wm_mad": 37.07179726353694,
  "summary_wm_mean": 998.681963719958,
  "summary_wm_median": 1000.0455025844276,
  "summary_wm_n": 249726.0,
  "summary_wm_p05": 923.1224226020277,
  "summary_wm_p95": 1066.057507392019,
  "summary_wm_stdv": 42.217925636796394,
  "tpm_overlap_csf": 0.16419479250907898,
  "tpm_overlap_gm": 0.41840195655822754,
  "tpm_overlap_wm": 0.5036073923110962,
  "wm2max": 0.4659833973528182
}