{
  "bids_meta": {
    "AcquisitionMatrixPE": 256,
    "AcquisitionNumber": 1,
    "AcquisitionTime": "10:59:24.122500",
    "BaseResolution": 256,
    "BodyPartExamined": "HEAD",
    "CoilCombinationMethod": "Adaptive Combine",
    "ConsistencyInfo": "N4_VD13D_LATEST_20130810",
    "ConversionSoftware": "dcm2niix",
    "ConversionSoftwareVersion": "v1.0.20211006",
    "Dcm2bidsVersion": "2.1.6",
    "DeviceSerialNumber": "66040",
    "DwellTime": 1.5e-05,
    "EchoTime": 0.00303,
    "FlipAngle": 9,
    "ImageOrientationPatientDICOM": [
      0.00937143,
      0.999619,
      0.0259567,
      0.0596244,
      0.0253531,
      -0.997899
    ],
    "ImageOrientationText": "Sag>Tra(-3.4)>Cor(0.6)",
    "ImageType": [
      "ORIGINAL",
      "PRIMARY",
      "M",
      "ND",
      "NORM"
    ],
    "ImagingFrequency": 123.21,
    "InPlanePhaseEncodingDirectionDICOM": "ROW",
    "InstitutionAddress": "Magyar Tudosok Korutja 2,Budapest,,HU,1117",
    "InstitutionName": "RCNS",
    "InstitutionalDepartmentName": "BIC",
    "InversionTime": 0.9,
    "MRAcquisitionType": "3D",
    "MagneticFieldStrength": 3,
    "Manufacturer": "Siemens",
    "ManufacturersModelName": "Prisma",
    "MatrixCoilMode": "GRAPPA",
    "Modality": "MR",
    "ParallelReductionFactorInPlane": 2,
    "PartialFourier": 1,
    "PatientPosition": "HFS",
    "PercentPhaseFOV": 100,
    "PercentSampling": 100,
    "PhaseEncodingSteps": 255,
    "PhaseResolution": 1,
    "PixelBandwidth": 130,
    "ProcedureStepDescription": "head^MR-artefacts",
    "ProtocolName": "MPRAGE_move1",
    "PulseSequenceDetails": "%SiemensSeq%\\tfl",
    "ReceiveCoilActiveElements": "HE1-4",
    "ReceiveCoilName": "HeadNeck_20",
    "ReconMatrixPE": 256,
    "RefLinesPE": 24,
    "RepetitionTime": 2.3,
    "SAR": 0.0615924,
    "ScanOptions": "IR",
    "ScanningSequence": "GR\\IR",
    "SequenceName": "*tfl3d1_16ns",
    "SequenceVariant": "SK\\SP\\MP",
    "SeriesDescription": "MPRAGE_move1",
    "SeriesNumber": 17,
    "ShimSetting": [
      5966,
      -1051,
      1162,
      187,
      -62,
      -166,
      92,
      -18
    ],
    "SliceThickness": 1,
    "SoftwareVersions": "syngo MR D13D",
    "SpoilingState": true,
    "StationName": "AWP66040",
    "TxRefAmp": 292.932,
    "acq_id": "headmotion1",
    "dataset": "<unset>",
    "modality": "T1w",
    "subject_id": "809320"
  },
  "cjv": 0.39062178088874033,
  "cnr": 3.3427383849711565,
  "efc": 0.5633430345030854,
  "fber": 3684.532299772973,
  "fwhm_avg": 4.506856666666667,
  "fwhm_x": 4.20621,
  "fwhm_y": 4.65175,
  "fwhm_z": 4.66261,
  "icvs_csf": 0.2327308445804669,
  "icvs_gm": 0.40124382236425643,
  "icvs_wm": 0.3660253330552767,
  "inu_med": 1.2668161392211914,
  "inu_range": 0.3775390386581421,
  "provenance": {
    "md5sum": "1f8e8d2c9cd22eafa547b0ce9b1d32c5",
    "settings": {
      "testing": false
    },
    "software": "mriqc",
    "version": "0.16.1",
    "warnings": {
      "large_rot_frame": true,
      "small_air_mask": false
    },
    "webapi_port": null,
    "webapi_url": "https://mriqc.nimh.nih.gov/api/v1"
  },
  "qi_1": 0.0006686860798179819,
  "qi_2": 0.0046931877241061185,
  "rpve_csf": 29.193009576338667,
  "rpve_gm": 16.554043265533515,
  "rpve_wm": 21.499299994496273,
  "size_x": 192,
  "size_y": 256,
  "size_z": 256,
  "snr_csf": 3.872591795949719,
  "snr_gm": 13.740153488012407,
  "snr_total": 11.525340667452559,
  "snr_wm": 16.963276718395544,
  "snrd_csf": 52.28062365603193,
  "snrd_gm": 106.4466138044209,
  "snrd_total": 101.62223589975936,
  "snrd_wm": 146.13947023882525,
  "spacing_x": 1.0,
  "spacing_y": 1.0,
  "spacing_z": 1.0,
  "summary_bg_k": 17.323626252784802,
  "summary_bg_mad": 4.4829530915959355,
  "summary_bg_mean": 13.388259432321917,
  "summary_bg_median": 5.966779664158821,
  "summary_bg_n": 3311346.0,
  "summary_bg_p05": 0.0,
  "summary_bg_p95": 49.46782870218158,
  "summary_bg_stdv": 17.802366423797555,
  "summary_csf_k": 0.08337392825459755,
  "summary_csf_mad": 92.91667441181175,
  "summary_csf_mean": 365.6106807432672,
  "summary_csf_median": 357.744725337252,
  "summary_csf_n": 25160.0,
  "summary_csf_p05": 226.89687574934214,
  "summary_csf_p95": 525.5221031168476,
  "summary_csf_stdv": 92.37679433354636,
  "summary_gm_k": 0.046275788456732414,
  "summary_gm_mad": 52.301119401952576,
  "summary_gm_mean": 728.8234229913444,
  "summary_gm_median": 728.3905958943069,
  "summary_gm_n": 12697.0,
  "summary_gm_p05": 642.0335550792515,
  "summary_gm_p95": 817.4971932843328,
  "summary_gm_stdv": 53.009736200851954,
  "summary_wm_k": 0.8570097582997089,
  "summary_wm_mad": 53.79543709915122,
  "summary_wm_mean": 1002.5866478378641,
  "summary_wm_median": 1000.0000188499689,
  "summary_wm_n": 176271.0,
  "summary_wm_p05": 909.9338987842202,
  "summary_wm_p95": 1103.491393160075,
  "summary_wm_stdv": 58.950708575071495,
  "tpm_overlap_csf": 0.1679522693157196,
  "tpm_overlap_gm": 0.4415340721607208,
  "tpm_overlap_wm": 0.5008509755134583,
  "wm2max": 0.5021302222825997
}