{
  "bids_meta": {
    "AcquisitionMatrixPE": 256,
    "AcquisitionNumber": 1,
    "AcquisitionTime": "10:31:54.095000",
    "BaseResolution": 256,
    "BodyPartExamined": "HEAD",
    "CoilCombinationMethod": "Adaptive Combine",
    "ConsistencyInfo": "N4_VD13D_LATEST_20130810",
    "ConversionSoftware": "dcm2niix",
    "ConversionSoftwareVersion": "v1.0.20211006",
    "Dcm2bidsVersion": "2.1.6",
    "DeviceSerialNumber": "66040",
    "DwellTime": 1.5e-05,
    "EchoTime": 0.00303,
    "FlipAngle": 9,
    "ImageOrientationPatientDICOM": [
      0.00936661,
      0.999617,
      0.026037,
      0.0596251,
      0.0254335,
      -0.997897
    ],
    "ImageOrientationText": "Sag>Tra(-3.4)>Cor(0.6)",
    "ImageType": [
      "ORIGINAL",
      "PRIMARY",
      "M",
      "ND",
      "NORM"
    ],
    "ImagingFrequency": 123.21,
    "InPlanePhaseEncodingDirectionDICOM": "ROW",
    "InstitutionAddress": "Magyar Tudosok Korutja 2,Budapest,,HU,1117",
    "InstitutionName": "RCNS",
    "InstitutionalDepartmentName": "BIC",
    "InversionTime": 0.9,
    "MRAcquisitionType": "3D",
    "MagneticFieldStrength": 3,
    "Manufacturer": "Siemens",
    "ManufacturersModelName": "Prisma",
    "MatrixCoilMode": "GRAPPA",
    "Modality": "MR",
    "ParallelReductionFactorInPlane": 2,
    "PartialFourier": 1,
    "PatientPosition": "HFS",
    "PercentPhaseFOV": 100,
    "PercentSampling": 100,
    "PhaseEncodingSteps": 255,
    "PhaseResolution": 1,
    "PixelBandwidth": 130,
    "ProcedureStepDescription": "head^MR-artefacts",
    "ProtocolName": "MPRAGE_conventional",
    "PulseSequenceDetails": "%SiemensSeq%\\tfl",
    "ReceiveCoilActiveElements": "HE1-4",
    "ReceiveCoilName": "HeadNeck_20",
    "ReconMatrixPE": 256,
    "RefLinesPE": 24,
    "RepetitionTime": 2.3,
    "SAR": 0.0615924,
    "ScanOptions": "IR",
    "ScanningSequence": "GR\\IR",
    "SequenceName": "*tfl3d1_16ns",
    "SequenceVariant": "SK\\SP\\MP",
    "SeriesDescription": "MPRAGE_conventional",
    "SeriesNumber": 6,
    "ShimSetting": [
      5966,
      -1051,
      1162,
      187,
      -62,
      -166,
      92,
      -18
    ],
    "SliceThickness": 1,
    "SoftwareVersions": "syngo MR D13D",
    "SpoilingState": true,
    "StationName": "AWP66040",
    "TxRefAmp": 292.932,
    "acq_id": "standard",
    "dataset": "<unset>",
    "modality": "T1w",
    "subject_id": "809320"
  },
  "cjv": 0.36128791060166227,
  "cnr": 3.613328811462089,
  "efc": 0.5414304359323651,
  "fber": 6162.25,
  "fwhm_avg": 4.284033333333333,
  "fwhm_x": 4.00477,
  "fwhm_y": 4.41176,
  "fwhm_z": 4.43557,
  "icvs_csf": 0.22017230246640357,
  "icvs_gm": 0.4202961442827659,
  "icvs_wm": 0.3595315532508305,
  "inu_med": 0.9771919846534729,
  "inu_range": 0.31643631458282484,
  "provenance": {
    "md5sum": "14bde4d40f0100cccb194cb56f224693",
    "settings": {
      "testing": false
    },
    "software": "mriqc",
    "version": "0.16.1",
    "warnings": {
      "large_rot_frame": true,
      "small_air_mask": false
    },
    "webapi_port": null,
    "webapi_url": "https://mriqc.nimh.nih.gov/api/v1"
  },
  "qi_1": 0.000755778912638623,
  "qi_2": 0.012683367488878109,
  "rpve_csf": 29.642954382669494,
  "rpve_gm": 16.132689004384535,
  "rpve_wm": 22.438638002604737,
  "size_x": 192,
  "size_y": 256,
  "size_z": 256,
  "snr_csf": 3.130987667018811,
  "snr_gm": 13.139176679152827,
  "snr_total": 13.128265590892218,
  "snr_wm": 23.114632426505015,
  "snrd_csf": 45.52210849384648,
  "snrd_gm": 94.4074358607778,
  "snrd_total": 89.12666397246294,
  "snrd_wm": 127.45044756276451,
  "spacing_x": 1.0,
  "spacing_y": 1.0,
  "spacing_z": 1.0,
  "summary_bg_k": 183.99695631426377,
  "summary_bg_mad": 5.14032252159869,
  "summary_bg_mean": 8.304832506460938,
  "summary_bg_median": 6.869984246790409,
  "summary_bg_n": 3309434.0,
  "summary_bg_p05": 0.0,
  "summary_bg_p95": 23.49919845163822,
  "summary_bg_stdv": 9.92695014264485,
  "summary_csf_k": 18.841061479751467,
  "summary_csf_mad": 116.03802136720006,
  "summary_csf_mean": 381.5027842824119,
  "summary_csf_median": 357.1749753728509,
  "summary_csf_n": 18137.0,
  "summary_csf_p05": 242.05458514392376,
  "summary_csf_p95": 574.125225558877,
  "summary_csf_stdv": 114.0742687733253,
  "summary_gm_k": 0.041220760265494594,
  "summary_gm_mad": 54.92529805486008,
  "summary_gm_mean": 740.5194138464052,
  "summary_gm_median": 740.738394908607,
  "summary_gm_n": 15447.0,
  "summary_gm_p05": 646.88927366063,
  "summary_gm_p95": 833.752845173329,
  "summary_gm_stdv": 56.37449254516612,
  "summary_wm_k": 0.8809782803474335,
  "summary_wm_mad": 38.74280122760494,
  "summary_wm_mean": 998.2420521828527,
  "summary_wm_median": 1000.000043399632,
  "summary_wm_n": 176317.0,
  "summary_wm_p05": 924.1091893836856,
  "summary_wm_p95": 1066.1958729177713,
  "summary_wm_stdv": 43.26251826732008,
  "tpm_overlap_csf": 0.17440637946128845,
  "tpm_overlap_gm": 0.4535905718803406,
  "tpm_overlap_wm": 0.5079401731491089,
  "wm2max": 0.4441877709331508
}