{
  "bids_meta": {
    "AcquisitionMatrixPE": 256,
    "AcquisitionNumber": 1,
    "AcquisitionTime": "09:15:24.025000",
    "BaseResolution": 256,
    "BodyPartExamined": "HEAD",
    "CoilCombinationMethod": "Adaptive Combine",
    "ConsistencyInfo": "N4_VD13D_LATEST_20130810",
    "ConversionSoftware": "dcm2niix",
    "ConversionSoftwareVersion": "v1.0.20211006",
    "Dcm2bidsVersion": "2.1.6",
    "DeviceSerialNumber": "66040",
    "DwellTime": 1.5e-05,
    "EchoTime": 0.00303,
    "FlipAngle": 9,
    "ImageOrientationPatientDICOM": [
      -0.0465034,
      0.99126,
      0.123452,
      0.0593565,
      0.126109,
      -0.990239
    ],
    "ImageOrientationText": "Sag>Tra(-3.7)>Cor(-2.2)",
    "ImageType": [
      "ORIGINAL",
      "PRIMARY",
      "M",
      "ND",
      "NORM"
    ],
    "ImagingFrequency": 123.21,
    "InPlanePhaseEncodingDirectionDICOM": "ROW",
    "InstitutionAddress": "Magyar Tudosok Korutja 2,Budapest,,HU,1117",
    "InstitutionName": "RCNS",
    "InstitutionalDepartmentName": "BIC",
    "InversionTime": 0.9,
    "MRAcquisitionType": "3D",
    "MagneticFieldStrength": 3,
    "Manufacturer": "Siemens",
    "ManufacturersModelName": "Prisma",
    "MatrixCoilMode": "GRAPPA",
    "Modality": "MR",
    "ParallelReductionFactorInPlane": 2,
    "PartialFourier": 1,
    "PatientPosition": "HFS",
    "PercentPhaseFOV": 100,
    "PercentSampling": 100,
    "PhaseEncodingSteps": 255,
    "PhaseResolution": 1,
    "PixelBandwidth": 130,
    "ProcedureStepDescription": "head^MR-artefacts",
    "ProtocolName": "MPRAGE_conventional",
    "PulseSequenceDetails": "%SiemensSeq%\\tfl",
    "ReceiveCoilActiveElements": "HE1-4",
    "ReceiveCoilName": "HeadNeck_20",
    "ReconMatrixPE": 256,
    "RefLinesPE": 24,
    "RepetitionTime": 2.3,
    "SAR": 0.0599667,
    "ScanOptions": "IR",
    "ScanningSequence": "GR\\IR",
    "SequenceName": "*tfl3d1_16ns",
    "SequenceVariant": "SK\\SP\\MP",
    "SeriesDescription": "MPRAGE_conventional",
    "SeriesNumber": 6,
    "ShimSetting": [
      5967,
      -1058,
      973,
      166,
      50,
      22,
      111,
      -83
    ],
    "SliceThickness": 1,
    "SoftwareVersions": "syngo MR D13D",
    "SpoilingState": true,
    "StationName": "AWP66040",
    "TxRefAmp": 249.093,
    "acq_id": "standard",
    "dataset": "<unset>",
    "modality": "T1w",
    "subject_id": "652881"
  },
  "cjv": 0.31206705709073135,
  "cnr": 4.165992787772394,
  "efc": 0.5347546981354938,
  "fber": 9206.047133058986,
  "fwhm_avg": 4.361013333333333,
  "fwhm_x": 4.20515,
  "fwhm_y": 4.32671,
  "fwhm_z": 4.55118,
  "icvs_csf": 0.22081741029544683,
  "icvs_gm": 0.4198225068131128,
  "icvs_wm": 0.3593600828914404,
  "inu_med": 1.3443241119384766,
  "inu_range": 0.3784114837646486,
  "provenance": {
    "md5sum": "d1ad03cb702b6c4d210c721cc3e6ca74",
    "settings": {
      "testing": false
    },
    "software": "mriqc",
    "version": "0.16.1",
    "warnings": {
      "large_rot_frame": true,
      "small_air_mask": false
    },
    "webapi_port": null,
    "webapi_url": "https://mriqc.nimh.nih.gov/api/v1"
  },
  "qi_1": 0.0,
  "qi_2": 0.011915965748328839,
  "rpve_csf": 26.11684455920633,
  "rpve_gm": 14.308683966881546,
  "rpve_wm": 19.797827050997782,
  "size_x": 192,
  "size_y": 256,
  "size_z": 256,
  "snr_csf": 3.3873904332598785,
  "snr_gm": 14.681994004070663,
  "snr_total": 14.36448866076814,
  "snr_wm": 25.02408154497388,
  "snrd_csf": 65.14408730257787,
  "snrd_gm": 137.78096942872145,
  "snrd_total": 130.3025838259703,
  "snrd_wm": 187.9826947466116,
  "spacing_x": 1.0,
  "spacing_y": 1.0,
  "spacing_z": 1.0,
  "summary_bg_k": 13.262261081778167,
  "summary_bg_mad": 3.485088666242679,
  "summary_bg_mean": 5.59952720693468,
  "summary_bg_median": 4.650211937725544,
  "summary_bg_n": 3081916.0,
  "summary_bg_p05": 0.0,
  "summary_bg_p95": 13.950635813176632,
  "summary_bg_stdv": 4.507995861518499,
  "summary_csf_k": 1.4312701583803706,
  "summary_csf_mad": 102.31765747305951,
  "summary_csf_mean": 368.97284971703345,
  "summary_csf_median": 346.5429918207228,
  "summary_csf_n": 26848.0,
  "summary_csf_p05": 235.52556946128607,
  "summary_csf_p95": 547.8384023096411,
  "summary_csf_stdv": 102.30191789018116,
  "summary_gm_k": 0.22210403163583514,
  "summary_gm_mad": 48.63971573321304,
  "summary_gm_mean": 732.0513188708796,
  "summary_gm_median": 732.9449431076646,
  "summary_gm_n": 22855.0,
  "summary_gm_p05": 647.8307342782616,
  "summary_gm_p95": 811.8248018667101,
  "summary_gm_stdv": 49.920256611954436,
  "summary_wm_k": 1.0468035940495382,
  "summary_wm_mad": 34.699361068242325,
  "summary_wm_mean": 996.7790569097962,
  "summary_wm_median": 999.9999715313315,
  "summary_wm_n": 206815.0,
  "summary_wm_p05": 922.7860128730536,
  "summary_wm_p95": 1056.0069197043777,
  "summary_wm_stdv": 39.961408857769534,
  "tpm_overlap_csf": 0.171499103307724,
  "tpm_overlap_gm": 0.4447886645793915,
  "tpm_overlap_wm": 0.5047532320022583,
  "wm2max": 0.5516887288123334
}