{
  "bids_meta": {
    "AcquisitionMatrixPE": 256,
    "AcquisitionNumber": 1,
    "AcquisitionTime": "11:50:38.977500",
    "BodyPartExamined": "HEAD",
    "CoilString": "HeadNeck_20",
    "ConversionSoftware": "dcm2niix",
    "ConversionSoftwareVersion": "v1.0.20211006",
    "Dcm2bidsVersion": "2.1.6",
    "DeviceSerialNumber": "66040",
    "EchoTime": 0.00303,
    "FlipAngle": 9,
    "ImageOrientationPatientDICOM": [
      -0.0469191,
      0.995565,
      0.0815381,
      0.032091,
      0.0830882,
      -0.996025
    ],
    "ImageType": [
      "ORIGINAL",
      "PRIMARY",
      "M",
      "NONE"
    ],
    "ImagingFrequency": 123.228,
    "InPlanePhaseEncodingDirectionDICOM": "ROW",
    "InstitutionAddress": "Magyar Tudosok Korutja 2,Budapest,,HU,1117",
    "InstitutionName": "RCNS",
    "InstitutionalDepartmentName": "BIC",
    "InversionTime": 0.9,
    "MRAcquisitionType": "3D",
    "MTState": true,
    "MagneticFieldStrength": 3,
    "Manufacturer": "Siemens",
    "ManufacturersModelName": "MAGNETOM Prisma",
    "Modality": "MR",
    "ParallelAcquisitionTechnique": "GRAPPA",
    "ParallelReductionFactorInPlane": 2,
    "PatientPosition": "HFS",
    "PercentPhaseFOV": 100,
    "PercentSampling": 100,
    "PixelBandwidth": 130,
    "ProcedureStepDescription": "head MR-artefacts",
    "ProtocolName": "MPRAGE_move2",
    "ReceiveCoilActiveElements": "HE1-4;NE1,2",
    "ReconMatrixPE": 256,
    "RepetitionTime": 2.3,
    "SequenceVariant": "SK\\SP\\MP",
    "SeriesDescription": "MPRAGE_move2",
    "SeriesNumber": 7,
    "SliceThickness": 1,
    "SoftwareVersions": "syngo MR XA30",
    "StationName": "AWP66040",
    "acq_id": "headmotion2",
    "dataset": "<unset>",
    "modality": "T1w",
    "subject_id": "923660"
  },
  "cjv": 0.5110236314128606,
  "cnr": 2.631573991456798,
  "efc": 0.6078787994825011,
  "fber": 1230.8153961068358,
  "fwhm_avg": 4.544523333333333,
  "fwhm_x": 4.24172,
  "fwhm_y": 4.60689,
  "fwhm_z": 4.78496,
  "icvs_csf": 0.2606180267857197,
  "icvs_gm": 0.38032933389102624,
  "icvs_wm": 0.35905263932325404,
  "inu_med": 1.364834189414978,
  "inu_range": 0.5114682197570801,
  "provenance": {
    "md5sum": "4cac8b8192b358e3a0b2a3253704d739",
    "settings": {
      "testing": false
    },
    "software": "mriqc",
    "version": "0.16.1",
    "warnings": {
      "large_rot_frame": true,
      "small_air_mask": false
    },
    "webapi_port": null,
    "webapi_url": "https://mriqc.nimh.nih.gov/api/v1"
  },
  "qi_1": 0.0,
  "qi_2": 0.008449981952181272,
  "rpve_csf": 25.48959038660782,
  "rpve_gm": 15.948993150596912,
  "rpve_wm": 20.18583804849045,
  "size_x": 192,
  "size_y": 256,
  "size_z": 256,
  "snr_csf": 3.629492889932536,
  "snr_gm": 10.539453218248896,
  "snr_total": 9.238575375983395,
  "snr_wm": 13.546780019768748,
  "snrd_csf": 16.56614047439196,
  "snrd_gm": 39.39675034277802,
  "snrd_total": 36.65990401805361,
  "snrd_wm": 54.01682123699084,
  "spacing_x": 1.0,
  "spacing_y": 1.0,
  "spacing_z": 1.0,
  "summary_bg_k": 5.048254156987877,
  "summary_bg_mad": 12.128877882372572,
  "summary_bg_mean": 19.25268586227209,
  "summary_bg_median": 12.271205719560385,
  "summary_bg_n": 2318926.0,
  "summary_bg_p05": 0.0,
  "summary_bg_p95": 56.81113759055734,
  "summary_bg_stdv": 18.45850517243449,
  "summary_csf_k": 0.5972264527426492,
  "summary_csf_mad": 78.34765056340666,
  "summary_csf_mean": 317.1723045245217,
  "summary_csf_median": 306.6975086070597,
  "summary_csf_n": 41410.0,
  "summary_csf_p05": 196.25665713101625,
  "summary_csf_p95": 471.45187347922456,
  "summary_csf_stdv": 84.50045631821055,
  "summary_gm_k": 0.1219365772827059,
  "summary_gm_mad": 67.99522449208867,
  "summary_gm_mean": 728.2782436770151,
  "summary_gm_median": 729.3723722808063,
  "summary_gm_n": 10742.0,
  "summary_gm_p05": 613.2772632198408,
  "summary_gm_p95": 841.0506736265495,
  "summary_gm_stdv": 69.20078364849554,
  "summary_wm_k": 0.49494443602514027,
  "summary_wm_mad": 70.32298893416016,
  "summary_wm_mean": 1004.2358232854255,
  "summary_wm_median": 1000.0412903577089,
  "summary_wm_n": 185893.0,
  "summary_wm_p05": 889.6830732636154,
  "summary_wm_p95": 1131.719177994877,
  "summary_wm_stdv": 73.82112938014244,
  "tpm_overlap_csf": 0.1504247933626175,
  "tpm_overlap_gm": 0.4072844386100769,
  "tpm_overlap_wm": 0.45097118616104126,
  "wm2max": 0.507602290124363
}