{
    "Modality": "MR",
    "MagneticFieldStrength": 3,
    "ImagingFrequency": 123.21,
    "Manufacturer": "Siemens",
    "ManufacturersModelName": "Prisma",
    "InstitutionName": "RCNS",
    "InstitutionalDepartmentName": "BIC",
    "InstitutionAddress": "Magyar Tudosok Korutja 2,Budapest,,HU,1117",
    "DeviceSerialNumber": "66040",
    "StationName": "AWP66040",
    "BodyPartExamined": "HEAD",
    "PatientPosition": "HFS",
    "ProcedureStepDescription": "head^MR-artefacts",
    "SoftwareVersions": "syngo MR D13D",
    "MRAcquisitionType": "3D",
    "SeriesDescription": "MPRAGE_conventional",
    "ProtocolName": "MPRAGE_conventional",
    "ScanningSequence": "GR\\IR",
    "SequenceVariant": "SK\\SP\\MP",
    "ScanOptions": "IR",
    "SequenceName": "*tfl3d1_16ns",
    "ImageType": [
        "ORIGINAL",
        "PRIMARY",
        "M",
        "ND",
        "NORM"
    ],
    "SeriesNumber": 6,
    "AcquisitionTime": "09:25:38.062500",
    "AcquisitionNumber": 1,
    "SliceThickness": 1,
    "SAR": 0.0644727,
    "EchoTime": 0.00303,
    "RepetitionTime": 2.3,
    "SpoilingState": true,
    "InversionTime": 0.9,
    "FlipAngle": 9,
    "PartialFourier": 1,
    "BaseResolution": 256,
    "ShimSetting": [
        5958,
        -1007,
        1150,
        225,
        -38,
        -3,
        8,
        -12
    ],
    "TxRefAmp": 264.288,
    "PhaseResolution": 1,
    "ReceiveCoilName": "HeadNeck_20",
    "ReceiveCoilActiveElements": "HE1-4",
    "PulseSequenceDetails": "%SiemensSeq%\\tfl",
    "RefLinesPE": 24,
    "CoilCombinationMethod": "Adaptive Combine",
    "ConsistencyInfo": "N4_VD13D_LATEST_20130810",
    "MatrixCoilMode": "GRAPPA",
    "PercentPhaseFOV": 100,
    "PercentSampling": 100,
    "PhaseEncodingSteps": 255,
    "AcquisitionMatrixPE": 256,
    "ReconMatrixPE": 256,
    "ParallelReductionFactorInPlane": 2,
    "PixelBandwidth": 130,
    "DwellTime": 1.5e-05,
    "ImageOrientationPatientDICOM": [
        0.00983955,
        0.963181,
        -0.268672,
        -0.00478281,
        -0.268637,
        -0.96323
    ],
    "ImageOrientationText": "Sag>Cor(0.6)>Tra(0.1)",
    "InPlanePhaseEncodingDirectionDICOM": "ROW",
    "ConversionSoftware": "dcm2niix",
    "ConversionSoftwareVersion": "v1.0.20211006",
    "Dcm2bidsVersion": "2.1.6"
}