{
  "bids_meta": {
    "AcquisitionMatrixPE": 256,
    "AcquisitionNumber": 1,
    "AcquisitionTime": "10:50:49.640000",
    "BaseResolution": 256,
    "BodyPartExamined": "HEAD",
    "CoilCombinationMethod": "Adaptive Combine",
    "ConsistencyInfo": "N4_VD13D_LATEST_20130810",
    "ConversionSoftware": "dcm2niix",
    "ConversionSoftwareVersion": "v1.0.20211006",
    "Dcm2bidsVersion": "2.1.6",
    "DeviceSerialNumber": "66040",
    "DwellTime": 1.5e-05,
    "EchoTime": 0.00303,
    "FlipAngle": 9,
    "ImageOrientationPatientDICOM": [
      -0.0553248,
      0.995124,
      -0.0816552,
      0.0674429,
      -0.0778692,
      -0.99468
    ],
    "ImageOrientationText": "Sag>Tra(-3.6)>Cor(-3.5)",
    "ImageType": [
      "ORIGINAL",
      "PRIMARY",
      "M",
      "ND",
      "NORM"
    ],
    "ImagingFrequency": 123.21,
    "InPlanePhaseEncodingDirectionDICOM": "ROW",
    "InstitutionAddress": "Magyar Tudosok Korutja 2,Budapest,,HU,1117",
    "InstitutionName": "RCNS",
    "InstitutionalDepartmentName": "BIC",
    "InversionTime": 0.9,
    "MRAcquisitionType": "3D",
    "MagneticFieldStrength": 3,
    "Manufacturer": "Siemens",
    "ManufacturersModelName": "Prisma",
    "MatrixCoilMode": "GRAPPA",
    "Modality": "MR",
    "ParallelReductionFactorInPlane": 2,
    "PartialFourier": 1,
    "PatientPosition": "HFS",
    "PercentPhaseFOV": 100,
    "PercentSampling": 100,
    "PhaseEncodingSteps": 255,
    "PhaseResolution": 1,
    "PixelBandwidth": 130,
    "ProcedureStepDescription": "head^MR-artefacts",
    "ProtocolName": "MPRAGE_conventional",
    "PulseSequenceDetails": "%SiemensSeq%\\tfl",
    "ReceiveCoilActiveElements": "HE1-4",
    "ReceiveCoilName": "HeadNeck_20",
    "ReconMatrixPE": 256,
    "RefLinesPE": 24,
    "RepetitionTime": 2.3,
    "SAR": 0.054635,
    "ScanOptions": "IR",
    "ScanningSequence": "GR\\IR",
    "SequenceName": "*tfl3d1_16ns",
    "SequenceVariant": "SK\\SP\\MP",
    "SeriesDescription": "MPRAGE_conventional",
    "SeriesNumber": 6,
    "ShimSetting": [
      5963,
      -1072,
      1150,
      180,
      -25,
      -269,
      158,
      -37
    ],
    "SliceThickness": 1,
    "SoftwareVersions": "syngo MR D13D",
    "SpoilingState": true,
    "StationName": "AWP66040",
    "TxRefAmp": 240.623,
    "acq_id": "standard",
    "dataset": "<unset>",
    "modality": "T1w",
    "subject_id": "153486"
  },
  "cjv": 0.26460654014708135,
  "cnr": 4.772036068774192,
  "efc": 0.5488963684313988,
  "fber": 24891.823673469386,
  "fwhm_avg": 4.74866,
  "fwhm_x": 4.37389,
  "fwhm_y": 5.01415,
  "fwhm_z": 4.85794,
  "icvs_csf": 0.2432268190927808,
  "icvs_gm": 0.3980597547517068,
  "icvs_wm": 0.35871342615551244,
  "inu_med": 1.0138412714004517,
  "inu_range": 0.3245899826288223,
  "provenance": {
    "md5sum": "259433bb107a51d8ffa5902d305c4dae",
    "settings": {
      "testing": false
    },
    "software": "mriqc",
    "version": "0.16.1",
    "warnings": {
      "large_rot_frame": true,
      "small_air_mask": false
    },
    "webapi_port": null,
    "webapi_url": "https://mriqc.nimh.nih.gov/api/v1"
  },
  "qi_1": 0.0,
  "qi_2": 0.007199075504172116,
  "rpve_csf": 24.599234684824996,
  "rpve_gm": 14.756474031856225,
  "rpve_wm": 20.256181206281102,
  "size_x": 192,
  "size_y": 256,
  "size_z": 256,
  "snr_csf": 3.8280765198808915,
  "snr_gm": 14.847345526302915,
  "snr_total": 15.136322488156674,
  "snr_wm": 26.733545418286216,
  "snrd_csf": 84.5067324805774,
  "snrd_gm": 156.65413774208128,
  "snrd_total": 153.96266995114544,
  "snrd_wm": 220.72713963077766,
  "spacing_x": 1.0,
  "spacing_y": 1.0,
  "spacing_z": 1.0,
  "summary_bg_k": 17.863646765637256,
  "summary_bg_mad": 2.9682627176141865,
  "summary_bg_mean": 4.504583125835118,
  "summary_bg_median": 4.06479412689805,
  "summary_bg_n": 2913570.0,
  "summary_bg_p05": 0.0,
  "summary_bg_p95": 12.194382380694151,
  "summary_bg_stdv": 4.024928193580614,
  "summary_csf_k": -0.6472972531361743,
  "summary_csf_mad": 117.20140366822075,
  "summary_csf_mean": 378.77953995592003,
  "summary_csf_median": 382.87933932617307,
  "summary_csf_n": 27016.0,
  "summary_csf_p05": 226.39993258286268,
  "summary_csf_p95": 536.9168361648917,
  "summary_csf_stdv": 100.01687560665079,
  "summary_gm_k": 0.29375804152283,
  "summary_gm_mad": 45.60330902516341,
  "summary_gm_mean": 709.1077113560281,
  "summary_gm_median": 709.7615894116461,
  "summary_gm_n": 22469.0,
  "summary_gm_p05": 629.2543982714415,
  "summary_gm_p95": 786.3253235630691,
  "summary_gm_stdv": 47.8028745096445,
  "summary_wm_k": 1.8176202756435638,
  "summary_wm_mad": 31.211732212488567,
  "summary_wm_mean": 997.2197908102524,
  "summary_wm_median": 1000.0606923550367,
  "summary_wm_n": 202242.0,
  "summary_wm_p05": 929.0177979879081,
  "summary_wm_p95": 1051.446970347315,
  "summary_wm_stdv": 37.408364819138306,
  "tpm_overlap_csf": 0.15387646853923798,
  "tpm_overlap_gm": 0.43772614002227783,
  "tpm_overlap_wm": 0.47740811109542847,
  "wm2max": 0.5510831773201391
}