{
  "bids_meta": {
    "AcquisitionMatrixPE": 256,
    "AcquisitionNumber": 1,
    "AcquisitionTime": "11:28:40.740000",
    "BaseResolution": 256,
    "BodyPartExamined": "HEAD",
    "CoilCombinationMethod": "Adaptive Combine",
    "ConsistencyInfo": "N4_VD13D_LATEST_20130810",
    "ConversionSoftware": "dcm2niix",
    "ConversionSoftwareVersion": "v1.0.20211006",
    "Dcm2bidsVersion": "2.1.6",
    "DeviceSerialNumber": "66040",
    "DwellTime": 1.5e-05,
    "EchoTime": 0.00303,
    "FlipAngle": 9,
    "FrameTimesStart": [
      0
    ],
    "ImageOrientationPatientDICOM": [
      -0.0379623,
      0.988907,
      -0.143603,
      0.0631273,
      -0.141047,
      -0.987988
    ],
    "ImageOrientationText": "Sag>Tra(-3.3)>Cor(-2.7)",
    "ImageType": [
      "ORIGINAL",
      "PRIMARY",
      "M",
      "ND",
      "NORM"
    ],
    "ImagingFrequency": 123.21,
    "InPlanePhaseEncodingDirectionDICOM": "ROW",
    "InstitutionAddress": "Magyar Tudosok Korutja 2,Budapest,,HU,1117",
    "InstitutionName": "RCNS",
    "InstitutionalDepartmentName": "BIC",
    "InversionTime": 0.9,
    "MRAcquisitionType": "3D",
    "MagneticFieldStrength": 3,
    "Manufacturer": "Siemens",
    "ManufacturersModelName": "Prisma",
    "MatrixCoilMode": "GRAPPA",
    "Modality": "MR",
    "ParallelReductionFactorInPlane": 2,
    "PartialFourier": 1,
    "PatientPosition": "HFS",
    "PercentPhaseFOV": 100,
    "PercentSampling": 100,
    "PhaseEncodingSteps": 255,
    "PhaseResolution": 1,
    "PixelBandwidth": 130,
    "ProcedureStepDescription": "head^MR-artefacts",
    "ProtocolName": "MPRAGE_move2",
    "PulseSequenceDetails": "%SiemensSeq%\\tfl",
    "ReceiveCoilActiveElements": "HE1-4",
    "ReceiveCoilName": "HeadNeck_20",
    "ReconMatrixPE": 256,
    "RefLinesPE": 24,
    "RepetitionTime": 2.3,
    "SAR": 0.0593266,
    "ScanOptions": "IR",
    "ScanningSequence": "GR\\IR",
    "SequenceName": "*tfl3d1_16ns",
    "SequenceVariant": "SK\\SP\\MP",
    "SeriesDescription": "MPRAGE_move2",
    "SeriesNumber": 19,
    "ShimSetting": [
      5961,
      -1027,
      1168,
      159,
      -36,
      -118,
      191,
      -35
    ],
    "SliceThickness": 1,
    "SoftwareVersions": "syngo MR D13D",
    "SpoilingState": true,
    "StationName": "AWP66040",
    "TxRefAmp": 248.009,
    "acq_id": "headmotion2",
    "dataset": "<unset>",
    "modality": "T1w",
    "subject_id": "016504"
  },
  "cjv": 0.604404947097772,
  "cnr": 2.156178568178706,
  "efc": 0.6146400575347069,
  "fber": 1606.035832428474,
  "fwhm_avg": 4.472029999999999,
  "fwhm_x": 4.13648,
  "fwhm_y": 4.47644,
  "fwhm_z": 4.80317,
  "icvs_csf": 0.24120393919550556,
  "icvs_gm": 0.3878607705914308,
  "icvs_wm": 0.3709352902130636,
  "inu_med": 1.1755001544952393,
  "inu_range": 0.4890275001525879,
  "provenance": {
    "md5sum": "6dcac6cabec22c2b9789d799b5a36e85",
    "settings": {
      "testing": false
    },
    "software": "mriqc",
    "version": "0.16.1",
    "warnings": {
      "large_rot_frame": true,
      "small_air_mask": false
    },
    "webapi_port": null,
    "webapi_url": "https://mriqc.nimh.nih.gov/api/v1"
  },
  "qi_1": 8.300376581700606e-05,
  "qi_2": 0.00297122758744442,
  "rpve_csf": 23.66547703615302,
  "rpve_gm": 13.567419756387274,
  "rpve_wm": 16.565023410260668,
  "size_x": 192,
  "size_y": 256,
  "size_z": 256,
  "snr_csf": 3.6042835600321883,
  "snr_gm": 10.83628737670667,
  "snr_total": 8.288105596116342,
  "snr_wm": 10.423745851610168,
  "snrd_csf": 31.329825824807152,
  "snrd_gm": 58.83449849658553,
  "snrd_total": 56.61946272014029,
  "snrd_wm": 79.69406383902819,
  "spacing_x": 1.0,
  "spacing_y": 1.0,
  "spacing_z": 1.0,
  "summary_bg_k": 7.215462562379507,
  "summary_bg_mad": 8.220989830499857,
  "summary_bg_mean": 22.246503819495643,
  "summary_bg_median": 8.253968004137278,
  "summary_bg_n": 2902585.0,
  "summary_bg_p05": 0.0,
  "summary_bg_p95": 85.29100270941854,
  "summary_bg_stdv": 29.86424546127636,
  "summary_csf_k": -0.027809291161311478,
  "summary_csf_mad": 109.69687193674618,
  "summary_csf_mean": 391.4205807711125,
  "summary_csf_median": 393.14284524321556,
  "summary_csf_n": 55284.0,
  "summary_csf_p05": 210.67300949636848,
  "summary_csf_p95": 566.4761733300984,
  "summary_csf_stdv": 109.07557161177526,
  "summary_gm_k": -0.07268500648033394,
  "summary_gm_mad": 68.84294537449117,
  "summary_gm_mean": 739.231202638795,
  "summary_gm_median": 738.2856919392943,
  "summary_gm_n": 13616.0,
  "summary_gm_p05": 629.269822223112,
  "summary_gm_p95": 854.6137307463214,
  "summary_gm_stdv": 68.12836858381607,
  "summary_wm_k": 0.7901244291139897,
  "summary_wm_mad": 89.36404212696027,
  "summary_wm_mean": 1011.6000255077528,
  "summary_wm_median": 1000.0422977730632,
  "summary_wm_n": 210634.0,
  "summary_wm_p05": 875.5132010132074,
  "summary_wm_p95": 1190.1375301145017,
  "summary_wm_stdv": 95.93863262980015,
  "tpm_overlap_csf": 0.15574325621128082,
  "tpm_overlap_gm": 0.42477530241012573,
  "tpm_overlap_wm": 0.4827101528644562,
  "wm2max": 0.5452310411344156
}