{
  "bids_meta": {
    "AcquisitionMatrixPE": 256,
    "AcquisitionNumber": 1,
    "AcquisitionTime": "10:55:10.057500",
    "BaseResolution": 256,
    "BodyPartExamined": "HEAD",
    "CoilCombinationMethod": "Adaptive Combine",
    "ConsistencyInfo": "N4_VD13D_LATEST_20130810",
    "ConversionSoftware": "dcm2niix",
    "ConversionSoftwareVersion": "v1.0.20211006",
    "Dcm2bidsVersion": "2.1.6",
    "DeviceSerialNumber": "66040",
    "DwellTime": 1.5e-05,
    "EchoTime": 0.00303,
    "FlipAngle": 9,
    "ImageOrientationPatientDICOM": [
      -0.0379674,
      0.988918,
      -0.143523,
      0.0631244,
      -0.140966,
      -0.988
    ],
    "ImageOrientationText": "Sag>Tra(-3.3)>Cor(-2.7)",
    "ImageType": [
      "ORIGINAL",
      "PRIMARY",
      "M",
      "ND",
      "NORM"
    ],
    "ImagingFrequency": 123.21,
    "InPlanePhaseEncodingDirectionDICOM": "ROW",
    "InstitutionAddress": "Magyar Tudosok Korutja 2,Budapest,,HU,1117",
    "InstitutionName": "RCNS",
    "InstitutionalDepartmentName": "BIC",
    "InversionTime": 0.9,
    "MRAcquisitionType": "3D",
    "MagneticFieldStrength": 3,
    "Manufacturer": "Siemens",
    "ManufacturersModelName": "Prisma",
    "MatrixCoilMode": "GRAPPA",
    "Modality": "MR",
    "ParallelReductionFactorInPlane": 2,
    "PartialFourier": 1,
    "PatientPosition": "HFS",
    "PercentPhaseFOV": 100,
    "PercentSampling": 100,
    "PhaseEncodingSteps": 255,
    "PhaseResolution": 1,
    "PixelBandwidth": 130,
    "ProcedureStepDescription": "head^MR-artefacts",
    "ProtocolName": "MPRAGE_conventional",
    "PulseSequenceDetails": "%SiemensSeq%\\tfl",
    "ReceiveCoilActiveElements": "HE1-4",
    "ReceiveCoilName": "HeadNeck_20",
    "ReconMatrixPE": 256,
    "RefLinesPE": 24,
    "RepetitionTime": 2.3,
    "SAR": 0.0593266,
    "ScanOptions": "IR",
    "ScanningSequence": "GR\\IR",
    "SequenceName": "*tfl3d1_16ns",
    "SequenceVariant": "SK\\SP\\MP",
    "SeriesDescription": "MPRAGE_conventional",
    "SeriesNumber": 6,
    "ShimSetting": [
      5961,
      -1027,
      1168,
      159,
      -36,
      -118,
      191,
      -35
    ],
    "SliceThickness": 1,
    "SoftwareVersions": "syngo MR D13D",
    "SpoilingState": true,
    "StationName": "AWP66040",
    "TxRefAmp": 248.009,
    "acq_id": "standard",
    "dataset": "<unset>",
    "modality": "T1w",
    "subject_id": "016504"
  },
  "cjv": 0.2725295820118917,
  "cnr": 4.756986458109267,
  "efc": 0.5468553470675244,
  "fber": 20286.99780861943,
  "fwhm_avg": 4.6325666666666665,
  "fwhm_x": 4.37378,
  "fwhm_y": 4.77812,
  "fwhm_z": 4.7458,
  "icvs_csf": 0.21932385880997426,
  "icvs_gm": 0.4105625292088409,
  "icvs_wm": 0.37011361198118486,
  "inu_med": 1.0269616842269897,
  "inu_range": 0.3049103617668152,
  "provenance": {
    "md5sum": "094637b3305dd93cd59f49824b214abc",
    "settings": {
      "testing": false
    },
    "software": "mriqc",
    "version": "0.16.1",
    "warnings": {
      "large_rot_frame": true,
      "small_air_mask": false
    },
    "webapi_port": null,
    "webapi_url": "https://mriqc.nimh.nih.gov/api/v1"
  },
  "qi_1": 0.0,
  "qi_2": 0.011343070782918716,
  "rpve_csf": 24.99191341204359,
  "rpve_gm": 13.813834266846685,
  "rpve_wm": 18.50652859805778,
  "size_x": 192,
  "size_y": 256,
  "size_z": 256,
  "snr_csf": 3.322936397980674,
  "snr_gm": 14.502814008427578,
  "snr_total": 15.249250363778069,
  "snr_wm": 27.922000684925955,
  "snrd_csf": 68.25452219075562,
  "snrd_gm": 144.38110412824506,
  "snrd_total": 138.59298535396607,
  "snrd_wm": 203.14332974289752,
  "spacing_x": 1.0,
  "spacing_y": 1.0,
  "spacing_z": 1.0,
  "summary_bg_k": 9.270698696926129,
  "summary_bg_mad": 3.2249957593047465,
  "summary_bg_mean": 4.3950444076721285,
  "summary_bg_median": 4.431017115712166,
  "summary_bg_n": 3121151.0,
  "summary_bg_p05": 0.0,
  "summary_bg_p95": 11.158106736838818,
  "summary_bg_stdv": 3.666734976205836,
  "summary_csf_k": -0.5550420821916897,
  "summary_csf_mad": 110.18735510957885,
  "summary_csf_mean": 357.85748011638526,
  "summary_csf_median": 335.9919432923198,
  "summary_csf_n": 28179.0,
  "summary_csf_p05": 228.60020119696856,
  "summary_csf_p95": 532.8499491512775,
  "summary_csf_stdv": 101.11116833293835,
  "summary_gm_k": 0.20820666882483962,
  "summary_gm_mad": 47.1207713720638,
  "summary_gm_mean": 709.4368342671822,
  "summary_gm_median": 710.7351453602314,
  "summary_gm_n": 30563.0,
  "summary_gm_p05": 625.6193347647786,
  "summary_gm_p95": 787.7542792260647,
  "summary_gm_stdv": 49.00590447298722,
  "summary_wm_k": 1.0814279386051107,
  "summary_wm_mad": 31.712458299830008,
  "summary_wm_mean": 996.7199742968081,
  "summary_wm_median": 999.9999990686774,
  "summary_wm_n": 235784.0,
  "summary_wm_p05": 930.4733123257756,
  "summary_wm_p95": 1048.6203414201736,
  "summary_wm_stdv": 35.81397657587446,
  "tpm_overlap_csf": 0.1692124456167221,
  "tpm_overlap_gm": 0.4371562898159027,
  "tpm_overlap_wm": 0.5050660967826843,
  "wm2max": 0.5782130712256021
}