{
  "bids_meta": {
    "AcquisitionMatrixPE": 256,
    "AcquisitionNumber": 1,
    "AcquisitionTime": "11:28:44.212500",
    "BodyPartExamined": "HEAD",
    "CoilString": "HeadNeck_20",
    "ConversionSoftware": "dcm2niix",
    "ConversionSoftwareVersion": "v1.0.20211006",
    "Dcm2bidsVersion": "2.1.6",
    "DeviceSerialNumber": "66040",
    "EchoTime": 0.00303,
    "FlipAngle": 9,
    "ImageOrientationPatientDICOM": [
      -0.0901158,
      0.994175,
      0.0591268,
      -0.018756,
      0.0576637,
      -0.99816
    ],
    "ImageType": [
      "ORIGINAL",
      "PRIMARY",
      "M",
      "NONE"
    ],
    "ImagingFrequency": 123.227,
    "InPlanePhaseEncodingDirectionDICOM": "ROW",
    "InstitutionAddress": "Magyar Tudosok Korutja 2,Budapest,,HU,1117",
    "InstitutionName": "RCNS",
    "InstitutionalDepartmentName": "BIC",
    "InversionTime": 0.9,
    "MRAcquisitionType": "3D",
    "MTState": true,
    "MagneticFieldStrength": 3,
    "Manufacturer": "Siemens",
    "ManufacturersModelName": "MAGNETOM Prisma",
    "Modality": "MR",
    "ParallelAcquisitionTechnique": "GRAPPA",
    "ParallelReductionFactorInPlane": 2,
    "PatientPosition": "HFS",
    "PercentPhaseFOV": 100,
    "PercentSampling": 100,
    "PixelBandwidth": 130,
    "ProcedureStepDescription": "head MR-artefacts",
    "ProtocolName": "MPRAGE_move2",
    "ReceiveCoilActiveElements": "HE1-4;NE1,2",
    "ReconMatrixPE": 256,
    "RepetitionTime": 2.3,
    "SequenceVariant": "SK\\SP\\MP",
    "SeriesDescription": "MPRAGE_move2",
    "SeriesNumber": 7,
    "SliceThickness": 1,
    "SoftwareVersions": "syngo MR XA30",
    "StationName": "AWP66040",
    "acq_id": "headmotion2",
    "dataset": "<unset>",
    "modality": "T1w",
    "subject_id": "549056"
  },
  "cjv": 0.63478110789397,
  "cnr": 2.1118561304322565,
  "efc": 0.6381334361328443,
  "fber": 396.09747735780707,
  "fwhm_avg": 4.130476666666667,
  "fwhm_x": 3.75881,
  "fwhm_y": 4.22329,
  "fwhm_z": 4.40933,
  "icvs_csf": 0.2453524648749308,
  "icvs_gm": 0.38478132501542195,
  "icvs_wm": 0.36986621010964726,
  "inu_med": 1.306553602218628,
  "inu_range": 0.5468857288360596,
  "provenance": {
    "md5sum": "d6a173f87aa9e92eb00326ad0c01be06",
    "settings": {
      "testing": false
    },
    "software": "mriqc",
    "version": "0.16.1",
    "warnings": {
      "large_rot_frame": true,
      "small_air_mask": false
    },
    "webapi_port": null,
    "webapi_url": "https://mriqc.nimh.nih.gov/api/v1"
  },
  "qi_1": 0.0,
  "qi_2": 0.0063586656002421645,
  "rpve_csf": 28.470220099440873,
  "rpve_gm": 16.719765278566793,
  "rpve_wm": 20.622256398916832,
  "size_x": 192,
  "size_y": 256,
  "size_z": 256,
  "snr_csf": 3.747543623204875,
  "snr_gm": 8.972054038065504,
  "snr_total": 8.218655967687576,
  "snr_wm": 11.93637024179235,
  "snrd_csf": 9.930483792908818,
  "snrd_gm": 18.7396306599198,
  "snrd_total": 17.96799880921722,
  "snrd_wm": 25.233881974823042,
  "spacing_x": 1.0,
  "spacing_y": 1.0,
  "spacing_z": 1.0,
  "summary_bg_k": 4.309793499629224,
  "summary_bg_mad": 25.962567276869972,
  "summary_bg_mean": 34.310998948254635,
  "summary_bg_median": 26.02244406938553,
  "summary_bg_n": 2210723.0,
  "summary_bg_p05": 4.255479276180267,
  "summary_bg_p95": 94.82563555240631,
  "summary_bg_stdv": 31.33817064817675,
  "summary_csf_k": 0.021943007350750943,
  "summary_csf_mad": 106.02777475005608,
  "summary_csf_mean": 392.344329782579,
  "summary_csf_median": 393.5376852750778,
  "summary_csf_n": 32095.0,
  "summary_csf_p05": 220.155149102211,
  "summary_csf_p95": 562.4764466285706,
  "summary_csf_stdv": 105.01053329042551,
  "summary_gm_k": -0.06807143956082484,
  "summary_gm_mad": 83.13604876399869,
  "summary_gm_mean": 742.2039123020975,
  "summary_gm_median": 742.6376223564148,
  "summary_gm_n": 8753.0,
  "summary_gm_p05": 604.7826892733574,
  "summary_gm_p95": 878.3309226036071,
  "summary_gm_stdv": 82.76757987671523,
  "summary_wm_k": 0.5674258177728402,
  "summary_wm_mad": 80.23270790723043,
  "summary_wm_mean": 1004.9263430591033,
  "summary_wm_median": 999.9999707937241,
  "summary_wm_n": 180112.0,
  "summary_wm_p05": 876.3651171326637,
  "summary_wm_p95": 1150.5234280228615,
  "summary_wm_stdv": 83.77732715078183,
  "tpm_overlap_csf": 0.15414267778396606,
  "tpm_overlap_gm": 0.431314617395401,
  "tpm_overlap_wm": 0.49057891964912415,
  "wm2max": 0.6173978429369211
}