{
  "bids_meta": {
    "AcquisitionMatrixPE": 256,
    "AcquisitionNumber": 1,
    "AcquisitionTime": "11:23:8.027500",
    "BodyPartExamined": "HEAD",
    "CoilString": "HeadNeck_20",
    "ConversionSoftware": "dcm2niix",
    "ConversionSoftwareVersion": "v1.0.20211006",
    "Dcm2bidsVersion": "2.1.6",
    "DeviceSerialNumber": "66040",
    "EchoTime": 0.00303,
    "FlipAngle": 9,
    "ImageOrientationPatientDICOM": [
      -0.0901158,
      0.994175,
      0.0591268,
      -0.018756,
      0.0576637,
      -0.99816
    ],
    "ImageType": [
      "ORIGINAL",
      "PRIMARY",
      "M",
      "NONE"
    ],
    "ImagingFrequency": 123.227,
    "InPlanePhaseEncodingDirectionDICOM": "ROW",
    "InstitutionAddress": "Magyar Tudosok Korutja 2,Budapest,,HU,1117",
    "InstitutionName": "RCNS",
    "InstitutionalDepartmentName": "BIC",
    "InversionTime": 0.9,
    "MRAcquisitionType": "3D",
    "MTState": true,
    "MagneticFieldStrength": 3,
    "Manufacturer": "Siemens",
    "ManufacturersModelName": "MAGNETOM Prisma",
    "Modality": "MR",
    "ParallelAcquisitionTechnique": "GRAPPA",
    "ParallelReductionFactorInPlane": 2,
    "PatientPosition": "HFS",
    "PercentPhaseFOV": 100,
    "PercentSampling": 100,
    "PixelBandwidth": 130,
    "ProcedureStepDescription": "head MR-artefacts",
    "ProtocolName": "MPRAGE_move1",
    "ReceiveCoilActiveElements": "HE1-4;NE1,2",
    "ReconMatrixPE": 256,
    "RepetitionTime": 2.3,
    "SequenceVariant": "SK\\SP\\MP",
    "SeriesDescription": "MPRAGE_move1",
    "SeriesNumber": 6,
    "SliceThickness": 1,
    "SoftwareVersions": "syngo MR XA30",
    "StationName": "AWP66040",
    "acq_id": "headmotion1",
    "dataset": "<unset>",
    "modality": "T1w",
    "subject_id": "549056"
  },
  "cjv": 0.44637715035265574,
  "cnr": 3.070171253431077,
  "efc": 0.6143730964242343,
  "fber": 1946.511691875596,
  "fwhm_avg": 5.0575133333333335,
  "fwhm_x": 4.74278,
  "fwhm_y": 5.32883,
  "fwhm_z": 5.10093,
  "icvs_csf": 0.25084779389882317,
  "icvs_gm": 0.37561444697139484,
  "icvs_wm": 0.373537759129782,
  "inu_med": 1.188259482383728,
  "inu_range": 0.4537152945995333,
  "provenance": {
    "md5sum": "1e4947245e881bb4ef88312e00742ba7",
    "settings": {
      "testing": false
    },
    "software": "mriqc",
    "version": "0.16.1",
    "warnings": {
      "large_rot_frame": true,
      "small_air_mask": false
    },
    "webapi_port": null,
    "webapi_url": "https://mriqc.nimh.nih.gov/api/v1"
  },
  "qi_1": 0.0,
  "qi_2": 0.009704853172363817,
  "rpve_csf": 28.177403539459952,
  "rpve_gm": 17.423287281153957,
  "rpve_wm": 21.56382848460704,
  "size_x": 192,
  "size_y": 256,
  "size_z": 256,
  "snr_csf": 3.90678801995646,
  "snr_gm": 11.336676341480569,
  "snr_total": 10.836502272977015,
  "snr_wm": 17.266042457494017,
  "snrd_csf": 41.80124376092166,
  "snrd_gm": 81.37574492746941,
  "snrd_total": 78.24213180827917,
  "snrd_wm": 111.54940673644644,
  "spacing_x": 1.0,
  "spacing_y": 1.0,
  "spacing_z": 1.0,
  "summary_bg_k": 7.007691578881257,
  "summary_bg_mad": 5.873060303771174,
  "summary_bg_mean": 15.085797967658,
  "summary_bg_median": 7.728455651551485,
  "summary_bg_n": 2005527.0,
  "summary_bg_p05": 0.0,
  "summary_bg_p95": 47.61350064724684,
  "summary_bg_stdv": 16.358639594284877,
  "summary_csf_k": -0.13891933243175147,
  "summary_csf_mad": 99.78444614152397,
  "summary_csf_mean": 375.2768225197678,
  "summary_csf_median": 374.7330079488456,
  "summary_csf_n": 26855.0,
  "summary_csf_p05": 218.4162541925907,
  "summary_csf_p95": 530.6186769928782,
  "summary_csf_stdv": 95.91665301538812,
  "summary_gm_k": -0.11825840739010163,
  "summary_gm_mad": 66.50377108682065,
  "summary_gm_mean": 730.2207702880307,
  "summary_gm_median": 729.5040751695633,
  "summary_gm_n": 11011.0,
  "summary_gm_p05": 626.0825806967914,
  "summary_gm_p95": 837.0616526920348,
  "summary_gm_stdv": 64.34610341642261,
  "summary_wm_k": 0.661290477967226,
  "summary_wm_mad": 54.239439276004376,
  "summary_wm_mean": 1002.9656397920966,
  "summary_wm_median": 1000.0000229738653,
  "summary_wm_n": 194489.0,
  "summary_wm_p05": 912.5791502520442,
  "summary_wm_p95": 1102.8001340776682,
  "summary_wm_stdv": 57.91700411908745,
  "tpm_overlap_csf": 0.16060027480125427,
  "tpm_overlap_gm": 0.4317936599254608,
  "tpm_overlap_wm": 0.5007407069206238,
  "wm2max": 0.6216411964945318
}