{
  "bids_meta": {
    "AcquisitionMatrixPE": 256,
    "AcquisitionNumber": 1,
    "AcquisitionTime": "09:49:45.162500",
    "BaseResolution": 256,
    "BodyPartExamined": "HEAD",
    "CoilCombinationMethod": "Adaptive Combine",
    "ConsistencyInfo": "N4_VD13D_LATEST_20130810",
    "ConversionSoftware": "dcm2niix",
    "ConversionSoftwareVersion": "v1.0.20211006",
    "Dcm2bidsVersion": "2.1.6",
    "DeviceSerialNumber": "66040",
    "DwellTime": 1.5e-05,
    "EchoTime": 0.00303,
    "FlipAngle": 9,
    "FrameTimesStart": [
      0
    ],
    "ImageOrientationPatientDICOM": [
      -0.0199445,
      0.997524,
      -0.067444,
      0.0395704,
      -0.066617,
      -0.996994
    ],
    "ImageOrientationText": "Sag>Tra(-2.2)>Cor(-1.3)",
    "ImageType": [
      "ORIGINAL",
      "PRIMARY",
      "M",
      "ND",
      "NORM"
    ],
    "ImagingFrequency": 123.21,
    "InPlanePhaseEncodingDirectionDICOM": "ROW",
    "InstitutionAddress": "Magyar Tudosok Korutja 2,Budapest,,HU,1117",
    "InstitutionName": "RCNS",
    "InstitutionalDepartmentName": "BIC",
    "InversionTime": 0.9,
    "MRAcquisitionType": "3D",
    "MagneticFieldStrength": 3,
    "Manufacturer": "Siemens",
    "ManufacturersModelName": "Prisma",
    "MatrixCoilMode": "GRAPPA",
    "Modality": "MR",
    "ParallelReductionFactorInPlane": 2,
    "PartialFourier": 1,
    "PatientPosition": "HFS",
    "PercentPhaseFOV": 100,
    "PercentSampling": 100,
    "PhaseEncodingSteps": 255,
    "PhaseResolution": 1,
    "PixelBandwidth": 130,
    "ProcedureStepDescription": "head^MR-artefacts",
    "ProtocolName": "MPRAGE_move2",
    "PulseSequenceDetails": "%SiemensSeq%\\tfl",
    "ReceiveCoilActiveElements": "HE1-4",
    "ReceiveCoilName": "HeadNeck_20",
    "ReconMatrixPE": 256,
    "RefLinesPE": 24,
    "RepetitionTime": 2.3,
    "SAR": 0.0543104,
    "ScanOptions": "IR",
    "ScanningSequence": "GR\\IR",
    "SequenceName": "*tfl3d1_16ns",
    "SequenceVariant": "SK\\SP\\MP",
    "SeriesDescription": "MPRAGE_move2",
    "SeriesNumber": 19,
    "ShimSetting": [
      5960,
      -1050,
      1055,
      180,
      3,
      -129,
      51,
      -30
    ],
    "SliceThickness": 1,
    "SoftwareVersions": "syngo MR D13D",
    "SpoilingState": true,
    "StationName": "AWP66040",
    "TxRefAmp": 251.963,
    "acq_id": "headmotion2",
    "dataset": "<unset>",
    "modality": "T1w",
    "subject_id": "337488"
  },
  "cjv": 0.3829966266849193,
  "cnr": 3.5949380578542334,
  "efc": 0.5517163252837956,
  "fber": 5030.408554243706,
  "fwhm_avg": 4.435456666666667,
  "fwhm_x": 4.1066,
  "fwhm_y": 4.60191,
  "fwhm_z": 4.59786,
  "icvs_csf": 0.22763036507230192,
  "icvs_gm": 0.4093131920345099,
  "icvs_wm": 0.36305644289318817,
  "inu_med": 1.3303886651992798,
  "inu_range": 0.3556301653385163,
  "provenance": {
    "md5sum": "7756a2d3927f5c69b8434a0fae81f7b5",
    "settings": {
      "testing": false
    },
    "software": "mriqc",
    "version": "0.16.1",
    "warnings": {
      "large_rot_frame": true,
      "small_air_mask": false
    },
    "webapi_port": null,
    "webapi_url": "https://mriqc.nimh.nih.gov/api/v1"
  },
  "qi_1": 0.0,
  "qi_2": 0.009197746358000032,
  "rpve_csf": 28.423021726720478,
  "rpve_gm": 16.00908813246095,
  "rpve_wm": 21.560658247225412,
  "size_x": 192,
  "size_y": 256,
  "size_z": 256,
  "snr_csf": 3.4344976048452014,
  "snr_gm": 13.494776290470174,
  "snr_total": 12.475977103196337,
  "snr_wm": 20.49865741427364,
  "snrd_csf": 30.1717556480013,
  "snrd_gm": 67.43572978092382,
  "snrd_total": 63.15093983852801,
  "snrd_wm": 91.84533408665891,
  "spacing_x": 1.0,
  "spacing_y": 1.0,
  "spacing_z": 1.0,
  "summary_bg_k": 15.773546611828607,
  "summary_bg_mad": 7.133382632090912,
  "summary_bg_mean": 10.000494272393109,
  "summary_bg_median": 7.265204139053822,
  "summary_bg_n": 3000736.0,
  "summary_bg_p05": 0.0,
  "summary_bg_p95": 31.755196899175644,
  "summary_bg_stdv": 11.201584766484357,
  "summary_csf_k": 0.3293098676593238,
  "summary_csf_mad": 87.88327402736005,
  "summary_csf_mean": 347.8262638010381,
  "summary_csf_median": 328.52194610238075,
  "summary_csf_n": 26687.0,
  "summary_csf_p05": 220.85739443376661,
  "summary_csf_p95": 527.4105179540811,
  "summary_csf_stdv": 95.65177465491217,
  "summary_gm_k": -0.11139871095351772,
  "summary_gm_mad": 55.85438600927184,
  "summary_gm_mean": 734.608484195758,
  "summary_gm_median": 734.2667573913932,
  "summary_gm_n": 18614.0,
  "summary_gm_p05": 645.6240498047323,
  "summary_gm_p95": 824.3360431417823,
  "summary_gm_stdv": 54.409722533670866,
  "summary_wm_k": 0.4375227589692119,
  "summary_wm_mad": 45.938984150665476,
  "summary_wm_mean": 1000.3337862653358,
  "summary_wm_median": 1000.0481326505542,
  "summary_wm_n": 189979.0,
  "summary_wm_p05": 920.0346592515707,
  "summary_wm_p95": 1080.879542939365,
  "summary_wm_stdv": 48.78590243447949,
  "tpm_overlap_csf": 0.1675703078508377,
  "tpm_overlap_gm": 0.43732133507728577,
  "tpm_overlap_wm": 0.49739018082618713,
  "wm2max": 0.5232353237337629
}