{
  "bids_meta": {
    "AcquisitionMatrixPE": 256,
    "AcquisitionNumber": 1,
    "AcquisitionTime": "15:24:29.355000",
    "BaseResolution": 256,
    "BodyPartExamined": "HEAD",
    "CoilCombinationMethod": "Adaptive Combine",
    "ConsistencyInfo": "N4_VD13D_LATEST_20130810",
    "ConversionSoftware": "dcm2niix",
    "ConversionSoftwareVersion": "v1.0.20211006",
    "Dcm2bidsVersion": "2.1.6",
    "DeviceSerialNumber": "66040",
    "DwellTime": 1.5e-05,
    "EchoTime": 0.00303,
    "FlipAngle": 9,
    "FrameTimesStart": [
      0
    ],
    "ImageOrientationPatientDICOM": [
      -0.010837,
      0.99852,
      -0.0532904,
      0.0590265,
      -0.0525617,
      -0.996872
    ],
    "ImageOrientationText": "Sag>Tra(-3.3)>Cor(-0.8)",
    "ImageType": [
      "ORIGINAL",
      "PRIMARY",
      "M",
      "ND",
      "NORM"
    ],
    "ImagingFrequency": 123.21,
    "InPlanePhaseEncodingDirectionDICOM": "ROW",
    "InstitutionAddress": "Magyar Tudosok Korutja 2,Budapest,,HU,1117",
    "InstitutionName": "RCNS",
    "InstitutionalDepartmentName": "BIC",
    "InversionTime": 0.9,
    "MRAcquisitionType": "3D",
    "MagneticFieldStrength": 3,
    "Manufacturer": "Siemens",
    "ManufacturersModelName": "Prisma",
    "MatrixCoilMode": "GRAPPA",
    "Modality": "MR",
    "ParallelReductionFactorInPlane": 2,
    "PartialFourier": 1,
    "PatientPosition": "HFS",
    "PercentPhaseFOV": 100,
    "PercentSampling": 100,
    "PhaseEncodingSteps": 255,
    "PhaseResolution": 1,
    "PixelBandwidth": 130,
    "ProcedureStepDescription": "head^MR-artefacts",
    "ProtocolName": "MPRAGE_move2",
    "PulseSequenceDetails": "%SiemensSeq%\\tfl",
    "ReceiveCoilActiveElements": "HE1-4",
    "ReceiveCoilName": "HeadNeck_20",
    "ReconMatrixPE": 256,
    "RefLinesPE": 24,
    "RepetitionTime": 2.3,
    "SAR": 0.056077,
    "ScanOptions": "IR",
    "ScanningSequence": "GR\\IR",
    "SequenceName": "*tfl3d1_16ns",
    "SequenceVariant": "SK\\SP\\MP",
    "SeriesDescription": "MPRAGE_move2",
    "SeriesNumber": 19,
    "ShimSetting": [
      5974,
      -1049,
      1053,
      124,
      -45,
      -160,
      -7,
      -71
    ],
    "SliceThickness": 1,
    "SoftwareVersions": "syngo MR D13D",
    "SpoilingState": true,
    "StationName": "AWP66040",
    "TxRefAmp": 269.888,
    "acq_id": "headmotion2",
    "dataset": "<unset>",
    "modality": "T1w",
    "subject_id": "567551"
  },
  "cjv": 0.4143403061006206,
  "cnr": 3.2548030425263192,
  "efc": 0.5368485680634633,
  "fber": 7566.336968971261,
  "fwhm_avg": 4.420313333333333,
  "fwhm_x": 4.21747,
  "fwhm_y": 4.50116,
  "fwhm_z": 4.54231,
  "icvs_csf": 0.25635889428424186,
  "icvs_gm": 0.3914166178294891,
  "icvs_wm": 0.352224487886269,
  "inu_med": 1.1473517417907715,
  "inu_range": 0.3155399560928345,
  "provenance": {
    "md5sum": "43e70bd0740ef0ffabb33b00dba1194f",
    "settings": {
      "testing": false
    },
    "software": "mriqc",
    "version": "0.16.1",
    "warnings": {
      "large_rot_frame": true,
      "small_air_mask": false
    },
    "webapi_port": null,
    "webapi_url": "https://mriqc.nimh.nih.gov/api/v1"
  },
  "qi_1": 0.0025072813678491852,
  "qi_2": 0.010577419638053535,
  "rpve_csf": 26.82409096567325,
  "rpve_gm": 16.718158807991397,
  "rpve_wm": 22.46040037782335,
  "size_x": 192,
  "size_y": 256,
  "size_z": 256,
  "snr_csf": 3.463896461870519,
  "snr_gm": 12.759673239362092,
  "snr_total": 11.83612342605897,
  "snr_wm": 19.284800576944303,
  "snrd_csf": 55.86804224244795,
  "snrd_gm": 120.7411197555643,
  "snrd_total": 113.05169000956975,
  "snrd_wm": 162.545908030697,
  "spacing_x": 1.0,
  "spacing_y": 1.0,
  "spacing_z": 1.0,
  "summary_bg_k": 23.551315874873815,
  "summary_bg_mad": 4.0304698987743866,
  "summary_bg_mean": 9.309413669661096,
  "summary_bg_median": 5.39583171531558,
  "summary_bg_n": 3681526.0,
  "summary_bg_p05": 0.0,
  "summary_bg_p95": 34.55803671106696,
  "summary_bg_stdv": 12.890098286809572,
  "summary_csf_k": -0.2767096499887134,
  "summary_csf_mad": 102.07470357274829,
  "summary_csf_mean": 359.4095728266779,
  "summary_csf_median": 343.7062423545867,
  "summary_csf_n": 33958.0,
  "summary_csf_p05": 220.4053092263639,
  "summary_csf_p95": 535.0523204728961,
  "summary_csf_stdv": 99.2238611475828,
  "summary_gm_k": -0.0873882738767513,
  "summary_gm_mad": 58.93035533814065,
  "summary_gm_mean": 742.1250079646209,
  "summary_gm_median": 742.8124362900853,
  "summary_gm_n": 13763.0,
  "summary_gm_p05": 644.9872429780662,
  "summary_gm_p95": 836.7246218696237,
  "summary_gm_stdv": 58.213516601745404,
  "summary_wm_k": 0.8446812756353728,
  "summary_wm_mad": 47.632826076424564,
  "summary_wm_mean": 1001.8852720867758,
  "summary_wm_median": 1000.0000182017684,
  "summary_wm_n": 181152.0,
  "summary_wm_p05": 920.298229124397,
  "summary_wm_p95": 1089.5873004980385,
  "summary_wm_stdv": 51.85416639881611,
  "tpm_overlap_csf": 0.16648630797863007,
  "tpm_overlap_gm": 0.433471143245697,
  "tpm_overlap_wm": 0.4971731901168823,
  "wm2max": 0.5072818069746547
}