{
  "bids_meta": {
    "AcquisitionMatrixPE": 256,
    "AcquisitionNumber": 1,
    "AcquisitionTime": "14:51:25.612500",
    "BaseResolution": 256,
    "BodyPartExamined": "HEAD",
    "CoilCombinationMethod": "Adaptive Combine",
    "ConsistencyInfo": "N4_VD13D_LATEST_20130810",
    "ConversionSoftware": "dcm2niix",
    "ConversionSoftwareVersion": "v1.0.20211006",
    "Dcm2bidsVersion": "2.1.6",
    "DeviceSerialNumber": "66040",
    "DwellTime": 1.5e-05,
    "EchoTime": 0.00303,
    "FlipAngle": 9,
    "ImageOrientationPatientDICOM": [
      -0.0108398,
      0.998523,
      -0.053243,
      0.0590257,
      -0.0525144,
      -0.996874
    ],
    "ImageOrientationText": "Sag>Tra(-3.3)>Cor(-0.8)",
    "ImageType": [
      "ORIGINAL",
      "PRIMARY",
      "M",
      "ND",
      "NORM"
    ],
    "ImagingFrequency": 123.21,
    "InPlanePhaseEncodingDirectionDICOM": "ROW",
    "InstitutionAddress": "Magyar Tudosok Korutja 2,Budapest,,HU,1117",
    "InstitutionName": "RCNS",
    "InstitutionalDepartmentName": "BIC",
    "InversionTime": 0.9,
    "MRAcquisitionType": "3D",
    "MagneticFieldStrength": 3,
    "Manufacturer": "Siemens",
    "ManufacturersModelName": "Prisma",
    "MatrixCoilMode": "GRAPPA",
    "Modality": "MR",
    "ParallelReductionFactorInPlane": 2,
    "PartialFourier": 1,
    "PatientPosition": "HFS",
    "PercentPhaseFOV": 100,
    "PercentSampling": 100,
    "PhaseEncodingSteps": 255,
    "PhaseResolution": 1,
    "PixelBandwidth": 130,
    "ProcedureStepDescription": "head^MR-artefacts",
    "ProtocolName": "MPRAGE_conventional",
    "PulseSequenceDetails": "%SiemensSeq%\\tfl",
    "ReceiveCoilActiveElements": "HE1-4",
    "ReceiveCoilName": "HeadNeck_20",
    "ReconMatrixPE": 256,
    "RefLinesPE": 24,
    "RepetitionTime": 2.3,
    "SAR": 0.056077,
    "ScanOptions": "IR",
    "ScanningSequence": "GR\\IR",
    "SequenceName": "*tfl3d1_16ns",
    "SequenceVariant": "SK\\SP\\MP",
    "SeriesDescription": "MPRAGE_conventional",
    "SeriesNumber": 6,
    "ShimSetting": [
      5974,
      -1049,
      1053,
      124,
      -45,
      -160,
      -7,
      -71
    ],
    "SliceThickness": 1,
    "SoftwareVersions": "syngo MR D13D",
    "SpoilingState": true,
    "StationName": "AWP66040",
    "TxRefAmp": 269.888,
    "acq_id": "standard",
    "dataset": "<unset>",
    "modality": "T1w",
    "subject_id": "567551"
  },
  "cjv": 0.31479463098717625,
  "cnr": 4.280988480839935,
  "efc": 0.5285208171952979,
  "fber": 21386.54102259215,
  "fwhm_avg": 4.584123333333333,
  "fwhm_x": 4.35019,
  "fwhm_y": 4.79108,
  "fwhm_z": 4.6111,
  "icvs_csf": 0.2600794627584654,
  "icvs_gm": 0.3932020181072809,
  "icvs_wm": 0.3467185191342537,
  "inu_med": 1.431357741355896,
  "inu_range": 0.28469109535217285,
  "provenance": {
    "md5sum": "f328504a3199c7cdbff6ceafc5a89313",
    "settings": {
      "testing": false
    },
    "software": "mriqc",
    "version": "0.16.1",
    "warnings": {
      "large_rot_frame": true,
      "small_air_mask": false
    },
    "webapi_port": null,
    "webapi_url": "https://mriqc.nimh.nih.gov/api/v1"
  },
  "qi_1": 4.37832881764518e-06,
  "qi_2": 0.013988935785421007,
  "rpve_csf": 26.241883457793982,
  "rpve_gm": 16.654383124281228,
  "rpve_wm": 23.00524239888937,
  "size_x": 192,
  "size_y": 256,
  "size_z": 256,
  "snr_csf": 3.905738193126282,
  "snr_gm": 15.171944316050292,
  "snr_total": 14.90327194198081,
  "snr_wm": 25.632133316765852,
  "snrd_csf": 64.81201273093222,
  "snrd_gm": 142.80432192648334,
  "snrd_total": 134.11396075077508,
  "snrd_wm": 194.72554759490973,
  "spacing_x": 1.0,
  "spacing_y": 1.0,
  "spacing_z": 1.0,
  "summary_bg_k": 16.63059072118118,
  "summary_bg_mad": 3.364409110161727,
  "summary_bg_mean": 4.771393532911517,
  "summary_bg_median": 4.499393757432699,
  "summary_bg_n": 3650837.0,
  "summary_bg_p05": 0.0,
  "summary_bg_p95": 13.459056109189987,
  "summary_bg_stdv": 4.578717103763516,
  "summary_csf_k": -0.0487680977824172,
  "summary_csf_mad": 84.92232650477187,
  "summary_csf_mean": 348.0179180992801,
  "summary_csf_median": 332.8377625606954,
  "summary_csf_n": 35791.0,
  "summary_csf_p05": 237.33323941379786,
  "summary_csf_p95": 502.60184528678656,
  "summary_csf_stdv": 85.21644214989581,
  "summary_gm_k": 0.08323265861246032,
  "summary_gm_mad": 48.14585450748678,
  "summary_gm_mean": 731.2895150409471,
  "summary_gm_median": 733.3620572984219,
  "summary_gm_n": 18283.0,
  "summary_gm_p05": 649.55987043716,
  "summary_gm_p95": 806.760863289237,
  "summary_gm_stdv": 48.33540025602266,
  "summary_wm_k": 0.7160365975505383,
  "summary_wm_mad": 35.79035208568596,
  "summary_wm_mean": 1000.2009637673757,
  "summary_wm_median": 1000.0000438801944,
  "summary_wm_n": 181781.0,
  "summary_wm_p05": 936.421653829515,
  "summary_wm_p95": 1064.7913139872253,
  "summary_wm_stdv": 39.013424320000226,
  "tpm_overlap_csf": 0.1612221598625183,
  "tpm_overlap_gm": 0.4314723014831543,
  "tpm_overlap_wm": 0.4926532804965973,
  "wm2max": 0.5618350479205135
}