{
  "bids_meta": {
    "AcquisitionMatrixPE": 256,
    "AcquisitionNumber": 1,
    "AcquisitionTime": "12:56:51.857500",
    "BodyPartExamined": "HEAD",
    "CoilString": "HeadNeck_20",
    "ConversionSoftware": "dcm2niix",
    "ConversionSoftwareVersion": "v1.0.20211006",
    "Dcm2bidsVersion": "2.1.6",
    "DeviceSerialNumber": "66040",
    "EchoTime": 0.00303,
    "FlipAngle": 9,
    "ImageOrientationPatientDICOM": [
      0.0293207,
      0.999372,
      -0.0198854,
      0.0312308,
      -0.0208001,
      -0.999296
    ],
    "ImageType": [
      "ORIGINAL",
      "PRIMARY",
      "M",
      "NONE"
    ],
    "ImagingFrequency": 123.227,
    "InPlanePhaseEncodingDirectionDICOM": "ROW",
    "InstitutionAddress": "Magyar Tudosok Korutja 2,Budapest,,HU,1117",
    "InstitutionName": "RCNS",
    "InstitutionalDepartmentName": "BIC",
    "InversionTime": 0.9,
    "MRAcquisitionType": "3D",
    "MTState": true,
    "MagneticFieldStrength": 3,
    "Manufacturer": "Siemens",
    "ManufacturersModelName": "MAGNETOM Prisma",
    "Modality": "MR",
    "ParallelAcquisitionTechnique": "GRAPPA",
    "ParallelReductionFactorInPlane": 2,
    "PatientPosition": "HFS",
    "PercentPhaseFOV": 100,
    "PercentSampling": 100,
    "PixelBandwidth": 130,
    "ProcedureStepDescription": "head MR-artefacts",
    "ProtocolName": "MPRAGE_move2",
    "ReceiveCoilActiveElements": "HE1-4;NE1,2",
    "ReconMatrixPE": 256,
    "RepetitionTime": 2.3,
    "SequenceVariant": "SK\\SP\\MP",
    "SeriesDescription": "MPRAGE_move2",
    "SeriesNumber": 7,
    "SliceThickness": 1,
    "SoftwareVersions": "syngo MR XA30",
    "StationName": "AWP66040",
    "acq_id": "headmotion2",
    "dataset": "<unset>",
    "modality": "T1w",
    "subject_id": "307592"
  },
  "cjv": 0.5244643445135134,
  "cnr": 2.3818182891288378,
  "efc": 0.6249617992819558,
  "fber": 586.7963911784362,
  "fwhm_avg": 4.260086666666666,
  "fwhm_x": 4.01385,
  "fwhm_y": 4.15213,
  "fwhm_z": 4.61428,
  "icvs_csf": 0.23827657720283413,
  "icvs_gm": 0.3925920574226167,
  "icvs_wm": 0.36913136537454916,
  "inu_med": 1.035529375076294,
  "inu_range": 0.32232783436775214,
  "provenance": {
    "md5sum": "5e6f1e8ffc756eb69a51b4ca160ca43e",
    "settings": {
      "testing": false
    },
    "software": "mriqc",
    "version": "0.16.1",
    "warnings": {
      "large_rot_frame": true,
      "small_air_mask": false
    },
    "webapi_port": null,
    "webapi_url": "https://mriqc.nimh.nih.gov/api/v1"
  },
  "qi_1": 0.0,
  "qi_2": 0.004180410087742599,
  "rpve_csf": 30.798187950858015,
  "rpve_gm": 17.573473266251504,
  "rpve_wm": 22.16354578494814,
  "size_x": 192,
  "size_y": 256,
  "size_z": 256,
  "snr_csf": 3.723454718022986,
  "snr_gm": 11.42437713982719,
  "snr_total": 9.057957624183539,
  "snr_wm": 12.026041014700438,
  "snrd_csf": 11.468096238770231,
  "snrd_gm": 22.28444797658739,
  "snrd_total": 21.410675848976307,
  "snrd_wm": 30.4794833315713,
  "spacing_x": 1.0,
  "spacing_y": 1.0,
  "spacing_z": 1.0,
  "summary_bg_k": 6.572489495038351,
  "summary_bg_mad": 21.495259664700615,
  "summary_bg_mean": 34.80999529344587,
  "summary_bg_median": 17.962535619735718,
  "summary_bg_n": 2097578.0,
  "summary_bg_p05": 3.4214353561401367,
  "summary_bg_p95": 122.70122545957565,
  "summary_bg_stdv": 41.63662555166968,
  "summary_csf_k": 0.0362274607004216,
  "summary_csf_mad": 101.9598157546861,
  "summary_csf_mean": 378.3397115483569,
  "summary_csf_median": 376.27235329151154,
  "summary_csf_n": 23123.0,
  "summary_csf_p05": 216.67094751596454,
  "summary_csf_p95": 545.3254742383955,
  "summary_csf_stdv": 101.05244870043495,
  "summary_gm_k": 0.0947672336497214,
  "summary_gm_mad": 62.83717500801861,
  "summary_gm_mean": 732.1716474791408,
  "summary_gm_median": 731.1607356071472,
  "summary_gm_n": 7485.0,
  "summary_gm_p05": 626.7812964797021,
  "summary_gm_p95": 840.2189875841141,
  "summary_gm_stdv": 63.995777038420805,
  "summary_wm_k": 0.890823188786459,
  "summary_wm_mad": 78.1818736477164,
  "summary_wm_mean": 1010.05709557481,
  "summary_wm_median": 1000.0427866578102,
  "summary_wm_n": 156929.0,
  "summary_wm_p05": 892.1392691135406,
  "summary_wm_p95": 1161.8766790032387,
  "summary_wm_stdv": 83.15617742694616,
  "tpm_overlap_csf": 0.15896514058113098,
  "tpm_overlap_gm": 0.42494723200798035,
  "tpm_overlap_wm": 0.480244517326355,
  "wm2max": 0.48235698813061284
}