{
  "bids_meta": {
    "AcquisitionMatrixPE": 256,
    "AcquisitionNumber": 1,
    "AcquisitionTime": "09:56:30.557500",
    "BaseResolution": 256,
    "BodyPartExamined": "HEAD",
    "CoilCombinationMethod": "Adaptive Combine",
    "ConsistencyInfo": "N4_VD13D_LATEST_20130810",
    "ConversionSoftware": "dcm2niix",
    "ConversionSoftwareVersion": "v1.0.20211006",
    "Dcm2bidsVersion": "2.1.6",
    "DeviceSerialNumber": "66040",
    "DwellTime": 1.5e-05,
    "EchoTime": 0.00303,
    "FlipAngle": 9,
    "ImageOrientationPatientDICOM": [
      -0.0608811,
      0.994511,
      -0.0850966,
      0.0918128,
      -0.0793136,
      -0.992613
    ],
    "ImageOrientationText": "Sag>Tra(-5.0)>Cor(-3.9)",
    "ImageType": [
      "ORIGINAL",
      "PRIMARY",
      "M",
      "ND",
      "NORM"
    ],
    "ImagingFrequency": 123.21,
    "InPlanePhaseEncodingDirectionDICOM": "ROW",
    "InstitutionAddress": "Magyar Tudosok Korutja 2,Budapest,,HU,1117",
    "InstitutionName": "RCNS",
    "InstitutionalDepartmentName": "BIC",
    "InversionTime": 0.9,
    "MRAcquisitionType": "3D",
    "MagneticFieldStrength": 3,
    "Manufacturer": "Siemens",
    "ManufacturersModelName": "Prisma",
    "MatrixCoilMode": "GRAPPA",
    "Modality": "MR",
    "ParallelReductionFactorInPlane": 2,
    "PartialFourier": 1,
    "PatientPosition": "HFS",
    "PercentPhaseFOV": 100,
    "PercentSampling": 100,
    "PhaseEncodingSteps": 255,
    "PhaseResolution": 1,
    "PixelBandwidth": 130,
    "ProcedureStepDescription": "head^MR-artefacts",
    "ProtocolName": "MPRAGE_move2",
    "PulseSequenceDetails": "%SiemensSeq%\\tfl",
    "ReceiveCoilActiveElements": "HE1-4",
    "ReceiveCoilName": "HeadNeck_20",
    "ReconMatrixPE": 256,
    "RefLinesPE": 24,
    "RepetitionTime": 2.3,
    "SAR": 0.0714446,
    "ScanOptions": "IR",
    "ScanningSequence": "GR\\IR",
    "SequenceName": "*tfl3d1_16ns",
    "SequenceVariant": "SK\\SP\\MP",
    "SeriesDescription": "MPRAGE_move2",
    "SeriesNumber": 19,
    "ShimSetting": [
      5964,
      -1022,
      1169,
      181,
      -13,
      -179,
      64,
      -23
    ],
    "SliceThickness": 1,
    "SoftwareVersions": "syngo MR D13D",
    "SpoilingState": true,
    "StationName": "AWP66040",
    "TxRefAmp": 292.073,
    "acq_id": "headmotion2",
    "dataset": "<unset>",
    "modality": "T1w",
    "subject_id": "000175"
  },
  "cjv": 0.4028122670477524,
  "cnr": 3.3279608317550546,
  "efc": 0.5892395041764631,
  "fber": 5445.270953828056,
  "fwhm_avg": 4.54353,
  "fwhm_x": 4.24885,
  "fwhm_y": 4.66806,
  "fwhm_z": 4.71368,
  "icvs_csf": 0.24568396480094287,
  "icvs_gm": 0.38834898095707887,
  "icvs_wm": 0.3659670542419783,
  "inu_med": 1.1548937559127808,
  "inu_range": 0.4426136016845703,
  "provenance": {
    "md5sum": "a3491216cd634344dfddfd8ea2250562",
    "settings": {
      "testing": false
    },
    "software": "mriqc",
    "version": "0.16.1",
    "warnings": {
      "large_rot_frame": true,
      "small_air_mask": false
    },
    "webapi_port": null,
    "webapi_url": "https://mriqc.nimh.nih.gov/api/v1"
  },
  "qi_1": 0.0,
  "qi_2": 0.0071379622172637195,
  "rpve_csf": 23.0317033079547,
  "rpve_gm": 13.856467772957016,
  "rpve_wm": 17.810278117285314,
  "size_x": 192,
  "size_y": 256,
  "size_z": 256,
  "snr_csf": 3.863236082059352,
  "snr_gm": 11.859644137076812,
  "snr_total": 11.645149360608308,
  "snr_wm": 19.21256786268876,
  "snrd_csf": 58.92336804989664,
  "snrd_gm": 128.69835724195048,
  "snrd_total": 121.37046794548462,
  "snrd_wm": 176.48967854460676,
  "spacing_x": 1.0,
  "spacing_y": 1.0,
  "spacing_z": 1.0,
  "summary_bg_k": 11.395276864796879,
  "summary_bg_mad": 3.7120379929578218,
  "summary_bg_mean": 9.411231582422653,
  "summary_bg_median": 5.007463157176971,
  "summary_bg_n": 3259552.0,
  "summary_bg_p05": 0.0,
  "summary_bg_p95": 32.69295657426119,
  "summary_bg_stdv": 11.454491900977333,
  "summary_csf_k": 0.5259312160213647,
  "summary_csf_mad": 83.37808414951415,
  "summary_csf_mean": 342.46023931646727,
  "summary_csf_median": 333.86297626793385,
  "summary_csf_n": 31882.0,
  "summary_csf_p05": 217.7307574030012,
  "summary_csf_p95": 497.9536920338869,
  "summary_csf_stdv": 86.41919189480716,
  "summary_gm_k": 0.08129652163498324,
  "summary_gm_mad": 60.106461347509345,
  "summary_gm_mean": 730.3453302923384,
  "summary_gm_median": 729.2118222638965,
  "summary_gm_n": 14488.0,
  "summary_gm_p05": 632.1609269488604,
  "summary_gm_p95": 835.699859682843,
  "summary_gm_stdv": 61.48469948500658,
  "summary_wm_k": 0.359935736660002,
  "summary_wm_mad": 48.97034736863588,
  "summary_wm_mean": 999.2607158053858,
  "summary_wm_median": 1000.0000222250819,
  "summary_wm_n": 215965.0,
  "summary_wm_p05": 911.2138485535979,
  "summary_wm_p95": 1083.9713274762034,
  "summary_wm_stdv": 52.049143778141556,
  "tpm_overlap_csf": 0.16033340990543365,
  "tpm_overlap_gm": 0.41663476824760437,
  "tpm_overlap_wm": 0.4893549382686615,
  "wm2max": 0.4555050329533765
}