{
  "bids_meta": {
    "AcquisitionMatrixPE": 256,
    "AcquisitionNumber": 1,
    "AcquisitionTime": "10:52:3.680000",
    "BaseResolution": 256,
    "BodyPartExamined": "HEAD",
    "CoilCombinationMethod": "Adaptive Combine",
    "ConsistencyInfo": "N4_VD13D_LATEST_20130810",
    "ConversionSoftware": "dcm2niix",
    "ConversionSoftwareVersion": "v1.0.20211006",
    "Dcm2bidsVersion": "2.1.6",
    "DeviceSerialNumber": "66040",
    "DwellTime": 1.5e-05,
    "EchoTime": 0.00303,
    "FlipAngle": 9,
    "FrameTimesStart": [
      0
    ],
    "ImageOrientationPatientDICOM": [
      -0.0728621,
      0.997298,
      0.00937525,
      -0.0185292,
      0.008045,
      -0.999796
    ],
    "ImageOrientationText": "Sag>Cor(-4.2)>Tra(1.0)",
    "ImageType": [
      "ORIGINAL",
      "PRIMARY",
      "M",
      "ND",
      "NORM"
    ],
    "ImagingFrequency": 123.21,
    "InPlanePhaseEncodingDirectionDICOM": "ROW",
    "InstitutionAddress": "Magyar Tudosok Korutja 2,Budapest,,HU,1117",
    "InstitutionName": "RCNS",
    "InstitutionalDepartmentName": "BIC",
    "InversionTime": 0.9,
    "MRAcquisitionType": "3D",
    "MagneticFieldStrength": 3,
    "Manufacturer": "Siemens",
    "ManufacturersModelName": "Prisma",
    "MatrixCoilMode": "GRAPPA",
    "Modality": "MR",
    "ParallelReductionFactorInPlane": 2,
    "PartialFourier": 1,
    "PatientPosition": "HFS",
    "PercentPhaseFOV": 100,
    "PercentSampling": 100,
    "PhaseEncodingSteps": 255,
    "PhaseResolution": 1,
    "PixelBandwidth": 130,
    "ProcedureStepDescription": "head^MR-artefacts",
    "ProtocolName": "MPRAGE_conventional",
    "PulseSequenceDetails": "%SiemensSeq%\\tfl",
    "ReceiveCoilActiveElements": "HE1-4",
    "ReceiveCoilName": "HeadNeck_20",
    "ReconMatrixPE": 256,
    "RefLinesPE": 24,
    "RepetitionTime": 2.3,
    "SAR": 0.0513721,
    "ScanOptions": "IR",
    "ScanningSequence": "GR\\IR",
    "SequenceName": "*tfl3d1_16ns",
    "SequenceVariant": "SK\\SP\\MP",
    "SeriesDescription": "MPRAGE_conventional",
    "SeriesNumber": 6,
    "ShimSetting": [
      5950,
      -993,
      1132,
      153,
      0,
      -139,
      161,
      -22
    ],
    "SliceThickness": 1,
    "SoftwareVersions": "syngo MR D13D",
    "SpoilingState": true,
    "StationName": "AWP66040",
    "TxRefAmp": 250.413,
    "acq_id": "standard",
    "dataset": "<unset>",
    "modality": "T1w",
    "subject_id": "132674"
  },
  "cjv": 0.3256219196081269,
  "cnr": 3.980662509120865,
  "efc": 0.5398173883908354,
  "fber": 12105.116819902649,
  "fwhm_avg": 4.5316399999999994,
  "fwhm_x": 4.27274,
  "fwhm_y": 4.71385,
  "fwhm_z": 4.60833,
  "icvs_csf": 0.23640091903330604,
  "icvs_gm": 0.39668165435177066,
  "icvs_wm": 0.3669174266149233,
  "inu_med": 1.4154841899871826,
  "inu_range": 0.3496172904968262,
  "provenance": {
    "md5sum": "b2acace33d065c2ca0cc3d372777954c",
    "settings": {
      "testing": false
    },
    "software": "mriqc",
    "version": "0.16.1",
    "warnings": {
      "large_rot_frame": true,
      "small_air_mask": false
    },
    "webapi_port": null,
    "webapi_url": "https://mriqc.nimh.nih.gov/api/v1"
  },
  "qi_1": 0.0,
  "qi_2": 0.006476659743320705,
  "rpve_csf": 29.591791111932064,
  "rpve_gm": 17.626502043843022,
  "rpve_wm": 23.74128167197694,
  "size_x": 192,
  "size_y": 256,
  "size_z": 256,
  "snr_csf": 3.719364110526134,
  "snr_gm": 13.670966853966735,
  "snr_total": 14.142447968697704,
  "snr_wm": 25.03701294160025,
  "snrd_csf": 83.62888361992158,
  "snrd_gm": 159.64299668659152,
  "snrd_total": 153.67586654544695,
  "snrd_wm": 217.75571932982777,
  "spacing_x": 1.0,
  "spacing_y": 1.0,
  "spacing_z": 1.0,
  "summary_bg_k": 14.116033339948103,
  "summary_bg_mad": 3.00858395051446,
  "summary_bg_mean": 5.31402647877499,
  "summary_bg_median": 4.058518074452877,
  "summary_bg_n": 2814163.0,
  "summary_bg_p05": 0.0,
  "summary_bg_p95": 14.252005331218243,
  "summary_bg_stdv": 4.865799789801336,
  "summary_csf_k": -0.2865435536295462,
  "summary_csf_mad": 113.20671702168362,
  "summary_csf_mean": 386.04867003473294,
  "summary_csf_median": 384.0490708127618,
  "summary_csf_n": 23235.0,
  "summary_csf_p05": 223.58187303878367,
  "summary_csf_p95": 552.3171178624033,
  "summary_csf_stdv": 103.25442598783505,
  "summary_gm_k": 0.08063420262704657,
  "summary_gm_mad": 52.615235599694735,
  "summary_gm_mean": 732.5108964140026,
  "summary_gm_median": 733.1288172863424,
  "summary_gm_n": 19500.0,
  "summary_gm_p05": 643.5559076210484,
  "summary_gm_p95": 820.8612361969425,
  "summary_gm_stdv": 53.625323409939675,
  "summary_wm_k": 1.1929206822216196,
  "summary_wm_mad": 34.28386362214152,
  "summary_wm_mean": 995.7644652099585,
  "summary_wm_median": 999.9999767169356,
  "summary_wm_n": 190967.0,
  "summary_wm_p05": 919.4431121461093,
  "summary_wm_p95": 1052.9022878967226,
  "summary_wm_stdv": 39.94076133573457,
  "tpm_overlap_csf": 0.15721586346626282,
  "tpm_overlap_gm": 0.4340238869190216,
  "tpm_overlap_wm": 0.4869768023490906,
  "wm2max": 0.5455294390237623
}