{
  "bids_meta": {
    "AcquisitionMatrixPE": 256,
    "AcquisitionNumber": 1,
    "AcquisitionTime": "17:31:14.052500",
    "BodyPartExamined": "HEAD",
    "CoilString": "HeadNeck_20",
    "ConversionSoftware": "dcm2niix",
    "ConversionSoftwareVersion": "v1.0.20211006",
    "Dcm2bidsVersion": "2.1.6",
    "DeviceSerialNumber": "66040",
    "EchoTime": 0.00303,
    "FlipAngle": 9,
    "ImageOrientationPatientDICOM": [
      -6.85662e-05,
      0.988118,
      -0.153697,
      0.0449285,
      -0.153538,
      -0.987121
    ],
    "ImageType": [
      "ORIGINAL",
      "PRIMARY",
      "M",
      "NONE"
    ],
    "ImagingFrequency": 123.227,
    "InPlanePhaseEncodingDirectionDICOM": "ROW",
    "InstitutionAddress": "Magyar Tudosok Korutja 2,Budapest,,HU,1117",
    "InstitutionName": "RCNS",
    "InstitutionalDepartmentName": "BIC",
    "InversionTime": 0.9,
    "MRAcquisitionType": "3D",
    "MTState": true,
    "MagneticFieldStrength": 3,
    "Manufacturer": "Siemens",
    "ManufacturersModelName": "MAGNETOM Prisma",
    "Modality": "MR",
    "ParallelAcquisitionTechnique": "GRAPPA",
    "ParallelReductionFactorInPlane": 2,
    "PatientPosition": "HFS",
    "PercentPhaseFOV": 100,
    "PercentSampling": 100,
    "PixelBandwidth": 130,
    "ProcedureStepDescription": "head MR-artefacts",
    "ProtocolName": "MPRAGE_move2",
    "ReceiveCoilActiveElements": "HE1-4;NE1,2",
    "ReconMatrixPE": 256,
    "RepetitionTime": 2.3,
    "SequenceVariant": "SK\\SP\\MP",
    "SeriesDescription": "MPRAGE_move2",
    "SeriesNumber": 7,
    "SliceThickness": 1,
    "SoftwareVersions": "syngo MR XA30",
    "StationName": "AWP66040",
    "acq_id": "headmotion2",
    "dataset": "<unset>",
    "modality": "T1w",
    "subject_id": "195765"
  },
  "cjv": 0.550301009541751,
  "cnr": 2.306281089099448,
  "efc": 0.6383315357308897,
  "fber": 472.22171369921557,
  "fwhm_avg": 4.42158,
  "fwhm_x": 4.06853,
  "fwhm_y": 4.43226,
  "fwhm_z": 4.76395,
  "icvs_csf": 0.2358229336255261,
  "icvs_gm": 0.39799088368850233,
  "icvs_wm": 0.3661861826859716,
  "inu_med": 1.3186140060424805,
  "inu_range": 0.45280007719993587,
  "provenance": {
    "md5sum": "3cff95028d78f1a44378afe626b39429",
    "settings": {
      "testing": false
    },
    "software": "mriqc",
    "version": "0.16.1",
    "warnings": {
      "large_rot_frame": true,
      "small_air_mask": false
    },
    "webapi_port": null,
    "webapi_url": "https://mriqc.nimh.nih.gov/api/v1"
  },
  "qi_1": 0.0,
  "qi_2": 0.00899019593017129,
  "rpve_csf": 32.74352527490928,
  "rpve_gm": 18.390468950809634,
  "rpve_wm": 23.059378020081002,
  "size_x": 192,
  "size_y": 256,
  "size_z": 256,
  "snr_csf": 4.001371360348551,
  "snr_gm": 11.994013089582552,
  "snr_total": 9.19970313390637,
  "snr_wm": 11.603724951788006,
  "snrd_csf": 11.574672491180179,
  "snrd_gm": 20.53426825179853,
  "snrd_total": 19.9265788299536,
  "snrd_wm": 27.67079574688209,
  "spacing_x": 1.0,
  "spacing_y": 1.0,
  "spacing_z": 1.0,
  "summary_bg_k": 4.307204495620276,
  "summary_bg_mad": 23.67609532004079,
  "summary_bg_mean": 33.935577946121946,
  "summary_bg_median": 23.73576581478119,
  "summary_bg_n": 1972835.0,
  "summary_bg_p05": 0.0,
  "summary_bg_p95": 106.98547385632992,
  "summary_bg_stdv": 35.370105365049945,
  "summary_csf_k": 0.530130551583734,
  "summary_csf_mad": 99.03852987700124,
  "summary_csf_mean": 412.7735684371435,
  "summary_csf_median": 418.2992405630648,
  "summary_csf_n": 31020.0,
  "summary_csf_p05": 230.24565478786826,
  "summary_csf_p95": 571.5803657388315,
  "summary_csf_stdv": 104.53728495229866,
  "summary_gm_k": 0.005351389261244677,
  "summary_gm_mad": 61.45434577606216,
  "summary_gm_mean": 742.3888865812572,
  "summary_gm_median": 742.0917370915413,
  "summary_gm_n": 11438.0,
  "summary_gm_p05": 640.2984620071948,
  "summary_gm_p95": 846.9523363243788,
  "summary_gm_stdv": 61.86914180344616,
  "summary_wm_k": 0.9162812591119867,
  "summary_wm_mad": 80.47284857412771,
  "summary_wm_mean": 1010.3524411032532,
  "summary_wm_median": 1000.0000307150185,
  "summary_wm_n": 155643.0,
  "summary_wm_p05": 887.0806154049933,
  "summary_wm_p95": 1167.2848214022815,
  "summary_wm_stdv": 86.17894877591266,
  "tpm_overlap_csf": 0.1586521565914154,
  "tpm_overlap_gm": 0.4416520595550537,
  "tpm_overlap_wm": 0.492401659488678,
  "wm2max": 0.5147792102780647
}