{
  "bids_meta": {
    "AcquisitionMatrixPE": 256,
    "AcquisitionNumber": 1,
    "AcquisitionTime": "17:20:1.052500",
    "BodyPartExamined": "HEAD",
    "CoilString": "HeadNeck_20",
    "ConversionSoftware": "dcm2niix",
    "ConversionSoftwareVersion": "v1.0.20211006",
    "Dcm2bidsVersion": "2.1.6",
    "DeviceSerialNumber": "66040",
    "EchoTime": 0.00303,
    "FlipAngle": 9,
    "ImageOrientationPatientDICOM": [
      -6.85662e-05,
      0.988118,
      -0.153697,
      0.0449285,
      -0.153538,
      -0.987121
    ],
    "ImageType": [
      "ORIGINAL",
      "PRIMARY",
      "M",
      "NONE"
    ],
    "ImagingFrequency": 123.227,
    "InPlanePhaseEncodingDirectionDICOM": "ROW",
    "InstitutionAddress": "Magyar Tudosok Korutja 2,Budapest,,HU,1117",
    "InstitutionName": "RCNS",
    "InstitutionalDepartmentName": "BIC",
    "InversionTime": 0.9,
    "MRAcquisitionType": "3D",
    "MTState": true,
    "MagneticFieldStrength": 3,
    "Manufacturer": "Siemens",
    "ManufacturersModelName": "MAGNETOM Prisma",
    "Modality": "MR",
    "ParallelAcquisitionTechnique": "GRAPPA",
    "ParallelReductionFactorInPlane": 2,
    "PatientPosition": "HFS",
    "PercentPhaseFOV": 100,
    "PercentSampling": 100,
    "PixelBandwidth": 130,
    "ProcedureStepDescription": "head MR-artefacts",
    "ProtocolName": "MPRAGE_conventional",
    "ReceiveCoilActiveElements": "HE1-4;NE1,2",
    "ReconMatrixPE": 256,
    "RepetitionTime": 2.3,
    "SequenceVariant": "SK\\SP\\MP",
    "SeriesDescription": "MPRAGE_conventional",
    "SeriesNumber": 5,
    "SliceThickness": 1,
    "SoftwareVersions": "syngo MR XA30",
    "StationName": "AWP66040",
    "acq_id": "standard",
    "dataset": "<unset>",
    "modality": "T1w",
    "subject_id": "195765"
  },
  "cjv": 0.3609358029936455,
  "cnr": 3.5587654642384146,
  "efc": 0.5723832703962964,
  "fber": 9265.684762024996,
  "fwhm_avg": 4.75577,
  "fwhm_x": 4.43662,
  "fwhm_y": 4.93543,
  "fwhm_z": 4.89526,
  "icvs_csf": 0.23841593786238888,
  "icvs_gm": 0.391327265699125,
  "icvs_wm": 0.37025679643848614,
  "inu_med": 1.0051274299621582,
  "inu_range": 0.33966310918331144,
  "provenance": {
    "md5sum": "d39191fc6e02e9940dfcf39efadcb402",
    "settings": {
      "testing": false
    },
    "software": "mriqc",
    "version": "0.16.1",
    "warnings": {
      "large_rot_frame": true,
      "small_air_mask": false
    },
    "webapi_port": null,
    "webapi_url": "https://mriqc.nimh.nih.gov/api/v1"
  },
  "qi_1": 0.0,
  "qi_2": 0.006182192304392023,
  "rpve_csf": 32.024992061134384,
  "rpve_gm": 18.942858926741316,
  "rpve_wm": 24.6703032023195,
  "size_x": 192,
  "size_y": 256,
  "size_z": 256,
  "snr_csf": 3.7448009257923056,
  "snr_gm": 13.442219032436844,
  "snr_total": 13.315329447044704,
  "snr_wm": 22.75896838290496,
  "snrd_csf": 47.582740274082035,
  "snrd_gm": 92.29324253246389,
  "snrd_total": 87.79909388901693,
  "snrd_wm": 123.52129886050486,
  "spacing_x": 1.0,
  "spacing_y": 1.0,
  "spacing_z": 1.0,
  "summary_bg_k": 10.14112335299137,
  "summary_bg_mad": 5.304049093615378,
  "summary_bg_mean": 6.15065125168659,
  "summary_bg_median": 3.6588341742753983,
  "summary_bg_n": 2116716.0,
  "summary_bg_p05": 0.0,
  "summary_bg_p95": 14.716644123196602,
  "summary_bg_stdv": 5.159164269876076,
  "summary_csf_k": -0.3328107605721149,
  "summary_csf_mad": 118.43700532902518,
  "summary_csf_mean": 386.85793234413376,
  "summary_csf_median": 385.23458483815193,
  "summary_csf_n": 21379.0,
  "summary_csf_p05": 227.98195739910008,
  "summary_csf_p95": 545.3289068192244,
  "summary_csf_stdv": 102.86944024988124,
  "summary_gm_k": 0.2597105687043091,
  "summary_gm_mad": 52.73912451038017,
  "summary_gm_mean": 743.8791466536994,
  "summary_gm_median": 747.2152458131313,
  "summary_gm_n": 15465.0,
  "summary_gm_p05": 648.7112990990281,
  "summary_gm_p95": 832.4579513311386,
  "summary_gm_stdv": 55.585397422184286,
  "summary_wm_k": 1.1266618750432098,
  "summary_wm_mad": 38.51462921386621,
  "summary_wm_mean": 1000.0811276697481,
  "summary_wm_median": 1000.0406872555614,
  "summary_wm_n": 170392.0,
  "summary_wm_p05": 924.8719718307257,
  "summary_wm_p95": 1071.184685088694,
  "summary_wm_stdv": 43.940381474977535,
  "tpm_overlap_csf": 0.1656121015548706,
  "tpm_overlap_gm": 0.4457463026046753,
  "tpm_overlap_wm": 0.5160002708435059,
  "wm2max": 0.5213972318192416
}