{
  "bids_meta": {
    "AcquisitionMatrixPE": 256,
    "AcquisitionNumber": 1,
    "AcquisitionTime": "17:25:25.387500",
    "BodyPartExamined": "HEAD",
    "CoilString": "HeadNeck_20",
    "ConversionSoftware": "dcm2niix",
    "ConversionSoftwareVersion": "v1.0.20211006",
    "Dcm2bidsVersion": "2.1.6",
    "DeviceSerialNumber": "66040",
    "EchoTime": 0.00303,
    "FlipAngle": 9,
    "ImageOrientationPatientDICOM": [
      -6.85662e-05,
      0.988118,
      -0.153697,
      0.0449285,
      -0.153538,
      -0.987121
    ],
    "ImageType": [
      "ORIGINAL",
      "PRIMARY",
      "M",
      "NONE"
    ],
    "ImagingFrequency": 123.227,
    "InPlanePhaseEncodingDirectionDICOM": "ROW",
    "InstitutionAddress": "Magyar Tudosok Korutja 2,Budapest,,HU,1117",
    "InstitutionName": "RCNS",
    "InstitutionalDepartmentName": "BIC",
    "InversionTime": 0.9,
    "MRAcquisitionType": "3D",
    "MTState": true,
    "MagneticFieldStrength": 3,
    "Manufacturer": "Siemens",
    "ManufacturersModelName": "MAGNETOM Prisma",
    "Modality": "MR",
    "ParallelAcquisitionTechnique": "GRAPPA",
    "ParallelReductionFactorInPlane": 2,
    "PatientPosition": "HFS",
    "PercentPhaseFOV": 100,
    "PercentSampling": 100,
    "PixelBandwidth": 130,
    "ProcedureStepDescription": "head MR-artefacts",
    "ProtocolName": "MPRAGE_move1",
    "ReceiveCoilActiveElements": "HE1-4;NE1,2",
    "ReconMatrixPE": 256,
    "RepetitionTime": 2.3,
    "SequenceVariant": "SK\\SP\\MP",
    "SeriesDescription": "MPRAGE_move1",
    "SeriesNumber": 6,
    "SliceThickness": 1,
    "SoftwareVersions": "syngo MR XA30",
    "StationName": "AWP66040",
    "acq_id": "headmotion1",
    "dataset": "<unset>",
    "modality": "T1w",
    "subject_id": "195765"
  },
  "cjv": 0.5176631118599268,
  "cnr": 2.3800044239366005,
  "efc": 0.6158083981368928,
  "fber": 1381.5919696170845,
  "fwhm_avg": 4.91457,
  "fwhm_x": 4.5899,
  "fwhm_y": 5.06673,
  "fwhm_z": 5.08708,
  "icvs_csf": 0.23822988642714832,
  "icvs_gm": 0.379628596436841,
  "icvs_wm": 0.3821415171360107,
  "inu_med": 1.6449944972991943,
  "inu_range": 0.6540306329727166,
  "provenance": {
    "md5sum": "54db7f70e7e61af8e252592c774b36e3",
    "settings": {
      "testing": false
    },
    "software": "mriqc",
    "version": "0.16.1",
    "warnings": {
      "large_rot_frame": true,
      "small_air_mask": false
    },
    "webapi_port": null,
    "webapi_url": "https://mriqc.nimh.nih.gov/api/v1"
  },
  "qi_1": 3.1265185947460196e-06,
  "qi_2": 0.009996302552557278,
  "rpve_csf": 32.50183424266043,
  "rpve_gm": 19.23080610493436,
  "rpve_wm": 23.286242419052797,
  "size_x": 192,
  "size_y": 256,
  "size_z": 256,
  "snr_csf": 4.257180675072091,
  "snr_gm": 11.676565583730053,
  "snr_total": 9.842286043963812,
  "snr_wm": 13.593111873089295,
  "snrd_csf": 23.43436678565221,
  "snrd_gm": 44.042478280572496,
  "snrd_total": 41.88203789364924,
  "snrd_wm": 58.16926861472302,
  "spacing_x": 1.0,
  "spacing_y": 1.0,
  "spacing_z": 1.0,
  "summary_bg_k": 4.092780974666932,
  "summary_bg_mad": 11.262586170480784,
  "summary_bg_mean": 24.573022564563487,
  "summary_bg_median": 11.25978522002697,
  "summary_bg_n": 2049053.0,
  "summary_bg_p05": 0.0,
  "summary_bg_p95": 84.25558460876346,
  "summary_bg_stdv": 28.215624462169043,
  "summary_csf_k": -0.13899603943128014,
  "summary_csf_mad": 99.84825759768877,
  "summary_csf_mean": 400.8224670670006,
  "summary_csf_median": 402.86508933641016,
  "summary_csf_n": 22944.0,
  "summary_csf_p05": 245.47874215990305,
  "summary_csf_p95": 551.2937375176697,
  "summary_csf_stdv": 94.62983619352356,
  "summary_gm_k": 0.15392047050932955,
  "summary_gm_mad": 62.77319601618224,
  "summary_gm_mean": 756.5959753549339,
  "summary_gm_median": 757.1434342302382,
  "summary_gm_n": 8147.0,
  "summary_gm_p05": 648.710160125047,
  "summary_gm_p95": 864.0766890030354,
  "summary_gm_stdv": 64.83901107334869,
  "summary_wm_k": 1.4575278079413172,
  "summary_wm_mad": 62.94470748070732,
  "summary_wm_mean": 1006.8928069462022,
  "summary_wm_median": 1000.0000346265733,
  "summary_wm_n": 172230.0,
  "summary_wm_p05": 897.620823122561,
  "summary_wm_p95": 1141.634250767529,
  "summary_wm_stdv": 73.56646078277963,
  "tpm_overlap_csf": 0.15676330029964447,
  "tpm_overlap_gm": 0.4287796914577484,
  "tpm_overlap_wm": 0.49727171659469604,
  "wm2max": 0.5319371512963571
}