{
  "bids_meta": {
    "AcquisitionMatrixPE": 256,
    "AcquisitionNumber": 1,
    "AcquisitionTime": "11:15:35.730000",
    "BaseResolution": 256,
    "BodyPartExamined": "HEAD",
    "CoilCombinationMethod": "Adaptive Combine",
    "ConsistencyInfo": "N4_VD13D_LATEST_20130810",
    "ConversionSoftware": "dcm2niix",
    "ConversionSoftwareVersion": "v1.0.20211006",
    "Dcm2bidsVersion": "2.1.6",
    "DeviceSerialNumber": "66040",
    "DwellTime": 1.5e-05,
    "EchoTime": 0.00303,
    "FlipAngle": 9,
    "FrameTimesStart": [
      0
    ],
    "ImageOrientationPatientDICOM": [
      0.0420076,
      0.998011,
      0.0469944,
      0.0707968,
      0.0439444,
      -0.996522
    ],
    "ImageOrientationText": "Sag>Tra(-3.9)>Cor(2.6)",
    "ImageType": [
      "ORIGINAL",
      "PRIMARY",
      "M",
      "ND",
      "NORM"
    ],
    "ImagingFrequency": 123.21,
    "InPlanePhaseEncodingDirectionDICOM": "ROW",
    "InstitutionAddress": "Magyar Tudosok Korutja 2,Budapest,,HU,1117",
    "InstitutionName": "RCNS",
    "InstitutionalDepartmentName": "BIC",
    "InversionTime": 0.9,
    "MRAcquisitionType": "3D",
    "MagneticFieldStrength": 3,
    "Manufacturer": "Siemens",
    "ManufacturersModelName": "Prisma",
    "MatrixCoilMode": "GRAPPA",
    "Modality": "MR",
    "ParallelReductionFactorInPlane": 2,
    "PartialFourier": 1,
    "PatientPosition": "HFS",
    "PercentPhaseFOV": 100,
    "PercentSampling": 100,
    "PhaseEncodingSteps": 255,
    "PhaseResolution": 1,
    "PixelBandwidth": 130,
    "ProcedureStepDescription": "head^MR-artefacts",
    "ProtocolName": "MPRAGE_move2",
    "PulseSequenceDetails": "%SiemensSeq%\\tfl",
    "ReceiveCoilActiveElements": "HE1-4",
    "ReceiveCoilName": "HeadNeck_20",
    "ReconMatrixPE": 256,
    "RefLinesPE": 24,
    "RepetitionTime": 2.3,
    "SAR": 0.0669151,
    "ScanOptions": "IR",
    "ScanningSequence": "GR\\IR",
    "SequenceName": "*tfl3d1_16ns",
    "SequenceVariant": "SK\\SP\\MP",
    "SeriesDescription": "MPRAGE_move2",
    "SeriesNumber": 19,
    "ShimSetting": [
      5970,
      -1069,
      1155,
      256,
      -25,
      -174,
      101,
      -26
    ],
    "SliceThickness": 1,
    "SoftwareVersions": "syngo MR D13D",
    "SpoilingState": true,
    "StationName": "AWP66040",
    "TxRefAmp": 262.163,
    "acq_id": "headmotion2",
    "dataset": "<unset>",
    "modality": "T1w",
    "subject_id": "257563"
  },
  "cjv": 0.42418541471652943,
  "cnr": 3.164844331828982,
  "efc": 0.593458259735467,
  "fber": 5187.318503259785,
  "fwhm_avg": 4.5981499999999995,
  "fwhm_x": 4.30308,
  "fwhm_y": 4.81292,
  "fwhm_z": 4.67845,
  "icvs_csf": 0.23228131799508625,
  "icvs_gm": 0.39857222741200066,
  "icvs_wm": 0.3691464545929131,
  "inu_med": 1.5791629552841187,
  "inu_range": 0.6307410717010498,
  "provenance": {
    "md5sum": "ca700f8ee224b5e07e53badc6ad1f0a7",
    "settings": {
      "testing": false
    },
    "software": "mriqc",
    "version": "0.16.1",
    "warnings": {
      "large_rot_frame": true,
      "small_air_mask": false
    },
    "webapi_port": null,
    "webapi_url": "https://mriqc.nimh.nih.gov/api/v1"
  },
  "qi_1": 0.0,
  "qi_2": 0.006758951965929804,
  "rpve_csf": 23.695257407808246,
  "rpve_gm": 13.666485765625051,
  "rpve_wm": 17.97237328223189,
  "size_x": 192,
  "size_y": 256,
  "size_z": 256,
  "snr_csf": 3.104648900796015,
  "snr_gm": 11.511606200970235,
  "snr_total": 11.162811662045621,
  "snr_wm": 18.87217988437062,
  "snrd_csf": 60.336725239152315,
  "snrd_gm": 127.26223823410038,
  "snrd_total": 120.19605926965117,
  "snrd_wm": 172.9892143357008,
  "spacing_x": 1.0,
  "spacing_y": 1.0,
  "spacing_z": 1.0,
  "summary_bg_k": 11.183973717736349,
  "summary_bg_mad": 3.7873243985417915,
  "summary_bg_mean": 8.705082371770677,
  "summary_bg_median": 5.017790421843529,
  "summary_bg_n": 2585816.0,
  "summary_bg_p05": 0.0,
  "summary_bg_p95": 27.36976593732834,
  "summary_bg_stdv": 9.18531233715942,
  "summary_csf_k": -0.2954321266685893,
  "summary_csf_mad": 116.96745620139336,
  "summary_csf_mean": 360.19405000385524,
  "summary_csf_median": 348.80485873296857,
  "summary_csf_n": 25810.0,
  "summary_csf_p05": 194.7564119685441,
  "summary_csf_p95": 558.8290384668855,
  "summary_csf_stdv": 112.34703589609072,
  "summary_gm_k": 0.08881578219661668,
  "summary_gm_mad": 63.3024220899128,
  "summary_gm_mean": 736.9593687233317,
  "summary_gm_median": 735.6993083953857,
  "summary_gm_n": 22090.0,
  "summary_gm_p05": 633.7469302788377,
  "summary_gm_p95": 844.2455192890018,
  "summary_gm_stdv": 63.90790677231458,
  "summary_wm_k": 0.6923659828473583,
  "summary_wm_mad": 48.82943242405667,
  "summary_wm_mean": 1000.2522965561885,
  "summary_wm_median": 1000.0456310734153,
  "summary_wm_n": 233940.0,
  "summary_wm_p05": 911.5500545427203,
  "summary_wm_p95": 1087.0358704775572,
  "summary_wm_stdv": 52.990354044984905,
  "tpm_overlap_csf": 0.1649433672428131,
  "tpm_overlap_gm": 0.4418448507785797,
  "tpm_overlap_wm": 0.5097948312759399,
  "wm2max": 0.48286419100480155
}