{
  "bids_meta": {
    "AcquisitionMatrixPE": 256,
    "AcquisitionNumber": 1,
    "AcquisitionTime": "11:09:40.070000",
    "BaseResolution": 256,
    "BodyPartExamined": "HEAD",
    "CoilCombinationMethod": "Adaptive Combine",
    "ConsistencyInfo": "N4_VD13D_LATEST_20130810",
    "ConversionSoftware": "dcm2niix",
    "ConversionSoftwareVersion": "v1.0.20211006",
    "Dcm2bidsVersion": "2.1.6",
    "DeviceSerialNumber": "66040",
    "DwellTime": 1.5e-05,
    "EchoTime": 0.00303,
    "FlipAngle": 9,
    "FrameTimesStart": [
      0
    ],
    "ImageOrientationPatientDICOM": [
      0.0420076,
      0.998011,
      0.0469944,
      0.0707968,
      0.0439444,
      -0.996522
    ],
    "ImageOrientationText": "Sag>Tra(-3.9)>Cor(2.6)",
    "ImageType": [
      "ORIGINAL",
      "PRIMARY",
      "M",
      "ND",
      "NORM"
    ],
    "ImagingFrequency": 123.21,
    "InPlanePhaseEncodingDirectionDICOM": "ROW",
    "InstitutionAddress": "Magyar Tudosok Korutja 2,Budapest,,HU,1117",
    "InstitutionName": "RCNS",
    "InstitutionalDepartmentName": "BIC",
    "InversionTime": 0.9,
    "MRAcquisitionType": "3D",
    "MagneticFieldStrength": 3,
    "Manufacturer": "Siemens",
    "ManufacturersModelName": "Prisma",
    "MatrixCoilMode": "GRAPPA",
    "Modality": "MR",
    "ParallelReductionFactorInPlane": 2,
    "PartialFourier": 1,
    "PatientPosition": "HFS",
    "PercentPhaseFOV": 100,
    "PercentSampling": 100,
    "PhaseEncodingSteps": 255,
    "PhaseResolution": 1,
    "PixelBandwidth": 130,
    "ProcedureStepDescription": "head^MR-artefacts",
    "ProtocolName": "MPRAGE_move1",
    "PulseSequenceDetails": "%SiemensSeq%\\tfl",
    "ReceiveCoilActiveElements": "HE1-4",
    "ReceiveCoilName": "HeadNeck_20",
    "ReconMatrixPE": 256,
    "RefLinesPE": 24,
    "RepetitionTime": 2.3,
    "SAR": 0.0669151,
    "ScanOptions": "IR",
    "ScanningSequence": "GR\\IR",
    "SequenceName": "*tfl3d1_16ns",
    "SequenceVariant": "SK\\SP\\MP",
    "SeriesDescription": "MPRAGE_move1",
    "SeriesNumber": 17,
    "ShimSetting": [
      5970,
      -1069,
      1155,
      256,
      -25,
      -174,
      101,
      -26
    ],
    "SliceThickness": 1,
    "SoftwareVersions": "syngo MR D13D",
    "SpoilingState": true,
    "StationName": "AWP66040",
    "TxRefAmp": 262.163,
    "acq_id": "headmotion1",
    "dataset": "<unset>",
    "modality": "T1w",
    "subject_id": "257563"
  },
  "cjv": 0.49730583674080103,
  "cnr": 2.7227969145262128,
  "efc": 0.5910890184065721,
  "fber": 6709.014073469388,
  "fwhm_avg": 4.605530000000001,
  "fwhm_x": 4.33246,
  "fwhm_y": 4.79468,
  "fwhm_z": 4.68945,
  "icvs_csf": 0.23738407467606107,
  "icvs_gm": 0.3952887506119303,
  "icvs_wm": 0.36732717471200865,
  "inu_med": 1.0500553846359253,
  "inu_range": 0.4567766785621643,
  "provenance": {
    "md5sum": "ba1d961024296eb1a504e7232dfdd5be",
    "settings": {
      "testing": false
    },
    "software": "mriqc",
    "version": "0.16.1",
    "warnings": {
      "large_rot_frame": true,
      "small_air_mask": false
    },
    "webapi_port": null,
    "webapi_url": "https://mriqc.nimh.nih.gov/api/v1"
  },
  "qi_1": 2.4535937788078198e-06,
  "qi_2": 0.012732494764755735,
  "rpve_csf": 23.670288109553706,
  "rpve_gm": 13.900106677614863,
  "rpve_wm": 18.32082800567762,
  "size_x": 192,
  "size_y": 256,
  "size_z": 256,
  "snr_csf": 3.090475393756811,
  "snr_gm": 11.360790396945474,
  "snr_total": 10.741253631310586,
  "snr_wm": 17.772495103229478,
  "snrd_csf": 54.5649036298268,
  "snrd_gm": 109.63263937911306,
  "snrd_total": 102.79615419939167,
  "snrd_wm": 144.19091958923514,
  "spacing_x": 1.0,
  "spacing_y": 1.0,
  "spacing_z": 1.0,
  "summary_bg_k": 21.105460251165987,
  "summary_bg_mad": 4.5437742871872056,
  "summary_bg_mean": 9.165584140086265,
  "summary_bg_median": 6.129458367824554,
  "summary_bg_n": 2631211.0,
  "summary_bg_p05": 0.0,
  "summary_bg_p95": 27.476882338523865,
  "summary_bg_stdv": 10.168122626934183,
  "summary_csf_k": -0.4753009221375297,
  "summary_csf_mad": 134.58972802392447,
  "summary_csf_mean": 386.0875382244693,
  "summary_csf_median": 378.4412140548229,
  "summary_csf_n": 22781.0,
  "summary_csf_p05": 201.37384344637394,
  "summary_csf_p95": 594.4517813622952,
  "summary_csf_stdv": 122.45135769629475,
  "summary_gm_k": 0.03531817779486346,
  "summary_gm_mad": 66.3156023121374,
  "summary_gm_mean": 763.5449346382525,
  "summary_gm_median": 760.3698785603046,
  "summary_gm_n": 20276.0,
  "summary_gm_p05": 658.7054139077663,
  "summary_gm_p95": 878.3355320617557,
  "summary_gm_stdv": 66.92766095247575,
  "summary_wm_k": 0.7030750582377756,
  "summary_wm_mad": 52.88013179054075,
  "summary_wm_mean": 1004.0713504347384,
  "summary_wm_median": 1000.052836805582,
  "summary_wm_n": 229439.0,
  "summary_wm_p05": 917.6221897900105,
  "summary_wm_p95": 1102.0343424081802,
  "summary_wm_stdv": 56.26957000977745,
  "tpm_overlap_csf": 0.16607405245304108,
  "tpm_overlap_gm": 0.4412221908569336,
  "tpm_overlap_wm": 0.5076224207878113,
  "wm2max": 0.4294965650543514
}