{
  "bids_meta": {
    "AcquisitionMatrixPE": 256,
    "AcquisitionNumber": 1,
    "AcquisitionTime": "13:48:6.530000",
    "BaseResolution": 256,
    "BodyPartExamined": "HEAD",
    "CoilCombinationMethod": "Adaptive Combine",
    "ConsistencyInfo": "N4_VD13D_LATEST_20130810",
    "ConversionSoftware": "dcm2niix",
    "ConversionSoftwareVersion": "v1.0.20211006",
    "Dcm2bidsVersion": "2.1.6",
    "DeviceSerialNumber": "66040",
    "DwellTime": 1.5e-05,
    "EchoTime": 0.00303,
    "FlipAngle": 9,
    "FrameTimesStart": [
      0
    ],
    "ImageOrientationPatientDICOM": [
      -0.067203,
      0.997662,
      0.0123851,
      -0.0331081,
      0.0101765,
      -0.9994
    ],
    "ImageOrientationText": "Sag>Cor(-3.9)>Tra(1.9)",
    "ImageType": [
      "ORIGINAL",
      "PRIMARY",
      "M",
      "ND",
      "NORM"
    ],
    "ImagingFrequency": 123.21,
    "InPlanePhaseEncodingDirectionDICOM": "ROW",
    "InstitutionAddress": "Magyar Tudosok Korutja 2,Budapest,,HU,1117",
    "InstitutionName": "RCNS",
    "InstitutionalDepartmentName": "BIC",
    "InversionTime": 0.9,
    "MRAcquisitionType": "3D",
    "MagneticFieldStrength": 3,
    "Manufacturer": "Siemens",
    "ManufacturersModelName": "Prisma",
    "MatrixCoilMode": "GRAPPA",
    "Modality": "MR",
    "ParallelReductionFactorInPlane": 2,
    "PartialFourier": 1,
    "PatientPosition": "HFS",
    "PercentPhaseFOV": 100,
    "PercentSampling": 100,
    "PhaseEncodingSteps": 255,
    "PhaseResolution": 1,
    "PixelBandwidth": 130,
    "ProcedureStepDescription": "head^MR-artefacts",
    "ProtocolName": "MPRAGE_move1",
    "PulseSequenceDetails": "%SiemensSeq%\\tfl",
    "ReceiveCoilActiveElements": "HE1-4",
    "ReceiveCoilName": "HeadNeck_20",
    "ReconMatrixPE": 256,
    "RefLinesPE": 24,
    "RepetitionTime": 2.3,
    "SAR": 0.0601294,
    "ScanOptions": "IR",
    "ScanningSequence": "GR\\IR",
    "SequenceName": "*tfl3d1_16ns",
    "SequenceVariant": "SK\\SP\\MP",
    "SeriesDescription": "MPRAGE_move1",
    "SeriesNumber": 17,
    "ShimSetting": [
      5955,
      -1076,
      1141,
      157,
      12,
      -186,
      33,
      36
    ],
    "SliceThickness": 1,
    "SoftwareVersions": "syngo MR D13D",
    "SpoilingState": true,
    "StationName": "AWP66040",
    "TxRefAmp": 250.569,
    "acq_id": "headmotion1",
    "dataset": "<unset>",
    "modality": "T1w",
    "subject_id": "219843"
  },
  "cjv": 0.3458493519941795,
  "cnr": 3.9635367841730598,
  "efc": 0.5431811919983595,
  "fber": 6336.679141068053,
  "fwhm_avg": 4.432033333333333,
  "fwhm_x": 4.19722,
  "fwhm_y": 4.56279,
  "fwhm_z": 4.53609,
  "icvs_csf": 0.22884103772924733,
  "icvs_gm": 0.4155232936483698,
  "icvs_wm": 0.35563566862238283,
  "inu_med": 1.0703824758529663,
  "inu_range": 0.3665766656398771,
  "provenance": {
    "md5sum": "e3c9c724668506467a6b47e0c593330c",
    "settings": {
      "testing": false
    },
    "software": "mriqc",
    "version": "0.16.1",
    "warnings": {
      "large_rot_frame": true,
      "small_air_mask": false
    },
    "webapi_port": null,
    "webapi_url": "https://mriqc.nimh.nih.gov/api/v1"
  },
  "qi_1": 6.239195671913491e-05,
  "qi_2": 0.013944657556269351,
  "rpve_csf": 27.310484302952258,
  "rpve_gm": 15.439241530812811,
  "rpve_wm": 21.680941890957367,
  "size_x": 192,
  "size_y": 256,
  "size_z": 256,
  "snr_csf": 3.006683082301288,
  "snr_gm": 13.358254123883293,
  "snr_total": 12.951136905584896,
  "snr_wm": 22.48847351057011,
  "snrd_csf": 50.96618871035237,
  "snrd_gm": 110.02168299842114,
  "snrd_total": 104.50289978049598,
  "snrd_wm": 152.52082763271443,
  "spacing_x": 1.0,
  "spacing_y": 1.0,
  "spacing_z": 1.0,
  "summary_bg_k": 18.332674318042724,
  "summary_bg_mad": 4.295389640219691,
  "summary_bg_mean": 7.2662804150579685,
  "summary_bg_median": 5.794392570853233,
  "summary_bg_n": 3225147.0,
  "summary_bg_p05": 0.0,
  "summary_bg_p95": 20.140187080949545,
  "summary_bg_stdv": 7.007244714814577,
  "summary_csf_k": -0.41676270738687027,
  "summary_csf_mad": 116.52976411047614,
  "summary_csf_mean": 356.92748639802204,
  "summary_csf_median": 334.1588812433183,
  "summary_csf_n": 20230.0,
  "summary_csf_p05": 212.14953444898129,
  "summary_csf_p95": 554.5373877223581,
  "summary_csf_stdv": 111.13596378501309,
  "summary_gm_k": 0.12127154938868401,
  "summary_gm_mad": 53.96949241501837,
  "summary_gm_mean": 721.619505845788,
  "summary_gm_median": 721.355146098882,
  "summary_gm_n": 24409.0,
  "summary_gm_p05": 634.3457995913923,
  "summary_gm_p95": 810.2336515001953,
  "summary_gm_stdv": 53.9995992620337,
  "summary_wm_k": 0.3490553927032938,
  "summary_wm_mad": 42.39965257765243,
  "summary_wm_mean": 999.6305273320345,
  "summary_wm_median": 1000.0000081956387,
  "summary_wm_n": 188842.0,
  "summary_wm_p05": 925.2336524426937,
  "summary_wm_p95": 1071.9158966355026,
  "summary_wm_stdv": 44.467107116274896,
  "tpm_overlap_csf": 0.16907747089862823,
  "tpm_overlap_gm": 0.4563479721546173,
  "tpm_overlap_wm": 0.5098313093185425,
  "wm2max": 0.5417447217862387
}