{
  "bids_meta": {
    "AcquisitionMatrixPE": 256,
    "AcquisitionNumber": 1,
    "AcquisitionTime": "13:54:4.635000",
    "BaseResolution": 256,
    "BodyPartExamined": "HEAD",
    "CoilCombinationMethod": "Adaptive Combine",
    "ConsistencyInfo": "N4_VD13D_LATEST_20130810",
    "ConversionSoftware": "dcm2niix",
    "ConversionSoftwareVersion": "v1.0.20211006",
    "Dcm2bidsVersion": "2.1.6",
    "DeviceSerialNumber": "66040",
    "DwellTime": 1.5e-05,
    "EchoTime": 0.00303,
    "FlipAngle": 9,
    "FrameTimesStart": [
      0
    ],
    "ImageOrientationPatientDICOM": [
      -0.067203,
      0.997662,
      0.0123851,
      -0.0331081,
      0.0101765,
      -0.9994
    ],
    "ImageOrientationText": "Sag>Cor(-3.9)>Tra(1.9)",
    "ImageType": [
      "ORIGINAL",
      "PRIMARY",
      "M",
      "ND",
      "NORM"
    ],
    "ImagingFrequency": 123.21,
    "InPlanePhaseEncodingDirectionDICOM": "ROW",
    "InstitutionAddress": "Magyar Tudosok Korutja 2,Budapest,,HU,1117",
    "InstitutionName": "RCNS",
    "InstitutionalDepartmentName": "BIC",
    "InversionTime": 0.9,
    "MRAcquisitionType": "3D",
    "MagneticFieldStrength": 3,
    "Manufacturer": "Siemens",
    "ManufacturersModelName": "Prisma",
    "MatrixCoilMode": "GRAPPA",
    "Modality": "MR",
    "ParallelReductionFactorInPlane": 2,
    "PartialFourier": 1,
    "PatientPosition": "HFS",
    "PercentPhaseFOV": 100,
    "PercentSampling": 100,
    "PhaseEncodingSteps": 255,
    "PhaseResolution": 1,
    "PixelBandwidth": 130,
    "ProcedureStepDescription": "head^MR-artefacts",
    "ProtocolName": "MPRAGE_move2",
    "PulseSequenceDetails": "%SiemensSeq%\\tfl",
    "ReceiveCoilActiveElements": "HE1-4",
    "ReceiveCoilName": "HeadNeck_20",
    "ReconMatrixPE": 256,
    "RefLinesPE": 24,
    "RepetitionTime": 2.3,
    "SAR": 0.0601294,
    "ScanOptions": "IR",
    "ScanningSequence": "GR\\IR",
    "SequenceName": "*tfl3d1_16ns",
    "SequenceVariant": "SK\\SP\\MP",
    "SeriesDescription": "MPRAGE_move2",
    "SeriesNumber": 19,
    "ShimSetting": [
      5955,
      -1076,
      1141,
      157,
      12,
      -186,
      33,
      36
    ],
    "SliceThickness": 1,
    "SoftwareVersions": "syngo MR D13D",
    "SpoilingState": true,
    "StationName": "AWP66040",
    "TxRefAmp": 250.569,
    "acq_id": "headmotion2",
    "dataset": "<unset>",
    "modality": "T1w",
    "subject_id": "219843"
  },
  "cjv": 0.34578449531839417,
  "cnr": 3.952950985834759,
  "efc": 0.5442393732447092,
  "fber": 8038.586240108288,
  "fwhm_avg": 4.448440000000001,
  "fwhm_x": 4.19987,
  "fwhm_y": 4.584,
  "fwhm_z": 4.56145,
  "icvs_csf": 0.23887100895428226,
  "icvs_gm": 0.40873324505023195,
  "icvs_wm": 0.3523957459954858,
  "inu_med": 1.5528217554092407,
  "inu_range": 0.463012808561325,
  "provenance": {
    "md5sum": "50ba7846f87309d9625af5549d8820de",
    "settings": {
      "testing": false
    },
    "software": "mriqc",
    "version": "0.16.1",
    "warnings": {
      "large_rot_frame": true,
      "small_air_mask": false
    },
    "webapi_port": null,
    "webapi_url": "https://mriqc.nimh.nih.gov/api/v1"
  },
  "qi_1": 6.0903859236242625e-05,
  "qi_2": 0.011960090832004978,
  "rpve_csf": 26.643993430314406,
  "rpve_gm": 15.604450867052023,
  "rpve_wm": 21.776333015326976,
  "size_x": 192,
  "size_y": 256,
  "size_z": 256,
  "snr_csf": 3.2413886964858265,
  "snr_gm": 13.593946397812942,
  "snr_total": 12.79773389417084,
  "snr_wm": 21.55786658821375,
  "snrd_csf": 61.48196200040739,
  "snrd_gm": 130.94459466448524,
  "snrd_total": 124.75600413026875,
  "snrd_wm": 181.84145572591362,
  "spacing_x": 1.0,
  "spacing_y": 1.0,
  "spacing_z": 1.0,
  "summary_bg_k": 29.727704049327095,
  "summary_bg_mad": 3.602921538111228,
  "summary_bg_mean": 6.79076309809214,
  "summary_bg_median": 4.860267296433449,
  "summary_bg_n": 3259588.0,
  "summary_bg_p05": 0.0,
  "summary_bg_p95": 19.36742877215147,
  "summary_bg_stdv": 7.481675838245599,
  "summary_csf_k": -0.4687054596876754,
  "summary_csf_mad": 113.49202845050367,
  "summary_csf_mean": 354.38625369521577,
  "summary_csf_median": 338.11995896324515,
  "summary_csf_n": 23764.0,
  "summary_csf_p05": 210.79568387940526,
  "summary_csf_p95": 536.1758512929082,
  "summary_csf_stdv": 104.31110749958229,
  "summary_gm_k": 0.011870142942776774,
  "summary_gm_mad": 53.88005391084518,
  "summary_gm_mean": 720.0839324060946,
  "summary_gm_median": 720.129604421556,
  "summary_gm_n": 23531.0,
  "summary_gm_p05": 633.123455774039,
  "summary_gm_p95": 807.0989328622818,
  "summary_gm_stdv": 52.97316036597072,
  "summary_wm_k": 0.5747281918838687,
  "summary_wm_mad": 42.90752013568826,
  "summary_wm_mean": 998.8906815368402,
  "summary_wm_median": 1000.0368164479733,
  "summary_wm_n": 186881.0,
  "summary_wm_p05": 919.989686883986,
  "summary_wm_p95": 1072.940825894475,
  "summary_wm_stdv": 46.38836300217456,
  "tpm_overlap_csf": 0.16908171772956848,
  "tpm_overlap_gm": 0.45436787605285645,
  "tpm_overlap_wm": 0.5107104778289795,
  "wm2max": 0.5843613750986857
}