{
  "bids_meta": {
    "AcquisitionMatrixPE": 256,
    "AcquisitionNumber": 1,
    "AcquisitionTime": "15:39:40.487500",
    "BaseResolution": 256,
    "BodyPartExamined": "HEAD",
    "CoilCombinationMethod": "Adaptive Combine",
    "ConsistencyInfo": "N4_VD13D_LATEST_20130810",
    "ConversionSoftware": "dcm2niix",
    "ConversionSoftwareVersion": "v1.0.20211006",
    "Dcm2bidsVersion": "2.1.6",
    "DeviceSerialNumber": "66040",
    "DwellTime": 1.5e-05,
    "EchoTime": 0.00303,
    "FlipAngle": 9,
    "ImageOrientationPatientDICOM": [
      0.00952191,
      0.99969,
      0.0230146,
      0.043331,
      0.0225815,
      -0.998806
    ],
    "ImageOrientationText": "Sag>Tra(-2.5)>Cor(0.6)",
    "ImageType": [
      "ORIGINAL",
      "PRIMARY",
      "M",
      "ND",
      "NORM"
    ],
    "ImagingFrequency": 123.21,
    "InPlanePhaseEncodingDirectionDICOM": "ROW",
    "InstitutionAddress": "Magyar Tudosok Korutja 2,Budapest,,HU,1117",
    "InstitutionName": "RCNS",
    "InstitutionalDepartmentName": "BIC",
    "InversionTime": 0.9,
    "MRAcquisitionType": "3D",
    "MagneticFieldStrength": 3,
    "Manufacturer": "Siemens",
    "ManufacturersModelName": "Prisma",
    "MatrixCoilMode": "GRAPPA",
    "Modality": "MR",
    "ParallelReductionFactorInPlane": 2,
    "PartialFourier": 1,
    "PatientPosition": "HFS",
    "PercentPhaseFOV": 100,
    "PercentSampling": 100,
    "PhaseEncodingSteps": 255,
    "PhaseResolution": 1,
    "PixelBandwidth": 130,
    "ProcedureStepDescription": "head^MR-artefacts",
    "ProtocolName": "MPRAGE_move1",
    "PulseSequenceDetails": "%SiemensSeq%\\tfl",
    "ReceiveCoilActiveElements": "HE1-4",
    "ReceiveCoilName": "HeadNeck_20",
    "ReconMatrixPE": 256,
    "RefLinesPE": 24,
    "RepetitionTime": 2.3,
    "SAR": 0.0578233,
    "ScanOptions": "IR",
    "ScanningSequence": "GR\\IR",
    "SequenceName": "*tfl3d1_16ns",
    "SequenceVariant": "SK\\SP\\MP",
    "SeriesDescription": "MPRAGE_move1",
    "SeriesNumber": 18,
    "ShimSetting": [
      5961,
      -1058,
      1126,
      77,
      -1,
      -94,
      38,
      -22
    ],
    "SliceThickness": 1,
    "SoftwareVersions": "syngo MR D13D",
    "SpoilingState": true,
    "StationName": "AWP66040",
    "TxRefAmp": 245.77,
    "acq_id": "headmotion1",
    "dataset": "<unset>",
    "modality": "T1w",
    "subject_id": "281888"
  },
  "cjv": 0.4689273423186253,
  "cnr": 2.8844885902089734,
  "efc": 0.6004264102366107,
  "fber": 2934.96913815952,
  "fwhm_avg": 4.51678,
  "fwhm_x": 4.27051,
  "fwhm_y": 4.60651,
  "fwhm_z": 4.67332,
  "icvs_csf": 0.21649011870433754,
  "icvs_gm": 0.4097379060004886,
  "icvs_wm": 0.37377197529517386,
  "inu_med": 1.390654444694519,
  "inu_range": 0.4759403228759762,
  "provenance": {
    "md5sum": "020eec74256cff24f088257d64f9818e",
    "settings": {
      "testing": false
    },
    "software": "mriqc",
    "version": "0.16.1",
    "warnings": {
      "large_rot_frame": true,
      "small_air_mask": false
    },
    "webapi_port": null,
    "webapi_url": "https://mriqc.nimh.nih.gov/api/v1"
  },
  "qi_1": 4.431467357319061e-05,
  "qi_2": 0.006845815106391599,
  "rpve_csf": 26.945697656602366,
  "rpve_gm": 14.564655582505742,
  "rpve_wm": 19.169489653310343,
  "size_x": 192,
  "size_y": 256,
  "size_z": 256,
  "snr_csf": 3.3666541765200044,
  "snr_gm": 12.39865554549509,
  "snr_total": 10.999429660385124,
  "snr_wm": 17.232979259140276,
  "snrd_csf": 33.484316849094796,
  "snrd_gm": 62.70316529659321,
  "snrd_total": 59.84219095938597,
  "snrd_wm": 83.3390907324699,
  "spacing_x": 1.0,
  "spacing_y": 1.0,
  "spacing_z": 1.0,
  "summary_bg_k": 6.5904932151202225,
  "summary_bg_mad": 7.861093416231423,
  "summary_bg_mean": 15.728104825266376,
  "summary_bg_median": 7.984529972076416,
  "summary_bg_n": 2036190.0,
  "summary_bg_p05": 0.0,
  "summary_bg_p95": 53.58368160948157,
  "summary_bg_stdv": 17.876563081855643,
  "summary_csf_k": 3.5209448443831874,
  "summary_csf_mad": 133.26865426811153,
  "summary_csf_mean": 404.4809781492776,
  "summary_csf_median": 401.7840433605015,
  "summary_csf_n": 23529.0,
  "summary_csf_p05": 225.06393858790398,
  "summary_csf_p95": 596.6564779914916,
  "summary_csf_stdv": 119.33970171677844,
  "summary_gm_k": -0.0035525016846302826,
  "summary_gm_mad": 60.252968949114965,
  "summary_gm_mean": 753.0780073958304,
  "summary_gm_median": 752.3860020171851,
  "summary_gm_n": 20954.0,
  "summary_gm_p05": 654.9809742718935,
  "summary_gm_p95": 854.4694652929902,
  "summary_gm_stdv": 60.68142193027429,
  "summary_wm_k": 0.32052451143227456,
  "summary_wm_mad": 55.86000498122093,
  "summary_wm_mean": 1002.1391024465178,
  "summary_wm_median": 999.9999998621643,
  "summary_wm_n": 211770.0,
  "summary_wm_p05": 910.8602082207799,
  "summary_wm_p95": 1101.7403778657317,
  "summary_wm_stdv": 58.02813453030179,
  "tpm_overlap_csf": 0.16178390383720398,
  "tpm_overlap_gm": 0.45558321475982666,
  "tpm_overlap_wm": 0.4960828423500061,
  "wm2max": 0.5083074386454436
}