{
  "bids_meta": {
    "AcquisitionMatrixPE": 256,
    "AcquisitionNumber": 1,
    "AcquisitionTime": "11:40:58.832500",
    "BodyPartExamined": "HEAD",
    "CoilString": "HeadNeck_20",
    "ConversionSoftware": "dcm2niix",
    "ConversionSoftwareVersion": "v1.0.20211006",
    "Dcm2bidsVersion": "2.1.6",
    "DeviceSerialNumber": "66040",
    "EchoTime": 0.00303,
    "FlipAngle": 9,
    "ImageOrientationPatientDICOM": [
      -0.0452623,
      0.998798,
      -0.0188009,
      0.0717415,
      -0.0155217,
      -0.997302
    ],
    "ImageType": [
      "ORIGINAL",
      "PRIMARY",
      "M",
      "NONE"
    ],
    "ImagingFrequency": 123.228,
    "InPlanePhaseEncodingDirectionDICOM": "ROW",
    "InstitutionAddress": "Magyar Tudosok Korutja 2,Budapest,,HU,1117",
    "InstitutionName": "RCNS",
    "InstitutionalDepartmentName": "BIC",
    "InversionTime": 0.9,
    "MRAcquisitionType": "3D",
    "MTState": true,
    "MagneticFieldStrength": 3,
    "Manufacturer": "Siemens",
    "ManufacturersModelName": "MAGNETOM Prisma",
    "Modality": "MR",
    "ParallelAcquisitionTechnique": "GRAPPA",
    "ParallelReductionFactorInPlane": 2,
    "PatientPosition": "HFS",
    "PercentPhaseFOV": 100,
    "PercentSampling": 100,
    "PixelBandwidth": 130,
    "ProcedureStepDescription": "head MR-artefacts",
    "ProtocolName": "MPRAGE_conventional",
    "ReceiveCoilActiveElements": "HE1-4;NE1,2",
    "ReconMatrixPE": 256,
    "RepetitionTime": 2.3,
    "SequenceVariant": "SK\\SP\\MP",
    "SeriesDescription": "MPRAGE_conventional",
    "SeriesNumber": 5,
    "SliceThickness": 1,
    "SoftwareVersions": "syngo MR XA30",
    "StationName": "AWP66040",
    "acq_id": "standard",
    "dataset": "<unset>",
    "modality": "T1w",
    "subject_id": "212152"
  },
  "cjv": 0.3618969577128455,
  "cnr": 3.4927773132659357,
  "efc": 0.5846858863995147,
  "fber": 9471.902469177052,
  "fwhm_avg": 5.015999999999999,
  "fwhm_x": 4.85518,
  "fwhm_y": 5.04841,
  "fwhm_z": 5.14441,
  "icvs_csf": 0.24184388804191856,
  "icvs_gm": 0.3858747858594958,
  "icvs_wm": 0.37228132609858566,
  "inu_med": 0.9755659699440002,
  "inu_range": 0.38690226078033463,
  "provenance": {
    "md5sum": "310453a3045ff557d82a5a73bc05d498",
    "settings": {
      "testing": false
    },
    "software": "mriqc",
    "version": "0.16.1",
    "warnings": {
      "large_rot_frame": true,
      "small_air_mask": false
    },
    "webapi_port": null,
    "webapi_url": "https://mriqc.nimh.nih.gov/api/v1"
  },
  "qi_1": 0.043328641083705655,
  "qi_2": 0.0207157031037071,
  "rpve_csf": 24.54186057027814,
  "rpve_gm": 14.762261162614841,
  "rpve_wm": 18.960030829545385,
  "size_x": 192,
  "size_y": 256,
  "size_z": 256,
  "snr_csf": 3.5435224532456786,
  "snr_gm": 13.136794730163677,
  "snr_total": 13.187123532291508,
  "snr_wm": 22.88105341346517,
  "snrd_csf": 47.194107646164895,
  "snrd_gm": 92.67720409514166,
  "snrd_total": 87.88671528779916,
  "snrd_wm": 123.78883412209088,
  "spacing_x": 1.0,
  "spacing_y": 1.0,
  "spacing_z": 1.0,
  "summary_bg_k": 13.025092694859147,
  "summary_bg_mad": 5.292370393402793,
  "summary_bg_mean": 5.017440073449202,
  "summary_bg_median": 3.5696495845913887,
  "summary_bg_n": 1823173.0,
  "summary_bg_p05": 0.0,
  "summary_bg_p95": 11.414577160030603,
  "summary_bg_stdv": 4.467167979511547,
  "summary_csf_k": 6.740957591916207,
  "summary_csf_mad": 120.61681361708692,
  "summary_csf_mean": 389.9915490144958,
  "summary_csf_median": 381.24687714502215,
  "summary_csf_n": 25334.0,
  "summary_csf_p05": 226.8242511911318,
  "summary_csf_p95": 559.9514217847957,
  "summary_csf_stdv": 107.58767799260508,
  "summary_gm_k": 0.2733448030365815,
  "summary_gm_mad": 53.16986069651178,
  "summary_gm_mean": 747.4503137531636,
  "summary_gm_median": 748.67173903808,
  "summary_gm_n": 18496.0,
  "summary_gm_p05": 650.8799434415996,
  "summary_gm_p95": 841.4930051257834,
  "summary_gm_stdv": 56.98890143257331,
  "summary_wm_k": 1.024548818103943,
  "summary_wm_mad": 37.78506304127111,
  "summary_wm_mean": 999.4929389594757,
  "summary_wm_median": 999.9999743252993,
  "summary_wm_n": 230635.0,
  "summary_wm_p05": 925.0373330488801,
  "summary_wm_p95": 1070.6043225042522,
  "summary_wm_stdv": 43.704185656366796,
  "tpm_overlap_csf": 0.16380901634693146,
  "tpm_overlap_gm": 0.4333447515964508,
  "tpm_overlap_wm": 0.5185472369194031,
  "wm2max": 0.5190451568424681
}