{
  "bids_meta": {
    "AcquisitionMatrixPE": 256,
    "AcquisitionNumber": 1,
    "AcquisitionTime": "14:53:39.687500",
    "BaseResolution": 256,
    "BodyPartExamined": "HEAD",
    "CoilCombinationMethod": "Adaptive Combine",
    "ConsistencyInfo": "N4_VD13D_LATEST_20130810",
    "ConversionSoftware": "dcm2niix",
    "ConversionSoftwareVersion": "v1.0.20211006",
    "Dcm2bidsVersion": "2.1.6",
    "DeviceSerialNumber": "66040",
    "DwellTime": 1.5e-05,
    "EchoTime": 0.00303,
    "FlipAngle": 9,
    "ImageOrientationPatientDICOM": [
      0.0541695,
      0.997941,
      0.0343314,
      0.0596329,
      0.0310874,
      -0.997736
    ],
    "ImageOrientationText": "Sag>Tra(-3.3)>Cor(3.2)",
    "ImageType": [
      "ORIGINAL",
      "PRIMARY",
      "M",
      "ND",
      "NORM"
    ],
    "ImagingFrequency": 123.21,
    "InPlanePhaseEncodingDirectionDICOM": "ROW",
    "InstitutionAddress": "Magyar Tudosok Korutja 2,Budapest,,HU,1117",
    "InstitutionName": "RCNS",
    "InstitutionalDepartmentName": "BIC",
    "InversionTime": 0.9,
    "MRAcquisitionType": "3D",
    "MagneticFieldStrength": 3,
    "Manufacturer": "Siemens",
    "ManufacturersModelName": "Prisma",
    "MatrixCoilMode": "GRAPPA",
    "Modality": "MR",
    "ParallelReductionFactorInPlane": 2,
    "PartialFourier": 1,
    "PatientPosition": "HFS",
    "PercentPhaseFOV": 100,
    "PercentSampling": 100,
    "PhaseEncodingSteps": 255,
    "PhaseResolution": 1,
    "PixelBandwidth": 130,
    "ProcedureStepDescription": "head^MR-artefacts",
    "ProtocolName": "MPRAGE_conventional",
    "PulseSequenceDetails": "%SiemensSeq%\\tfl",
    "ReceiveCoilActiveElements": "HE1-4",
    "ReceiveCoilName": "HeadNeck_20",
    "ReconMatrixPE": 256,
    "RefLinesPE": 24,
    "RepetitionTime": 2.3,
    "SAR": 0.0604341,
    "ScanOptions": "IR",
    "ScanningSequence": "GR\\IR",
    "SequenceName": "*tfl3d1_16ns",
    "SequenceVariant": "SK\\SP\\MP",
    "SeriesDescription": "MPRAGE_conventional",
    "SeriesNumber": 6,
    "ShimSetting": [
      5958,
      -1044,
      1022,
      207,
      -55,
      -52,
      41,
      -17
    ],
    "SliceThickness": 1,
    "SoftwareVersions": "syngo MR D13D",
    "SpoilingState": true,
    "StationName": "AWP66040",
    "TxRefAmp": 239.628,
    "acq_id": "standard",
    "dataset": "<unset>",
    "modality": "T1w",
    "subject_id": "811563"
  },
  "cjv": 0.30133841696305647,
  "cnr": 4.362093319678638,
  "efc": 0.5317295555435794,
  "fber": 25852.655728717986,
  "fwhm_avg": 4.5743833333333335,
  "fwhm_x": 4.3979,
  "fwhm_y": 4.74483,
  "fwhm_z": 4.58042,
  "icvs_csf": 0.2310032343493024,
  "icvs_gm": 0.39220642241932296,
  "icvs_wm": 0.37679034323137467,
  "inu_med": 1.0825610160827637,
  "inu_range": 0.2833491265773773,
  "provenance": {
    "md5sum": "ead43d919f6edfede387f3c1e3d15584",
    "settings": {
      "testing": false
    },
    "software": "mriqc",
    "version": "0.16.1",
    "warnings": {
      "large_rot_frame": true,
      "small_air_mask": false
    },
    "webapi_port": null,
    "webapi_url": "https://mriqc.nimh.nih.gov/api/v1"
  },
  "qi_1": 0.0,
  "qi_2": 0.006664574786557334,
  "rpve_csf": 26.726795122556677,
  "rpve_gm": 15.658162551032891,
  "rpve_wm": 20.31393050581825,
  "size_x": 192,
  "size_y": 256,
  "size_z": 256,
  "snr_csf": 3.368064035545654,
  "snr_gm": 15.910678478193356,
  "snr_total": 16.01158236352426,
  "snr_wm": 28.756004576833764,
  "snrd_csf": 77.43995573099338,
  "snrd_gm": 158.91209175325815,
  "snrd_total": 149.88505798962902,
  "snrd_wm": 213.3031264846355,
  "spacing_x": 1.0,
  "spacing_y": 1.0,
  "spacing_z": 1.0,
  "summary_bg_k": 12.525130080163276,
  "summary_bg_mad": 3.0713867545053457,
  "summary_bg_mean": 4.55513085940597,
  "summary_bg_median": 4.143237769603729,
  "summary_bg_n": 3185005.0,
  "summary_bg_p05": 0.0,
  "summary_bg_p95": 10.949985533952713,
  "summary_bg_stdv": 3.931518135438478,
  "summary_csf_k": 2.4003798496332855,
  "summary_csf_mad": 120.44223773024534,
  "summary_csf_mean": 376.6580417743983,
  "summary_csf_median": 363.0512095615268,
  "summary_csf_n": 25255.0,
  "summary_csf_p05": 227.28618621826172,
  "summary_csf_p95": 556.0447045974433,
  "summary_csf_stdv": 107.79011858128291,
  "summary_gm_k": 0.0750989511273481,
  "summary_gm_mad": 47.058032774385474,
  "summary_gm_mean": 744.0470189361797,
  "summary_gm_median": 745.0059414468706,
  "summary_gm_n": 24615.0,
  "summary_gm_p05": 667.050182947889,
  "summary_gm_p95": 819.3474648557603,
  "summary_gm_stdv": 46.823321151551575,
  "summary_wm_k": 1.5256824773509994,
  "summary_wm_mad": 29.781482280292902,
  "summary_wm_mean": 997.7388811253932,
  "summary_wm_median": 1000.0000302493572,
  "summary_wm_n": 216605.0,
  "summary_wm_p05": 936.4827155135572,
  "summary_wm_p95": 1049.4229379296303,
  "summary_wm_stdv": 34.77526647436048,
  "tpm_overlap_csf": 0.1672956794500351,
  "tpm_overlap_gm": 0.4398764371871948,
  "tpm_overlap_wm": 0.5204600691795349,
  "wm2max": 0.595221843003413
}