{
  "bids_meta": {
    "AcquisitionMatrixPE": 256,
    "AcquisitionNumber": 1,
    "AcquisitionTime": "13:14:48.855000",
    "BodyPartExamined": "HEAD",
    "CoilString": "HeadNeck_20",
    "ConversionSoftware": "dcm2niix",
    "ConversionSoftwareVersion": "v1.0.20211006",
    "Dcm2bidsVersion": "2.1.6",
    "DeviceSerialNumber": "66040",
    "EchoTime": 0.00303,
    "FlipAngle": 9,
    "ImageOrientationPatientDICOM": [
      -0.0248689,
      0.991735,
      -0.125868,
      0.0535508,
      -0.124405,
      -0.990785
    ],
    "ImageType": [
      "ORIGINAL",
      "PRIMARY",
      "M",
      "NONE"
    ],
    "ImagingFrequency": 123.227,
    "InPlanePhaseEncodingDirectionDICOM": "ROW",
    "InstitutionAddress": "Magyar Tudosok Korutja 2,Budapest,,HU,1117",
    "InstitutionName": "RCNS",
    "InstitutionalDepartmentName": "BIC",
    "InversionTime": 0.9,
    "MRAcquisitionType": "3D",
    "MTState": true,
    "MagneticFieldStrength": 3,
    "Manufacturer": "Siemens",
    "ManufacturersModelName": "MAGNETOM Prisma",
    "Modality": "MR",
    "ParallelAcquisitionTechnique": "GRAPPA",
    "ParallelReductionFactorInPlane": 2,
    "PatientPosition": "HFS",
    "PercentPhaseFOV": 100,
    "PercentSampling": 100,
    "PixelBandwidth": 130,
    "ProcedureStepDescription": "head MR-artefacts",
    "ProtocolName": "MPRAGE_conventional",
    "ReceiveCoilActiveElements": "HE1-4;NE1,2",
    "ReconMatrixPE": 256,
    "RepetitionTime": 2.3,
    "SequenceVariant": "SK\\SP\\MP",
    "SeriesDescription": "MPRAGE_conventional",
    "SeriesNumber": 5,
    "SliceThickness": 1,
    "SoftwareVersions": "syngo MR XA30",
    "StationName": "AWP66040",
    "acq_id": "standard",
    "dataset": "<unset>",
    "modality": "T1w",
    "subject_id": "788339"
  },
  "cjv": 0.4038812940066985,
  "cnr": 3.18448720564988,
  "efc": 0.5863344907112908,
  "fber": 8209.88826389897,
  "fwhm_avg": 4.8048633333333335,
  "fwhm_x": 4.60738,
  "fwhm_y": 4.98851,
  "fwhm_z": 4.8187,
  "icvs_csf": 0.2278540349853596,
  "icvs_gm": 0.37299186018425257,
  "icvs_wm": 0.3991541048303878,
  "inu_med": 0.9074909687042236,
  "inu_range": 0.3445058077573776,
  "provenance": {
    "md5sum": "d16dab46931100e942a49b94be0f08ed",
    "settings": {
      "testing": false
    },
    "software": "mriqc",
    "version": "0.16.1",
    "warnings": {
      "large_rot_frame": true,
      "small_air_mask": false
    },
    "webapi_port": null,
    "webapi_url": "https://mriqc.nimh.nih.gov/api/v1"
  },
  "qi_1": 0.05504155075228496,
  "qi_2": 0.008728744834490756,
  "rpve_csf": 27.586128104309662,
  "rpve_gm": 16.193173579926253,
  "rpve_wm": 19.053388021519762,
  "size_x": 192,
  "size_y": 256,
  "size_z": 256,
  "snr_csf": 3.5312793189783456,
  "snr_gm": 12.6650534125856,
  "snr_total": 13.445018910167434,
  "snr_wm": 24.138723998938357,
  "snrd_csf": 40.421495977048906,
  "snrd_gm": 81.8237561545808,
  "snrd_total": 76.35770219474612,
  "snrd_wm": 106.82785445260865,
  "spacing_x": 1.0,
  "spacing_y": 1.0,
  "spacing_z": 1.0,
  "summary_bg_k": 13.524810775485747,
  "summary_bg_mad": 6.132636290519419,
  "summary_bg_mean": 5.84591262837043,
  "summary_bg_median": 4.237288132309914,
  "summary_bg_n": 1988358.0,
  "summary_bg_p05": 0.0,
  "summary_bg_p95": 16.797820810228586,
  "summary_bg_stdv": 5.365589549288163,
  "summary_csf_k": -0.4293525750869769,
  "summary_csf_mad": 119.43683117023795,
  "summary_csf_mean": 386.05792641993764,
  "summary_csf_median": 378.3797414340079,
  "summary_csf_n": 29321.0,
  "summary_csf_p05": 228.00645664334297,
  "summary_csf_p95": 569.3603708259761,
  "summary_csf_stdv": 107.14906832146332,
  "summary_gm_k": 0.24686862114451769,
  "summary_gm_mad": 57.21300929569946,
  "summary_gm_mean": 768.1061871396831,
  "summary_gm_median": 765.9402738213539,
  "summary_gm_n": 20577.0,
  "summary_gm_p05": 672.5585144102574,
  "summary_gm_p95": 872.1246966607869,
  "summary_gm_stdv": 60.47520188670225,
  "summary_wm_k": 0.6007179355981442,
  "summary_wm_mad": 37.31933547523403,
  "summary_wm_mean": 1002.2113131372097,
  "summary_wm_median": 999.9999992251396,
  "summary_wm_n": 236789.0,
  "summary_wm_p05": 936.1884577088058,
  "summary_wm_p95": 1073.3958829455078,
  "summary_wm_stdv": 41.427122978095994,
  "tpm_overlap_csf": 0.15882185101509094,
  "tpm_overlap_gm": 0.4170563519001007,
  "tpm_overlap_wm": 0.49477991461753845,
  "wm2max": 0.42274966412897447
}