{
  "bids_meta": {
    "AcquisitionMatrixPE": 256,
    "AcquisitionNumber": 1,
    "AcquisitionTime": "15:27:35.635000",
    "BaseResolution": 256,
    "BodyPartExamined": "HEAD",
    "CoilCombinationMethod": "Adaptive Combine",
    "ConsistencyInfo": "N4_VD13D_LATEST_20130810",
    "ConversionSoftware": "dcm2niix",
    "ConversionSoftwareVersion": "v1.0.20211006",
    "Dcm2bidsVersion": "2.1.6",
    "DeviceSerialNumber": "66040",
    "DwellTime": 1.5e-05,
    "EchoTime": 0.00303,
    "FlipAngle": 9,
    "ImageOrientationPatientDICOM": [
      -0.0664486,
      0.997738,
      0.0101778,
      -0.0350993,
      0.0078567,
      -0.999353
    ],
    "ImageOrientationText": "Sag>Cor(-3.8)>Tra(2.0)",
    "ImageType": [
      "ORIGINAL",
      "PRIMARY",
      "M",
      "ND",
      "NORM"
    ],
    "ImagingFrequency": 123.21,
    "InPlanePhaseEncodingDirectionDICOM": "ROW",
    "InstitutionAddress": "Magyar Tudosok Korutja 2,Budapest,,HU,1117",
    "InstitutionName": "RCNS",
    "InstitutionalDepartmentName": "BIC",
    "InversionTime": 0.9,
    "MRAcquisitionType": "3D",
    "MagneticFieldStrength": 3,
    "Manufacturer": "Siemens",
    "ManufacturersModelName": "Prisma",
    "MatrixCoilMode": "GRAPPA",
    "Modality": "MR",
    "ParallelReductionFactorInPlane": 2,
    "PartialFourier": 1,
    "PatientPosition": "HFS",
    "PercentPhaseFOV": 100,
    "PercentSampling": 100,
    "PhaseEncodingSteps": 255,
    "PhaseResolution": 1,
    "PixelBandwidth": 130,
    "ProcedureStepDescription": "head^GINOP",
    "ProtocolName": "MPRAGE_conventional",
    "PulseSequenceDetails": "%SiemensSeq%\\tfl",
    "ReceiveCoilActiveElements": "HE1-4",
    "ReceiveCoilName": "HeadNeck_20",
    "ReconMatrixPE": 256,
    "RefLinesPE": 24,
    "RepetitionTime": 2.3,
    "SAR": 0.0623952,
    "ScanOptions": "IR",
    "ScanningSequence": "GR\\IR",
    "SequenceName": "*tfl3d1_16ns",
    "SequenceVariant": "SK\\SP\\MP",
    "SeriesDescription": "MPRAGE_conventional",
    "SeriesNumber": 5,
    "ShimSetting": [
      5934,
      -1035,
      1144,
      123,
      66,
      -4,
      82,
      -21
    ],
    "SliceThickness": 1,
    "SoftwareVersions": "syngo MR D13D",
    "SpoilingState": true,
    "StationName": "AWP66040",
    "TxRefAmp": 256.787,
    "acq_id": "standard",
    "dataset": "<unset>",
    "modality": "T1w",
    "subject_id": "000148"
  },
  "cjv": 0.33736294551632456,
  "cnr": 3.9492347504473604,
  "efc": 0.5663532086385926,
  "fber": 9042.710543574709,
  "fwhm_avg": 4.43146,
  "fwhm_x": 4.22247,
  "fwhm_y": 4.50922,
  "fwhm_z": 4.56269,
  "icvs_csf": 0.20986054332200138,
  "icvs_gm": 0.42165393977070365,
  "icvs_wm": 0.368485516907295,
  "inu_med": 1.4755927324295044,
  "inu_range": 0.37968032360076887,
  "provenance": {
    "md5sum": "9e0b79764e15ff08854dc59add2c116a",
    "settings": {
      "testing": false
    },
    "software": "mriqc",
    "version": "0.16.1",
    "warnings": {
      "large_rot_frame": true,
      "small_air_mask": false
    },
    "webapi_port": null,
    "webapi_url": "https://mriqc.nimh.nih.gov/api/v1"
  },
  "qi_1": 4.802945583879477e-05,
  "qi_2": 0.0075486592383041725,
  "rpve_csf": 31.12464134852953,
  "rpve_gm": 16.473282584404448,
  "rpve_wm": 22.89635355679157,
  "size_x": 192,
  "size_y": 256,
  "size_z": 256,
  "snr_csf": 3.4133142419325075,
  "snr_gm": 13.48355135665156,
  "snr_total": 14.485060277192815,
  "snr_wm": 26.55831523299438,
  "snrd_csf": 67.11797589694915,
  "snrd_gm": 137.70674010937378,
  "snrd_total": 130.5482392087056,
  "snrd_wm": 186.82000161979394,
  "spacing_x": 1.0,
  "spacing_y": 1.0,
  "spacing_z": 1.0,
  "summary_bg_k": 7.209188963565529,
  "summary_bg_mad": 3.5067784312789922,
  "summary_bg_mean": 6.58744854507243,
  "summary_bg_median": 4.687567014247179,
  "summary_bg_n": 2200049.0,
  "summary_bg_p05": 0.0,
  "summary_bg_p95": 16.12695073708892,
  "summary_bg_stdv": 5.010489454868256,
  "summary_csf_k": 7.13597303299516,
  "summary_csf_mad": 95.95820980136152,
  "summary_csf_mean": 381.0687719351255,
  "summary_csf_median": 359.26545722037554,
  "summary_csf_n": 15060.0,
  "summary_csf_p05": 243.62231887485834,
  "summary_csf_p95": 567.7568266095593,
  "summary_csf_stdv": 105.25064607439776,
  "summary_gm_k": 0.02081405064680597,
  "summary_gm_mad": 54.76950313579371,
  "summary_gm_mean": 738.0794293571164,
  "summary_gm_median": 737.1091616898775,
  "summary_gm_n": 24637.0,
  "summary_gm_p05": 650.83212550655,
  "summary_gm_p95": 830.3100353896617,
  "summary_gm_stdv": 54.66617678441457,
  "summary_wm_k": 0.9493602603666473,
  "summary_wm_mad": 33.92011137164407,
  "summary_wm_mean": 997.7288054180842,
  "summary_wm_median": 999.9999613054097,
  "summary_wm_n": 187723.0,
  "summary_wm_p05": 931.1056277565658,
  "summary_wm_p95": 1054.4875521957874,
  "summary_wm_stdv": 37.65288908690839,
  "tpm_overlap_csf": 0.15855517983436584,
  "tpm_overlap_gm": 0.45355501770973206,
  "tpm_overlap_wm": 0.502865195274353,
  "wm2max": 0.5483810107775393
}