{
  "bids_meta": {
    "AcquisitionMatrixPE": 256,
    "AcquisitionNumber": 1,
    "AcquisitionTime": "14:13:11.027500",
    "BodyPartExamined": "HEAD",
    "CoilString": "HeadNeck_20",
    "ConversionSoftware": "dcm2niix",
    "ConversionSoftwareVersion": "v1.0.20211006",
    "Dcm2bidsVersion": "2.1.6",
    "DeviceSerialNumber": "66040",
    "EchoTime": 0.00303,
    "FlipAngle": 9,
    "ImageOrientationPatientDICOM": [
      -0.0243856,
      0.998134,
      0.0559855,
      -0.0205429,
      0.05549,
      -0.998248
    ],
    "ImageType": [
      "ORIGINAL",
      "PRIMARY",
      "M",
      "NONE"
    ],
    "ImagingFrequency": 123.227,
    "InPlanePhaseEncodingDirectionDICOM": "ROW",
    "InstitutionAddress": "Magyar Tudosok Korutja 2,Budapest,,HU,1117",
    "InstitutionName": "RCNS",
    "InstitutionalDepartmentName": "BIC",
    "InversionTime": 0.9,
    "MRAcquisitionType": "3D",
    "MTState": true,
    "MagneticFieldStrength": 3,
    "Manufacturer": "Siemens",
    "ManufacturersModelName": "MAGNETOM Prisma",
    "Modality": "MR",
    "ParallelAcquisitionTechnique": "GRAPPA",
    "ParallelReductionFactorInPlane": 2,
    "PatientPosition": "HFS",
    "PercentPhaseFOV": 100,
    "PercentSampling": 100,
    "PixelBandwidth": 130,
    "ProcedureStepDescription": "head MR-artefacts",
    "ProtocolName": "MPRAGE_conventional",
    "ReceiveCoilActiveElements": "HE1-4;NE1,2",
    "ReconMatrixPE": 256,
    "RepetitionTime": 2.3,
    "SequenceVariant": "SK\\SP\\MP",
    "SeriesDescription": "MPRAGE_conventional",
    "SeriesNumber": 5,
    "SliceThickness": 1,
    "SoftwareVersions": "syngo MR XA30",
    "StationName": "AWP66040",
    "acq_id": "standard",
    "dataset": "<unset>",
    "modality": "T1w",
    "subject_id": "992121"
  },
  "cjv": 0.3329137905285582,
  "cnr": 4.009750341049439,
  "efc": 0.5939726418202628,
  "fber": 8742.816675849403,
  "fwhm_avg": 4.732833333333334,
  "fwhm_x": 4.52322,
  "fwhm_y": 4.93124,
  "fwhm_z": 4.74404,
  "icvs_csf": 0.24511996016000676,
  "icvs_gm": 0.3862971787136968,
  "icvs_wm": 0.36858286112629646,
  "inu_med": 1.0554194450378418,
  "inu_range": 0.3831495106220244,
  "provenance": {
    "md5sum": "8940490504a49abef5b422c12dcfe707",
    "settings": {
      "testing": false
    },
    "software": "mriqc",
    "version": "0.16.1",
    "warnings": {
      "large_rot_frame": true,
      "small_air_mask": false
    },
    "webapi_port": null,
    "webapi_url": "https://mriqc.nimh.nih.gov/api/v1"
  },
  "qi_1": 0.0,
  "qi_2": 0.007036904508287534,
  "rpve_csf": 23.287113632969987,
  "rpve_gm": 14.059497299910792,
  "rpve_wm": 18.3357716298525,
  "size_x": 192,
  "size_y": 256,
  "size_z": 256,
  "snr_csf": 3.5447531687224627,
  "snr_gm": 12.983005020523255,
  "snr_total": 12.962231837569083,
  "snr_wm": 22.358937323461536,
  "snrd_csf": 40.66938143431384,
  "snrd_gm": 86.8057149641771,
  "snrd_total": 82.9742680051474,
  "snrd_wm": 121.44770761695125,
  "spacing_x": 1.0,
  "spacing_y": 1.0,
  "spacing_z": 1.0,
  "summary_bg_k": 45.91398753893864,
  "summary_bg_mad": 5.394629801854181,
  "summary_bg_mean": 7.261280818151851,
  "summary_bg_median": 7.321618460118771,
  "summary_bg_n": 2389624.0,
  "summary_bg_p05": 0.0,
  "summary_bg_p95": 18.148739092051983,
  "summary_bg_stdv": 5.431977529947563,
  "summary_csf_k": -0.062469219650067576,
  "summary_csf_mad": 101.1493087847659,
  "summary_csf_mean": 344.8860700019237,
  "summary_csf_median": 334.8863910213113,
  "summary_csf_n": 25016.0,
  "summary_csf_p05": 211.35071954876184,
  "summary_csf_p95": 512.7351594343781,
  "summary_csf_stdv": 94.47193685169721,
  "summary_gm_k": 0.38004430783898213,
  "summary_gm_mad": 53.25552225123122,
  "summary_gm_mean": 712.799833565642,
  "summary_gm_median": 714.7896422110498,
  "summary_gm_n": 15970.0,
  "summary_gm_p05": 619.1870544999838,
  "summary_gm_p95": 799.165748283267,
  "summary_gm_stdv": 55.054069654414974,
  "summary_wm_k": 0.5201157213269045,
  "summary_wm_mad": 41.70969871189697,
  "summary_wm_mean": 999.6184295152,
  "summary_wm_median": 1000.0443347617984,
  "summary_wm_n": 219901.0,
  "summary_wm_p05": 923.8551293313503,
  "summary_wm_p95": 1072.2843035683036,
  "summary_wm_stdv": 44.72672589222695,
  "tpm_overlap_csf": 0.16737565398216248,
  "tpm_overlap_gm": 0.42788976430892944,
  "tpm_overlap_wm": 0.49223455786705017,
  "wm2max": 0.4463479363067417
}