{
  "bids_meta": {
    "AcquisitionMatrixPE": 256,
    "AcquisitionNumber": 1,
    "AcquisitionTime": "14:53:48.027500",
    "BaseResolution": 256,
    "BodyPartExamined": "HEAD",
    "CoilCombinationMethod": "Adaptive Combine",
    "ConsistencyInfo": "N4_VD13D_LATEST_20130810",
    "ConversionSoftware": "dcm2niix",
    "ConversionSoftwareVersion": "v1.0.20211006",
    "Dcm2bidsVersion": "2.1.6",
    "DeviceSerialNumber": "66040",
    "DwellTime": 1.5e-05,
    "EchoTime": 0.00303,
    "FlipAngle": 9,
    "ImageOrientationPatientDICOM": [
      -0.0477773,
      0.991559,
      0.120532,
      0.0648699,
      0.123495,
      -0.990223
    ],
    "ImageOrientationText": "Sag>Tra(-4.0)>Cor(-2.3)",
    "ImageType": [
      "ORIGINAL",
      "PRIMARY",
      "M",
      "ND",
      "NORM"
    ],
    "ImagingFrequency": 123.21,
    "InPlanePhaseEncodingDirectionDICOM": "ROW",
    "InstitutionAddress": "Magyar Tudosok Korutja 2,Budapest,,HU,1117",
    "InstitutionName": "RCNS",
    "InstitutionalDepartmentName": "BIC",
    "InversionTime": 0.9,
    "MRAcquisitionType": "3D",
    "MagneticFieldStrength": 3,
    "Manufacturer": "Siemens",
    "ManufacturersModelName": "Prisma",
    "MatrixCoilMode": "GRAPPA",
    "Modality": "MR",
    "ParallelReductionFactorInPlane": 2,
    "PartialFourier": 1,
    "PatientPosition": "HFS",
    "PercentPhaseFOV": 100,
    "PercentSampling": 100,
    "PhaseEncodingSteps": 255,
    "PhaseResolution": 1,
    "PixelBandwidth": 130,
    "ProcedureStepDescription": "head^MR-artefacts",
    "ProtocolName": "MPRAGE_move1",
    "PulseSequenceDetails": "%SiemensSeq%\\tfl",
    "ReceiveCoilActiveElements": "HE1-4",
    "ReceiveCoilName": "HeadNeck_20",
    "ReconMatrixPE": 256,
    "RefLinesPE": 24,
    "RepetitionTime": 2.3,
    "SAR": 0.0616806,
    "ScanOptions": "IR",
    "ScanningSequence": "GR\\IR",
    "SequenceName": "*tfl3d1_16ns",
    "SequenceVariant": "SK\\SP\\MP",
    "SeriesDescription": "MPRAGE_move1",
    "SeriesNumber": 17,
    "ShimSetting": [
      5978,
      -1073,
      1130,
      229,
      -43,
      -177,
      159,
      -39
    ],
    "SliceThickness": 1,
    "SoftwareVersions": "syngo MR D13D",
    "SpoilingState": true,
    "StationName": "AWP66040",
    "TxRefAmp": 235.8,
    "acq_id": "headmotion1",
    "dataset": "<unset>",
    "modality": "T1w",
    "subject_id": "581638"
  },
  "cjv": 0.44865156785227717,
  "cnr": 2.9833675998661247,
  "efc": 0.5344809637128871,
  "fber": 7311.552088433095,
  "fwhm_avg": 4.410116666666666,
  "fwhm_x": 4.14169,
  "fwhm_y": 4.57434,
  "fwhm_z": 4.51432,
  "icvs_csf": 0.2292815501004456,
  "icvs_gm": 0.40339063096207967,
  "icvs_wm": 0.36732781893747474,
  "inu_med": 0.9879814386367798,
  "inu_range": 0.37453438043594367,
  "provenance": {
    "md5sum": "e122cd36a554c131314b96375e879d5a",
    "settings": {
      "testing": false
    },
    "software": "mriqc",
    "version": "0.16.1",
    "warnings": {
      "large_rot_frame": true,
      "small_air_mask": false
    },
    "webapi_port": null,
    "webapi_url": "https://mriqc.nimh.nih.gov/api/v1"
  },
  "qi_1": 7.330017522831589e-05,
  "qi_2": 0.004710542890752997,
  "rpve_csf": 31.97682400360095,
  "rpve_gm": 18.04498439130441,
  "rpve_wm": 24.10298086276474,
  "size_x": 192,
  "size_y": 256,
  "size_z": 256,
  "snr_csf": 3.1466577982037793,
  "snr_gm": 11.452476965668287,
  "snr_total": 10.223294981171849,
  "snr_wm": 16.070750179643483,
  "snrd_csf": 54.529003540489825,
  "snrd_gm": 116.20177855592625,
  "snrd_total": 109.83353366253039,
  "snrd_wm": 158.7698188911751,
  "spacing_x": 1.0,
  "spacing_y": 1.0,
  "spacing_z": 1.0,
  "summary_bg_k": 23.040928131093782,
  "summary_bg_mad": 4.126328249920028,
  "summary_bg_mean": 8.738137397025609,
  "summary_bg_median": 5.566332221031189,
  "summary_bg_n": 2971599.0,
  "summary_bg_p05": 0.0,
  "summary_bg_p95": 27.620815187692642,
  "summary_bg_stdv": 10.990491631337834,
  "summary_csf_k": -0.2585253866893886,
  "summary_csf_mad": 120.57006106016324,
  "summary_csf_mean": 352.62230689952975,
  "summary_csf_median": 343.4469149559736,
  "summary_csf_n": 15990.0,
  "summary_csf_p05": 197.56262466311455,
  "summary_csf_p95": 541.1571317613125,
  "summary_csf_stdv": 109.143159944456,
  "summary_gm_k": 0.055522247379436784,
  "summary_gm_mad": 62.145004248795566,
  "summary_gm_mean": 734.278838140213,
  "summary_gm_median": 731.888348698616,
  "summary_gm_n": 11823.0,
  "summary_gm_p05": 632.1160605549812,
  "summary_gm_p95": 844.6487453579903,
  "summary_gm_stdv": 63.90385227141855,
  "summary_wm_k": 0.46482956686600563,
  "summary_wm_mad": 58.14371624887312,
  "summary_wm_mean": 1000.5833325953577,
  "summary_wm_median": 1000.0000173449516,
  "summary_wm_n": 162547.0,
  "summary_wm_p05": 898.0349316596985,
  "summary_wm_p95": 1104.0313930213451,
  "summary_wm_stdv": 62.22465847135445,
  "tpm_overlap_csf": 0.15974761545658112,
  "tpm_overlap_gm": 0.43556728959083557,
  "tpm_overlap_wm": 0.4876125752925873,
  "wm2max": 0.5032410760416304
}