{
  "bids_meta": {
    "AcquisitionMatrixPE": 256,
    "AcquisitionNumber": 1,
    "AcquisitionTime": "14:46:28.627500",
    "BaseResolution": 256,
    "BodyPartExamined": "HEAD",
    "CoilCombinationMethod": "Adaptive Combine",
    "ConsistencyInfo": "N4_VD13D_LATEST_20130810",
    "ConversionSoftware": "dcm2niix",
    "ConversionSoftwareVersion": "v1.0.20211006",
    "Dcm2bidsVersion": "2.1.6",
    "DeviceSerialNumber": "66040",
    "DwellTime": 1.5e-05,
    "EchoTime": 0.00303,
    "FlipAngle": 9,
    "ImageOrientationPatientDICOM": [
      -0.0325951,
      0.999469,
      0.00043325,
      -0.0563636,
      -0.00140536,
      -0.998409
    ],
    "ImageOrientationText": "Sag>Tra(3.2)>Cor(-1.9)",
    "ImageType": [
      "ORIGINAL",
      "PRIMARY",
      "M",
      "ND",
      "NORM"
    ],
    "ImagingFrequency": 123.21,
    "InPlanePhaseEncodingDirectionDICOM": "ROW",
    "InstitutionAddress": "Magyar Tudosok Korutja 2,Budapest,,HU,1117",
    "InstitutionName": "RCNS",
    "InstitutionalDepartmentName": "BIC",
    "InversionTime": 0.9,
    "MRAcquisitionType": "3D",
    "MagneticFieldStrength": 3,
    "Manufacturer": "Siemens",
    "ManufacturersModelName": "Prisma",
    "MatrixCoilMode": "GRAPPA",
    "Modality": "MR",
    "ParallelReductionFactorInPlane": 2,
    "PartialFourier": 1,
    "PatientPosition": "HFS",
    "PercentPhaseFOV": 100,
    "PercentSampling": 100,
    "PhaseEncodingSteps": 255,
    "PhaseResolution": 1,
    "PixelBandwidth": 130,
    "ProcedureStepDescription": "head^GINOP",
    "ProtocolName": "MPRAGE_conventional",
    "PulseSequenceDetails": "%SiemensSeq%\\tfl",
    "ReceiveCoilActiveElements": "HE1-4",
    "ReceiveCoilName": "HeadNeck_20",
    "ReconMatrixPE": 256,
    "RefLinesPE": 24,
    "RepetitionTime": 2.3,
    "SAR": 0.0547226,
    "ScanOptions": "IR",
    "ScanningSequence": "GR\\IR",
    "SequenceName": "*tfl3d1_16ns",
    "SequenceVariant": "SK\\SP\\MP",
    "SeriesDescription": "MPRAGE_conventional",
    "SeriesNumber": 5,
    "ShimSetting": [
      5951,
      -1053,
      1149,
      194,
      14,
      -118,
      56,
      20
    ],
    "SliceThickness": 1,
    "SoftwareVersions": "syngo MR D13D",
    "SpoilingState": true,
    "StationName": "AWP66040",
    "TxRefAmp": 276.559,
    "acq_id": "standard",
    "dataset": "<unset>",
    "modality": "T1w",
    "subject_id": "000183"
  },
  "cjv": 0.4087890741394066,
  "cnr": 3.212389096552735,
  "efc": 0.6098729852942111,
  "fber": 8448.98625572678,
  "fwhm_avg": 4.307966666666666,
  "fwhm_x": 4.04387,
  "fwhm_y": 4.49726,
  "fwhm_z": 4.38277,
  "icvs_csf": 0.21965500269463561,
  "icvs_gm": 0.42150056157865584,
  "icvs_wm": 0.35884443572670854,
  "inu_med": 1.0081787109375,
  "inu_range": 0.37789967060089125,
  "provenance": {
    "md5sum": "2eaea590b6a867f89a4a5f880761bc96",
    "settings": {
      "testing": false
    },
    "software": "mriqc",
    "version": "0.16.1",
    "warnings": {
      "large_rot_frame": true,
      "small_air_mask": false
    },
    "webapi_port": null,
    "webapi_url": "https://mriqc.nimh.nih.gov/api/v1"
  },
  "qi_1": 0.0,
  "qi_2": 0.008910953261027317,
  "rpve_csf": 24.046023597399472,
  "rpve_gm": 13.080324714460476,
  "rpve_wm": 17.964311297658536,
  "size_x": 192,
  "size_y": 256,
  "size_z": 256,
  "snr_csf": 3.2569473503899053,
  "snr_gm": 13.003597329389997,
  "snr_total": 12.557525238882377,
  "snr_wm": 21.412031036867226,
  "snrd_csf": 54.25238273925368,
  "snrd_gm": 120.64301467515556,
  "snrd_total": 111.2793083236055,
  "snrd_wm": 158.94252755640727,
  "spacing_x": 1.0,
  "spacing_y": 1.0,
  "spacing_z": 1.0,
  "summary_bg_k": 12.81784853770744,
  "summary_bg_mad": 4.121844335114524,
  "summary_bg_mean": 7.234111422399153,
  "summary_bg_median": 5.56028351187706,
  "summary_bg_n": 2390264.0,
  "summary_bg_p05": 0.0,
  "summary_bg_p95": 19.177304357290268,
  "summary_bg_stdv": 6.201657472820058,
  "summary_csf_k": 8.396742433152774,
  "summary_csf_mad": 92.11060299898784,
  "summary_csf_mean": 355.6611627699498,
  "summary_csf_median": 341.3333225250244,
  "summary_csf_n": 28412.0,
  "summary_csf_p05": 213.19431949034333,
  "summary_csf_p95": 548.8170038983222,
  "summary_csf_stdv": 104.79976459549822,
  "summary_gm_k": 0.24658395489388107,
  "summary_gm_mad": 55.68695816011868,
  "summary_gm_mean": 757.8353194442238,
  "summary_gm_median": 759.0354369580746,
  "summary_gm_n": 24495.0,
  "summary_gm_p05": 659.784376271069,
  "summary_gm_p95": 851.4609659463167,
  "summary_gm_stdv": 58.36999746242134,
  "summary_wm_k": 0.8023435437112085,
  "summary_wm_mad": 42.81670952190394,
  "summary_wm_mean": 1000.1636244643023,
  "summary_wm_median": 999.9999683350325,
  "summary_wm_n": 218950.0,
  "summary_wm_p05": 923.9148643612862,
  "summary_wm_p95": 1076.7659233510494,
  "summary_wm_stdv": 46.70260765941835,
  "tpm_overlap_csf": 0.1721053123474121,
  "tpm_overlap_gm": 0.450989305973053,
  "tpm_overlap_wm": 0.4884144067764282,
  "wm2max": 0.4162185232970537
}