{
  "bids_meta": {
    "AcquisitionMatrixPE": 256,
    "AcquisitionNumber": 1,
    "AcquisitionTime": "09:27:16.500000",
    "BaseResolution": 256,
    "BodyPartExamined": "HEAD",
    "CoilCombinationMethod": "Adaptive Combine",
    "ConsistencyInfo": "N4_VD13D_LATEST_20130810",
    "ConversionSoftware": "dcm2niix",
    "ConversionSoftwareVersion": "v1.0.20211006",
    "Dcm2bidsVersion": "2.1.6",
    "DeviceSerialNumber": "66040",
    "DwellTime": 1.5e-05,
    "EchoTime": 0.00303,
    "FlipAngle": 9,
    "FrameTimesStart": [
      0
    ],
    "ImageOrientationPatientDICOM": [
      0.0158934,
      0.996786,
      0.0785191,
      0.0338573,
      0.0779474,
      -0.996382
    ],
    "ImageOrientationText": "Sag>Tra(-1.9)>Cor(1.1)",
    "ImageType": [
      "ORIGINAL",
      "PRIMARY",
      "M",
      "ND",
      "NORM"
    ],
    "ImagingFrequency": 123.21,
    "InPlanePhaseEncodingDirectionDICOM": "ROW",
    "InstitutionAddress": "Magyar Tudosok Korutja 2,Budapest,,HU,1117",
    "InstitutionName": "RCNS",
    "InstitutionalDepartmentName": "BIC",
    "InversionTime": 0.9,
    "MRAcquisitionType": "3D",
    "MagneticFieldStrength": 3,
    "Manufacturer": "Siemens",
    "ManufacturersModelName": "Prisma",
    "MatrixCoilMode": "GRAPPA",
    "Modality": "MR",
    "ParallelReductionFactorInPlane": 2,
    "PartialFourier": 1,
    "PatientPosition": "HFS",
    "PercentPhaseFOV": 100,
    "PercentSampling": 100,
    "PhaseEncodingSteps": 255,
    "PhaseResolution": 1,
    "PixelBandwidth": 130,
    "ProcedureStepDescription": "head^MR-artefacts",
    "ProtocolName": "MPRAGE_conventional",
    "PulseSequenceDetails": "%SiemensSeq%\\tfl",
    "ReceiveCoilActiveElements": "HE1-4",
    "ReceiveCoilName": "HeadNeck_20",
    "ReconMatrixPE": 256,
    "RefLinesPE": 24,
    "RepetitionTime": 2.3,
    "SAR": 0.0524035,
    "ScanOptions": "IR",
    "ScanningSequence": "GR\\IR",
    "SequenceName": "*tfl3d1_16ns",
    "SequenceVariant": "SK\\SP\\MP",
    "SeriesDescription": "MPRAGE_conventional",
    "SeriesNumber": 6,
    "ShimSetting": [
      5962,
      -1079,
      1182,
      198,
      -17,
      -185,
      113,
      -6
    ],
    "SliceThickness": 1,
    "SoftwareVersions": "syngo MR D13D",
    "SpoilingState": true,
    "StationName": "AWP66040",
    "TxRefAmp": 258.82,
    "acq_id": "standard",
    "dataset": "<unset>",
    "modality": "T1w",
    "subject_id": "275147"
  },
  "cjv": 0.3205905023154822,
  "cnr": 4.043328358812646,
  "efc": 0.5632407610444121,
  "fber": 8507.21551592745,
  "fwhm_avg": 4.786546666666667,
  "fwhm_x": 4.49267,
  "fwhm_y": 4.96497,
  "fwhm_z": 4.902,
  "icvs_csf": 0.21859725487403492,
  "icvs_gm": 0.40967222882640425,
  "icvs_wm": 0.37173051629956083,
  "inu_med": 1.2078338861465454,
  "inu_range": 0.45462948083877563,
  "provenance": {
    "md5sum": "060615561c934d221e6bc444bf26bc35",
    "settings": {
      "testing": false
    },
    "software": "mriqc",
    "version": "0.16.1",
    "warnings": {
      "large_rot_frame": true,
      "small_air_mask": false
    },
    "webapi_port": null,
    "webapi_url": "https://mriqc.nimh.nih.gov/api/v1"
  },
  "qi_1": 0.00019098606042750754,
  "qi_2": 0.006269940154572275,
  "rpve_csf": 25.545118977670317,
  "rpve_gm": 13.95455656465876,
  "rpve_wm": 18.719066967509566,
  "size_x": 192,
  "size_y": 256,
  "size_z": 256,
  "snr_csf": 3.6007198454599965,
  "snr_gm": 14.1171721271978,
  "snr_total": 13.70069849268256,
  "snr_wm": 23.384203505389884,
  "snrd_csf": 68.42636549084025,
  "snrd_gm": 125.81384470481568,
  "snrd_total": 122.37697870312316,
  "snrd_wm": 172.89072591371354,
  "spacing_x": 1.0,
  "spacing_y": 1.0,
  "spacing_z": 1.0,
  "summary_bg_k": 198.59485244174155,
  "summary_bg_mad": 3.7893090998906573,
  "summary_bg_mean": 6.596699045070527,
  "summary_bg_median": 5.1117002964019775,
  "summary_bg_n": 3082105.0,
  "summary_bg_p05": 0.0,
  "summary_bg_p95": 18.316926062107086,
  "summary_bg_stdv": 7.025869678223079,
  "summary_csf_k": -0.23285493254102496,
  "summary_csf_mad": 122.52099422979792,
  "summary_csf_mean": 399.1621767724671,
  "summary_csf_median": 395.7781285047531,
  "summary_csf_n": 19664.0,
  "summary_csf_p05": 229.83719110488892,
  "summary_csf_p95": 576.9595056772232,
  "summary_csf_stdv": 109.91359557046904,
  "summary_gm_k": 0.3113947206148251,
  "summary_gm_mad": 49.54170786153341,
  "summary_gm_mean": 728.4233331044925,
  "summary_gm_median": 727.7073338627815,
  "summary_gm_n": 27979.0,
  "summary_gm_p05": 644.8788568377495,
  "summary_gm_p95": 814.5115777850151,
  "summary_gm_stdv": 51.54674907004979,
  "summary_wm_k": 0.9456800230122302,
  "summary_wm_mad": 37.75274621742914,
  "summary_wm_mean": 996.2330526853589,
  "summary_wm_median": 1000.0000357627869,
  "summary_wm_n": 224420.0,
  "summary_wm_p05": 917.2188892960548,
  "summary_wm_p95": 1058.8792502880096,
  "summary_wm_stdv": 42.76381735919769,
  "tpm_overlap_csf": 0.1641395092010498,
  "tpm_overlap_gm": 0.45134657621383667,
  "tpm_overlap_wm": 0.4996543526649475,
  "wm2max": 0.4806624806624807
}