{
  "bids_meta": {
    "AcquisitionMatrixPE": 256,
    "AcquisitionNumber": 1,
    "AcquisitionTime": "09:35:43.292500",
    "BodyPartExamined": "HEAD",
    "CoilString": "HeadNeck_20",
    "ConversionSoftware": "dcm2niix",
    "ConversionSoftwareVersion": "v1.0.20211006",
    "Dcm2bidsVersion": "2.1.6",
    "DeviceSerialNumber": "66040",
    "EchoTime": 0.00303,
    "FlipAngle": 9,
    "ImageOrientationPatientDICOM": [
      0.0381875,
      0.999212,
      0.0107862,
      0.0802703,
      0.00769183,
      -0.996743
    ],
    "ImageType": [
      "ORIGINAL",
      "PRIMARY",
      "M",
      "NONE"
    ],
    "ImagingFrequency": 123.227,
    "InPlanePhaseEncodingDirectionDICOM": "ROW",
    "InstitutionAddress": "Magyar Tudosok Korutja 2,Budapest,,HU,1117",
    "InstitutionName": "RCNS",
    "InstitutionalDepartmentName": "BIC",
    "InversionTime": 0.9,
    "MRAcquisitionType": "3D",
    "MTState": true,
    "MagneticFieldStrength": 3,
    "Manufacturer": "Siemens",
    "ManufacturersModelName": "MAGNETOM Prisma",
    "Modality": "MR",
    "ParallelAcquisitionTechnique": "GRAPPA",
    "ParallelReductionFactorInPlane": 2,
    "PatientPosition": "HFS",
    "PercentPhaseFOV": 100,
    "PercentSampling": 100,
    "PixelBandwidth": 130,
    "ProcedureStepDescription": "head MR-artefacts",
    "ProtocolName": "MPRAGE_move1",
    "ReceiveCoilActiveElements": "HE1-4;NE1,2",
    "ReconMatrixPE": 256,
    "RepetitionTime": 2.3,
    "SequenceVariant": "SK\\SP\\MP",
    "SeriesDescription": "MPRAGE_move1",
    "SeriesNumber": 6,
    "SliceThickness": 1,
    "SoftwareVersions": "syngo MR XA30",
    "StationName": "AWP66040",
    "acq_id": "headmotion1",
    "dataset": "<unset>",
    "modality": "T1w",
    "subject_id": "890465"
  },
  "cjv": 0.38486063444269214,
  "cnr": 3.4386786566022827,
  "efc": 0.6060279558555853,
  "fber": 1664.0707463493782,
  "fwhm_avg": 4.965383333333333,
  "fwhm_x": 4.60273,
  "fwhm_y": 5.13714,
  "fwhm_z": 5.15628,
  "icvs_csf": 0.23287936849505023,
  "icvs_gm": 0.4019617151483102,
  "icvs_wm": 0.36515891635663955,
  "inu_med": 1.612173318862915,
  "inu_range": 0.5196526288986205,
  "provenance": {
    "md5sum": "e1d227d073f26a1114e5ecc9a62b6ef0",
    "settings": {
      "testing": false
    },
    "software": "mriqc",
    "version": "0.16.1",
    "warnings": {
      "large_rot_frame": true,
      "small_air_mask": false
    },
    "webapi_port": null,
    "webapi_url": "https://mriqc.nimh.nih.gov/api/v1"
  },
  "qi_1": 0.0,
  "qi_2": 0.007352824400795806,
  "rpve_csf": 26.475395344893375,
  "rpve_gm": 15.055664143118678,
  "rpve_wm": 19.83418470203154,
  "size_x": 192,
  "size_y": 256,
  "size_z": 256,
  "snr_csf": 3.9515327393371376,
  "snr_gm": 13.17451735374077,
  "snr_total": 11.335229487314749,
  "snr_wm": 16.879638368866342,
  "snrd_csf": 16.285546227179676,
  "snrd_gm": 31.04616367377645,
  "snrd_total": 30.26925867003251,
  "snrd_wm": 43.47606610914141,
  "spacing_x": 1.0,
  "spacing_y": 1.0,
  "spacing_z": 1.0,
  "summary_bg_k": 5.948709817311462,
  "summary_bg_mad": 15.06949785209795,
  "summary_bg_mean": 20.087151669870803,
  "summary_bg_median": 13.63201517611742,
  "summary_bg_n": 2073781.0,
  "summary_bg_p05": 3.3880739472806454,
  "summary_bg_p95": 64.81186162680387,
  "summary_bg_stdv": 21.57020348505707,
  "summary_csf_k": 0.034053096826199614,
  "summary_csf_mad": 98.6313408437313,
  "summary_csf_mean": 374.6258335431347,
  "summary_csf_median": 374.6013994887471,
  "summary_csf_n": 26243.0,
  "summary_csf_p05": 222.5007950719446,
  "summary_csf_p95": 528.2206582278013,
  "summary_csf_stdv": 94.79720578389923,
  "summary_gm_k": 0.027712304673936483,
  "summary_gm_mad": 53.83651977749503,
  "summary_gm_mean": 714.7973845189568,
  "summary_gm_median": 714.1262686997652,
  "summary_gm_n": 20209.0,
  "summary_gm_p05": 626.6501853503287,
  "summary_gm_p95": 806.0825815983117,
  "summary_gm_stdv": 54.20377694198772,
  "summary_wm_k": 0.4215670912309588,
  "summary_wm_mad": 56.20036257782412,
  "summary_wm_mean": 1003.0011305424168,
  "summary_wm_median": 1000.0398501567543,
  "summary_wm_n": 202380.0,
  "summary_wm_p05": 909.3590474501252,
  "summary_wm_p95": 1105.2694409899414,
  "summary_wm_stdv": 59.24518983178609,
  "tpm_overlap_csf": 0.16161863505840302,
  "tpm_overlap_gm": 0.45266443490982056,
  "tpm_overlap_wm": 0.5196695923805237,
  "wm2max": 0.489387829057903
}