{
  "bids_meta": {
    "AcquisitionMatrixPE": 256,
    "AcquisitionNumber": 1,
    "AcquisitionTime": "13:16:7.635000",
    "BaseResolution": 256,
    "BodyPartExamined": "HEAD",
    "CoilCombinationMethod": "Adaptive Combine",
    "ConsistencyInfo": "N4_VD13D_LATEST_20130810",
    "ConversionSoftware": "dcm2niix",
    "ConversionSoftwareVersion": "v1.0.20211006",
    "Dcm2bidsVersion": "2.1.6",
    "DeviceSerialNumber": "66040",
    "DwellTime": 1.5e-05,
    "EchoTime": 0.00303,
    "FlipAngle": 9,
    "FrameTimesStart": [
      0
    ],
    "ImageOrientationPatientDICOM": [
      -0.0520155,
      0.98833,
      -0.143169,
      0.058554,
      -0.140098,
      -0.988405
    ],
    "ImageOrientationText": "Sag>Cor(-3.4)>Tra(-2.9)",
    "ImageType": [
      "ORIGINAL",
      "PRIMARY",
      "M",
      "ND",
      "NORM"
    ],
    "ImagingFrequency": 123.21,
    "InPlanePhaseEncodingDirectionDICOM": "ROW",
    "InstitutionAddress": "Magyar Tudosok Korutja 2,Budapest,,HU,1117",
    "InstitutionName": "RCNS",
    "InstitutionalDepartmentName": "BIC",
    "InversionTime": 0.9,
    "MRAcquisitionType": "3D",
    "MagneticFieldStrength": 3,
    "Manufacturer": "Siemens",
    "ManufacturersModelName": "Prisma",
    "MatrixCoilMode": "GRAPPA",
    "Modality": "MR",
    "ParallelReductionFactorInPlane": 2,
    "PartialFourier": 1,
    "PatientPosition": "HFS",
    "PercentPhaseFOV": 100,
    "PercentSampling": 100,
    "PhaseEncodingSteps": 255,
    "PhaseResolution": 1,
    "PixelBandwidth": 130,
    "ProcedureStepDescription": "head^MR-artefacts",
    "ProtocolName": "MPRAGE_conventional",
    "PulseSequenceDetails": "%SiemensSeq%\\tfl",
    "ReceiveCoilActiveElements": "HE1-4",
    "ReceiveCoilName": "HeadNeck_20",
    "ReconMatrixPE": 256,
    "RefLinesPE": 24,
    "RepetitionTime": 2.3,
    "SAR": 0.0612417,
    "ScanOptions": "IR",
    "ScanningSequence": "GR\\IR",
    "SequenceName": "*tfl3d1_16ns",
    "SequenceVariant": "SK\\SP\\MP",
    "SeriesDescription": "MPRAGE_conventional",
    "SeriesNumber": 6,
    "ShimSetting": [
      5962,
      -1053,
      1032,
      214,
      -20,
      -255,
      -207,
      -21
    ],
    "SliceThickness": 1,
    "SoftwareVersions": "syngo MR D13D",
    "SpoilingState": true,
    "StationName": "AWP66040",
    "TxRefAmp": 289.758,
    "acq_id": "standard",
    "dataset": "<unset>",
    "modality": "T1w",
    "subject_id": "778481"
  },
  "cjv": 0.31265238493874614,
  "cnr": 4.131416813838013,
  "efc": 0.5322268150095542,
  "fber": 21873.001451247168,
  "fwhm_avg": 4.531726666666667,
  "fwhm_x": 4.3049,
  "fwhm_y": 4.62384,
  "fwhm_z": 4.66644,
  "icvs_csf": 0.21427380622101758,
  "icvs_gm": 0.41570831803313013,
  "icvs_wm": 0.3700178757458523,
  "inu_med": 1.123162865638733,
  "inu_range": 0.28834767341613765,
  "provenance": {
    "md5sum": "050b2bfcff6e638bafbd2af66812cda4",
    "settings": {
      "testing": false
    },
    "software": "mriqc",
    "version": "0.16.1",
    "warnings": {
      "large_rot_frame": true,
      "small_air_mask": false
    },
    "webapi_port": null,
    "webapi_url": "https://mriqc.nimh.nih.gov/api/v1"
  },
  "qi_1": 0.0,
  "qi_2": 0.00967997193539973,
  "rpve_csf": 29.51579228426348,
  "rpve_gm": 16.015745696429885,
  "rpve_wm": 22.05795177707031,
  "size_x": 192,
  "size_y": 256,
  "size_z": 256,
  "snr_csf": 3.432740358344744,
  "snr_gm": 14.471652726459107,
  "snr_total": 15.577131853294508,
  "snr_wm": 28.827002475079677,
  "snrd_csf": 69.55404780623074,
  "snrd_gm": 142.34573668933064,
  "snrd_total": 134.48248941952423,
  "snrd_wm": 191.5476837630113,
  "spacing_x": 1.0,
  "spacing_y": 1.0,
  "spacing_z": 1.0,
  "summary_bg_k": 14.438040435721842,
  "summary_bg_mad": 3.4203778936599503,
  "summary_bg_mean": 5.501286281393452,
  "summary_bg_median": 4.6140196621418,
  "summary_bg_n": 3814980.0,
  "summary_bg_p05": 0.0,
  "summary_bg_p95": 13.93079013377428,
  "summary_bg_stdv": 5.037388330113152,
  "summary_csf_k": 5.867995786918273,
  "summary_csf_mad": 105.04506723413347,
  "summary_csf_mean": 380.12214698968234,
  "summary_csf_median": 363.13222052529454,
  "summary_csf_n": 16975.0,
  "summary_csf_p05": 234.99113408140838,
  "summary_csf_p95": 561.9476658325642,
  "summary_csf_stdv": 105.78182046191486,
  "summary_gm_k": 0.24120641314246827,
  "summary_gm_mad": 49.00349097647429,
  "summary_gm_mean": 744.1685163233903,
  "summary_gm_median": 743.1677246205509,
  "summary_gm_n": 23788.0,
  "summary_gm_p05": 661.5505970103667,
  "summary_gm_p95": 830.7897326275706,
  "summary_gm_stdv": 51.352262098880296,
  "summary_wm_k": 0.885121907263378,
  "summary_wm_mad": 31.309613026579544,
  "summary_wm_mean": 999.0015765121368,
  "summary_wm_median": 1000.0443961955607,
  "summary_wm_n": 202524.0,
  "summary_wm_p05": 939.9734094403684,
  "summary_wm_p95": 1053.6823747679591,
  "summary_wm_stdv": 34.69115209270272,
  "tpm_overlap_csf": 0.1616305708885193,
  "tpm_overlap_gm": 0.45066913962364197,
  "tpm_overlap_wm": 0.5115306377410889,
  "wm2max": 0.5317208548309618
}