{
  "bids_meta": {
    "AcquisitionMatrixPE": 256,
    "AcquisitionNumber": 1,
    "AcquisitionTime": "15:05:43.417500",
    "BaseResolution": 256,
    "BodyPartExamined": "HEAD",
    "CoilCombinationMethod": "Adaptive Combine",
    "ConsistencyInfo": "N4_VD13D_LATEST_20130810",
    "ConversionSoftware": "dcm2niix",
    "ConversionSoftwareVersion": "v1.0.20211006",
    "Dcm2bidsVersion": "2.1.6",
    "DeviceSerialNumber": "66040",
    "DwellTime": 1.5e-05,
    "EchoTime": 0.00303,
    "FlipAngle": 9,
    "ImageOrientationPatientDICOM": [
      -0.0138146,
      0.994927,
      0.0996502,
      -0.019609,
      0.099371,
      -0.994857
    ],
    "ImageOrientationText": "Sag>Tra(1.0)>Cor(-0.9)",
    "ImageType": [
      "ORIGINAL",
      "PRIMARY",
      "M",
      "ND",
      "NORM"
    ],
    "ImagingFrequency": 123.21,
    "InPlanePhaseEncodingDirectionDICOM": "ROW",
    "InstitutionAddress": "Magyar Tudosok Korutja 2,Budapest,,HU,1117",
    "InstitutionName": "RCNS",
    "InstitutionalDepartmentName": "BIC",
    "InversionTime": 0.9,
    "MRAcquisitionType": "3D",
    "MagneticFieldStrength": 3,
    "Manufacturer": "Siemens",
    "ManufacturersModelName": "Prisma",
    "MatrixCoilMode": "GRAPPA",
    "Modality": "MR",
    "ParallelReductionFactorInPlane": 2,
    "PartialFourier": 1,
    "PatientPosition": "HFS",
    "PercentPhaseFOV": 100,
    "PercentSampling": 100,
    "PhaseEncodingSteps": 255,
    "PhaseResolution": 1,
    "PixelBandwidth": 130,
    "ProcedureStepDescription": "head^MR-artefacts",
    "ProtocolName": "MPRAGE_move1",
    "PulseSequenceDetails": "%SiemensSeq%\\tfl",
    "ReceiveCoilActiveElements": "HE1-4",
    "ReceiveCoilName": "HeadNeck_20",
    "ReconMatrixPE": 256,
    "RefLinesPE": 24,
    "RepetitionTime": 2.3,
    "SAR": 0.0545957,
    "ScanOptions": "IR",
    "ScanningSequence": "GR\\IR",
    "SequenceName": "*tfl3d1_16ns",
    "SequenceVariant": "SK\\SP\\MP",
    "SeriesDescription": "MPRAGE_move1",
    "SeriesNumber": 17,
    "ShimSetting": [
      5955,
      -1056,
      1053,
      188,
      26,
      43,
      96,
      -67
    ],
    "SliceThickness": 1,
    "SoftwareVersions": "syngo MR D13D",
    "SpoilingState": true,
    "StationName": "AWP66040",
    "TxRefAmp": 238.774,
    "acq_id": "headmotion1",
    "dataset": "<unset>",
    "modality": "T1w",
    "subject_id": "278729"
  },
  "cjv": 0.3435201222218679,
  "cnr": 3.8672358385240497,
  "efc": 0.5303330458322093,
  "fber": 7723.1141015625,
  "fwhm_avg": 4.461976666666667,
  "fwhm_x": 4.24846,
  "fwhm_y": 4.59215,
  "fwhm_z": 4.54532,
  "icvs_csf": 0.21781353158957492,
  "icvs_gm": 0.41361923646557974,
  "icvs_wm": 0.36856723194484536,
  "inu_med": 1.1712639331817627,
  "inu_range": 0.4037349224090576,
  "provenance": {
    "md5sum": "32f9bca11fdc547702155136baa9c372",
    "settings": {
      "testing": false
    },
    "software": "mriqc",
    "version": "0.16.1",
    "warnings": {
      "large_rot_frame": true,
      "small_air_mask": false
    },
    "webapi_port": null,
    "webapi_url": "https://mriqc.nimh.nih.gov/api/v1"
  },
  "qi_1": 4.81817106217864e-05,
  "qi_2": 0.011110588232962697,
  "rpve_csf": 26.94383680443196,
  "rpve_gm": 14.5996456082842,
  "rpve_wm": 19.671848690567238,
  "size_x": 192,
  "size_y": 256,
  "size_z": 256,
  "snr_csf": 3.185706130427893,
  "snr_gm": 12.918484729815766,
  "snr_total": 13.064296988117766,
  "snr_wm": 23.088700104109638,
  "snrd_csf": 62.28092175924241,
  "snrd_gm": 120.4212382878743,
  "snrd_total": 116.35700785730141,
  "snrd_wm": 166.36886352478749,
  "spacing_x": 1.0,
  "spacing_y": 1.0,
  "spacing_z": 1.0,
  "summary_bg_k": 25.60040576406821,
  "summary_bg_mad": 3.9380481014481514,
  "summary_bg_mean": 7.643535601245205,
  "summary_bg_median": 5.263157770037651,
  "summary_bg_n": 3280528.0,
  "summary_bg_p05": 0.0,
  "summary_bg_p95": 23.41367381811142,
  "summary_bg_stdv": 9.223438910740589,
  "summary_csf_k": 2.559668535376014,
  "summary_csf_mad": 139.29021988455497,
  "summary_csf_mean": 380.6941435035702,
  "summary_csf_median": 374.3728391379118,
  "summary_csf_n": 21987.0,
  "summary_csf_p05": 210.49187892824412,
  "summary_csf_p95": 569.9311227485538,
  "summary_csf_stdv": 117.51376624513097,
  "summary_gm_k": 0.076289900722883,
  "summary_gm_mad": 55.42438068704806,
  "summary_gm_mean": 724.5597107777622,
  "summary_gm_median": 723.8563527464867,
  "summary_gm_n": 22849.0,
  "summary_gm_p05": 634.9926066964865,
  "summary_gm_p95": 817.7569899708033,
  "summary_gm_stdv": 56.03137888933955,
  "summary_wm_k": 0.7581308721509967,
  "summary_wm_mad": 39.453407831175,
  "summary_wm_mean": 998.5630543705032,
  "summary_wm_median": 1000.0491646975279,
  "summary_wm_n": 209337.0,
  "summary_wm_p05": 923.6005683779717,
  "summary_wm_p95": 1066.50268009305,
  "summary_wm_stdv": 43.31325590330868,
  "tpm_overlap_csf": 0.16104188561439514,
  "tpm_overlap_gm": 0.44752946496009827,
  "tpm_overlap_wm": 0.49343618750572205,
  "wm2max": 0.4839897380177724
}