{
  "bids_meta": {
    "AcquisitionMatrixPE": 256,
    "AcquisitionNumber": 1,
    "AcquisitionTime": "14:38:17.625000",
    "BaseResolution": 256,
    "BodyPartExamined": "HEAD",
    "CoilCombinationMethod": "Adaptive Combine",
    "ConsistencyInfo": "N4_VD13D_LATEST_20130810",
    "ConversionSoftware": "dcm2niix",
    "ConversionSoftwareVersion": "v1.0.20211006",
    "Dcm2bidsVersion": "2.1.6",
    "DeviceSerialNumber": "66040",
    "DwellTime": 1.5e-05,
    "EchoTime": 0.00303,
    "FlipAngle": 9,
    "FrameTimesStart": [
      0
    ],
    "ImageOrientationPatientDICOM": [
      -0.013813,
      0.994918,
      0.0997348,
      -0.0196103,
      0.0994556,
      -0.994849
    ],
    "ImageOrientationText": "Sag>Tra(1.0)>Cor(-0.9)",
    "ImageType": [
      "ORIGINAL",
      "PRIMARY",
      "M",
      "ND",
      "NORM"
    ],
    "ImagingFrequency": 123.21,
    "InPlanePhaseEncodingDirectionDICOM": "ROW",
    "InstitutionAddress": "Magyar Tudosok Korutja 2,Budapest,,HU,1117",
    "InstitutionName": "RCNS",
    "InstitutionalDepartmentName": "BIC",
    "InversionTime": 0.9,
    "MRAcquisitionType": "3D",
    "MagneticFieldStrength": 3,
    "Manufacturer": "Siemens",
    "ManufacturersModelName": "Prisma",
    "MatrixCoilMode": "GRAPPA",
    "Modality": "MR",
    "ParallelReductionFactorInPlane": 2,
    "PartialFourier": 1,
    "PatientPosition": "HFS",
    "PercentPhaseFOV": 100,
    "PercentSampling": 100,
    "PhaseEncodingSteps": 255,
    "PhaseResolution": 1,
    "PixelBandwidth": 130,
    "ProcedureStepDescription": "head^MR-artefacts",
    "ProtocolName": "MPRAGE_conventional",
    "PulseSequenceDetails": "%SiemensSeq%\\tfl",
    "ReceiveCoilActiveElements": "HE1-4",
    "ReceiveCoilName": "HeadNeck_20",
    "ReconMatrixPE": 256,
    "RefLinesPE": 24,
    "RepetitionTime": 2.3,
    "SAR": 0.0545957,
    "ScanOptions": "IR",
    "ScanningSequence": "GR\\IR",
    "SequenceName": "*tfl3d1_16ns",
    "SequenceVariant": "SK\\SP\\MP",
    "SeriesDescription": "MPRAGE_conventional",
    "SeriesNumber": 6,
    "ShimSetting": [
      5955,
      -1056,
      1053,
      188,
      26,
      43,
      96,
      -67
    ],
    "SliceThickness": 1,
    "SoftwareVersions": "syngo MR D13D",
    "SpoilingState": true,
    "StationName": "AWP66040",
    "TxRefAmp": 238.774,
    "acq_id": "standard",
    "dataset": "<unset>",
    "modality": "T1w",
    "subject_id": "278729"
  },
  "cjv": 0.2864387486152823,
  "cnr": 4.521912775060719,
  "efc": 0.5196846740958935,
  "fber": 22328.897959183672,
  "fwhm_avg": 4.4521266666666675,
  "fwhm_x": 4.22842,
  "fwhm_y": 4.61164,
  "fwhm_z": 4.51632,
  "icvs_csf": 0.21480477477378906,
  "icvs_gm": 0.41715434861100475,
  "icvs_wm": 0.3680408766152062,
  "inu_med": 1.5295511484146118,
  "inu_range": 0.44027814269065835,
  "provenance": {
    "md5sum": "7e3c1220450238cbe3d9070eabb1c82e",
    "settings": {
      "testing": false
    },
    "software": "mriqc",
    "version": "0.16.1",
    "warnings": {
      "large_rot_frame": true,
      "small_air_mask": false
    },
    "webapi_port": null,
    "webapi_url": "https://mriqc.nimh.nih.gov/api/v1"
  },
  "qi_1": 1.9429419027063516e-06,
  "qi_2": 0.014022077226791026,
  "rpve_csf": 27.02141286849348,
  "rpve_gm": 14.516623418558234,
  "rpve_wm": 19.813644604471605,
  "size_x": 192,
  "size_y": 256,
  "size_z": 256,
  "snr_csf": 3.149615913179348,
  "snr_gm": 13.914502640937688,
  "snr_total": 14.827058119782018,
  "snr_wm": 27.417055805229026,
  "snrd_csf": 72.25946165814143,
  "snrd_gm": 145.55385928145418,
  "snrd_total": 140.50321672483162,
  "snrd_wm": 203.69632923489917,
  "spacing_x": 1.0,
  "spacing_y": 1.0,
  "spacing_z": 1.0,
  "summary_bg_k": 17.89815818896191,
  "summary_bg_mad": 3.2162403711222396,
  "summary_bg_mean": 4.704638694000664,
  "summary_bg_median": 4.395729728043079,
  "summary_bg_n": 3375214.0,
  "summary_bg_p05": 0.0,
  "summary_bg_p95": 11.246217615902424,
  "summary_bg_stdv": 4.133726019846587,
  "summary_csf_k": 18.771340507144554,
  "summary_csf_mad": 124.16380590621908,
  "summary_csf_mean": 367.04349281191463,
  "summary_csf_median": 354.74109779298306,
  "summary_csf_n": 22167.0,
  "summary_csf_p05": 218.64473842084408,
  "summary_csf_p95": 540.6005429305137,
  "summary_csf_stdv": 112.62741423797422,
  "summary_gm_k": 0.12724427796814952,
  "summary_gm_mad": 50.274915274910796,
  "summary_gm_mean": 712.7722647480132,
  "summary_gm_median": 714.5629741027951,
  "summary_gm_n": 25741.0,
  "summary_gm_p05": 626.1916803494096,
  "summary_gm_p95": 794.9420319870114,
  "summary_gm_stdv": 51.352830391889405,
  "summary_wm_k": 1.3312390764582407,
  "summary_wm_mad": 31.48530047519666,
  "summary_wm_mean": 997.8056005091757,
  "summary_wm_median": 999.9999694302678,
  "summary_wm_n": 210750.0,
  "summary_wm_p05": 933.1506251245737,
  "summary_wm_p95": 1052.3491143733263,
  "summary_wm_stdv": 36.47355879684076,
  "tpm_overlap_csf": 0.15828947722911835,
  "tpm_overlap_gm": 0.444212406873703,
  "tpm_overlap_wm": 0.4929196834564209,
  "wm2max": 0.5294864431883445
}