{
  "bids_meta": {
    "AcquisitionMatrixPE": 256,
    "AcquisitionNumber": 1,
    "AcquisitionTime": "09:13:52.590000",
    "BodyPartExamined": "HEAD",
    "CoilString": "HeadNeck_20",
    "ConversionSoftware": "dcm2niix",
    "ConversionSoftwareVersion": "v1.0.20211006",
    "Dcm2bidsVersion": "2.1.6",
    "DeviceSerialNumber": "66040",
    "EchoTime": 0.00303,
    "FlipAngle": 9,
    "ImageOrientationPatientDICOM": [
      -0.00488071,
      0.994437,
      0.105218,
      0.00870981,
      0.105258,
      -0.994407
    ],
    "ImageType": [
      "ORIGINAL",
      "PRIMARY",
      "M",
      "NONE"
    ],
    "ImagingFrequency": 123.228,
    "InPlanePhaseEncodingDirectionDICOM": "ROW",
    "InstitutionAddress": "Magyar Tudosok Korutja 2,Budapest,,HU,1117",
    "InstitutionName": "RCNS",
    "InstitutionalDepartmentName": "BIC",
    "InversionTime": 0.9,
    "MRAcquisitionType": "3D",
    "MTState": true,
    "MagneticFieldStrength": 3,
    "Manufacturer": "Siemens",
    "ManufacturersModelName": "MAGNETOM Prisma",
    "Modality": "MR",
    "ParallelAcquisitionTechnique": "GRAPPA",
    "ParallelReductionFactorInPlane": 2,
    "PatientPosition": "HFS",
    "PercentPhaseFOV": 100,
    "PercentSampling": 100,
    "PixelBandwidth": 130,
    "ProcedureStepDescription": "head MR-artefacts",
    "ProtocolName": "MPRAGE_move1",
    "ReceiveCoilActiveElements": "HE1-4;NE1,2",
    "ReconMatrixPE": 256,
    "RepetitionTime": 2.3,
    "SequenceVariant": "SK\\SP\\MP",
    "SeriesDescription": "MPRAGE_move1",
    "SeriesNumber": 6,
    "SliceThickness": 1,
    "SoftwareVersions": "syngo MR XA30",
    "StationName": "AWP66040",
    "acq_id": "headmotion1",
    "dataset": "<unset>",
    "modality": "T1w",
    "subject_id": "597083"
  },
  "cjv": 0.46452354496689513,
  "cnr": 2.85990937690401,
  "efc": 0.62501815794353,
  "fber": 1760.194055111111,
  "fwhm_avg": 4.778356666666666,
  "fwhm_x": 4.45476,
  "fwhm_y": 4.92147,
  "fwhm_z": 4.95884,
  "icvs_csf": 0.2286022327187722,
  "icvs_gm": 0.3837327313290588,
  "icvs_wm": 0.38766503595216906,
  "inu_med": 1.0972353219985962,
  "inu_range": 0.4441407322883605,
  "provenance": {
    "md5sum": "2d323c6baf252274047bed48d247c7e2",
    "settings": {
      "testing": false
    },
    "software": "mriqc",
    "version": "0.16.1",
    "warnings": {
      "large_rot_frame": true,
      "small_air_mask": false
    },
    "webapi_port": null,
    "webapi_url": "https://mriqc.nimh.nih.gov/api/v1"
  },
  "qi_1": 0.0,
  "qi_2": 0.011528505623483305,
  "rpve_csf": 24.688428009777475,
  "rpve_gm": 14.11783525882428,
  "rpve_wm": 17.16928006601114,
  "size_x": 192,
  "size_y": 256,
  "size_z": 256,
  "snr_csf": 3.339520583879053,
  "snr_gm": 11.194293973628438,
  "snr_total": 10.202464192401797,
  "snr_wm": 16.073578019697898,
  "snrd_csf": 21.03607483464518,
  "snrd_gm": 39.779269065304064,
  "snrd_total": 38.35542457888859,
  "snrd_wm": 54.25092983671652,
  "spacing_x": 1.0,
  "spacing_y": 1.0,
  "spacing_z": 1.0,
  "summary_bg_k": 2.015941895677697,
  "summary_bg_mad": 12.07658604112798,
  "summary_bg_mean": 21.9122699983022,
  "summary_bg_median": 12.218300253152847,
  "summary_bg_n": 2131522.0,
  "summary_bg_p05": 0.0,
  "summary_bg_p95": 70.41361182928085,
  "summary_bg_stdv": 23.223630999464785,
  "summary_csf_k": -0.4667354097595253,
  "summary_csf_mad": 129.55493136343404,
  "summary_csf_mean": 389.98931836787983,
  "summary_csf_median": 387.7726476639509,
  "summary_csf_n": 27919.0,
  "summary_csf_p05": 208.70666950941086,
  "summary_csf_p95": 578.2016450539231,
  "summary_csf_stdv": 116.11418263816974,
  "summary_gm_k": -0.06988644692180435,
  "summary_gm_mad": 66.28703893685802,
  "summary_gm_mean": 733.1331922834319,
  "summary_gm_median": 733.2790270447731,
  "summary_gm_n": 12279.0,
  "summary_gm_p05": 625.6629535928369,
  "summary_gm_p95": 839.6777957677841,
  "summary_gm_stdv": 65.5020467655022,
  "summary_wm_k": 1.5296939949676371,
  "summary_wm_mad": 57.63215227404964,
  "summary_wm_mean": 1005.3368528070787,
  "summary_wm_median": 1000.0452492386103,
  "summary_wm_n": 240264.0,
  "summary_wm_p05": 913.6573411524296,
  "summary_wm_p95": 1113.856453448534,
  "summary_wm_stdv": 62.216587176331146,
  "tpm_overlap_csf": 0.16657844185829163,
  "tpm_overlap_gm": 0.4307699203491211,
  "tpm_overlap_wm": 0.5052515268325806,
  "wm2max": 0.49005432974830915
}