{
  "bids_meta": {
    "AcquisitionMatrixPE": 256,
    "AcquisitionNumber": 1,
    "AcquisitionTime": "09:08:25.032500",
    "BodyPartExamined": "HEAD",
    "CoilString": "HeadNeck_20",
    "ConversionSoftware": "dcm2niix",
    "ConversionSoftwareVersion": "v1.0.20211006",
    "Dcm2bidsVersion": "2.1.6",
    "DeviceSerialNumber": "66040",
    "EchoTime": 0.00303,
    "FlipAngle": 9,
    "ImageOrientationPatientDICOM": [
      -0.00488071,
      0.994437,
      0.105218,
      0.00870981,
      0.105258,
      -0.994407
    ],
    "ImageType": [
      "ORIGINAL",
      "PRIMARY",
      "M",
      "NONE"
    ],
    "ImagingFrequency": 123.228,
    "InPlanePhaseEncodingDirectionDICOM": "ROW",
    "InstitutionAddress": "Magyar Tudosok Korutja 2,Budapest,,HU,1117",
    "InstitutionName": "RCNS",
    "InstitutionalDepartmentName": "BIC",
    "InversionTime": 0.9,
    "MRAcquisitionType": "3D",
    "MTState": true,
    "MagneticFieldStrength": 3,
    "Manufacturer": "Siemens",
    "ManufacturersModelName": "MAGNETOM Prisma",
    "Modality": "MR",
    "ParallelAcquisitionTechnique": "GRAPPA",
    "ParallelReductionFactorInPlane": 2,
    "PatientPosition": "HFS",
    "PercentPhaseFOV": 100,
    "PercentSampling": 100,
    "PixelBandwidth": 130,
    "ProcedureStepDescription": "head MR-artefacts",
    "ProtocolName": "MPRAGE_conventional",
    "ReceiveCoilActiveElements": "HE1-4;NE1,2",
    "ReconMatrixPE": 256,
    "RepetitionTime": 2.3,
    "SequenceVariant": "SK\\SP\\MP",
    "SeriesDescription": "MPRAGE_conventional",
    "SeriesNumber": 5,
    "SliceThickness": 1,
    "SoftwareVersions": "syngo MR XA30",
    "StationName": "AWP66040",
    "acq_id": "standard",
    "dataset": "<unset>",
    "modality": "T1w",
    "subject_id": "597083"
  },
  "cjv": 0.34300310628501385,
  "cnr": 3.727064446245977,
  "efc": 0.59319431542429,
  "fber": 7653.397004962193,
  "fwhm_avg": 4.863813333333333,
  "fwhm_x": 4.56115,
  "fwhm_y": 5.0662,
  "fwhm_z": 4.96409,
  "icvs_csf": 0.2351017863472554,
  "icvs_gm": 0.3859821834374603,
  "icvs_wm": 0.37891603021528425,
  "inu_med": 0.9254578351974487,
  "inu_range": 0.3526328891515733,
  "provenance": {
    "md5sum": "fe7650e8ce98e3ef49d4f149afff6c4b",
    "settings": {
      "testing": false
    },
    "software": "mriqc",
    "version": "0.16.1",
    "warnings": {
      "large_rot_frame": true,
      "small_air_mask": false
    },
    "webapi_port": null,
    "webapi_url": "https://mriqc.nimh.nih.gov/api/v1"
  },
  "qi_1": 0.0,
  "qi_2": 0.018994077421751708,
  "rpve_csf": 23.81439652094895,
  "rpve_gm": 14.087150261070919,
  "rpve_wm": 18.038132595696023,
  "size_x": 192,
  "size_y": 256,
  "size_z": 256,
  "snr_csf": 3.4167971381753635,
  "snr_gm": 12.625172132529169,
  "snr_total": 14.351558933914347,
  "snr_wm": 27.012707531038515,
  "snrd_csf": 44.16399789145082,
  "snrd_gm": 82.38442971152881,
  "snrd_total": 79.25725932757122,
  "snrd_wm": 111.22335037973403,
  "spacing_x": 1.0,
  "spacing_y": 1.0,
  "spacing_z": 1.0,
  "summary_bg_k": 5.624721252428021,
  "summary_bg_mad": 5.890277078740586,
  "summary_bg_mean": 7.173958653369384,
  "summary_bg_median": 7.989521618932486,
  "summary_bg_n": 2099928.0,
  "summary_bg_p05": 0.0,
  "summary_bg_p95": 16.066360414028168,
  "summary_bg_stdv": 5.242772431272391,
  "summary_csf_k": 0.2862082941019173,
  "summary_csf_mad": 142.01393308524007,
  "summary_csf_mean": 396.15893665092204,
  "summary_csf_median": 397.0748586021364,
  "summary_csf_n": 22829.0,
  "summary_csf_p05": 220.08294251933694,
  "summary_csf_p95": 573.088822311908,
  "summary_csf_stdv": 116.21004868862917,
  "summary_gm_k": 0.03916793024943299,
  "summary_gm_mad": 56.248909685995265,
  "summary_gm_mean": 741.0238676785892,
  "summary_gm_median": 740.7116053923965,
  "summary_gm_n": 19046.0,
  "summary_gm_p05": 644.3352722022682,
  "summary_gm_p95": 840.8971503926441,
  "summary_gm_stdv": 58.667886031924716,
  "summary_wm_k": 0.9393882137652612,
  "summary_wm_mad": 32.68780137103292,
  "summary_wm_mean": 999.1113857492631,
  "summary_wm_median": 999.9999600090086,
  "summary_wm_n": 241390.0,
  "summary_wm_p05": 934.9050051793456,
  "summary_wm_p95": 1057.454661924392,
  "summary_wm_stdv": 37.019535621191395,
  "tpm_overlap_csf": 0.16706401109695435,
  "tpm_overlap_gm": 0.4321116507053375,
  "tpm_overlap_wm": 0.5036113262176514,
  "wm2max": 0.487423391215526
}