{
  "bids_meta": {
    "AcquisitionMatrixPE": 256,
    "AcquisitionNumber": 1,
    "AcquisitionTime": "14:04:26.647500",
    "BaseResolution": 256,
    "BodyPartExamined": "HEAD",
    "CoilCombinationMethod": "Adaptive Combine",
    "ConsistencyInfo": "N4_VD13D_LATEST_20130810",
    "ConversionSoftware": "dcm2niix",
    "ConversionSoftwareVersion": "v1.0.20211006",
    "Dcm2bidsVersion": "2.1.6",
    "DeviceSerialNumber": "66040",
    "DwellTime": 1.5e-05,
    "EchoTime": 0.00303,
    "FlipAngle": 9,
    "ImageOrientationPatientDICOM": [
      0.0241842,
      0.963112,
      -0.268012,
      -0.0219601,
      -0.267514,
      -0.963304
    ],
    "ImageOrientationText": "Sag>Cor(1.7)>Tra(0.8)",
    "ImageType": [
      "ORIGINAL",
      "PRIMARY",
      "M",
      "ND",
      "NORM"
    ],
    "ImagingFrequency": 123.21,
    "InPlanePhaseEncodingDirectionDICOM": "ROW",
    "InstitutionAddress": "Magyar Tudosok Korutja 2,Budapest,,HU,1117",
    "InstitutionName": "RCNS",
    "InstitutionalDepartmentName": "BIC",
    "InversionTime": 0.9,
    "MRAcquisitionType": "3D",
    "MagneticFieldStrength": 3,
    "Manufacturer": "Siemens",
    "ManufacturersModelName": "Prisma",
    "MatrixCoilMode": "GRAPPA",
    "Modality": "MR",
    "ParallelReductionFactorInPlane": 2,
    "PartialFourier": 1,
    "PatientPosition": "HFS",
    "PercentPhaseFOV": 100,
    "PercentSampling": 100,
    "PhaseEncodingSteps": 255,
    "PhaseResolution": 1,
    "PixelBandwidth": 130,
    "ProcedureStepDescription": "head^MR-artefacts",
    "ProtocolName": "MPRAGE_conventional",
    "PulseSequenceDetails": "%SiemensSeq%\\tfl",
    "ReceiveCoilActiveElements": "HE1-4",
    "ReceiveCoilName": "HeadNeck_20",
    "ReconMatrixPE": 256,
    "RefLinesPE": 24,
    "RepetitionTime": 2.3,
    "SAR": 0.0624384,
    "ScanOptions": "IR",
    "ScanningSequence": "GR\\IR",
    "SequenceName": "*tfl3d1_16ns",
    "SequenceVariant": "SK\\SP\\MP",
    "SeriesDescription": "MPRAGE_conventional",
    "SeriesNumber": 6,
    "ShimSetting": [
      5941,
      -1009,
      1028,
      90,
      18,
      -179,
      -46,
      13
    ],
    "SliceThickness": 1,
    "SoftwareVersions": "syngo MR D13D",
    "SpoilingState": true,
    "StationName": "AWP66040",
    "TxRefAmp": 247.951,
    "acq_id": "standard",
    "dataset": "<unset>",
    "modality": "T1w",
    "subject_id": "000149"
  },
  "cjv": 0.31922521589551245,
  "cnr": 3.961552622102112,
  "efc": 0.5286112734036615,
  "fber": 21176.46840528892,
  "fwhm_avg": 4.485643333333333,
  "fwhm_x": 4.33369,
  "fwhm_y": 4.50189,
  "fwhm_z": 4.62135,
  "icvs_csf": 0.22431069469115017,
  "icvs_gm": 0.3958696230089197,
  "icvs_wm": 0.37981968229993013,
  "inu_med": 1.3667280673980713,
  "inu_range": 0.41963792443275416,
  "provenance": {
    "md5sum": "714a3eba8937f1e7853fcae049a26c42",
    "settings": {
      "testing": false
    },
    "software": "mriqc",
    "version": "0.16.1",
    "warnings": {
      "large_rot_frame": true,
      "small_air_mask": false
    },
    "webapi_port": null,
    "webapi_url": "https://mriqc.nimh.nih.gov/api/v1"
  },
  "qi_1": 0.0,
  "qi_2": 0.008628770166519322,
  "rpve_csf": 26.876240457194005,
  "rpve_gm": 15.29758235745718,
  "rpve_wm": 19.814241191746376,
  "size_x": 192,
  "size_y": 256,
  "size_z": 256,
  "snr_csf": 3.089333092788919,
  "snr_gm": 14.885701409325845,
  "snr_total": 15.193474289063401,
  "snr_wm": 27.605388365075434,
  "snrd_csf": 63.16638033997403,
  "snrd_gm": 141.9357937201443,
  "snrd_total": 131.20108983653273,
  "snrd_wm": 188.50109544947986,
  "spacing_x": 1.0,
  "spacing_y": 1.0,
  "spacing_z": 1.0,
  "summary_bg_k": 12.455280165509063,
  "summary_bg_mad": 3.475504389753612,
  "summary_bg_mean": 4.811439720128719,
  "summary_bg_median": 4.728801280260086,
  "summary_bg_n": 3567699.0,
  "summary_bg_p05": 0.0,
  "summary_bg_p95": 11.882628858089447,
  "summary_bg_stdv": 4.193988346284555,
  "summary_csf_k": -0.09374794986898616,
  "summary_csf_mad": 106.1826513559207,
  "summary_csf_mean": 361.0869480086267,
  "summary_csf_median": 335.0982172191143,
  "summary_csf_n": 20349.0,
  "summary_csf_p05": 229.32665354013443,
  "summary_csf_p95": 566.1062223255634,
  "summary_csf_stdv": 108.46677042500818,
  "summary_gm_k": 0.24868249560196043,
  "summary_gm_mad": 48.11775905124397,
  "summary_gm_mean": 751.9205721099635,
  "summary_gm_median": 752.9706653952599,
  "summary_gm_n": 16835.0,
  "summary_gm_p05": 667.4116959065199,
  "summary_gm_p95": 833.4936636060476,
  "summary_gm_stdv": 50.58198341532702,
  "summary_wm_k": 1.327169366103245,
  "summary_wm_mad": 30.740237102475913,
  "summary_wm_mean": 997.195096792097,
  "summary_wm_median": 1000.00001090765,
  "summary_wm_n": 231700.0,
  "summary_wm_p05": 930.5634245872498,
  "summary_wm_p95": 1050.8851460516453,
  "summary_wm_stdv": 36.22473408878203,
  "tpm_overlap_csf": 0.1740557700395584,
  "tpm_overlap_gm": 0.43609440326690674,
  "tpm_overlap_wm": 0.5158746838569641,
  "wm2max": 0.512256728778468
}