{
  "bids_meta": {
    "AcquisitionMatrixPE": 256,
    "AcquisitionNumber": 1,
    "AcquisitionTime": "15:17:4.967500",
    "BaseResolution": 256,
    "BodyPartExamined": "HEAD",
    "CoilCombinationMethod": "Adaptive Combine",
    "ConsistencyInfo": "N4_VD13D_LATEST_20130810",
    "ConversionSoftware": "dcm2niix",
    "ConversionSoftwareVersion": "v1.0.20211006",
    "Dcm2bidsVersion": "2.1.6",
    "DeviceSerialNumber": "66040",
    "DwellTime": 1.5e-05,
    "EchoTime": 0.00303,
    "FlipAngle": 9,
    "FrameTimesStart": [
      0
    ],
    "ImageOrientationPatientDICOM": [
      -0.0112619,
      0.998549,
      0.0526636,
      0.0276398,
      0.0529577,
      -0.998214
    ],
    "ImageOrientationText": "Sag>Tra(-1.6)>Cor(-0.6)",
    "ImageType": [
      "ORIGINAL",
      "PRIMARY",
      "M",
      "ND",
      "NORM"
    ],
    "ImagingFrequency": 123.21,
    "InPlanePhaseEncodingDirectionDICOM": "ROW",
    "InstitutionAddress": "Magyar Tudosok Korutja 2,Budapest,,HU,1117",
    "InstitutionName": "RCNS",
    "InstitutionalDepartmentName": "BIC",
    "InversionTime": 0.9,
    "MRAcquisitionType": "3D",
    "MagneticFieldStrength": 3,
    "Manufacturer": "Siemens",
    "ManufacturersModelName": "Prisma",
    "MatrixCoilMode": "GRAPPA",
    "Modality": "MR",
    "ParallelReductionFactorInPlane": 2,
    "PartialFourier": 1,
    "PatientPosition": "HFS",
    "PercentPhaseFOV": 100,
    "PercentSampling": 100,
    "PhaseEncodingSteps": 255,
    "PhaseResolution": 1,
    "PixelBandwidth": 130,
    "ProcedureStepDescription": "head^MR-artefacts",
    "ProtocolName": "MPRAGE_move1",
    "PulseSequenceDetails": "%SiemensSeq%\\tfl",
    "ReceiveCoilActiveElements": "HE1-4",
    "ReceiveCoilName": "HeadNeck_20",
    "ReconMatrixPE": 256,
    "RefLinesPE": 24,
    "RepetitionTime": 2.3,
    "SAR": 0.0616947,
    "ScanOptions": "IR",
    "ScanningSequence": "GR\\IR",
    "SequenceName": "*tfl3d1_16ns",
    "SequenceVariant": "SK\\SP\\MP",
    "SeriesDescription": "MPRAGE_move1",
    "SeriesNumber": 17,
    "ShimSetting": [
      5951,
      -1029,
      1172,
      239,
      -21,
      -102,
      86,
      19
    ],
    "SliceThickness": 1,
    "SoftwareVersions": "syngo MR D13D",
    "SpoilingState": true,
    "StationName": "AWP66040",
    "TxRefAmp": 279.457,
    "acq_id": "headmotion1",
    "dataset": "<unset>",
    "modality": "T1w",
    "subject_id": "945122"
  },
  "cjv": 0.4191924591887035,
  "cnr": 3.236177991245964,
  "efc": 0.5659214526841134,
  "fber": 6523.528232627917,
  "fwhm_avg": 4.5595799999999995,
  "fwhm_x": 4.30985,
  "fwhm_y": 4.76167,
  "fwhm_z": 4.60722,
  "icvs_csf": 0.2236998505877658,
  "icvs_gm": 0.41756258563837845,
  "icvs_wm": 0.3587375637738558,
  "inu_med": 1.4081538915634155,
  "inu_range": 0.4769686460494995,
  "provenance": {
    "md5sum": "a61e5ce007a0ae63ceda4b37fe07184d",
    "settings": {
      "testing": false
    },
    "software": "mriqc",
    "version": "0.16.1",
    "warnings": {
      "large_rot_frame": true,
      "small_air_mask": false
    },
    "webapi_port": null,
    "webapi_url": "https://mriqc.nimh.nih.gov/api/v1"
  },
  "qi_1": 1.1382006278560761e-05,
  "qi_2": 0.005889401913043513,
  "rpve_csf": 24.62064775970446,
  "rpve_gm": 13.538829224813654,
  "rpve_wm": 18.654989122758295,
  "size_x": 192,
  "size_y": 256,
  "size_z": 256,
  "snr_csf": 3.3884117138094028,
  "snr_gm": 12.688786344807271,
  "snr_total": 11.842744122413619,
  "snr_wm": 19.451034308624177,
  "snrd_csf": 57.95404893217212,
  "snrd_gm": 111.42935383986261,
  "snrd_total": 106.31899206833869,
  "snrd_wm": 149.57357343298133,
  "spacing_x": 1.0,
  "spacing_y": 1.0,
  "spacing_z": 1.0,
  "summary_bg_k": 20.90224034219175,
  "summary_bg_mad": 4.3802470115647045,
  "summary_bg_mean": 9.421858200657846,
  "summary_bg_median": 5.908863425254822,
  "summary_bg_n": 3022612.0,
  "summary_bg_p05": 0.0,
  "summary_bg_p95": 28.843265533447266,
  "summary_bg_stdv": 10.949035730867122,
  "summary_csf_k": -0.4922936736549035,
  "summary_csf_mad": 126.2847485876536,
  "summary_csf_mean": 397.81689402880477,
  "summary_csf_median": 387.48123037815094,
  "summary_csf_n": 33140.0,
  "summary_csf_p05": 227.29094141721725,
  "summary_csf_p95": 589.8347651362419,
  "summary_csf_stdv": 114.35310019408625,
  "summary_gm_k": 0.03813913658943191,
  "summary_gm_mad": 58.056833271925406,
  "summary_gm_mean": 747.4827660923355,
  "summary_gm_median": 745.017542719841,
  "summary_gm_n": 22819.0,
  "summary_gm_p05": 654.5268046200275,
  "summary_gm_p95": 848.222352206707,
  "summary_gm_stdv": 58.71335506769054,
  "summary_wm_k": 0.3805955394560758,
  "summary_wm_mad": 48.8508904001623,
  "summary_wm_mean": 999.7147851090672,
  "summary_wm_median": 1000.0500971674919,
  "summary_wm_n": 217110.0,
  "summary_wm_p05": 913.9209014773369,
  "summary_wm_p95": 1083.4752367138863,
  "summary_wm_stdv": 51.4136049632081,
  "tpm_overlap_csf": 0.1717454493045807,
  "tpm_overlap_gm": 0.46910473704338074,
  "tpm_overlap_wm": 0.5136860609054565,
  "wm2max": 0.48513336248360295
}