{
  "bids_meta": {
    "AcquisitionMatrixPE": 256,
    "AcquisitionNumber": 1,
    "AcquisitionTime": "14:50:0.655000",
    "BaseResolution": 256,
    "BodyPartExamined": "HEAD",
    "CoilCombinationMethod": "Adaptive Combine",
    "ConsistencyInfo": "N4_VD13D_LATEST_20130810",
    "ConversionSoftware": "dcm2niix",
    "ConversionSoftwareVersion": "v1.0.20211006",
    "Dcm2bidsVersion": "2.1.6",
    "DeviceSerialNumber": "66040",
    "DwellTime": 1.5e-05,
    "EchoTime": 0.00303,
    "FlipAngle": 9,
    "FrameTimesStart": [
      0
    ],
    "ImageOrientationPatientDICOM": [
      -0.0112621,
      0.998549,
      0.0526686,
      0.0276402,
      0.0529627,
      -0.998214
    ],
    "ImageOrientationText": "Sag>Tra(-1.6)>Cor(-0.6)",
    "ImageType": [
      "ORIGINAL",
      "PRIMARY",
      "M",
      "ND",
      "NORM"
    ],
    "ImagingFrequency": 123.21,
    "InPlanePhaseEncodingDirectionDICOM": "ROW",
    "InstitutionAddress": "Magyar Tudosok Korutja 2,Budapest,,HU,1117",
    "InstitutionName": "RCNS",
    "InstitutionalDepartmentName": "BIC",
    "InversionTime": 0.9,
    "MRAcquisitionType": "3D",
    "MagneticFieldStrength": 3,
    "Manufacturer": "Siemens",
    "ManufacturersModelName": "Prisma",
    "MatrixCoilMode": "GRAPPA",
    "Modality": "MR",
    "ParallelReductionFactorInPlane": 2,
    "PartialFourier": 1,
    "PatientPosition": "HFS",
    "PercentPhaseFOV": 100,
    "PercentSampling": 100,
    "PhaseEncodingSteps": 255,
    "PhaseResolution": 1,
    "PixelBandwidth": 130,
    "ProcedureStepDescription": "head^MR-artefacts",
    "ProtocolName": "MPRAGE_conventional",
    "PulseSequenceDetails": "%SiemensSeq%\\tfl",
    "ReceiveCoilActiveElements": "HE1-4",
    "ReceiveCoilName": "HeadNeck_20",
    "ReconMatrixPE": 256,
    "RefLinesPE": 24,
    "RepetitionTime": 2.3,
    "SAR": 0.0616947,
    "ScanOptions": "IR",
    "ScanningSequence": "GR\\IR",
    "SequenceName": "*tfl3d1_16ns",
    "SequenceVariant": "SK\\SP\\MP",
    "SeriesDescription": "MPRAGE_conventional",
    "SeriesNumber": 6,
    "ShimSetting": [
      5951,
      -1029,
      1172,
      239,
      -21,
      -102,
      86,
      19
    ],
    "SliceThickness": 1,
    "SoftwareVersions": "syngo MR D13D",
    "SpoilingState": true,
    "StationName": "AWP66040",
    "TxRefAmp": 279.457,
    "acq_id": "standard",
    "dataset": "<unset>",
    "modality": "T1w",
    "subject_id": "945122"
  },
  "cjv": 0.3066890340132622,
  "cnr": 4.197357436001934,
  "efc": 0.5474984158501436,
  "fber": 15435.313728561361,
  "fwhm_avg": 4.517496666666666,
  "fwhm_x": 4.28811,
  "fwhm_y": 4.6503,
  "fwhm_z": 4.61408,
  "icvs_csf": 0.2206739496724868,
  "icvs_gm": 0.4245043929105923,
  "icvs_wm": 0.35482165741692095,
  "inu_med": 0.9377824068069458,
  "inu_range": 0.2784197688102723,
  "provenance": {
    "md5sum": "bc1be18751e8b4e08ab4ecc19e46fe7a",
    "settings": {
      "testing": false
    },
    "software": "mriqc",
    "version": "0.16.1",
    "warnings": {
      "large_rot_frame": true,
      "small_air_mask": false
    },
    "webapi_port": null,
    "webapi_url": "https://mriqc.nimh.nih.gov/api/v1"
  },
  "qi_1": 0.0,
  "qi_2": 0.007362716650342526,
  "rpve_csf": 24.637115843909758,
  "rpve_gm": 13.439753172597086,
  "rpve_wm": 19.139489197507235,
  "size_x": 192,
  "size_y": 256,
  "size_z": 256,
  "snr_csf": 3.4837037459993367,
  "snr_gm": 14.16865991715051,
  "snr_total": 14.876040017086117,
  "snr_wm": 26.975756388108508,
  "snrd_csf": 60.46692284151236,
  "snrd_gm": 117.63550642323715,
  "snrd_total": 112.92209019234453,
  "snrd_wm": 160.66384131228412,
  "spacing_x": 1.0,
  "spacing_y": 1.0,
  "spacing_z": 1.0,
  "summary_bg_k": 8.941380786221085,
  "summary_bg_mad": 4.077683978957436,
  "summary_bg_mean": 6.5097643748281335,
  "summary_bg_median": 5.500712096691132,
  "summary_bg_n": 3213140.0,
  "summary_bg_p05": 0.0,
  "summary_bg_p95": 16.45302278921008,
  "summary_bg_stdv": 5.160307771588081,
  "summary_csf_k": 0.6349375382334812,
  "summary_csf_mad": 120.94701944729111,
  "summary_csf_mean": 390.25702539298504,
  "summary_csf_median": 376.3567571155727,
  "summary_csf_n": 32185.0,
  "summary_csf_p05": 234.5660801231861,
  "summary_csf_p95": 570.9444475360215,
  "summary_csf_stdv": 108.03183558007198,
  "summary_gm_k": 0.2767186177856047,
  "summary_gm_mad": 49.22347088884334,
  "summary_gm_mean": 732.5486035392597,
  "summary_gm_median": 732.1840708702803,
  "summary_gm_n": 30688.0,
  "summary_gm_p05": 648.4946653991938,
  "summary_gm_p95": 819.507875405252,
  "summary_gm_stdv": 51.675468644839334,
  "summary_wm_k": 1.2609012815008782,
  "summary_wm_mad": 32.91273497301359,
  "summary_wm_mean": 997.4166746894015,
  "summary_wm_median": 999.9999910779297,
  "summary_wm_n": 216894.0,
  "summary_wm_p05": 931.5357708744705,
  "summary_wm_p95": 1052.4532099999487,
  "summary_wm_stdv": 37.07023712011908,
  "tpm_overlap_csf": 0.17077165842056274,
  "tpm_overlap_gm": 0.4711580276489258,
  "tpm_overlap_wm": 0.5128202438354492,
  "wm2max": 0.4996319199057715
}