{
  "bids_meta": {
    "AcquisitionMatrixPE": 256,
    "AcquisitionNumber": 1,
    "AcquisitionTime": "11:22:5.760000",
    "BodyPartExamined": "HEAD",
    "CoilString": "HeadNeck_20",
    "ConversionSoftware": "dcm2niix",
    "ConversionSoftwareVersion": "v1.0.20211006",
    "Dcm2bidsVersion": "2.1.6",
    "DeviceSerialNumber": "66040",
    "EchoTime": 0.00303,
    "FlipAngle": 9,
    "ImageOrientationPatientDICOM": [
      -0.0488082,
      0.998452,
      -0.0266653,
      0.0524713,
      -0.024097,
      -0.998332
    ],
    "ImageType": [
      "ORIGINAL",
      "PRIMARY",
      "M",
      "NONE"
    ],
    "ImagingFrequency": 123.21,
    "InPlanePhaseEncodingDirectionDICOM": "ROW",
    "InstitutionAddress": "Magyar Tudosok Korutja 2,Budapest,,HU,1117",
    "InstitutionName": "RCNS",
    "InstitutionalDepartmentName": "BIC",
    "InversionTime": 0.9,
    "MRAcquisitionType": "3D",
    "MTState": true,
    "MagneticFieldStrength": 3,
    "Manufacturer": "Siemens",
    "ManufacturersModelName": "MAGNETOM Prisma",
    "Modality": "MR",
    "ParallelAcquisitionTechnique": "GRAPPA",
    "ParallelReductionFactorInPlane": 2,
    "PatientPosition": "HFS",
    "PercentPhaseFOV": 100,
    "PercentSampling": 100,
    "PixelBandwidth": 130,
    "ProcedureStepDescription": "head MR-artefacts",
    "ProtocolName": "MPRAGE_move2",
    "ReceiveCoilActiveElements": "HE1-4;NE1,2",
    "ReconMatrixPE": 256,
    "RepetitionTime": 2.3,
    "SequenceVariant": "SK\\SP\\MP",
    "SeriesDescription": "MPRAGE_move2",
    "SeriesNumber": 7,
    "SliceThickness": 1,
    "SoftwareVersions": "syngo MR XA30",
    "StationName": "AWP66040",
    "acq_id": "headmotion2",
    "dataset": "<unset>",
    "modality": "T1w",
    "subject_id": "185823"
  },
  "cjv": 0.5163086582975427,
  "cnr": 2.5778098924542925,
  "efc": 0.6182427069321038,
  "fber": 1222.5769569535803,
  "fwhm_avg": 4.7054,
  "fwhm_x": 4.28884,
  "fwhm_y": 4.87031,
  "fwhm_z": 4.95705,
  "icvs_csf": 0.2389415432847926,
  "icvs_gm": 0.38851135647096346,
  "icvs_wm": 0.3725471002442439,
  "inu_med": 1.1658915281295776,
  "inu_range": 0.4430632948875427,
  "provenance": {
    "md5sum": "8c26ac843cf3ce4156ef12bbab1a2a7a",
    "settings": {
      "testing": false
    },
    "software": "mriqc",
    "version": "0.16.1",
    "warnings": {
      "large_rot_frame": true,
      "small_air_mask": false
    },
    "webapi_port": null,
    "webapi_url": "https://mriqc.nimh.nih.gov/api/v1"
  },
  "qi_1": 0.0,
  "qi_2": 0.009374241710349897,
  "rpve_csf": 25.50402318793248,
  "rpve_gm": 14.818223758989431,
  "rpve_wm": 18.269047476212144,
  "size_x": 192,
  "size_y": 256,
  "size_z": 256,
  "snr_csf": 3.86196722914234,
  "snr_gm": 11.735837319275898,
  "snr_total": 9.546960494408138,
  "snr_wm": 13.043076934806173,
  "snrd_csf": 15.035642729960873,
  "snrd_gm": 28.734008650992514,
  "snrd_total": 27.55953075793293,
  "snrd_wm": 38.90894089284539,
  "spacing_x": 1.0,
  "spacing_y": 1.0,
  "spacing_z": 1.0,
  "summary_bg_k": 6.055556584531477,
  "summary_bg_mad": 16.83840117690618,
  "summary_bg_mean": 21.92890348983853,
  "summary_bg_median": 15.157337579876184,
  "summary_bg_n": 2142526.0,
  "summary_bg_p05": 3.714615125209093,
  "summary_bg_p95": 64.60014579817653,
  "summary_bg_stdv": 21.297480426737135,
  "summary_csf_k": -0.08447425239040607,
  "summary_csf_mad": 102.42305678283535,
  "summary_csf_mean": 383.0942968970133,
  "summary_csf_median": 386.44806319847703,
  "summary_csf_n": 44646.0,
  "summary_csf_p05": 212.03193921595812,
  "summary_csf_p95": 539.0248120483011,
  "summary_csf_stdv": 100.06396023884447,
  "summary_gm_k": 0.05411041016651286,
  "summary_gm_mad": 62.226121642476606,
  "summary_gm_mean": 739.4478522498276,
  "summary_gm_median": 738.5252623073757,
  "summary_gm_n": 14739.0,
  "summary_gm_p05": 635.835367621854,
  "summary_gm_p95": 842.9657227415591,
  "summary_gm_stdv": 62.92692957074839,
  "summary_wm_k": 0.7656647527178535,
  "summary_wm_mad": 72.79759907309064,
  "summary_wm_mean": 1006.9231166052335,
  "summary_wm_median": 1000.0427064672112,
  "summary_wm_n": 209961.0,
  "summary_wm_p05": 892.0626874826849,
  "summary_wm_p95": 1142.3081960901618,
  "summary_wm_stdv": 76.67211732067392,
  "tpm_overlap_csf": 0.15964020788669586,
  "tpm_overlap_gm": 0.43649613857269287,
  "tpm_overlap_wm": 0.49511659145355225,
  "wm2max": 0.5238702443054323
}