{
  "bids_meta": {
    "AcquisitionMatrixPE": 256,
    "AcquisitionNumber": 1,
    "AcquisitionTime": "10:31:23.080000",
    "BaseResolution": 256,
    "BodyPartExamined": "HEAD",
    "CoilCombinationMethod": "Adaptive Combine",
    "ConsistencyInfo": "N4_VD13D_LATEST_20130810",
    "ConversionSoftware": "dcm2niix",
    "ConversionSoftwareVersion": "v1.0.20211006",
    "Dcm2bidsVersion": "2.1.6",
    "DeviceSerialNumber": "66040",
    "DwellTime": 1.5e-05,
    "EchoTime": 0.00303,
    "FlipAngle": 9,
    "ImageOrientationPatientDICOM": [
      0.0423531,
      0.997341,
      -0.0593039,
      0.0096085,
      -0.059761,
      -0.998166
    ],
    "ImageOrientationText": "Sag>Cor(2.4)>Tra(-0.7)",
    "ImageType": [
      "ORIGINAL",
      "PRIMARY",
      "M",
      "ND",
      "NORM"
    ],
    "ImagingFrequency": 123.21,
    "InPlanePhaseEncodingDirectionDICOM": "ROW",
    "InstitutionAddress": "Magyar Tudosok Korutja 2,Budapest,,HU,1117",
    "InstitutionName": "RCNS",
    "InstitutionalDepartmentName": "BIC",
    "InversionTime": 0.9,
    "MRAcquisitionType": "3D",
    "MagneticFieldStrength": 3,
    "Manufacturer": "Siemens",
    "ManufacturersModelName": "Prisma",
    "MatrixCoilMode": "GRAPPA",
    "Modality": "MR",
    "ParallelReductionFactorInPlane": 2,
    "PartialFourier": 1,
    "PatientPosition": "HFS",
    "PercentPhaseFOV": 100,
    "PercentSampling": 100,
    "PhaseEncodingSteps": 255,
    "PhaseResolution": 1,
    "PixelBandwidth": 130,
    "ProcedureStepDescription": "head^MR-artefacts",
    "ProtocolName": "MPRAGE_conventional",
    "PulseSequenceDetails": "%SiemensSeq%\\tfl",
    "ReceiveCoilActiveElements": "HE1-4",
    "ReceiveCoilName": "HeadNeck_20",
    "ReconMatrixPE": 256,
    "RefLinesPE": 24,
    "RepetitionTime": 2.3,
    "SAR": 0.0642044,
    "ScanOptions": "IR",
    "ScanningSequence": "GR\\IR",
    "SequenceName": "*tfl3d1_16ns",
    "SequenceVariant": "SK\\SP\\MP",
    "SeriesDescription": "MPRAGE_conventional",
    "SeriesNumber": 6,
    "ShimSetting": [
      5954,
      -1030,
      1143,
      277,
      -35,
      -7,
      60,
      20
    ],
    "SliceThickness": 1,
    "SoftwareVersions": "syngo MR D13D",
    "SpoilingState": true,
    "StationName": "AWP66040",
    "TxRefAmp": 266.11,
    "acq_id": "standard",
    "dataset": "<unset>",
    "modality": "T1w",
    "subject_id": "992238"
  },
  "cjv": 0.32815975030415,
  "cnr": 3.95661673341938,
  "efc": 0.5552229246137391,
  "fber": 17474.16263419324,
  "fwhm_avg": 4.652493333333333,
  "fwhm_x": 4.40357,
  "fwhm_y": 4.82611,
  "fwhm_z": 4.7278,
  "icvs_csf": 0.2247940241115407,
  "icvs_gm": 0.4170685610913826,
  "icvs_wm": 0.3581374147970767,
  "inu_med": 1.1426472663879395,
  "inu_range": 0.4241682529449462,
  "provenance": {
    "md5sum": "178cd1eb2d23246b6c6b26d252536738",
    "settings": {
      "testing": false
    },
    "software": "mriqc",
    "version": "0.16.1",
    "warnings": {
      "large_rot_frame": true,
      "small_air_mask": false
    },
    "webapi_port": null,
    "webapi_url": "https://mriqc.nimh.nih.gov/api/v1"
  },
  "qi_1": 0.0,
  "qi_2": 0.012558187438150872,
  "rpve_csf": 23.727263213574904,
  "rpve_gm": 13.215732229362175,
  "rpve_wm": 18.707084211660998,
  "size_x": 192,
  "size_y": 256,
  "size_z": 256,
  "snr_csf": 3.401849573903715,
  "snr_gm": 12.35108244503441,
  "snr_total": 12.285194031284043,
  "snr_wm": 21.102650074914003,
  "snrd_csf": 60.36798480335531,
  "snrd_gm": 123.25130230685042,
  "snrd_total": 119.4216516192502,
  "snrd_wm": 174.64566774754482,
  "spacing_x": 1.0,
  "spacing_y": 1.0,
  "spacing_z": 1.0,
  "summary_bg_k": 13.121559238163265,
  "summary_bg_mad": 3.7512317906251593,
  "summary_bg_mean": 5.719339061622647,
  "summary_bg_median": 5.125210873782635,
  "summary_bg_n": 3488388.0,
  "summary_bg_p05": 0.0,
  "summary_bg_p95": 13.104969576001167,
  "summary_bg_stdv": 4.642861193468227,
  "summary_csf_k": 0.8073359202724326,
  "summary_csf_mad": 105.03449013750446,
  "summary_csf_mean": 360.9587915064823,
  "summary_csf_median": 345.65979158878326,
  "summary_csf_n": 23872.0,
  "summary_csf_p05": 219.5406784415245,
  "summary_csf_p95": 540.8070613145828,
  "summary_csf_stdv": 101.60724163299231,
  "summary_gm_k": 0.28694546618159045,
  "summary_gm_mad": 54.825695401444634,
  "summary_gm_mean": 708.1939159834571,
  "summary_gm_median": 705.7220744937658,
  "summary_gm_n": 30585.0,
  "summary_gm_p05": 617.3608439862728,
  "summary_gm_p95": 805.6961245760322,
  "summary_gm_stdv": 57.137545674898654,
  "summary_wm_k": 1.0216575595210484,
  "summary_wm_mad": 41.74447684952101,
  "summary_wm_mean": 995.7620831362685,
  "summary_wm_median": 1000.0000051707029,
  "summary_wm_n": 221424.0,
  "summary_wm_p05": 908.7193507477641,
  "summary_wm_p95": 1065.6546052247286,
  "summary_wm_stdv": 47.387306499754,
  "tpm_overlap_csf": 0.1725185364484787,
  "tpm_overlap_gm": 0.45789676904678345,
  "tpm_overlap_wm": 0.5117810964584351,
  "wm2max": 0.5724037554276117
}