{
  "bids_meta": {
    "AcquisitionMatrixPE": 256,
    "AcquisitionNumber": 1,
    "AcquisitionTime": "13:44:12.687500",
    "BaseResolution": 256,
    "BodyPartExamined": "HEAD",
    "CoilCombinationMethod": "Adaptive Combine",
    "ConsistencyInfo": "N4_VD13D_LATEST_20130810",
    "ConversionSoftware": "dcm2niix",
    "ConversionSoftwareVersion": "v1.0.20211006",
    "Dcm2bidsVersion": "2.1.6",
    "DeviceSerialNumber": "66040",
    "DwellTime": 1.5e-05,
    "EchoTime": 0.00303,
    "FlipAngle": 9,
    "ImageOrientationPatientDICOM": [
      -0.0227875,
      0.953385,
      -0.300894,
      0.0630094,
      -0.299005,
      -0.952169
    ],
    "ImageOrientationText": "Sag>Tra(-3.1)>Cor(-2.3)",
    "ImageType": [
      "ORIGINAL",
      "PRIMARY",
      "M",
      "ND",
      "NORM"
    ],
    "ImagingFrequency": 123.21,
    "InPlanePhaseEncodingDirectionDICOM": "ROW",
    "InstitutionAddress": "Magyar Tudosok Korutja 2,Budapest,,HU,1117",
    "InstitutionName": "RCNS",
    "InstitutionalDepartmentName": "BIC",
    "InversionTime": 0.9,
    "MRAcquisitionType": "3D",
    "MagneticFieldStrength": 3,
    "Manufacturer": "Siemens",
    "ManufacturersModelName": "Prisma",
    "MatrixCoilMode": "GRAPPA",
    "Modality": "MR",
    "ParallelReductionFactorInPlane": 2,
    "PartialFourier": 1,
    "PatientPosition": "HFS",
    "PercentPhaseFOV": 100,
    "PercentSampling": 100,
    "PhaseEncodingSteps": 255,
    "PhaseResolution": 1,
    "PixelBandwidth": 130,
    "ProcedureStepDescription": "head^MR-artefacts",
    "ProtocolName": "MPRAGE_conventional",
    "PulseSequenceDetails": "%SiemensSeq%\\tfl",
    "ReceiveCoilActiveElements": "HE1-4",
    "ReceiveCoilName": "HeadNeck_20",
    "ReconMatrixPE": 256,
    "RefLinesPE": 24,
    "RepetitionTime": 2.3,
    "SAR": 0.0619203,
    "ScanOptions": "IR",
    "ScanningSequence": "GR\\IR",
    "SequenceName": "*tfl3d1_16ns",
    "SequenceVariant": "SK\\SP\\MP",
    "SeriesDescription": "MPRAGE_conventional",
    "SeriesNumber": 6,
    "ShimSetting": [
      5972,
      -1004,
      1148,
      153,
      26,
      -55,
      20,
      -41
    ],
    "SliceThickness": 1,
    "SoftwareVersions": "syngo MR D13D",
    "SpoilingState": true,
    "StationName": "AWP66040",
    "TxRefAmp": 267.555,
    "acq_id": "standard",
    "dataset": "<unset>",
    "modality": "T1w",
    "subject_id": "697441"
  },
  "cjv": 0.3554034969397434,
  "cnr": 3.66816530376377,
  "efc": 0.5911705808842793,
  "fber": 19041.18377759267,
  "fwhm_avg": 4.456589999999999,
  "fwhm_x": 4.3022,
  "fwhm_y": 4.52834,
  "fwhm_z": 4.53923,
  "icvs_csf": 0.2175058257185375,
  "icvs_gm": 0.395997507636157,
  "icvs_wm": 0.3864966666453055,
  "inu_med": 1.0031216144561768,
  "inu_range": 0.35433155894279467,
  "provenance": {
    "md5sum": "9cd7cbae7f223db6a5b04fe202cdf046",
    "settings": {
      "testing": false
    },
    "software": "mriqc",
    "version": "0.16.1",
    "warnings": {
      "large_rot_frame": true,
      "small_air_mask": false
    },
    "webapi_port": null,
    "webapi_url": "https://mriqc.nimh.nih.gov/api/v1"
  },
  "qi_1": 0.0,
  "qi_2": 0.010868502039034264,
  "rpve_csf": 19.44916881043755,
  "rpve_gm": 11.032311086892436,
  "rpve_wm": 14.120109427980843,
  "size_x": 192,
  "size_y": 256,
  "size_z": 256,
  "snr_csf": 3.0290473262055775,
  "snr_gm": 12.826678704667865,
  "snr_total": 14.650619441200325,
  "snr_wm": 28.096132292727532,
  "snrd_csf": 74.26451091985513,
  "snrd_gm": 134.15372911956106,
  "snrd_total": 129.1990010204645,
  "snrd_wm": 179.17876302197732,
  "spacing_x": 1.0,
  "spacing_y": 1.0,
  "spacing_z": 1.0,
  "summary_bg_k": 11.646063886719942,
  "summary_bg_mad": 3.6563282715749215,
  "summary_bg_mean": 5.362574757815405,
  "summary_bg_median": 4.984783288091421,
  "summary_bg_n": 3141773.0,
  "summary_bg_p05": 0.0,
  "summary_bg_p95": 12.593136727809906,
  "summary_bg_stdv": 4.3515935365328895,
  "summary_csf_k": 10.72902540821353,
  "summary_csf_mad": 153.17681631342597,
  "summary_csf_mean": 414.44596926242093,
  "summary_csf_median": 414.47161255404353,
  "summary_csf_n": 27679.0,
  "summary_csf_p05": 213.76849595457315,
  "summary_csf_p95": 602.954139387235,
  "summary_csf_stdv": 136.82986125291333,
  "summary_gm_k": 0.1332235428184938,
  "summary_gm_mad": 56.478602663050914,
  "summary_gm_mean": 749.4488088627385,
  "summary_gm_median": 748.7144498713315,
  "summary_gm_n": 27691.0,
  "summary_gm_p05": 655.0529954582453,
  "summary_gm_p95": 847.0458591543138,
  "summary_gm_stdv": 58.37059989528416,
  "summary_wm_k": 0.753766231112984,
  "summary_wm_mad": 32.82916022563015,
  "summary_wm_mean": 998.41139251836,
  "summary_wm_median": 999.9999989941716,
  "summary_wm_n": 319594.0,
  "summary_wm_p05": 936.7719583399594,
  "summary_wm_p95": 1053.258473072201,
  "summary_wm_stdv": 35.592031817377624,
  "tpm_overlap_csf": 0.15210646390914917,
  "tpm_overlap_gm": 0.43356603384017944,
  "tpm_overlap_wm": 0.4916279911994934,
  "wm2max": 0.48347802390318156
}