{
  "bids_meta": {
    "AcquisitionMatrixPE": 256,
    "AcquisitionNumber": 1,
    "AcquisitionTime": "14:58:54.505000",
    "BaseResolution": 256,
    "BodyPartExamined": "HEAD",
    "CoilCombinationMethod": "Adaptive Combine",
    "ConsistencyInfo": "N4_VD13D_LATEST_20130810",
    "ConversionSoftware": "dcm2niix",
    "ConversionSoftwareVersion": "v1.0.20211006",
    "Dcm2bidsVersion": "2.1.6",
    "DeviceSerialNumber": "66040",
    "DwellTime": 1.5e-05,
    "EchoTime": 0.00303,
    "FlipAngle": 9,
    "ImageOrientationPatientDICOM": [
      -0.0283435,
      0.942099,
      -0.334136,
      0.0121648,
      -0.33392,
      -0.942523
    ],
    "ImageOrientationText": "Sag>Cor(-1.8)>Tra(-0.1)",
    "ImageType": [
      "ORIGINAL",
      "PRIMARY",
      "M",
      "ND",
      "NORM"
    ],
    "ImagingFrequency": 123.21,
    "InPlanePhaseEncodingDirectionDICOM": "ROW",
    "InstitutionAddress": "Magyar Tudosok Korutja 2,Budapest,,HU,1117",
    "InstitutionName": "RCNS",
    "InstitutionalDepartmentName": "BIC",
    "InversionTime": 0.9,
    "MRAcquisitionType": "3D",
    "MagneticFieldStrength": 3,
    "Manufacturer": "Siemens",
    "ManufacturersModelName": "Prisma",
    "MatrixCoilMode": "GRAPPA",
    "Modality": "MR",
    "ParallelReductionFactorInPlane": 2,
    "PartialFourier": 1,
    "PatientPosition": "HFS",
    "PercentPhaseFOV": 100,
    "PercentSampling": 100,
    "PhaseEncodingSteps": 255,
    "PhaseResolution": 1,
    "PixelBandwidth": 130,
    "ProcedureStepDescription": "head^MR-artefacts",
    "ProtocolName": "MPRAGE_move2",
    "PulseSequenceDetails": "%SiemensSeq%\\tfl",
    "ReceiveCoilActiveElements": "HE1-4",
    "ReceiveCoilName": "HeadNeck_20",
    "ReconMatrixPE": 256,
    "RefLinesPE": 24,
    "RepetitionTime": 2.3,
    "SAR": 0.0531925,
    "ScanOptions": "IR",
    "ScanningSequence": "GR\\IR",
    "SequenceName": "*tfl3d1_16ns",
    "SequenceVariant": "SK\\SP\\MP",
    "SeriesDescription": "MPRAGE_move2",
    "SeriesNumber": 19,
    "ShimSetting": [
      5959,
      -939,
      1143,
      190,
      -6,
      -60,
      -20,
      -43
    ],
    "SliceThickness": 1,
    "SoftwareVersions": "syngo MR D13D",
    "SpoilingState": true,
    "StationName": "AWP66040",
    "TxRefAmp": 255.807,
    "acq_id": "headmotion2",
    "dataset": "<unset>",
    "modality": "T1w",
    "subject_id": "669067"
  },
  "cjv": 0.5355457532061798,
  "cnr": 2.501588426999458,
  "efc": 0.5675086071576093,
  "fber": 3989.865813609467,
  "fwhm_avg": 4.158906666666667,
  "fwhm_x": 3.93477,
  "fwhm_y": 4.17325,
  "fwhm_z": 4.3687,
  "icvs_csf": 0.23294666002732572,
  "icvs_gm": 0.3898476286643284,
  "icvs_wm": 0.3772057113083459,
  "inu_med": 1.2367833852767944,
  "inu_range": 0.4173763394355774,
  "provenance": {
    "md5sum": "fe44c783db68801e852a6bcb9d24b97f",
    "settings": {
      "testing": false
    },
    "software": "mriqc",
    "version": "0.16.1",
    "warnings": {
      "large_rot_frame": true,
      "small_air_mask": false
    },
    "webapi_port": null,
    "webapi_url": "https://mriqc.nimh.nih.gov/api/v1"
  },
  "qi_1": 0.003276414522927056,
  "qi_2": 0.0037769217981719655,
  "rpve_csf": 28.98090394484907,
  "rpve_gm": 16.80146241606927,
  "rpve_wm": 20.994141100432284,
  "size_x": 192,
  "size_y": 256,
  "size_z": 256,
  "snr_csf": 3.3507228000848936,
  "snr_gm": 11.12380919185534,
  "snr_total": 9.818039591340645,
  "snr_wm": 14.9795867820817,
  "snrd_csf": 29.12568586128207,
  "snrd_gm": 60.59054480738956,
  "snrd_total": 56.65568393606404,
  "snrd_wm": 80.25082113952048,
  "spacing_x": 1.0,
  "spacing_y": 1.0,
  "spacing_z": 1.0,
  "summary_bg_k": 8.745854892763825,
  "summary_bg_mad": 8.163966124859243,
  "summary_bg_mean": 16.710903013693645,
  "summary_bg_median": 5.725023832172155,
  "summary_bg_n": 3241873.0,
  "summary_bg_p05": 0.0,
  "summary_bg_p95": 66.29665002599359,
  "summary_bg_stdv": 22.97130878269136,
  "summary_csf_k": -0.24709760466955544,
  "summary_csf_mad": 114.23073236608609,
  "summary_csf_mean": 374.0624511529222,
  "summary_csf_median": 362.9490299709141,
  "summary_csf_n": 26568.0,
  "summary_csf_p05": 215.80280674248934,
  "summary_csf_p95": 564.6053465265779,
  "summary_csf_stdv": 108.31758429256867,
  "summary_gm_k": -0.06883583824796391,
  "summary_gm_mad": 68.35701795021033,
  "summary_gm_mean": 757.4929521233151,
  "summary_gm_median": 755.0476087667048,
  "summary_gm_n": 12705.0,
  "summary_gm_p05": 649.0516331747175,
  "summary_gm_p95": 873.874630138278,
  "summary_gm_stdv": 67.874042117662,
  "summary_wm_k": 0.8917976055520231,
  "summary_wm_mad": 62.84958048502751,
  "summary_wm_mean": 1003.9656906586966,
  "summary_wm_median": 1000.043666806072,
  "summary_wm_n": 193973.0,
  "summary_wm_p05": 901.8442122191191,
  "summary_wm_p95": 1119.0017955936491,
  "summary_wm_stdv": 66.76025871475203,
  "tpm_overlap_csf": 0.16356828808784485,
  "tpm_overlap_gm": 0.43439167737960815,
  "tpm_overlap_wm": 0.5037420392036438,
  "wm2max": 0.4930830891225651
}