{
  "bids_meta": {
    "AcquisitionMatrixPE": 256,
    "AcquisitionNumber": 1,
    "AcquisitionTime": "14:52:59.527500",
    "BaseResolution": 256,
    "BodyPartExamined": "HEAD",
    "CoilCombinationMethod": "Adaptive Combine",
    "ConsistencyInfo": "N4_VD13D_LATEST_20130810",
    "ConversionSoftware": "dcm2niix",
    "ConversionSoftwareVersion": "v1.0.20211006",
    "Dcm2bidsVersion": "2.1.6",
    "DeviceSerialNumber": "66040",
    "DwellTime": 1.5e-05,
    "EchoTime": 0.00303,
    "FlipAngle": 9,
    "FrameTimesStart": [
      0
    ],
    "ImageOrientationPatientDICOM": [
      -0.0283435,
      0.942099,
      -0.334136,
      0.0121648,
      -0.33392,
      -0.942523
    ],
    "ImageOrientationText": "Sag>Cor(-1.8)>Tra(-0.1)",
    "ImageType": [
      "ORIGINAL",
      "PRIMARY",
      "M",
      "ND",
      "NORM"
    ],
    "ImagingFrequency": 123.21,
    "InPlanePhaseEncodingDirectionDICOM": "ROW",
    "InstitutionAddress": "Magyar Tudosok Korutja 2,Budapest,,HU,1117",
    "InstitutionName": "RCNS",
    "InstitutionalDepartmentName": "BIC",
    "InversionTime": 0.9,
    "MRAcquisitionType": "3D",
    "MagneticFieldStrength": 3,
    "Manufacturer": "Siemens",
    "ManufacturersModelName": "Prisma",
    "MatrixCoilMode": "GRAPPA",
    "Modality": "MR",
    "ParallelReductionFactorInPlane": 2,
    "PartialFourier": 1,
    "PatientPosition": "HFS",
    "PercentPhaseFOV": 100,
    "PercentSampling": 100,
    "PhaseEncodingSteps": 255,
    "PhaseResolution": 1,
    "PixelBandwidth": 130,
    "ProcedureStepDescription": "head^MR-artefacts",
    "ProtocolName": "MPRAGE_move1",
    "PulseSequenceDetails": "%SiemensSeq%\\tfl",
    "ReceiveCoilActiveElements": "HE1-4",
    "ReceiveCoilName": "HeadNeck_20",
    "ReconMatrixPE": 256,
    "RefLinesPE": 24,
    "RepetitionTime": 2.3,
    "SAR": 0.0531925,
    "ScanOptions": "IR",
    "ScanningSequence": "GR\\IR",
    "SequenceName": "*tfl3d1_16ns",
    "SequenceVariant": "SK\\SP\\MP",
    "SeriesDescription": "MPRAGE_move1",
    "SeriesNumber": 17,
    "ShimSetting": [
      5959,
      -939,
      1143,
      190,
      -6,
      -60,
      -20,
      -43
    ],
    "SliceThickness": 1,
    "SoftwareVersions": "syngo MR D13D",
    "SpoilingState": true,
    "StationName": "AWP66040",
    "TxRefAmp": 255.807,
    "acq_id": "headmotion1",
    "dataset": "<unset>",
    "modality": "T1w",
    "subject_id": "669067"
  },
  "cjv": 0.4722362621906732,
  "cnr": 2.881094462074054,
  "efc": 0.5469045132429984,
  "fber": 6898.161664684899,
  "fwhm_avg": 4.445426666666666,
  "fwhm_x": 4.29224,
  "fwhm_y": 4.4578,
  "fwhm_z": 4.58624,
  "icvs_csf": 0.22939647617106446,
  "icvs_gm": 0.3935167401721028,
  "icvs_wm": 0.37708678365683274,
  "inu_med": 1.1496326923370361,
  "inu_range": 0.3872408866882324,
  "provenance": {
    "md5sum": "b0e7e26cbf1467537db14b437a1db292",
    "settings": {
      "testing": false
    },
    "software": "mriqc",
    "version": "0.16.1",
    "warnings": {
      "large_rot_frame": true,
      "small_air_mask": false
    },
    "webapi_port": null,
    "webapi_url": "https://mriqc.nimh.nih.gov/api/v1"
  },
  "qi_1": 0.00017881668899532294,
  "qi_2": 0.007769921846293826,
  "rpve_csf": 29.300642992599606,
  "rpve_gm": 16.89688747962129,
  "rpve_wm": 21.58229741597208,
  "size_x": 192,
  "size_y": 256,
  "size_z": 256,
  "snr_csf": 3.065741773376958,
  "snr_gm": 12.54005882679821,
  "snr_total": 11.473226854731024,
  "snr_wm": 18.813879964017907,
  "snrd_csf": 51.249383495209216,
  "snrd_gm": 114.85344856501577,
  "snrd_total": 105.42060409273195,
  "snrd_wm": 150.1589802179709,
  "spacing_x": 1.0,
  "spacing_y": 1.0,
  "spacing_z": 1.0,
  "summary_bg_k": 11.50814220668541,
  "summary_bg_mad": 4.363213841795158,
  "summary_bg_mean": 9.056561616588704,
  "summary_bg_median": 5.825825966894627,
  "summary_bg_n": 3326170.0,
  "summary_bg_p05": 0.0,
  "summary_bg_p95": 31.591592356562614,
  "summary_bg_stdv": 10.706981046469268,
  "summary_csf_k": -0.1455869722751606,
  "summary_csf_mad": 111.48456591688853,
  "summary_csf_mean": 363.41815264406273,
  "summary_csf_median": 341.32132958620787,
  "summary_csf_n": 23241.0,
  "summary_csf_p05": 214.65465985238552,
  "summary_csf_p95": 566.8468605726957,
  "summary_csf_stdv": 111.33161618015973,
  "summary_gm_k": -0.06203421743057547,
  "summary_gm_mad": 61.44117450691141,
  "summary_gm_mean": 765.7353824308229,
  "summary_gm_median": 764.924943447113,
  "summary_gm_n": 15425.0,
  "summary_gm_p05": 668.1081242859364,
  "summary_gm_p95": 866.9069278985262,
  "summary_gm_stdv": 60.99653587244606,
  "summary_wm_k": 0.5697181843781824,
  "summary_wm_mad": 49.59816550775312,
  "summary_wm_mean": 1001.7193948132622,
  "summary_wm_median": 1000.0600842759013,
  "summary_wm_n": 194660.0,
  "summary_wm_p05": 916.9369591400027,
  "summary_wm_p95": 1092.4925189465284,
  "summary_wm_stdv": 53.155304352413985,
  "tpm_overlap_csf": 0.1648036241531372,
  "tpm_overlap_gm": 0.4362844228744507,
  "tpm_overlap_wm": 0.5039209127426147,
  "wm2max": 0.5046369256879621
}