{
  "bids_meta": {
    "AcquisitionMatrixPE": 256,
    "AcquisitionNumber": 1,
    "AcquisitionTime": "11:11:4.580000",
    "BaseResolution": 256,
    "BodyPartExamined": "HEAD",
    "CoilCombinationMethod": "Adaptive Combine",
    "ConsistencyInfo": "N4_VD13D_LATEST_20130810",
    "ConversionSoftware": "dcm2niix",
    "ConversionSoftwareVersion": "v1.0.20211006",
    "Dcm2bidsVersion": "2.1.6",
    "DeviceSerialNumber": "66040",
    "DwellTime": 1.5e-05,
    "EchoTime": 0.00303,
    "FlipAngle": 9,
    "ImageOrientationPatientDICOM": [
      -0.0612052,
      0.994568,
      -0.0841957,
      0.0146676,
      -0.0834485,
      -0.996404
    ],
    "ImageOrientationText": "Sag>Cor(-3.6)>Tra(-0.5)",
    "ImageType": [
      "ORIGINAL",
      "PRIMARY",
      "M",
      "ND",
      "NORM"
    ],
    "ImagingFrequency": 123.21,
    "InPlanePhaseEncodingDirectionDICOM": "ROW",
    "InstitutionAddress": "Magyar Tudosok Korutja 2,Budapest,,HU,1117",
    "InstitutionName": "RCNS",
    "InstitutionalDepartmentName": "BIC",
    "InversionTime": 0.9,
    "MRAcquisitionType": "3D",
    "MagneticFieldStrength": 3,
    "Manufacturer": "Siemens",
    "ManufacturersModelName": "Prisma",
    "MatrixCoilMode": "GRAPPA",
    "Modality": "MR",
    "ParallelReductionFactorInPlane": 2,
    "PartialFourier": 1,
    "PatientPosition": "HFS",
    "PercentPhaseFOV": 100,
    "PercentSampling": 100,
    "PhaseEncodingSteps": 255,
    "PhaseResolution": 1,
    "PixelBandwidth": 130,
    "ProcedureStepDescription": "head^MR-artefacts",
    "ProtocolName": "MPRAGE_move1",
    "PulseSequenceDetails": "%SiemensSeq%\\tfl",
    "ReceiveCoilActiveElements": "HE1-4",
    "ReceiveCoilName": "HeadNeck_20",
    "ReconMatrixPE": 256,
    "RefLinesPE": 24,
    "RepetitionTime": 2.3,
    "SAR": 0.057268,
    "ScanOptions": "IR",
    "ScanningSequence": "GR\\IR",
    "SequenceName": "*tfl3d1_16ns",
    "SequenceVariant": "SK\\SP\\MP",
    "SeriesDescription": "MPRAGE_move1",
    "SeriesNumber": 19,
    "ShimSetting": [
      5957,
      -1034,
      1137,
      208,
      26,
      -166,
      183,
      -53
    ],
    "SliceThickness": 1,
    "SoftwareVersions": "syngo MR D13D",
    "SpoilingState": true,
    "StationName": "AWP66040",
    "TxRefAmp": 250.496,
    "acq_id": "headmotion1",
    "dataset": "<unset>",
    "modality": "T1w",
    "subject_id": "519991"
  },
  "cjv": 0.5967873086785459,
  "cnr": 2.2172205554774442,
  "efc": 0.6094387739600087,
  "fber": 2147.351349830084,
  "fwhm_avg": 4.405356666666666,
  "fwhm_x": 4.00413,
  "fwhm_y": 4.44971,
  "fwhm_z": 4.76223,
  "icvs_csf": 0.22263355147696992,
  "icvs_gm": 0.4104928212468561,
  "icvs_wm": 0.36687362727617395,
  "inu_med": 1.299408197402954,
  "inu_range": 0.5833399057388309,
  "provenance": {
    "md5sum": "8382bae4c1355e4f718373edd17ee6f9",
    "settings": {
      "testing": false
    },
    "software": "mriqc",
    "version": "0.16.1",
    "warnings": {
      "large_rot_frame": true,
      "small_air_mask": false
    },
    "webapi_port": null,
    "webapi_url": "https://mriqc.nimh.nih.gov/api/v1"
  },
  "qi_1": 0.0004071018957980439,
  "qi_2": 0.005135438408332078,
  "rpve_csf": 25.913821070754423,
  "rpve_gm": 13.964553300161429,
  "rpve_wm": 17.991452732790897,
  "size_x": 192,
  "size_y": 256,
  "size_z": 256,
  "snr_csf": 3.392915114888211,
  "snr_gm": 10.829398451726254,
  "snr_total": 8.696821789473784,
  "snr_wm": 11.868151801806887,
  "snrd_csf": 33.56541533424398,
  "snrd_gm": 62.52464465684816,
  "snrd_total": 59.81973291734466,
  "snrd_wm": 83.36913876094185,
  "spacing_x": 1.0,
  "spacing_y": 1.0,
  "spacing_z": 1.0,
  "summary_bg_k": 4.427238025946149,
  "summary_bg_mad": 7.858760145025182,
  "summary_bg_mean": 21.78589209874519,
  "summary_bg_median": 7.88737191259861,
  "summary_bg_n": 2870107.0,
  "summary_bg_p05": 0.0,
  "summary_bg_p95": 84.55601932108402,
  "summary_bg_stdv": 28.650313314886535,
  "summary_csf_k": -0.2533787990746723,
  "summary_csf_mad": 126.74608361896614,
  "summary_csf_mean": 400.07429610625104,
  "summary_csf_median": 402.63761457055807,
  "summary_csf_n": 36430.0,
  "summary_csf_p05": 206.64066306501627,
  "summary_csf_p95": 587.2932885598389,
  "summary_csf_stdv": 118.66848262249609,
  "summary_gm_k": -0.014522408194515002,
  "summary_gm_mad": 69.66004992550322,
  "summary_gm_mean": 751.5851993494401,
  "summary_gm_median": 750.0212205275893,
  "summary_gm_n": 20507.0,
  "summary_gm_p05": 638.4657942347228,
  "summary_gm_p95": 867.3861626915634,
  "summary_gm_stdv": 69.25619522559172,
  "summary_wm_k": 1.316100036928125,
  "summary_wm_mad": 79.56208770823496,
  "summary_wm_mean": 1007.4792472602398,
  "summary_wm_median": 1000.0636317245662,
  "summary_wm_n": 205388.0,
  "summary_wm_p05": 884.4457848444581,
  "summary_wm_p95": 1155.712011322379,
  "summary_wm_stdv": 84.26427415578131,
  "tpm_overlap_csf": 0.15781140327453613,
  "tpm_overlap_gm": 0.4384748041629791,
  "tpm_overlap_wm": 0.487862229347229,
  "wm2max": 0.5597188786507368
}