{
  "bids_meta": {
    "AcquisitionMatrixPE": 256,
    "AcquisitionNumber": 1,
    "AcquisitionTime": "14:58:58.852500",
    "BaseResolution": 256,
    "BodyPartExamined": "HEAD",
    "CoilCombinationMethod": "Adaptive Combine",
    "ConsistencyInfo": "N4_VD13D_LATEST_20130810",
    "ConversionSoftware": "dcm2niix",
    "ConversionSoftwareVersion": "v1.0.20211006",
    "Dcm2bidsVersion": "2.1.6",
    "DeviceSerialNumber": "66040",
    "DwellTime": 1.5e-05,
    "EchoTime": 0.00303,
    "FlipAngle": 9,
    "ImageOrientationPatientDICOM": [
      -0.0271926,
      0.999512,
      0.0153523,
      0.0283316,
      0.0161224,
      -0.999469
    ],
    "ImageOrientationText": "Sag>Tra(-1.6)>Cor(-1.5)",
    "ImageType": [
      "ORIGINAL",
      "PRIMARY",
      "M",
      "ND",
      "NORM"
    ],
    "ImagingFrequency": 123.21,
    "InPlanePhaseEncodingDirectionDICOM": "ROW",
    "InstitutionAddress": "Magyar Tudosok Korutja 2,Budapest,,HU,1117",
    "InstitutionName": "RCNS",
    "InstitutionalDepartmentName": "BIC",
    "InversionTime": 0.9,
    "MRAcquisitionType": "3D",
    "MagneticFieldStrength": 3,
    "Manufacturer": "Siemens",
    "ManufacturersModelName": "Prisma",
    "MatrixCoilMode": "GRAPPA",
    "Modality": "MR",
    "ParallelReductionFactorInPlane": 2,
    "PartialFourier": 1,
    "PatientPosition": "HFS",
    "PercentPhaseFOV": 100,
    "PercentSampling": 100,
    "PhaseEncodingSteps": 255,
    "PhaseResolution": 1,
    "PixelBandwidth": 130,
    "ProcedureStepDescription": "head^MR-artefacts",
    "ProtocolName": "MPRAGE_move1",
    "PulseSequenceDetails": "%SiemensSeq%\\tfl",
    "ReceiveCoilActiveElements": "HE1-4",
    "ReceiveCoilName": "HeadNeck_20",
    "ReconMatrixPE": 256,
    "RefLinesPE": 24,
    "RepetitionTime": 2.3,
    "SAR": 0.0577912,
    "ScanOptions": "IR",
    "ScanningSequence": "GR\\IR",
    "SequenceName": "*tfl3d1_16ns",
    "SequenceVariant": "SK\\SP\\MP",
    "SeriesDescription": "MPRAGE_move1",
    "SeriesNumber": 17,
    "ShimSetting": [
      5965,
      -1032,
      1107,
      187,
      26,
      -49,
      88,
      2
    ],
    "SliceThickness": 1,
    "SoftwareVersions": "syngo MR D13D",
    "SpoilingState": true,
    "StationName": "AWP66040",
    "TxRefAmp": 236.518,
    "acq_id": "headmotion1",
    "dataset": "<unset>",
    "modality": "T1w",
    "subject_id": "407309"
  },
  "cjv": 0.3631430040075612,
  "cnr": 3.790132832670658,
  "efc": 0.5582449031573529,
  "fber": 6342.8356438664405,
  "fwhm_avg": 4.554706666666667,
  "fwhm_x": 4.34042,
  "fwhm_y": 4.64449,
  "fwhm_z": 4.67921,
  "icvs_csf": 0.23840799472974097,
  "icvs_gm": 0.39302047172601345,
  "icvs_wm": 0.36857153354424554,
  "inu_med": 1.6587284803390503,
  "inu_range": 0.4857361316680906,
  "provenance": {
    "md5sum": "b04a5fb46762ba10115f8aecab3cce51",
    "settings": {
      "testing": false
    },
    "software": "mriqc",
    "version": "0.16.1",
    "warnings": {
      "large_rot_frame": true,
      "small_air_mask": false
    },
    "webapi_port": null,
    "webapi_url": "https://mriqc.nimh.nih.gov/api/v1"
  },
  "qi_1": 0.0,
  "qi_2": 0.012692200921991246,
  "rpve_csf": 28.185392219229502,
  "rpve_gm": 16.682024821413943,
  "rpve_wm": 21.888575083248902,
  "size_x": 192,
  "size_y": 256,
  "size_z": 256,
  "snr_csf": 3.519820326013092,
  "snr_gm": 12.636345282468502,
  "snr_total": 12.316178018055824,
  "snr_wm": 20.792368445685877,
  "snrd_csf": 72.00442316282022,
  "snrd_gm": 151.3036568270537,
  "snrd_total": 144.8376885865813,
  "snrd_wm": 211.20498576986998,
  "spacing_x": 1.0,
  "spacing_y": 1.0,
  "spacing_z": 1.0,
  "summary_bg_k": 15.15325438619886,
  "summary_bg_mad": 3.1020081395539436,
  "summary_bg_mean": 7.416982569025121,
  "summary_bg_median": 4.113620892167091,
  "summary_bg_n": 2572576.0,
  "summary_bg_p05": 0.0,
  "summary_bg_p95": 23.759706877171993,
  "summary_bg_stdv": 8.527056294838765,
  "summary_csf_k": 0.002947834647315073,
  "summary_csf_mad": 99.94775378461097,
  "summary_csf_mean": 349.608118915474,
  "summary_csf_median": 340.9340625628829,
  "summary_csf_n": 23956.0,
  "summary_csf_p05": 205.06932081189007,
  "summary_csf_p95": 516.5076577104628,
  "summary_csf_stdv": 96.85919026330423,
  "summary_gm_k": -0.11036363681888961,
  "summary_gm_mad": 57.93920287777027,
  "summary_gm_mean": 715.3532815164602,
  "summary_gm_median": 716.4083557203412,
  "summary_gm_n": 15329.0,
  "summary_gm_p05": 621.1354773677886,
  "summary_gm_p95": 807.1066039428115,
  "summary_gm_stdv": 56.69241949150959,
  "summary_wm_k": 0.8187050413611243,
  "summary_wm_mad": 45.05798263724966,
  "summary_wm_mean": 998.3917558581287,
  "summary_wm_median": 1000.0354237854481,
  "summary_wm_n": 186590.0,
  "summary_wm_p05": 914.9969505146146,
  "summary_wm_p95": 1073.4422793611884,
  "summary_wm_stdv": 48.09614386293823,
  "tpm_overlap_csf": 0.1648898720741272,
  "tpm_overlap_gm": 0.44350868463516235,
  "tpm_overlap_wm": 0.5043617486953735,
  "wm2max": 0.6211043323128428
}