{
  "bids_meta": {
    "AcquisitionMatrixPE": 256,
    "AcquisitionNumber": 1,
    "AcquisitionTime": "13:04:15.655000",
    "BaseResolution": 256,
    "BodyPartExamined": "HEAD",
    "CoilCombinationMethod": "Adaptive Combine",
    "ConsistencyInfo": "N4_VD13D_LATEST_20130810",
    "ConversionSoftware": "dcm2niix",
    "ConversionSoftwareVersion": "v1.0.20211006",
    "Dcm2bidsVersion": "2.1.6",
    "DeviceSerialNumber": "66040",
    "DwellTime": 1.5e-05,
    "EchoTime": 0.00303,
    "FlipAngle": 9,
    "FrameTimesStart": [
      0
    ],
    "ImageOrientationPatientDICOM": [
      0.0171178,
      0.998516,
      -0.0517032,
      0.0291999,
      -0.0521879,
      -0.99821
    ],
    "ImageOrientationText": "Sag>Tra(-1.7)>Cor(0.9)",
    "ImageType": [
      "ORIGINAL",
      "PRIMARY",
      "M",
      "ND",
      "NORM"
    ],
    "ImagingFrequency": 123.21,
    "InPlanePhaseEncodingDirectionDICOM": "ROW",
    "InstitutionAddress": "Magyar Tudosok Korutja 2,Budapest,,HU,1117",
    "InstitutionName": "RCNS",
    "InstitutionalDepartmentName": "BIC",
    "InversionTime": 0.9,
    "MRAcquisitionType": "3D",
    "MagneticFieldStrength": 3,
    "Manufacturer": "Siemens",
    "ManufacturersModelName": "Prisma",
    "MatrixCoilMode": "GRAPPA",
    "Modality": "MR",
    "ParallelReductionFactorInPlane": 2,
    "PartialFourier": 1,
    "PatientPosition": "HFS",
    "PercentPhaseFOV": 100,
    "PercentSampling": 100,
    "PhaseEncodingSteps": 255,
    "PhaseResolution": 1,
    "PixelBandwidth": 130,
    "ProcedureStepDescription": "head^MR-artefacts",
    "ProtocolName": "MPRAGE_conventional",
    "PulseSequenceDetails": "%SiemensSeq%\\tfl",
    "ReceiveCoilActiveElements": "HE1-4",
    "ReceiveCoilName": "HeadNeck_20",
    "ReconMatrixPE": 256,
    "RefLinesPE": 24,
    "RepetitionTime": 2.3,
    "SAR": 0.058187,
    "ScanOptions": "IR",
    "ScanningSequence": "GR\\IR",
    "SequenceName": "*tfl3d1_16ns",
    "SequenceVariant": "SK\\SP\\MP",
    "SeriesDescription": "MPRAGE_conventional",
    "SeriesNumber": 6,
    "ShimSetting": [
      5953,
      -1010,
      1117,
      212,
      -34,
      -7,
      198,
      -24
    ],
    "SliceThickness": 1,
    "SoftwareVersions": "syngo MR D13D",
    "SpoilingState": true,
    "StationName": "AWP66040",
    "TxRefAmp": 239.229,
    "acq_id": "standard",
    "dataset": "<unset>",
    "modality": "T1w",
    "subject_id": "602346"
  },
  "cjv": 0.30161945453713496,
  "cnr": 4.32673299255566,
  "efc": 0.5353155217526644,
  "fber": 9344.444444444445,
  "fwhm_avg": 4.45646,
  "fwhm_x": 4.23075,
  "fwhm_y": 4.56623,
  "fwhm_z": 4.5724,
  "icvs_csf": 0.23383005895377224,
  "icvs_gm": 0.4019811814061057,
  "icvs_wm": 0.36418875964012204,
  "inu_med": 1.479133129119873,
  "inu_range": 0.38277196884155273,
  "provenance": {
    "md5sum": "d712e24f0abc4655481e3c2a969969af",
    "settings": {
      "testing": false
    },
    "software": "mriqc",
    "version": "0.16.1",
    "warnings": {
      "large_rot_frame": true,
      "small_air_mask": false
    },
    "webapi_port": null,
    "webapi_url": "https://mriqc.nimh.nih.gov/api/v1"
  },
  "qi_1": 0.0,
  "qi_2": 0.00788284045811697,
  "rpve_csf": 27.842488483165475,
  "rpve_gm": 16.230232518644993,
  "rpve_wm": 22.139987543923592,
  "size_x": 192,
  "size_y": 256,
  "size_z": 256,
  "snr_csf": 3.44499450770047,
  "snr_gm": 13.842263255050918,
  "snr_total": 15.238162298363514,
  "snr_wm": 28.427229132339153,
  "snrd_csf": 57.65407320583605,
  "snrd_gm": 141.0381274484033,
  "snrd_total": 130.97560398179374,
  "snrd_wm": 194.23461129114187,
  "spacing_x": 1.0,
  "spacing_y": 1.0,
  "spacing_z": 1.0,
  "summary_bg_k": 9.988336362897938,
  "summary_bg_mad": 3.3729127212290204,
  "summary_bg_mean": 5.310085866723991,
  "summary_bg_median": 4.510077923536301,
  "summary_bg_n": 2766106.0,
  "summary_bg_p05": 0.0,
  "summary_bg_p95": 13.37058499455452,
  "summary_bg_stdv": 4.208793364221833,
  "summary_csf_k": 0.9332366649159218,
  "summary_csf_mad": 62.132602759481955,
  "summary_csf_mean": 325.23005730338986,
  "summary_csf_median": 296.82698687911034,
  "summary_csf_n": 27085.0,
  "summary_csf_p05": 229.89423751831055,
  "summary_csf_p95": 501.4408407092094,
  "summary_csf_stdv": 86.1602265604273,
  "summary_gm_k": 0.15293401387963979,
  "summary_gm_mad": 51.59964724406501,
  "summary_gm_mean": 726.7054191019457,
  "summary_gm_median": 726.1225456893444,
  "summary_gm_n": 19111.0,
  "summary_gm_p05": 641.7282114475965,
  "summary_gm_p95": 813.6499871611595,
  "summary_gm_stdv": 52.45555113057394,
  "summary_wm_k": 1.30496087148269,
  "summary_wm_mad": 31.007127472350994,
  "summary_wm_mean": 997.407135329595,
  "summary_wm_median": 1000.0000210106373,
  "summary_wm_n": 193954.0,
  "summary_wm_p05": 934.5440228283405,
  "summary_wm_p95": 1049.1319318413734,
  "summary_wm_stdv": 35.17745040929091,
  "tpm_overlap_csf": 0.1576339155435562,
  "tpm_overlap_gm": 0.4358043074607849,
  "tpm_overlap_wm": 0.49345725774765015,
  "wm2max": 0.5840722665353608
}