{
  "bids_meta": {
    "AcquisitionMatrixPE": 256,
    "AcquisitionNumber": 1,
    "AcquisitionTime": "13:37:9.430000",
    "BaseResolution": 256,
    "BodyPartExamined": "HEAD",
    "CoilCombinationMethod": "Adaptive Combine",
    "ConsistencyInfo": "N4_VD13D_LATEST_20130810",
    "ConversionSoftware": "dcm2niix",
    "ConversionSoftwareVersion": "v1.0.20211006",
    "Dcm2bidsVersion": "2.1.6",
    "DeviceSerialNumber": "66040",
    "DwellTime": 1.5e-05,
    "EchoTime": 0.00303,
    "FlipAngle": 9,
    "FrameTimesStart": [
      0
    ],
    "ImageOrientationPatientDICOM": [
      0.0171202,
      0.998511,
      -0.0517894,
      0.0291984,
      -0.0522742,
      -0.998206
    ],
    "ImageOrientationText": "Sag>Tra(-1.7)>Cor(0.9)",
    "ImageType": [
      "ORIGINAL",
      "PRIMARY",
      "M",
      "ND",
      "NORM"
    ],
    "ImagingFrequency": 123.21,
    "InPlanePhaseEncodingDirectionDICOM": "ROW",
    "InstitutionAddress": "Magyar Tudosok Korutja 2,Budapest,,HU,1117",
    "InstitutionName": "RCNS",
    "InstitutionalDepartmentName": "BIC",
    "InversionTime": 0.9,
    "MRAcquisitionType": "3D",
    "MagneticFieldStrength": 3,
    "Manufacturer": "Siemens",
    "ManufacturersModelName": "Prisma",
    "MatrixCoilMode": "GRAPPA",
    "Modality": "MR",
    "ParallelReductionFactorInPlane": 2,
    "PartialFourier": 1,
    "PatientPosition": "HFS",
    "PercentPhaseFOV": 100,
    "PercentSampling": 100,
    "PhaseEncodingSteps": 255,
    "PhaseResolution": 1,
    "PixelBandwidth": 130,
    "ProcedureStepDescription": "head^MR-artefacts",
    "ProtocolName": "MPRAGE_move2",
    "PulseSequenceDetails": "%SiemensSeq%\\tfl",
    "ReceiveCoilActiveElements": "HE1-4",
    "ReceiveCoilName": "HeadNeck_20",
    "ReconMatrixPE": 256,
    "RefLinesPE": 24,
    "RepetitionTime": 2.3,
    "SAR": 0.058187,
    "ScanOptions": "IR",
    "ScanningSequence": "GR\\IR",
    "SequenceName": "*tfl3d1_16ns",
    "SequenceVariant": "SK\\SP\\MP",
    "SeriesDescription": "MPRAGE_move2",
    "SeriesNumber": 19,
    "ShimSetting": [
      5953,
      -1010,
      1117,
      212,
      -34,
      -7,
      198,
      -24
    ],
    "SliceThickness": 1,
    "SoftwareVersions": "syngo MR D13D",
    "SpoilingState": true,
    "StationName": "AWP66040",
    "TxRefAmp": 239.229,
    "acq_id": "headmotion2",
    "dataset": "<unset>",
    "modality": "T1w",
    "subject_id": "602346"
  },
  "cjv": 0.41332856306078314,
  "cnr": 3.3087081448105593,
  "efc": 0.5667968641815616,
  "fber": 4343.651317338162,
  "fwhm_avg": 4.586116666666666,
  "fwhm_x": 4.3071,
  "fwhm_y": 4.70963,
  "fwhm_z": 4.74162,
  "icvs_csf": 0.24613889626183263,
  "icvs_gm": 0.3885722610425789,
  "icvs_wm": 0.3652888426955885,
  "inu_med": 1.0045008659362793,
  "inu_range": 0.32260087430477136,
  "provenance": {
    "md5sum": "1704fdd908f03a0d0249f04284fc366a",
    "settings": {
      "testing": false
    },
    "software": "mriqc",
    "version": "0.16.1",
    "warnings": {
      "large_rot_frame": true,
      "small_air_mask": false
    },
    "webapi_port": null,
    "webapi_url": "https://mriqc.nimh.nih.gov/api/v1"
  },
  "qi_1": 2.0964443941619083e-05,
  "qi_2": 0.007870043555374996,
  "rpve_csf": 27.151288514188867,
  "rpve_gm": 16.39481866105837,
  "rpve_wm": 21.328845563401902,
  "size_x": 192,
  "size_y": 256,
  "size_z": 256,
  "snr_csf": 3.4633788441135485,
  "snr_gm": 12.343778274886995,
  "snr_total": 11.782556121802093,
  "snr_wm": 19.540511246405732,
  "snrd_csf": 28.692165950393537,
  "snrd_gm": 64.32226909321473,
  "snrd_total": 60.07717306475056,
  "snrd_wm": 87.21708415064342,
  "spacing_x": 1.0,
  "spacing_y": 1.0,
  "spacing_z": 1.0,
  "summary_bg_k": 23.90185520028736,
  "summary_bg_mad": 7.511560215628226,
  "summary_bg_mean": 9.340914785985477,
  "summary_bg_median": 7.6213571429252625,
  "summary_bg_n": 2556858.0,
  "summary_bg_p05": 0.0,
  "summary_bg_p95": 28.0171481333673,
  "summary_bg_stdv": 10.29885716485146,
  "summary_csf_k": 0.012764349516028783,
  "summary_csf_mad": 94.76122118177146,
  "summary_csf_mean": 347.16198564859974,
  "summary_csf_median": 328.97414894774556,
  "summary_csf_n": 37313.0,
  "summary_csf_p05": 220.6296286545694,
  "summary_csf_p95": 520.1749462708831,
  "summary_csf_stdv": 94.98520243391876,
  "summary_gm_k": -0.0008788739843685889,
  "summary_gm_mad": 60.54189131057621,
  "summary_gm_mean": 739.3727617497708,
  "summary_gm_median": 737.4962130747736,
  "summary_gm_n": 14773.0,
  "summary_gm_p05": 644.7061898596585,
  "summary_gm_p95": 838.7996386438608,
  "summary_gm_stdv": 59.74436961519639,
  "summary_wm_k": 0.6964219932092832,
  "summary_wm_mad": 47.958422915164824,
  "summary_wm_mean": 1001.1758291614934,
  "summary_wm_median": 1000.0000028498471,
  "summary_wm_n": 195446.0,
  "summary_wm_p05": 918.9797800406814,
  "summary_wm_p95": 1086.7362435162067,
  "summary_wm_stdv": 51.175602929996124,
  "tpm_overlap_csf": 0.15823295712471008,
  "tpm_overlap_gm": 0.43888843059539795,
  "tpm_overlap_wm": 0.495818167924881,
  "wm2max": 0.5547928578533651
}