{
  "bids_meta": {
    "AcquisitionMatrixPE": 256,
    "AcquisitionNumber": 1,
    "AcquisitionTime": "13:12:45.637500",
    "BaseResolution": 256,
    "BodyPartExamined": "HEAD",
    "CoilCombinationMethod": "Adaptive Combine",
    "ConsistencyInfo": "N4_VD13D_LATEST_20130810",
    "ConversionSoftware": "dcm2niix",
    "ConversionSoftwareVersion": "v1.0.20211006",
    "Dcm2bidsVersion": "2.1.6",
    "DeviceSerialNumber": "66040",
    "DwellTime": 1.5e-05,
    "EchoTime": 0.00303,
    "FlipAngle": 9,
    "ImageOrientationPatientDICOM": [
      0.010025,
      0.999854,
      0.0138653,
      0.0120297,
      0.0137444,
      -0.999833
    ],
    "ImageOrientationText": "Sag>Tra(-0.7)>Cor(0.6)",
    "ImageType": [
      "ORIGINAL",
      "PRIMARY",
      "M",
      "ND",
      "NORM"
    ],
    "ImagingFrequency": 123.21,
    "InPlanePhaseEncodingDirectionDICOM": "ROW",
    "InstitutionAddress": "Magyar Tudosok Korutja 2,Budapest,,HU,1117",
    "InstitutionName": "RCNS",
    "InstitutionalDepartmentName": "BIC",
    "InversionTime": 0.9,
    "MRAcquisitionType": "3D",
    "MagneticFieldStrength": 3,
    "Manufacturer": "Siemens",
    "ManufacturersModelName": "Prisma",
    "MatrixCoilMode": "GRAPPA",
    "Modality": "MR",
    "ParallelReductionFactorInPlane": 2,
    "PartialFourier": 1,
    "PatientPosition": "HFS",
    "PercentPhaseFOV": 100,
    "PercentSampling": 100,
    "PhaseEncodingSteps": 255,
    "PhaseResolution": 1,
    "PixelBandwidth": 130,
    "ProcedureStepDescription": "head^MR-artefacts",
    "ProtocolName": "MPRAGE_conventional",
    "PulseSequenceDetails": "%SiemensSeq%\\tfl",
    "ReceiveCoilActiveElements": "HE1-4",
    "ReceiveCoilName": "HeadNeck_20",
    "ReconMatrixPE": 256,
    "RefLinesPE": 24,
    "RepetitionTime": 2.3,
    "SAR": 0.0736811,
    "ScanOptions": "IR",
    "ScanningSequence": "GR\\IR",
    "SequenceName": "*tfl3d1_16ns",
    "SequenceVariant": "SK\\SP\\MP",
    "SeriesDescription": "MPRAGE_conventional",
    "SeriesNumber": 6,
    "ShimSetting": [
      5941,
      -996,
      1071,
      261,
      30,
      78,
      52,
      29
    ],
    "SliceThickness": 1,
    "SoftwareVersions": "syngo MR D13D",
    "SpoilingState": true,
    "StationName": "AWP66040",
    "TxRefAmp": 253.084,
    "acq_id": "standard",
    "dataset": "<unset>",
    "modality": "T1w",
    "subject_id": "402511"
  },
  "cjv": 0.30927856230245326,
  "cnr": 4.103227633680349,
  "efc": 0.5404406459003418,
  "fber": 14204.09941043084,
  "fwhm_avg": 4.418526666666668,
  "fwhm_x": 4.06539,
  "fwhm_y": 4.63419,
  "fwhm_z": 4.556,
  "icvs_csf": 0.21505336978034356,
  "icvs_gm": 0.4358816721060867,
  "icvs_wm": 0.34906495811356975,
  "inu_med": 1.2071819305419922,
  "inu_range": 0.383465301990509,
  "provenance": {
    "md5sum": "f4b95060b4bfe7cf5f45526077f9fb66",
    "settings": {
      "testing": false
    },
    "software": "mriqc",
    "version": "0.16.1",
    "warnings": {
      "large_rot_frame": true,
      "small_air_mask": false
    },
    "webapi_port": null,
    "webapi_url": "https://mriqc.nimh.nih.gov/api/v1"
  },
  "qi_1": 0.0,
  "qi_2": 0.01200023760921933,
  "rpve_csf": 28.097730701519687,
  "rpve_gm": 14.793067306959372,
  "rpve_wm": 21.32334278615534,
  "size_x": 192,
  "size_y": 256,
  "size_z": 256,
  "snr_csf": 3.242876618154977,
  "snr_gm": 14.31551987820896,
  "snr_total": 14.280836145150397,
  "snr_wm": 25.28411193908726,
  "snrd_csf": 50.157863287234534,
  "snrd_gm": 112.55504560798974,
  "snrd_total": 105.38487233222149,
  "snrd_wm": 153.4417081014402,
  "spacing_x": 1.0,
  "spacing_y": 1.0,
  "spacing_z": 1.0,
  "summary_bg_k": 7.3712156760091645,
  "summary_bg_mad": 4.269842757589675,
  "summary_bg_mean": 6.829252745281006,
  "summary_bg_median": 5.705591384321451,
  "summary_bg_n": 3094245.0,
  "summary_bg_p05": 0.0,
  "summary_bg_p95": 16.953757256269455,
  "summary_bg_stdv": 5.2416516659799015,
  "summary_csf_k": 0.3550037422622063,
  "summary_csf_mad": 83.30221530844763,
  "summary_csf_mean": 353.94288784740195,
  "summary_csf_median": 326.90321683883667,
  "summary_csf_n": 28355.0,
  "summary_csf_p05": 237.67863538116217,
  "summary_csf_p95": 552.4642628990114,
  "summary_csf_stdv": 100.80477637839562,
  "summary_gm_k": 0.2748918507227285,
  "summary_gm_mad": 48.821220964138554,
  "summary_gm_mean": 734.5044661556988,
  "summary_gm_median": 733.5760351270437,
  "summary_gm_n": 26421.0,
  "summary_gm_p05": 651.3611802272499,
  "summary_gm_p95": 820.4640410654247,
  "summary_gm_stdv": 51.24243889107008,
  "summary_wm_k": 1.3385618905455843,
  "summary_wm_mad": 33.59480056443197,
  "summary_wm_mean": 997.1644085165273,
  "summary_wm_median": 1000.054322257638,
  "summary_wm_n": 188100.0,
  "summary_wm_p05": 925.6642783991992,
  "summary_wm_p95": 1056.240812651813,
  "summary_wm_stdv": 39.55257223818698,
  "tpm_overlap_csf": 0.181749165058136,
  "tpm_overlap_gm": 0.46135544776916504,
  "tpm_overlap_wm": 0.5022419691085815,
  "wm2max": 0.49255968311743925
}