{
  "bids_meta": {
    "AcquisitionMatrixPE": 256,
    "AcquisitionNumber": 1,
    "AcquisitionTime": "13:40:22.757500",
    "BaseResolution": 256,
    "BodyPartExamined": "HEAD",
    "CoilCombinationMethod": "Adaptive Combine",
    "ConsistencyInfo": "N4_VD13D_LATEST_20130810",
    "ConversionSoftware": "dcm2niix",
    "ConversionSoftwareVersion": "v1.0.20211006",
    "Dcm2bidsVersion": "2.1.6",
    "DeviceSerialNumber": "66040",
    "DwellTime": 1.5e-05,
    "EchoTime": 0.00303,
    "FlipAngle": 9,
    "ImageOrientationPatientDICOM": [
      0.010026,
      0.999855,
      0.0137865,
      0.0120285,
      0.0136656,
      -0.999834
    ],
    "ImageOrientationText": "Sag>Tra(-0.7)>Cor(0.6)",
    "ImageType": [
      "ORIGINAL",
      "PRIMARY",
      "M",
      "ND",
      "NORM"
    ],
    "ImagingFrequency": 123.21,
    "InPlanePhaseEncodingDirectionDICOM": "ROW",
    "InstitutionAddress": "Magyar Tudosok Korutja 2,Budapest,,HU,1117",
    "InstitutionName": "RCNS",
    "InstitutionalDepartmentName": "BIC",
    "InversionTime": 0.9,
    "MRAcquisitionType": "3D",
    "MagneticFieldStrength": 3,
    "Manufacturer": "Siemens",
    "ManufacturersModelName": "Prisma",
    "MatrixCoilMode": "GRAPPA",
    "Modality": "MR",
    "ParallelReductionFactorInPlane": 2,
    "PartialFourier": 1,
    "PatientPosition": "HFS",
    "PercentPhaseFOV": 100,
    "PercentSampling": 100,
    "PhaseEncodingSteps": 255,
    "PhaseResolution": 1,
    "PixelBandwidth": 130,
    "ProcedureStepDescription": "head^MR-artefacts",
    "ProtocolName": "MPRAGE_move1",
    "PulseSequenceDetails": "%SiemensSeq%\\tfl",
    "ReceiveCoilActiveElements": "HE1-4",
    "ReceiveCoilName": "HeadNeck_20",
    "ReconMatrixPE": 256,
    "RefLinesPE": 24,
    "RepetitionTime": 2.3,
    "SAR": 0.0736811,
    "ScanOptions": "IR",
    "ScanningSequence": "GR\\IR",
    "SequenceName": "*tfl3d1_16ns",
    "SequenceVariant": "SK\\SP\\MP",
    "SeriesDescription": "MPRAGE_move1",
    "SeriesNumber": 17,
    "ShimSetting": [
      5941,
      -996,
      1071,
      261,
      30,
      78,
      52,
      29
    ],
    "SliceThickness": 1,
    "SoftwareVersions": "syngo MR D13D",
    "SpoilingState": true,
    "StationName": "AWP66040",
    "TxRefAmp": 253.084,
    "acq_id": "headmotion1",
    "dataset": "<unset>",
    "modality": "T1w",
    "subject_id": "402511"
  },
  "cjv": 0.3463091228963422,
  "cnr": 3.8026946334116296,
  "efc": 0.5588996274585112,
  "fber": 4310.121441689624,
  "fwhm_avg": 4.476909999999999,
  "fwhm_x": 4.07934,
  "fwhm_y": 4.73056,
  "fwhm_z": 4.62083,
  "icvs_csf": 0.22448483941300826,
  "icvs_gm": 0.4255589417621469,
  "icvs_wm": 0.3499562188248448,
  "inu_med": 1.5961335897445679,
  "inu_range": 0.4658129453659059,
  "provenance": {
    "md5sum": "90d06a50144a39f969395f9c0ffbf0aa",
    "settings": {
      "testing": false
    },
    "software": "mriqc",
    "version": "0.16.1",
    "warnings": {
      "large_rot_frame": true,
      "small_air_mask": false
    },
    "webapi_port": null,
    "webapi_url": "https://mriqc.nimh.nih.gov/api/v1"
  },
  "qi_1": 0.0,
  "qi_2": 0.01310340883665238,
  "rpve_csf": 27.27472457909224,
  "rpve_gm": 14.87529999580635,
  "rpve_wm": 20.867340738440788,
  "size_x": 192,
  "size_y": 256,
  "size_z": 256,
  "snr_csf": 3.4832660849486214,
  "snr_gm": 14.190310174662333,
  "snr_total": 12.54513876232955,
  "snr_wm": 19.961840027377697,
  "snrd_csf": 28.981260972713727,
  "snrd_gm": 64.73359431499571,
  "snrd_total": 60.994700694972636,
  "snrd_wm": 89.26924679720847,
  "spacing_x": 1.0,
  "spacing_y": 1.0,
  "spacing_z": 1.0,
  "summary_bg_k": 6.967127074605962,
  "summary_bg_mad": 7.338881090960578,
  "summary_bg_mean": 10.18683554515136,
  "summary_bg_median": 7.400000110268593,
  "summary_bg_n": 3026828.0,
  "summary_bg_p05": 0.0,
  "summary_bg_p95": 30.850000459700823,
  "summary_bg_stdv": 10.159942514884394,
  "summary_csf_k": 0.45722984291640634,
  "summary_csf_mad": 82.58094480131398,
  "summary_csf_mean": 344.7717661006335,
  "summary_csf_median": 324.650004837662,
  "summary_csf_n": 32062.0,
  "summary_csf_p05": 223.50000333040953,
  "summary_csf_p95": 522.2975077828391,
  "summary_csf_stdv": 93.20130418802431,
  "summary_gm_k": 0.08614658842663925,
  "summary_gm_mad": 50.260215956275474,
  "summary_gm_mean": 725.7000228200161,
  "summary_gm_median": 725.150010805577,
  "summary_gm_n": 24987.0,
  "summary_gm_p05": 642.9000095799565,
  "summary_gm_p95": 810.3700120754537,
  "summary_gm_stdv": 51.10075052548655,
  "summary_wm_k": 0.7696585317589686,
  "summary_wm_mad": 44.92284789012233,
  "summary_wm_mean": 998.2810755822596,
  "summary_wm_median": 1000.0000149011612,
  "summary_wm_n": 188167.0,
  "summary_wm_p05": 911.0000135749578,
  "summary_wm_p95": 1077.1000160500407,
  "summary_wm_stdv": 50.095449934075354,
  "tpm_overlap_csf": 0.1761000007390976,
  "tpm_overlap_gm": 0.4587932527065277,
  "tpm_overlap_wm": 0.5017364025115967,
  "wm2max": 0.5422098287514071
}