{
  "bids_meta": {
    "AcquisitionMatrixPE": 256,
    "AcquisitionNumber": 1,
    "AcquisitionTime": "09:27:29.107500",
    "BaseResolution": 256,
    "BodyPartExamined": "HEAD",
    "CoilCombinationMethod": "Adaptive Combine",
    "ConsistencyInfo": "N4_VD13D_LATEST_20130810",
    "ConversionSoftware": "dcm2niix",
    "ConversionSoftwareVersion": "v1.0.20211006",
    "Dcm2bidsVersion": "2.1.6",
    "DeviceSerialNumber": "66040",
    "DwellTime": 1.5e-05,
    "EchoTime": 0.00303,
    "FlipAngle": 9,
    "FrameTimesStart": [
      0
    ],
    "ImageOrientationPatientDICOM": [
      0.0119187,
      0.999919,
      -0.00455715,
      0.129072,
      -0.00605781,
      -0.991617
    ],
    "ImageOrientationText": "Sag>Tra(-7.4)>Cor(0.6)",
    "ImageType": [
      "ORIGINAL",
      "PRIMARY",
      "M",
      "ND",
      "NORM"
    ],
    "ImagingFrequency": 123.21,
    "InPlanePhaseEncodingDirectionDICOM": "ROW",
    "InstitutionAddress": "Magyar Tudosok Korutja 2,Budapest,,HU,1117",
    "InstitutionName": "RCNS",
    "InstitutionalDepartmentName": "BIC",
    "InversionTime": 0.9,
    "MRAcquisitionType": "3D",
    "MagneticFieldStrength": 3,
    "Manufacturer": "Siemens",
    "ManufacturersModelName": "Prisma",
    "MatrixCoilMode": "GRAPPA",
    "Modality": "MR",
    "ParallelReductionFactorInPlane": 2,
    "PartialFourier": 1,
    "PatientPosition": "HFS",
    "PercentPhaseFOV": 100,
    "PercentSampling": 100,
    "PhaseEncodingSteps": 255,
    "PhaseResolution": 1,
    "PixelBandwidth": 130,
    "ProcedureStepDescription": "head^MR-artefacts",
    "ProtocolName": "MPRAGE_conventional",
    "PulseSequenceDetails": "%SiemensSeq%\\tfl",
    "ReceiveCoilActiveElements": "HE1-4",
    "ReceiveCoilName": "HeadNeck_20",
    "ReconMatrixPE": 256,
    "RefLinesPE": 24,
    "RepetitionTime": 2.3,
    "SAR": 0.0527771,
    "ScanOptions": "IR",
    "ScanningSequence": "GR\\IR",
    "SequenceName": "*tfl3d1_16ns",
    "SequenceVariant": "SK\\SP\\MP",
    "SeriesDescription": "MPRAGE_conventional",
    "SeriesNumber": 6,
    "ShimSetting": [
      5969,
      -983,
      1098,
      243,
      -82,
      -59,
      147,
      -70
    ],
    "SliceThickness": 1,
    "SoftwareVersions": "syngo MR D13D",
    "SpoilingState": true,
    "StationName": "AWP66040",
    "TxRefAmp": 246.045,
    "acq_id": "standard",
    "dataset": "<unset>",
    "modality": "T1w",
    "subject_id": "630780"
  },
  "cjv": 0.3084368714453048,
  "cnr": 4.213697942419766,
  "efc": 0.5265051144862489,
  "fber": 22825.965507820507,
  "fwhm_avg": 4.616160000000001,
  "fwhm_x": 4.38241,
  "fwhm_y": 4.74697,
  "fwhm_z": 4.7191,
  "icvs_csf": 0.2190925788713597,
  "icvs_gm": 0.4128879795637397,
  "icvs_wm": 0.36801944156490063,
  "inu_med": 1.657348394393921,
  "inu_range": 0.4779232025146487,
  "provenance": {
    "md5sum": "5c7636e178753d484bac39a73388b877",
    "settings": {
      "testing": false
    },
    "software": "mriqc",
    "version": "0.16.1",
    "warnings": {
      "large_rot_frame": true,
      "small_air_mask": false
    },
    "webapi_port": null,
    "webapi_url": "https://mriqc.nimh.nih.gov/api/v1"
  },
  "qi_1": 0.0,
  "qi_2": 0.0040304233132163825,
  "rpve_csf": 29.00550463401497,
  "rpve_gm": 15.999954913988772,
  "rpve_wm": 21.760028178568632,
  "size_x": 192,
  "size_y": 256,
  "size_z": 256,
  "snr_csf": 3.2613465268827424,
  "snr_gm": 14.497517465453814,
  "snr_total": 14.531160794638149,
  "snr_wm": 25.834618391577887,
  "snrd_csf": 76.4307404177845,
  "snrd_gm": 152.2997654478832,
  "snrd_total": 145.64655874484887,
  "snrd_wm": 208.20917036887894,
  "spacing_x": 1.0,
  "spacing_y": 1.0,
  "spacing_z": 1.0,
  "summary_bg_k": 8.970128414107963,
  "summary_bg_mad": 3.1466430756347332,
  "summary_bg_mean": 4.871136475851163,
  "summary_bg_median": 4.28072952106595,
  "summary_bg_n": 3315098.0,
  "summary_bg_p05": 0.0,
  "summary_bg_p95": 12.878161080181599,
  "summary_bg_stdv": 4.147237661208238,
  "summary_csf_k": 3.8994158714047105,
  "summary_csf_mad": 123.46574101854928,
  "summary_csf_mean": 377.5984917887052,
  "summary_csf_median": 367.09953581914306,
  "summary_csf_n": 21337.0,
  "summary_csf_p05": 210.49678038209677,
  "summary_csf_p95": 558.4805206760765,
  "summary_csf_stdv": 112.55808920507155,
  "summary_gm_k": 0.19211771006414713,
  "summary_gm_mad": 49.012965873022374,
  "summary_gm_mean": 730.5174904152155,
  "summary_gm_median": 731.501132864505,
  "summary_gm_n": 23150.0,
  "summary_gm_p05": 647.1257956532761,
  "summary_gm_p95": 813.2864488529042,
  "summary_gm_stdv": 50.455902900369395,
  "summary_wm_k": 1.148777498279613,
  "summary_wm_mad": 33.81307982970205,
  "summary_wm_mean": 997.1357634973854,
  "summary_wm_median": 1000.03597214818,
  "summary_wm_n": 196696.0,
  "summary_wm_p05": 927.8751030787826,
  "summary_wm_p95": 1054.8580880314112,
  "summary_wm_stdv": 38.70904593604462,
  "tpm_overlap_csf": 0.15371809899806976,
  "tpm_overlap_gm": 0.45271286368370056,
  "tpm_overlap_wm": 0.5092661380767822,
  "wm2max": 0.5747774683386686
}