{
  "bids_meta": {
    "AcquisitionMatrixPE": 256,
    "AcquisitionNumber": 1,
    "AcquisitionTime": "14:05:19.870000",
    "BodyPartExamined": "HEAD",
    "CoilString": "HeadNeck_20",
    "ConversionSoftware": "dcm2niix",
    "ConversionSoftwareVersion": "v1.0.20211006",
    "Dcm2bidsVersion": "2.1.6",
    "DeviceSerialNumber": "66040",
    "EchoTime": 0.00303,
    "FlipAngle": 9,
    "ImageOrientationPatientDICOM": [
      -0.0888468,
      0.994716,
      0.0514508,
      -0.027511,
      0.0491847,
      -0.998411
    ],
    "ImageType": [
      "ORIGINAL",
      "PRIMARY",
      "M",
      "NONE"
    ],
    "ImagingFrequency": 123.227,
    "InPlanePhaseEncodingDirectionDICOM": "ROW",
    "InstitutionAddress": "Magyar Tudosok Korutja 2,Budapest,,HU,1117",
    "InstitutionName": "RCNS",
    "InstitutionalDepartmentName": "BIC",
    "InversionTime": 0.9,
    "MRAcquisitionType": "3D",
    "MTState": true,
    "MagneticFieldStrength": 3,
    "Manufacturer": "Siemens",
    "ManufacturersModelName": "MAGNETOM Prisma",
    "Modality": "MR",
    "ParallelAcquisitionTechnique": "GRAPPA",
    "ParallelReductionFactorInPlane": 2,
    "PatientPosition": "HFS",
    "PercentPhaseFOV": 100,
    "PercentSampling": 100,
    "PixelBandwidth": 130,
    "ProcedureStepDescription": "head MR-artefacts",
    "ProtocolName": "MPRAGE_move1",
    "ReceiveCoilActiveElements": "HE1-4;NE1,2",
    "ReconMatrixPE": 256,
    "RepetitionTime": 2.3,
    "SequenceVariant": "SK\\SP\\MP",
    "SeriesDescription": "MPRAGE_move1",
    "SeriesNumber": 6,
    "SliceThickness": 1,
    "SoftwareVersions": "syngo MR XA30",
    "StationName": "AWP66040",
    "acq_id": "headmotion1",
    "dataset": "<unset>",
    "modality": "T1w",
    "subject_id": "750675"
  },
  "cjv": 0.4236343492864622,
  "cnr": 3.1846720078876958,
  "efc": 0.5993123598786805,
  "fber": 3602.5356576076174,
  "fwhm_avg": 4.769596666666667,
  "fwhm_x": 4.43514,
  "fwhm_y": 4.97213,
  "fwhm_z": 4.90152,
  "icvs_csf": 0.23020808712765758,
  "icvs_gm": 0.38284664566253956,
  "icvs_wm": 0.3869452672098028,
  "inu_med": 1.2890137434005737,
  "inu_range": 0.4497854590415955,
  "provenance": {
    "md5sum": "2e4936cbad431ef48ec894d7fcca4647",
    "settings": {
      "testing": false
    },
    "software": "mriqc",
    "version": "0.16.1",
    "warnings": {
      "large_rot_frame": true,
      "small_air_mask": false
    },
    "webapi_port": null,
    "webapi_url": "https://mriqc.nimh.nih.gov/api/v1"
  },
  "qi_1": 0.0,
  "qi_2": 0.017096506583330676,
  "rpve_csf": 26.547985766879513,
  "rpve_gm": 15.456114779891843,
  "rpve_wm": 19.007537856554148,
  "size_x": 192,
  "size_y": 256,
  "size_z": 256,
  "snr_csf": 3.4018736788356647,
  "snr_gm": 11.689284088496846,
  "snr_total": 11.801476581002369,
  "snr_wm": 20.313271975674596,
  "snrd_csf": 36.74138961298095,
  "snrd_gm": 84.28797584211013,
  "snrd_total": 78.17914033233484,
  "snrd_wm": 113.50805554191345,
  "spacing_x": 1.0,
  "spacing_y": 1.0,
  "spacing_z": 1.0,
  "summary_bg_k": 7.187924967383893,
  "summary_bg_mad": 5.771717220197024,
  "summary_bg_mean": 9.964148232131889,
  "summary_bg_median": 7.785928212106228,
  "summary_bg_n": 2069059.0,
  "summary_bg_p05": 0.0,
  "summary_bg_p95": 27.209770172834396,
  "summary_bg_stdv": 8.673666769349188,
  "summary_csf_k": 0.24741122557364204,
  "summary_csf_mad": 95.56748618284125,
  "summary_csf_mean": 336.3779357328471,
  "summary_csf_median": 323.6897207759321,
  "summary_csf_n": 25843.0,
  "summary_csf_p05": 204.56911698766055,
  "summary_csf_p95": 507.15077659487724,
  "summary_csf_stdv": 95.14858241509614,
  "summary_gm_k": 0.1916911500930487,
  "summary_gm_mad": 62.456055814342534,
  "summary_gm_mean": 742.456678961339,
  "summary_gm_median": 742.5726585872471,
  "summary_gm_n": 17031.0,
  "summary_gm_p05": 639.4091097768396,
  "summary_gm_p95": 847.6826894506812,
  "summary_gm_stdv": 63.5240663181168,
  "summary_wm_k": 0.5304875172998127,
  "summary_wm_mad": 46.59902218832755,
  "summary_wm_mean": 1001.6472840079502,
  "summary_wm_median": 1000.0000324212015,
  "summary_wm_n": 230287.0,
  "summary_wm_p05": 923.3291288167238,
  "summary_wm_p95": 1085.1534999199212,
  "summary_wm_stdv": 49.228792998613194,
  "tpm_overlap_csf": 0.16986218094825745,
  "tpm_overlap_gm": 0.4303910434246063,
  "tpm_overlap_wm": 0.5106655955314636,
  "wm2max": 0.49067486030479124
}