{
  "bids_meta": {
    "AcquisitionMatrixPE": 256,
    "AcquisitionNumber": 1,
    "AcquisitionTime": "13:59:54.045000",
    "BodyPartExamined": "HEAD",
    "CoilString": "HeadNeck_20",
    "ConversionSoftware": "dcm2niix",
    "ConversionSoftwareVersion": "v1.0.20211006",
    "Dcm2bidsVersion": "2.1.6",
    "DeviceSerialNumber": "66040",
    "EchoTime": 0.00303,
    "FlipAngle": 9,
    "ImageOrientationPatientDICOM": [
      -0.0888468,
      0.994716,
      0.0514508,
      -0.027511,
      0.0491847,
      -0.998411
    ],
    "ImageType": [
      "ORIGINAL",
      "PRIMARY",
      "M",
      "NONE"
    ],
    "ImagingFrequency": 123.227,
    "InPlanePhaseEncodingDirectionDICOM": "ROW",
    "InstitutionAddress": "Magyar Tudosok Korutja 2,Budapest,,HU,1117",
    "InstitutionName": "RCNS",
    "InstitutionalDepartmentName": "BIC",
    "InversionTime": 0.9,
    "MRAcquisitionType": "3D",
    "MTState": true,
    "MagneticFieldStrength": 3,
    "Manufacturer": "Siemens",
    "ManufacturersModelName": "MAGNETOM Prisma",
    "Modality": "MR",
    "ParallelAcquisitionTechnique": "GRAPPA",
    "ParallelReductionFactorInPlane": 2,
    "PatientPosition": "HFS",
    "PercentPhaseFOV": 100,
    "PercentSampling": 100,
    "PixelBandwidth": 130,
    "ProcedureStepDescription": "head MR-artefacts",
    "ProtocolName": "MPRAGE_conventional",
    "ReceiveCoilActiveElements": "HE1-4;NE1,2",
    "ReconMatrixPE": 256,
    "RepetitionTime": 2.3,
    "SequenceVariant": "SK\\SP\\MP",
    "SeriesDescription": "MPRAGE_conventional",
    "SeriesNumber": 5,
    "SliceThickness": 1,
    "SoftwareVersions": "syngo MR XA30",
    "StationName": "AWP66040",
    "acq_id": "standard",
    "dataset": "<unset>",
    "modality": "T1w",
    "subject_id": "750675"
  },
  "cjv": 0.3546495319717814,
  "cnr": 3.645210409801828,
  "efc": 0.5884181731142203,
  "fber": 8896.2624,
  "fwhm_avg": 4.83038,
  "fwhm_x": 4.47795,
  "fwhm_y": 5.06683,
  "fwhm_z": 4.94636,
  "icvs_csf": 0.23412851654199138,
  "icvs_gm": 0.3845119841733797,
  "icvs_wm": 0.3813594992846289,
  "inu_med": 1.161815881729126,
  "inu_range": 0.39133418500423445,
  "provenance": {
    "md5sum": "b0da34c7b592d553484b534b172e5212",
    "settings": {
      "testing": false
    },
    "software": "mriqc",
    "version": "0.16.1",
    "warnings": {
      "large_rot_frame": true,
      "small_air_mask": false
    },
    "webapi_port": null,
    "webapi_url": "https://mriqc.nimh.nih.gov/api/v1"
  },
  "qi_1": 0.0,
  "qi_2": 0.013767662324943366,
  "rpve_csf": 26.19730468512353,
  "rpve_gm": 15.491618375158232,
  "rpve_wm": 19.498432000598818,
  "size_x": 192,
  "size_y": 256,
  "size_z": 256,
  "snr_csf": 3.6639804618004606,
  "snr_gm": 12.803635956664593,
  "snr_total": 13.871583603046298,
  "snr_wm": 25.14713439067384,
  "snrd_csf": 40.5915569302888,
  "snrd_gm": 92.21476863644217,
  "snrd_total": 85.63962150330383,
  "snrd_wm": 124.11253894318051,
  "spacing_x": 1.0,
  "spacing_y": 1.0,
  "spacing_z": 1.0,
  "summary_bg_k": 6.907865097678771,
  "summary_bg_mad": 5.278567223673976,
  "summary_bg_mean": 6.43658737763381,
  "summary_bg_median": 7.203477568924427,
  "summary_bg_n": 2085794.0,
  "summary_bg_p05": 0.0,
  "summary_bg_p95": 14.655350916087627,
  "summary_bg_stdv": 4.730964008422752,
  "summary_csf_k": 0.4472482288721742,
  "summary_csf_mad": 87.77152476574169,
  "summary_csf_mean": 342.1482383128276,
  "summary_csf_median": 327.05444134771824,
  "summary_csf_n": 25622.0,
  "summary_csf_p05": 222.48188867401333,
  "summary_csf_p95": 505.8931917851787,
  "summary_csf_stdv": 89.26031740558543,
  "summary_gm_k": 0.40815881019866307,
  "summary_gm_mad": 54.688411584808286,
  "summary_gm_mean": 742.1485741871762,
  "summary_gm_median": 742.9931720085442,
  "summary_gm_n": 20154.0,
  "summary_gm_p05": 646.104328741692,
  "summary_gm_p95": 838.0459564812481,
  "summary_gm_stdv": 58.02841797428263,
  "summary_wm_k": 0.6597506451694177,
  "summary_wm_mad": 36.458941056538855,
  "summary_wm_mean": 1000.3860918137761,
  "summary_wm_median": 1000.0000038929284,
  "summary_wm_n": 230499.0,
  "summary_wm_p05": 934.2165219560266,
  "summary_wm_p95": 1065.700687237084,
  "summary_wm_stdv": 39.76587626837602,
  "tpm_overlap_csf": 0.16796258091926575,
  "tpm_overlap_gm": 0.4276368319988251,
  "tpm_overlap_wm": 0.5077241063117981,
  "wm2max": 0.5047644919964893
}