{
  "bids_meta": {
    "AcquisitionMatrixPE": 256,
    "AcquisitionNumber": 1,
    "AcquisitionTime": "14:10:54.605000",
    "BodyPartExamined": "HEAD",
    "CoilString": "HeadNeck_20",
    "ConversionSoftware": "dcm2niix",
    "ConversionSoftwareVersion": "v1.0.20211006",
    "Dcm2bidsVersion": "2.1.6",
    "DeviceSerialNumber": "66040",
    "EchoTime": 0.00303,
    "FlipAngle": 9,
    "ImageOrientationPatientDICOM": [
      -0.0888468,
      0.994716,
      0.0514508,
      -0.027511,
      0.0491847,
      -0.998411
    ],
    "ImageType": [
      "ORIGINAL",
      "PRIMARY",
      "M",
      "NONE"
    ],
    "ImagingFrequency": 123.227,
    "InPlanePhaseEncodingDirectionDICOM": "ROW",
    "InstitutionAddress": "Magyar Tudosok Korutja 2,Budapest,,HU,1117",
    "InstitutionName": "RCNS",
    "InstitutionalDepartmentName": "BIC",
    "InversionTime": 0.9,
    "MRAcquisitionType": "3D",
    "MTState": true,
    "MagneticFieldStrength": 3,
    "Manufacturer": "Siemens",
    "ManufacturersModelName": "MAGNETOM Prisma",
    "Modality": "MR",
    "ParallelAcquisitionTechnique": "GRAPPA",
    "ParallelReductionFactorInPlane": 2,
    "PatientPosition": "HFS",
    "PercentPhaseFOV": 100,
    "PercentSampling": 100,
    "PixelBandwidth": 130,
    "ProcedureStepDescription": "head MR-artefacts",
    "ProtocolName": "MPRAGE_move2",
    "ReceiveCoilActiveElements": "HE1-4;NE1,2",
    "ReconMatrixPE": 256,
    "RepetitionTime": 2.3,
    "SequenceVariant": "SK\\SP\\MP",
    "SeriesDescription": "MPRAGE_move2",
    "SeriesNumber": 7,
    "SliceThickness": 1,
    "SoftwareVersions": "syngo MR XA30",
    "StationName": "AWP66040",
    "acq_id": "headmotion2",
    "dataset": "<unset>",
    "modality": "T1w",
    "subject_id": "750675"
  },
  "cjv": 0.5854810301618784,
  "cnr": 2.327815595855553,
  "efc": 0.6106190371139979,
  "fber": 1815.3152304319697,
  "fwhm_avg": 4.539723333333333,
  "fwhm_x": 4.17441,
  "fwhm_y": 4.6384,
  "fwhm_z": 4.80636,
  "icvs_csf": 0.2266313025143707,
  "icvs_gm": 0.3843023325209777,
  "icvs_wm": 0.38906636496465163,
  "inu_med": 1.1739977598190308,
  "inu_range": 0.48606885671615596,
  "provenance": {
    "md5sum": "4f41ca779131d86f5a8e20e68965372b",
    "settings": {
      "testing": false
    },
    "software": "mriqc",
    "version": "0.16.1",
    "warnings": {
      "large_rot_frame": true,
      "small_air_mask": false
    },
    "webapi_port": null,
    "webapi_url": "https://mriqc.nimh.nih.gov/api/v1"
  },
  "qi_1": 0.0,
  "qi_2": 0.006732954346744375,
  "rpve_csf": 26.93547552464138,
  "rpve_gm": 15.419113717985361,
  "rpve_wm": 18.663446833930706,
  "size_x": 192,
  "size_y": 256,
  "size_z": 256,
  "snr_csf": 3.407586069697984,
  "snr_gm": 9.96436725776696,
  "snr_total": 9.77970250913373,
  "snr_wm": 15.967154199936246,
  "snrd_csf": 17.561492576180836,
  "snrd_gm": 39.889962931332605,
  "snrd_total": 36.50293892576852,
  "snrd_wm": 52.05736126979212,
  "spacing_x": 1.0,
  "spacing_y": 1.0,
  "spacing_z": 1.0,
  "summary_bg_k": 4.3528548389891855,
  "summary_bg_mad": 12.584893549102148,
  "summary_bg_mean": 18.26569432245837,
  "summary_bg_median": 12.77544317394495,
  "summary_bg_n": 2049306.0,
  "summary_bg_p05": 0.0,
  "summary_bg_p95": 50.115748558193445,
  "summary_bg_stdv": 15.685566308205535,
  "summary_csf_k": 0.28909647238143243,
  "summary_csf_mad": 96.67486408173923,
  "summary_csf_mean": 349.3629643881088,
  "summary_csf_median": 337.3488668985665,
  "summary_csf_n": 24617.0,
  "summary_csf_p05": 208.30831671878695,
  "summary_csf_p95": 528.3974741481242,
  "summary_csf_stdv": 98.99735706739715,
  "summary_gm_k": -0.19189913184144824,
  "summary_gm_mad": 78.75092478453314,
  "summary_gm_mean": 767.1120721468735,
  "summary_gm_median": 766.269366748631,
  "summary_gm_n": 14438.0,
  "summary_gm_p05": 644.2960373984649,
  "summary_gm_p95": 895.0591238325461,
  "summary_gm_stdv": 76.8982926782055,
  "summary_wm_k": 1.2868995842495368,
  "summary_wm_mad": 58.09390254484527,
  "summary_wm_mean": 1004.8141962251086,
  "summary_wm_median": 999.9999579712749,
  "summary_wm_n": 230889.0,
  "summary_wm_p05": 911.1291737444699,
  "summary_wm_p95": 1114.250146087259,
  "summary_wm_stdv": 62.628429581413066,
  "tpm_overlap_csf": 0.17142929136753082,
  "tpm_overlap_gm": 0.42982780933380127,
  "tpm_overlap_wm": 0.5096538662910461,
  "wm2max": 0.4437423121848851
}