{
  "bids_meta": {
    "AcquisitionMatrixPE": 256,
    "AcquisitionNumber": 1,
    "AcquisitionTime": "11:31:57.767500",
    "BaseResolution": 256,
    "BodyPartExamined": "HEAD",
    "CoilCombinationMethod": "Adaptive Combine",
    "ConsistencyInfo": "N4_VD13D_LATEST_20130810",
    "ConversionSoftware": "dcm2niix",
    "ConversionSoftwareVersion": "v1.0.20211006",
    "Dcm2bidsVersion": "2.1.6",
    "DeviceSerialNumber": "66040",
    "DwellTime": 1.5e-05,
    "EchoTime": 0.00303,
    "FlipAngle": 9,
    "FrameTimesStart": [
      0
    ],
    "ImageOrientationPatientDICOM": [
      0.0348045,
      0.999299,
      -0.0137831,
      0.0255733,
      -0.0146775,
      -0.999565
    ],
    "ImageOrientationText": "Sag>Cor(2.0)>Tra(-1.5)",
    "ImageType": [
      "ORIGINAL",
      "PRIMARY",
      "M",
      "ND",
      "NORM"
    ],
    "ImagingFrequency": 123.21,
    "InPlanePhaseEncodingDirectionDICOM": "ROW",
    "InstitutionAddress": "Magyar Tudosok Korutja 2,Budapest,,HU,1117",
    "InstitutionName": "RCNS",
    "InstitutionalDepartmentName": "BIC",
    "InversionTime": 0.9,
    "MRAcquisitionType": "3D",
    "MagneticFieldStrength": 3,
    "Manufacturer": "Siemens",
    "ManufacturersModelName": "Prisma",
    "MatrixCoilMode": "GRAPPA",
    "Modality": "MR",
    "ParallelReductionFactorInPlane": 2,
    "PartialFourier": 1,
    "PatientPosition": "HFS",
    "PercentPhaseFOV": 100,
    "PercentSampling": 100,
    "PhaseEncodingSteps": 255,
    "PhaseResolution": 1,
    "PixelBandwidth": 130,
    "ProcedureStepDescription": "head^MR-artefacts",
    "ProtocolName": "MPRAGE_move2",
    "PulseSequenceDetails": "%SiemensSeq%\\tfl",
    "ReceiveCoilActiveElements": "HE1-4",
    "ReceiveCoilName": "HeadNeck_20",
    "ReconMatrixPE": 256,
    "RefLinesPE": 24,
    "RepetitionTime": 2.3,
    "SAR": 0.0570647,
    "ScanOptions": "IR",
    "ScanningSequence": "GR\\IR",
    "SequenceName": "*tfl3d1_16ns",
    "SequenceVariant": "SK\\SP\\MP",
    "SeriesDescription": "MPRAGE_move2",
    "SeriesNumber": 19,
    "ShimSetting": [
      5947,
      -1056,
      1137,
      147,
      36,
      -58,
      42,
      7
    ],
    "SliceThickness": 1,
    "SoftwareVersions": "syngo MR D13D",
    "SpoilingState": true,
    "StationName": "AWP66040",
    "TxRefAmp": 257.416,
    "acq_id": "headmotion2",
    "dataset": "<unset>",
    "modality": "T1w",
    "subject_id": "292213"
  },
  "cjv": 0.5072504289583245,
  "cnr": 2.6576789093691313,
  "efc": 0.5852344902748217,
  "fber": 1620.882744862963,
  "fwhm_avg": 4.201316666666667,
  "fwhm_x": 3.89697,
  "fwhm_y": 4.25969,
  "fwhm_z": 4.44729,
  "icvs_csf": 0.2216455793467188,
  "icvs_gm": 0.4175056457769018,
  "icvs_wm": 0.3608487748763794,
  "inu_med": 1.0790163278579712,
  "inu_range": 0.42177782356739035,
  "provenance": {
    "md5sum": "959287732ef999ef3f8c843ad1b64ca6",
    "settings": {
      "testing": false
    },
    "software": "mriqc",
    "version": "0.16.1",
    "warnings": {
      "large_rot_frame": true,
      "small_air_mask": false
    },
    "webapi_port": null,
    "webapi_url": "https://mriqc.nimh.nih.gov/api/v1"
  },
  "qi_1": 0.0,
  "qi_2": 0.009597499794435575,
  "rpve_csf": 27.01050804370101,
  "rpve_gm": 14.468641903317979,
  "rpve_wm": 19.40264016662965,
  "size_x": 192,
  "size_y": 256,
  "size_z": 256,
  "snr_csf": 3.2418190679240713,
  "snr_gm": 11.3887003614266,
  "snr_total": 10.015470983478293,
  "snr_wm": 15.415893521084207,
  "snrd_csf": 16.655998460086757,
  "snrd_gm": 35.21236393197703,
  "snrd_total": 32.99662455349761,
  "snrd_wm": 47.12151126842904,
  "spacing_x": 1.0,
  "spacing_y": 1.0,
  "spacing_z": 1.0,
  "summary_bg_k": 4.0545209396612405,
  "summary_bg_mad": 13.903927007803432,
  "summary_bg_mean": 21.396370968315313,
  "summary_bg_median": 12.48489697650075,
  "summary_bg_n": 2924384.0,
  "summary_bg_p05": 0.0,
  "summary_bg_p95": 69.7313139885664,
  "summary_bg_stdv": 23.028285142989173,
  "summary_csf_k": -0.038819658820520075,
  "summary_csf_mad": 109.35481241720245,
  "summary_csf_mean": 368.10646201991165,
  "summary_csf_median": 353.4894332885742,
  "summary_csf_n": 24700.0,
  "summary_csf_p05": 215.98008758034558,
  "summary_csf_p95": 566.3080227635801,
  "summary_csf_stdv": 109.03824986937302,
  "summary_gm_k": -0.03959482492423172,
  "summary_gm_mad": 66.19292857702737,
  "summary_gm_mean": 750.2356611034537,
  "summary_gm_median": 747.3102618791163,
  "summary_gm_n": 15283.0,
  "summary_gm_p05": 646.453006580472,
  "summary_gm_p95": 862.3151492815465,
  "summary_gm_stdv": 65.61642581629393,
  "summary_wm_k": 0.5165055146586401,
  "summary_wm_mad": 62.01322045811715,
  "summary_wm_mean": 1002.931494387314,
  "summary_wm_median": 1000.0575080439448,
  "summary_wm_n": 190106.0,
  "summary_wm_p05": 901.3865480683744,
  "summary_wm_p95": 1113.9174671061337,
  "summary_wm_stdv": 64.87167781808064,
  "tpm_overlap_csf": 0.17443326115608215,
  "tpm_overlap_gm": 0.4548068642616272,
  "tpm_overlap_wm": 0.5114546418190002,
  "wm2max": 0.46332231581192024
}