{
  "bids_meta": {
    "AcquisitionMatrixPE": 256,
    "AcquisitionNumber": 1,
    "AcquisitionTime": "10:58:35.647500",
    "BaseResolution": 256,
    "BodyPartExamined": "HEAD",
    "CoilCombinationMethod": "Adaptive Combine",
    "ConsistencyInfo": "N4_VD13D_LATEST_20130810",
    "ConversionSoftware": "dcm2niix",
    "ConversionSoftwareVersion": "v1.0.20211006",
    "Dcm2bidsVersion": "2.1.6",
    "DeviceSerialNumber": "66040",
    "DwellTime": 1.5e-05,
    "EchoTime": 0.00303,
    "FlipAngle": 9,
    "FrameTimesStart": [
      0
    ],
    "ImageOrientationPatientDICOM": [
      0.0348025,
      0.9993,
      -0.0137072,
      0.0255758,
      -0.0146016,
      -0.999566
    ],
    "ImageOrientationText": "Sag>Cor(2.0)>Tra(-1.5)",
    "ImageType": [
      "ORIGINAL",
      "PRIMARY",
      "M",
      "ND",
      "NORM"
    ],
    "ImagingFrequency": 123.21,
    "InPlanePhaseEncodingDirectionDICOM": "ROW",
    "InstitutionAddress": "Magyar Tudosok Korutja 2,Budapest,,HU,1117",
    "InstitutionName": "RCNS",
    "InstitutionalDepartmentName": "BIC",
    "InversionTime": 0.9,
    "MRAcquisitionType": "3D",
    "MagneticFieldStrength": 3,
    "Manufacturer": "Siemens",
    "ManufacturersModelName": "Prisma",
    "MatrixCoilMode": "GRAPPA",
    "Modality": "MR",
    "ParallelReductionFactorInPlane": 2,
    "PartialFourier": 1,
    "PatientPosition": "HFS",
    "PercentPhaseFOV": 100,
    "PercentSampling": 100,
    "PhaseEncodingSteps": 255,
    "PhaseResolution": 1,
    "PixelBandwidth": 130,
    "ProcedureStepDescription": "head^MR-artefacts",
    "ProtocolName": "MPRAGE_conventional",
    "PulseSequenceDetails": "%SiemensSeq%\\tfl",
    "ReceiveCoilActiveElements": "HE1-4",
    "ReceiveCoilName": "HeadNeck_20",
    "ReconMatrixPE": 256,
    "RefLinesPE": 24,
    "RepetitionTime": 2.3,
    "SAR": 0.0570647,
    "ScanOptions": "IR",
    "ScanningSequence": "GR\\IR",
    "SequenceName": "*tfl3d1_16ns",
    "SequenceVariant": "SK\\SP\\MP",
    "SeriesDescription": "MPRAGE_conventional",
    "SeriesNumber": 6,
    "ShimSetting": [
      5947,
      -1056,
      1137,
      147,
      36,
      -58,
      42,
      7
    ],
    "SliceThickness": 1,
    "SoftwareVersions": "syngo MR D13D",
    "SpoilingState": true,
    "StationName": "AWP66040",
    "TxRefAmp": 257.416,
    "acq_id": "standard",
    "dataset": "<unset>",
    "modality": "T1w",
    "subject_id": "292213"
  },
  "cjv": 0.3155309132177504,
  "cnr": 4.098586199548488,
  "efc": 0.5518489308260089,
  "fber": 8101.48767160713,
  "fwhm_avg": 4.337673333333334,
  "fwhm_x": 4.05989,
  "fwhm_y": 4.47986,
  "fwhm_z": 4.47327,
  "icvs_csf": 0.2084702577384028,
  "icvs_gm": 0.4373287152363771,
  "icvs_wm": 0.3542010270252201,
  "inu_med": 1.1949143409729004,
  "inu_range": 0.38922800421714765,
  "provenance": {
    "md5sum": "7bd5c0c363ce6bc4e3277d31b2ef53cf",
    "settings": {
      "testing": false
    },
    "software": "mriqc",
    "version": "0.16.1",
    "warnings": {
      "large_rot_frame": true,
      "small_air_mask": false
    },
    "webapi_port": null,
    "webapi_url": "https://mriqc.nimh.nih.gov/api/v1"
  },
  "qi_1": 0.0,
  "qi_2": 0.009007018244149564,
  "rpve_csf": 27.709298895117087,
  "rpve_gm": 14.244375042324199,
  "rpve_wm": 20.420569068634897,
  "size_x": 192,
  "size_y": 256,
  "size_z": 256,
  "snr_csf": 3.2066341333027113,
  "snr_gm": 14.83233389211455,
  "snr_total": 13.97953359943208,
  "snr_wm": 23.89963277287898,
  "snrd_csf": 56.240629761267805,
  "snrd_gm": 126.23486079002302,
  "snrd_total": 118.18154727677135,
  "snrd_wm": 172.06915127902326,
  "spacing_x": 1.0,
  "spacing_y": 1.0,
  "spacing_z": 1.0,
  "summary_bg_k": 10.678278456777738,
  "summary_bg_mad": 3.807401527454667,
  "summary_bg_mean": 6.415108177107185,
  "summary_bg_median": 5.200307942926884,
  "summary_bg_n": 3009656.0,
  "summary_bg_p05": 0.0,
  "summary_bg_p95": 15.600923828780651,
  "summary_bg_stdv": 5.17447253374307,
  "summary_csf_k": 20.11187141023951,
  "summary_csf_mad": 81.85913284027535,
  "summary_csf_mean": 350.34625598822186,
  "summary_csf_median": 326.84898441284895,
  "summary_csf_n": 18975.0,
  "summary_csf_p05": 232.13275838568808,
  "summary_csf_p95": 539.6507215440272,
  "summary_csf_stdv": 101.92630593041164,
  "summary_gm_k": 0.1723549609746513,
  "summary_gm_mad": 48.16362932230154,
  "summary_gm_mean": 733.3095891603391,
  "summary_gm_median": 733.628627948463,
  "summary_gm_n": 27209.0,
  "summary_gm_p05": 650.616304859519,
  "summary_gm_p95": 813.8802937343717,
  "summary_gm_stdv": 49.46053344005342,
  "summary_wm_k": 1.3966307639259705,
  "summary_wm_mad": 35.884759396260236,
  "summary_wm_mean": 996.3589282796216,
  "summary_wm_median": 999.9999570250511,
  "summary_wm_n": 191589.0,
  "summary_wm_p05": 918.5284659191966,
  "summary_wm_p95": 1056.946539066732,
  "summary_wm_stdv": 41.84153609269568,
  "tpm_overlap_csf": 0.17796333134174347,
  "tpm_overlap_gm": 0.46009597182273865,
  "tpm_overlap_wm": 0.5106972455978394,
  "wm2max": 0.4801627670396745
}