{
  "bids_meta": {
    "AcquisitionMatrixPE": 256,
    "AcquisitionNumber": 1,
    "AcquisitionTime": "10:46:7.277500",
    "BaseResolution": 256,
    "BodyPartExamined": "HEAD",
    "CoilCombinationMethod": "Adaptive Combine",
    "ConsistencyInfo": "N4_VD13D_LATEST_20130810",
    "ConversionSoftware": "dcm2niix",
    "ConversionSoftwareVersion": "v1.0.20211006",
    "Dcm2bidsVersion": "2.1.6",
    "DeviceSerialNumber": "66040",
    "DwellTime": 1.5e-05,
    "EchoTime": 0.00303,
    "FlipAngle": 9,
    "FrameTimesStart": [
      0
    ],
    "ImageOrientationPatientDICOM": [
      -0.0728094,
      0.991507,
      0.107767,
      0.0247305,
      0.109815,
      -0.993644
    ],
    "ImageOrientationText": "Sag>Cor(-4.0)>Tra(-1.9)",
    "ImageType": [
      "ORIGINAL",
      "PRIMARY",
      "M",
      "ND",
      "NORM"
    ],
    "ImagingFrequency": 123.21,
    "InPlanePhaseEncodingDirectionDICOM": "ROW",
    "InstitutionAddress": "Magyar Tudosok Korutja 2,Budapest,,HU,1117",
    "InstitutionName": "RCNS",
    "InstitutionalDepartmentName": "BIC",
    "InversionTime": 0.9,
    "MRAcquisitionType": "3D",
    "MagneticFieldStrength": 3,
    "Manufacturer": "Siemens",
    "ManufacturersModelName": "Prisma",
    "MatrixCoilMode": "GRAPPA",
    "Modality": "MR",
    "ParallelReductionFactorInPlane": 2,
    "PartialFourier": 1,
    "PatientPosition": "HFS",
    "PercentPhaseFOV": 100,
    "PercentSampling": 100,
    "PhaseEncodingSteps": 255,
    "PhaseResolution": 1,
    "PixelBandwidth": 130,
    "ProcedureStepDescription": "head^GINOP",
    "ProtocolName": "MPRAGE_move1",
    "PulseSequenceDetails": "%SiemensSeq%\\tfl",
    "ReceiveCoilActiveElements": "HE1-4",
    "ReceiveCoilName": "HeadNeck_20",
    "ReconMatrixPE": 256,
    "RefLinesPE": 24,
    "RepetitionTime": 2.3,
    "SAR": 0.0559794,
    "ScanOptions": "IR",
    "ScanningSequence": "GR\\IR",
    "SequenceName": "*tfl3d1_16ns",
    "SequenceVariant": "SK\\SP\\MP",
    "SeriesDescription": "MPRAGE_move1",
    "SeriesNumber": 8,
    "ShimSetting": [
      5965,
      -1066,
      1165,
      281,
      -21,
      -186,
      29,
      -26
    ],
    "SliceThickness": 1,
    "SoftwareVersions": "syngo MR D13D",
    "SpoilingState": true,
    "StationName": "AWP66040",
    "TxRefAmp": 264.907,
    "acq_id": "headmotion1",
    "dataset": "<unset>",
    "modality": "T1w",
    "subject_id": "757271"
  },
  "cjv": 0.42594096885243815,
  "cnr": 3.168080469409187,
  "efc": 0.5806300306740887,
  "fber": 7641.171224732461,
  "fwhm_avg": 4.589576666666667,
  "fwhm_x": 4.24699,
  "fwhm_y": 4.81099,
  "fwhm_z": 4.71075,
  "icvs_csf": 0.23439930939477513,
  "icvs_gm": 0.40917123354212476,
  "icvs_wm": 0.3564294570631001,
  "inu_med": 1.109446406364441,
  "inu_range": 0.45793435573577845,
  "provenance": {
    "md5sum": "68814dd6fb8f8d1c6216784283f208f6",
    "settings": {
      "testing": false
    },
    "software": "mriqc",
    "version": "0.16.1",
    "warnings": {
      "large_rot_frame": true,
      "small_air_mask": false
    },
    "webapi_port": null,
    "webapi_url": "https://mriqc.nimh.nih.gov/api/v1"
  },
  "qi_1": 0.00016963597893783302,
  "qi_2": 0.01015989142494409,
  "rpve_csf": 25.539943139982,
  "rpve_gm": 14.605821922244822,
  "rpve_wm": 19.985609669892415,
  "size_x": 192,
  "size_y": 256,
  "size_z": 256,
  "snr_csf": 3.4997256398134406,
  "snr_gm": 12.907855049031967,
  "snr_total": 11.80403343345507,
  "snr_wm": 19.0045196115198,
  "snrd_csf": 58.95076894389982,
  "snrd_gm": 112.68912478552427,
  "snrd_total": 107.29033935779269,
  "snrd_wm": 150.23112434395398,
  "spacing_x": 1.0,
  "spacing_y": 1.0,
  "spacing_z": 1.0,
  "summary_bg_k": 27.76828026424811,
  "summary_bg_mad": 4.3611183300162795,
  "summary_bg_mean": 8.451294847903986,
  "summary_bg_median": 5.8230280093848705,
  "summary_bg_n": 2711073.0,
  "summary_bg_p05": 0.0,
  "summary_bg_p95": 25.513267051428556,
  "summary_bg_stdv": 8.732180337923682,
  "summary_csf_k": -0.20320628305956623,
  "summary_csf_mad": 117.75019491043956,
  "summary_csf_mean": 399.6632803879228,
  "summary_csf_median": 392.424062859267,
  "summary_csf_n": 28151.0,
  "summary_csf_p05": 225.44723390974104,
  "summary_csf_p95": 589.0262971967459,
  "summary_csf_stdv": 112.12795893162226,
  "summary_gm_k": 0.06296953126213678,
  "summary_gm_mad": 57.762567268991134,
  "summary_gm_mean": 752.063205514206,
  "summary_gm_median": 750.1500825285912,
  "summary_gm_n": 24284.0,
  "summary_gm_p05": 659.211794074811,
  "summary_gm_p95": 850.4022142365575,
  "summary_gm_stdv": 58.114584813932474,
  "summary_wm_k": 0.4119032494778141,
  "summary_wm_mad": 48.68432094936541,
  "summary_wm_mean": 997.1952669934597,
  "summary_wm_median": 1000.0600371994078,
  "summary_wm_n": 201609.0,
  "summary_wm_p05": 902.6894038878381,
  "summary_wm_p95": 1078.4007748514414,
  "summary_wm_stdv": 52.62209082060813,
  "tpm_overlap_csf": 0.15212832391262054,
  "tpm_overlap_gm": 0.4440818428993225,
  "tpm_overlap_wm": 0.48909255862236023,
  "wm2max": 0.4463641637338898
}