{
  "bids_meta": {
    "AcquisitionMatrixPE": 256,
    "AcquisitionNumber": 1,
    "AcquisitionTime": "11:46:59.405000",
    "BodyPartExamined": "HEAD",
    "CoilString": "HeadNeck_20",
    "ConversionSoftware": "dcm2niix",
    "ConversionSoftwareVersion": "v1.0.20211006",
    "Dcm2bidsVersion": "2.1.6",
    "DeviceSerialNumber": "66040",
    "EchoTime": 0.00303,
    "FlipAngle": 9,
    "ImageOrientationPatientDICOM": [
      0.0139714,
      0.996482,
      -0.0826342,
      -0.000512094,
      -0.0826351,
      -0.99658
    ],
    "ImageType": [
      "ORIGINAL",
      "PRIMARY",
      "M",
      "NONE"
    ],
    "ImagingFrequency": 123.227,
    "InPlanePhaseEncodingDirectionDICOM": "ROW",
    "InstitutionAddress": "Magyar Tudosok Korutja 2,Budapest,,HU,1117",
    "InstitutionName": "RCNS",
    "InstitutionalDepartmentName": "BIC",
    "InversionTime": 0.9,
    "MRAcquisitionType": "3D",
    "MTState": true,
    "MagneticFieldStrength": 3,
    "Manufacturer": "Siemens",
    "ManufacturersModelName": "MAGNETOM Prisma",
    "Modality": "MR",
    "ParallelAcquisitionTechnique": "GRAPPA",
    "ParallelReductionFactorInPlane": 2,
    "PatientPosition": "HFS",
    "PercentPhaseFOV": 100,
    "PercentSampling": 100,
    "PixelBandwidth": 130,
    "ProcedureStepDescription": "head MR-artefacts",
    "ProtocolName": "MPRAGE_move1",
    "ReceiveCoilActiveElements": "HE1-4;NE1,2",
    "ReconMatrixPE": 256,
    "RepetitionTime": 2.3,
    "SequenceVariant": "SK\\SP\\MP",
    "SeriesDescription": "MPRAGE_move1",
    "SeriesNumber": 6,
    "SliceThickness": 1,
    "SoftwareVersions": "syngo MR XA30",
    "StationName": "AWP66040",
    "acq_id": "headmotion1",
    "dataset": "<unset>",
    "modality": "T1w",
    "subject_id": "611047"
  },
  "cjv": 0.5110928637136282,
  "cnr": 2.6730043159474066,
  "efc": 0.632651131857359,
  "fber": 3219.4275999999995,
  "fwhm_avg": 4.90782,
  "fwhm_x": 4.59847,
  "fwhm_y": 5.03433,
  "fwhm_z": 5.09066,
  "icvs_csf": 0.25181370373600814,
  "icvs_gm": 0.38097502056972016,
  "icvs_wm": 0.3672112756942717,
  "inu_med": 1.5329716205596924,
  "inu_range": 0.6931609869003297,
  "provenance": {
    "md5sum": "3590fa907c1f2155ee3d3874fc4d5166",
    "settings": {
      "testing": false
    },
    "software": "mriqc",
    "version": "0.16.1",
    "warnings": {
      "large_rot_frame": true,
      "small_air_mask": false
    },
    "webapi_port": null,
    "webapi_url": "https://mriqc.nimh.nih.gov/api/v1"
  },
  "qi_1": 0.0,
  "qi_2": 0.0172032603442973,
  "rpve_csf": 23.90562230543622,
  "rpve_gm": 14.764373873761212,
  "rpve_wm": 18.711372249434532,
  "size_x": 192,
  "size_y": 256,
  "size_z": 256,
  "snr_csf": 3.4303122937076242,
  "snr_gm": 10.639876890189921,
  "snr_total": 10.319855586180102,
  "snr_wm": 16.88937757464276,
  "snrd_csf": 35.67875250271894,
  "snrd_gm": 76.85260165085971,
  "snrd_total": 71.61855126327508,
  "snrd_wm": 102.32429963624655,
  "spacing_x": 1.0,
  "spacing_y": 1.0,
  "spacing_z": 1.0,
  "summary_bg_k": 8.19318808238891,
  "summary_bg_mad": 6.4028229213497925,
  "summary_bg_mean": 12.99697968938254,
  "summary_bg_median": 8.551759272813797,
  "summary_bg_n": 2053723.0,
  "summary_bg_p05": 0.0,
  "summary_bg_p95": 40.06499219313264,
  "summary_bg_stdv": 13.583076884640413,
  "summary_csf_k": 0.04089031858355607,
  "summary_csf_mad": 103.01571531874666,
  "summary_csf_mean": 358.7811981143782,
  "summary_csf_median": 348.6979843489826,
  "summary_csf_n": 34823.0,
  "summary_csf_p05": 210.6768655654043,
  "summary_csf_p95": 539.1413874749095,
  "summary_csf_stdv": 101.65050518379599,
  "summary_gm_k": -0.06695047246296815,
  "summary_gm_mad": 70.30426356214772,
  "summary_gm_mean": 753.4308678064219,
  "summary_gm_median": 751.1010169312358,
  "summary_gm_n": 16177.0,
  "summary_gm_p05": 640.4241484224797,
  "summary_gm_p95": 873.5194509215653,
  "summary_gm_stdv": 70.59083570554391,
  "summary_wm_k": 0.5637276500387367,
  "summary_wm_mad": 56.928069142298156,
  "summary_wm_mean": 1003.2084338095699,
  "summary_wm_median": 1000.0427293628454,
  "summary_wm_n": 213723.0,
  "summary_wm_p05": 911.6175384819508,
  "summary_wm_p95": 1105.143850825727,
  "summary_wm_stdv": 59.21120451974369,
  "tpm_overlap_csf": 0.1600319892168045,
  "tpm_overlap_gm": 0.41740700602531433,
  "tpm_overlap_wm": 0.4954102635383606,
  "wm2max": 0.4928921310902896
}