{
  "bids_meta": {
    "AcquisitionMatrixPE": 256,
    "AcquisitionNumber": 1,
    "AcquisitionTime": "11:41:33.035000",
    "BodyPartExamined": "HEAD",
    "CoilString": "HeadNeck_20",
    "ConversionSoftware": "dcm2niix",
    "ConversionSoftwareVersion": "v1.0.20211006",
    "Dcm2bidsVersion": "2.1.6",
    "DeviceSerialNumber": "66040",
    "EchoTime": 0.00303,
    "FlipAngle": 9,
    "ImageOrientationPatientDICOM": [
      0.0139714,
      0.996482,
      -0.0826342,
      -0.000512094,
      -0.0826351,
      -0.99658
    ],
    "ImageType": [
      "ORIGINAL",
      "PRIMARY",
      "M",
      "NONE"
    ],
    "ImagingFrequency": 123.227,
    "InPlanePhaseEncodingDirectionDICOM": "ROW",
    "InstitutionAddress": "Magyar Tudosok Korutja 2,Budapest,,HU,1117",
    "InstitutionName": "RCNS",
    "InstitutionalDepartmentName": "BIC",
    "InversionTime": 0.9,
    "MRAcquisitionType": "3D",
    "MTState": true,
    "MagneticFieldStrength": 3,
    "Manufacturer": "Siemens",
    "ManufacturersModelName": "MAGNETOM Prisma",
    "Modality": "MR",
    "ParallelAcquisitionTechnique": "GRAPPA",
    "ParallelReductionFactorInPlane": 2,
    "PatientPosition": "HFS",
    "PercentPhaseFOV": 100,
    "PercentSampling": 100,
    "PixelBandwidth": 130,
    "ProcedureStepDescription": "head MR-artefacts",
    "ProtocolName": "MPRAGE_conventional",
    "ReceiveCoilActiveElements": "HE1-4;NE1,2",
    "ReconMatrixPE": 256,
    "RepetitionTime": 2.3,
    "SequenceVariant": "SK\\SP\\MP",
    "SeriesDescription": "MPRAGE_conventional",
    "SeriesNumber": 5,
    "SliceThickness": 1,
    "SoftwareVersions": "syngo MR XA30",
    "StationName": "AWP66040",
    "acq_id": "standard",
    "dataset": "<unset>",
    "modality": "T1w",
    "subject_id": "611047"
  },
  "cjv": 0.3479082882198198,
  "cnr": 3.573534656383561,
  "efc": 0.6058430854985806,
  "fber": 7657.190889120129,
  "fwhm_avg": 4.78453,
  "fwhm_x": 4.52017,
  "fwhm_y": 4.93127,
  "fwhm_z": 4.90215,
  "icvs_csf": 0.24464036426413463,
  "icvs_gm": 0.387479457458048,
  "icvs_wm": 0.3678801782778174,
  "inu_med": 1.5219372510910034,
  "inu_range": 0.6184805750846865,
  "provenance": {
    "md5sum": "e55fdb67b1f6399ce565098c0e47021f",
    "settings": {
      "testing": false
    },
    "software": "mriqc",
    "version": "0.16.1",
    "warnings": {
      "large_rot_frame": true,
      "small_air_mask": false
    },
    "webapi_port": null,
    "webapi_url": "https://mriqc.nimh.nih.gov/api/v1"
  },
  "qi_1": 0.0,
  "qi_2": 0.021621444929636732,
  "rpve_csf": 24.669493066067005,
  "rpve_gm": 14.923805180020265,
  "rpve_wm": 19.46007420451237,
  "size_x": 192,
  "size_y": 256,
  "size_z": 256,
  "snr_csf": 3.3112763461743784,
  "snr_gm": 12.299811627610413,
  "snr_total": 13.279306641603933,
  "snr_wm": 24.226831951027005,
  "snrd_csf": 37.70412779807096,
  "snrd_gm": 83.304508602515,
  "snrd_total": 77.91546001787351,
  "snrd_wm": 112.73774365303458,
  "spacing_x": 1.0,
  "spacing_y": 1.0,
  "spacing_z": 1.0,
  "summary_bg_k": 7.669482484900751,
  "summary_bg_mad": 5.811154029782325,
  "summary_bg_mean": 6.623668001892561,
  "summary_bg_median": 3.9621677845716476,
  "summary_bg_n": 2203810.0,
  "summary_bg_p05": 0.0,
  "summary_bg_p95": 15.806067183613777,
  "summary_bg_stdv": 4.982125509768429,
  "summary_csf_k": 0.13761608166254824,
  "summary_csf_mad": 97.02100641027883,
  "summary_csf_mean": 352.4722679249666,
  "summary_csf_median": 334.4410441815853,
  "summary_csf_n": 25726.0,
  "summary_csf_p05": 219.93226500973105,
  "summary_csf_p95": 546.5661344975233,
  "summary_csf_stdv": 100.9986812020794,
  "summary_gm_k": 0.5314690367433221,
  "summary_gm_mad": 54.511151388066814,
  "summary_gm_mean": 738.9906349267247,
  "summary_gm_median": 738.9229898452759,
  "summary_gm_n": 24782.0,
  "summary_gm_p05": 638.6354107432068,
  "summary_gm_p95": 839.6813426464796,
  "summary_gm_stdv": 60.07474777699898,
  "summary_wm_k": 0.784279034249507,
  "summary_wm_mad": 36.31971268613953,
  "summary_wm_mean": 999.0726582173664,
  "summary_wm_median": 1000.0000240802765,
  "summary_wm_n": 214640.0,
  "summary_wm_p05": 927.0194497257471,
  "summary_wm_p95": 1065.5675103217363,
  "summary_wm_stdv": 41.276453174604725,
  "tpm_overlap_csf": 0.1580308973789215,
  "tpm_overlap_gm": 0.41998469829559326,
  "tpm_overlap_wm": 0.4897117018699646,
  "wm2max": 0.49912236269028043
}