{
  "bids_meta": {
    "AcquisitionMatrixPE": 256,
    "AcquisitionNumber": 1,
    "AcquisitionTime": "15:04:49.865000",
    "BaseResolution": 256,
    "BodyPartExamined": "HEAD",
    "CoilCombinationMethod": "Adaptive Combine",
    "ConsistencyInfo": "N4_VD13D_LATEST_20130810",
    "ConversionSoftware": "dcm2niix",
    "ConversionSoftwareVersion": "v1.0.20211006",
    "Dcm2bidsVersion": "2.1.6",
    "DeviceSerialNumber": "66040",
    "DwellTime": 1.5e-05,
    "EchoTime": 0.00303,
    "FlipAngle": 9,
    "ImageOrientationPatientDICOM": [
      -0.0128641,
      0.994201,
      -0.106762,
      -0.0191873,
      -0.106997,
      -0.994074
    ],
    "ImageOrientationText": "Sag>Tra(1.2)>Cor(-0.6)",
    "ImageType": [
      "ORIGINAL",
      "PRIMARY",
      "M",
      "ND",
      "NORM"
    ],
    "ImagingFrequency": 123.21,
    "InPlanePhaseEncodingDirectionDICOM": "ROW",
    "InstitutionAddress": "Magyar Tudosok Korutja 2,Budapest,,HU,1117",
    "InstitutionName": "RCNS",
    "InstitutionalDepartmentName": "BIC",
    "InversionTime": 0.9,
    "MRAcquisitionType": "3D",
    "MagneticFieldStrength": 3,
    "Manufacturer": "Siemens",
    "ManufacturersModelName": "Prisma",
    "MatrixCoilMode": "GRAPPA",
    "Modality": "MR",
    "ParallelReductionFactorInPlane": 2,
    "PartialFourier": 1,
    "PatientPosition": "HFS",
    "PercentPhaseFOV": 100,
    "PercentSampling": 100,
    "PhaseEncodingSteps": 255,
    "PhaseResolution": 1,
    "PixelBandwidth": 130,
    "ProcedureStepDescription": "head^MR-artefacts",
    "ProtocolName": "MPRAGE_move1",
    "PulseSequenceDetails": "%SiemensSeq%\\tfl",
    "ReceiveCoilActiveElements": "HE1-4",
    "ReceiveCoilName": "HeadNeck_20",
    "ReconMatrixPE": 256,
    "RefLinesPE": 24,
    "RepetitionTime": 2.3,
    "SAR": 0.0493919,
    "ScanOptions": "IR",
    "ScanningSequence": "GR\\IR",
    "SequenceName": "*tfl3d1_16ns",
    "SequenceVariant": "SK\\SP\\MP",
    "SeriesDescription": "MPRAGE_move1",
    "SeriesNumber": 19,
    "ShimSetting": [
      5944,
      -1029,
      1142,
      280,
      -37,
      53,
      50,
      22
    ],
    "SliceThickness": 1,
    "SoftwareVersions": "syngo MR D13D",
    "SpoilingState": true,
    "StationName": "AWP66040",
    "TxRefAmp": 257.289,
    "acq_id": "headmotion1",
    "dataset": "<unset>",
    "modality": "T1w",
    "subject_id": "335448"
  },
  "cjv": 0.472017735461293,
  "cnr": 2.880856836767756,
  "efc": 0.5767530190846085,
  "fber": 7059.600459183674,
  "fwhm_avg": 4.468913333333333,
  "fwhm_x": 4.29103,
  "fwhm_y": 4.53061,
  "fwhm_z": 4.5851,
  "icvs_csf": 0.24818359776034826,
  "icvs_gm": 0.3801175778823005,
  "icvs_wm": 0.37169882435735124,
  "inu_med": 1.152332067489624,
  "inu_range": 0.36712012887001033,
  "provenance": {
    "md5sum": "c9f908ff2cbacc213f05baa498011f4b",
    "settings": {
      "testing": false
    },
    "software": "mriqc",
    "version": "0.16.1",
    "warnings": {
      "large_rot_frame": true,
      "small_air_mask": false
    },
    "webapi_port": null,
    "webapi_url": "https://mriqc.nimh.nih.gov/api/v1"
  },
  "qi_1": 6.458811777365635e-05,
  "qi_2": 0.007528258908165541,
  "rpve_csf": 24.305372745140012,
  "rpve_gm": 14.796848133091023,
  "rpve_wm": 18.60034153371566,
  "size_x": 192,
  "size_y": 256,
  "size_z": 256,
  "snr_csf": 3.662806210638645,
  "snr_gm": 11.90594632294468,
  "snr_total": 11.169282560735455,
  "snr_wm": 17.939095148623043,
  "snrd_csf": 53.538328577429425,
  "snrd_gm": 124.12205002708285,
  "snrd_total": 114.13894670028203,
  "snrd_wm": 164.75646149633386,
  "spacing_x": 1.0,
  "spacing_y": 1.0,
  "spacing_z": 1.0,
  "summary_bg_k": 17.48441357880317,
  "summary_bg_mad": 3.9766194596482562,
  "summary_bg_mean": 10.982971119360332,
  "summary_bg_median": 5.307310279458761,
  "summary_bg_n": 3185723.0,
  "summary_bg_p05": 0.0,
  "summary_bg_p95": 40.23283598944545,
  "summary_bg_stdv": 14.775762831893982,
  "summary_csf_k": 0.6838660267557453,
  "summary_csf_mad": 79.91312935399527,
  "summary_csf_mean": 341.00610277524925,
  "summary_csf_median": 324.97288587503135,
  "summary_csf_n": 39572.0,
  "summary_csf_p05": 221.68292630184442,
  "summary_csf_p95": 510.70021172985435,
  "summary_csf_stdv": 88.72125934724924,
  "summary_gm_k": -0.01733954975756724,
  "summary_gm_mad": 62.8644310323118,
  "summary_gm_mean": 753.7438876841117,
  "summary_gm_median": 753.4097882732749,
  "summary_gm_n": 11087.0,
  "summary_gm_p05": 650.1740431599319,
  "summary_gm_p95": 857.5814461670815,
  "summary_gm_stdv": 63.277272541056355,
  "summary_wm_k": 0.5571720765056836,
  "summary_wm_mad": 53.55744931824141,
  "summary_wm_mean": 1002.4211413510972,
  "summary_wm_median": 1000.057046636939,
  "summary_wm_n": 208754.0,
  "summary_wm_p05": 915.53955713287,
  "summary_wm_p95": 1097.4718707986176,
  "summary_wm_stdv": 55.74721818734043,
  "tpm_overlap_csf": 0.16888327896595,
  "tpm_overlap_gm": 0.4067402184009552,
  "tpm_overlap_wm": 0.4871252775192261,
  "wm2max": 0.4837543133195307
}