{
  "bids_meta": {
    "AcquisitionMatrixPE": 256,
    "AcquisitionNumber": 1,
    "AcquisitionTime": "13:24:3.657500",
    "BaseResolution": 256,
    "BodyPartExamined": "HEAD",
    "CoilCombinationMethod": "Adaptive Combine",
    "ConsistencyInfo": "N4_VD13D_LATEST_20130810",
    "ConversionSoftware": "dcm2niix",
    "ConversionSoftwareVersion": "v1.0.20211006",
    "Dcm2bidsVersion": "2.1.6",
    "DeviceSerialNumber": "66040",
    "DwellTime": 1.5e-05,
    "EchoTime": 0.00303,
    "FlipAngle": 9,
    "FrameTimesStart": [
      0
    ],
    "ImageOrientationPatientDICOM": [
      0.0117353,
      0.996249,
      0.0857278,
      0.0110361,
      0.0855994,
      -0.996269
    ],
    "ImageOrientationText": "Sag>Cor(0.7)>Tra(-0.6)",
    "ImageType": [
      "ORIGINAL",
      "PRIMARY",
      "M",
      "ND",
      "NORM"
    ],
    "ImagingFrequency": 123.21,
    "InPlanePhaseEncodingDirectionDICOM": "ROW",
    "InstitutionAddress": "Magyar Tudosok Korutja 2,Budapest,,HU,1117",
    "InstitutionName": "RCNS",
    "InstitutionalDepartmentName": "BIC",
    "InversionTime": 0.9,
    "MRAcquisitionType": "3D",
    "MagneticFieldStrength": 3,
    "Manufacturer": "Siemens",
    "ManufacturersModelName": "Prisma",
    "MatrixCoilMode": "GRAPPA",
    "Modality": "MR",
    "ParallelReductionFactorInPlane": 2,
    "PartialFourier": 1,
    "PatientPosition": "HFS",
    "PercentPhaseFOV": 100,
    "PercentSampling": 100,
    "PhaseEncodingSteps": 255,
    "PhaseResolution": 1,
    "PixelBandwidth": 130,
    "ProcedureStepDescription": "head^MR-artefacts",
    "ProtocolName": "MPRAGE_conventional",
    "PulseSequenceDetails": "%SiemensSeq%\\tfl",
    "ReceiveCoilActiveElements": "HE1-4",
    "ReceiveCoilName": "HeadNeck_20",
    "ReconMatrixPE": 256,
    "RefLinesPE": 24,
    "RepetitionTime": 2.3,
    "SAR": 0.0528907,
    "ScanOptions": "IR",
    "ScanningSequence": "GR\\IR",
    "SequenceName": "*tfl3d1_16ns",
    "SequenceVariant": "SK\\SP\\MP",
    "SeriesDescription": "MPRAGE_conventional",
    "SeriesNumber": 6,
    "ShimSetting": [
      5963,
      -1065,
      1125,
      269,
      -33,
      -114,
      87,
      -21
    ],
    "SliceThickness": 1,
    "SoftwareVersions": "syngo MR D13D",
    "SpoilingState": true,
    "StationName": "AWP66040",
    "TxRefAmp": 243.61,
    "acq_id": "standard",
    "dataset": "<unset>",
    "modality": "T1w",
    "subject_id": "261051"
  },
  "cjv": 0.2846275552426257,
  "cnr": 4.605008641898347,
  "efc": 0.5318257672299234,
  "fber": 19775.85937777778,
  "fwhm_avg": 4.70782,
  "fwhm_x": 4.43541,
  "fwhm_y": 4.91562,
  "fwhm_z": 4.77243,
  "icvs_csf": 0.22094259661235505,
  "icvs_gm": 0.4086941172583435,
  "icvs_wm": 0.37036328612930147,
  "inu_med": 1.4936448335647583,
  "inu_range": 0.4090425670146942,
  "provenance": {
    "md5sum": "15a362c875e4de7cf4587536408c6ca9",
    "settings": {
      "testing": false
    },
    "software": "mriqc",
    "version": "0.16.1",
    "warnings": {
      "large_rot_frame": true,
      "small_air_mask": false
    },
    "webapi_port": null,
    "webapi_url": "https://mriqc.nimh.nih.gov/api/v1"
  },
  "qi_1": 0.0,
  "qi_2": 0.011128077960971372,
  "rpve_csf": 29.55361059128859,
  "rpve_gm": 16.537686073866382,
  "rpve_wm": 22.51161271984111,
  "size_x": 192,
  "size_y": 256,
  "size_z": 256,
  "snr_csf": 3.108948516017313,
  "snr_gm": 15.059247437398039,
  "snr_total": 15.603331361986795,
  "snr_wm": 28.641798132545027,
  "snrd_csf": 73.22462665936861,
  "snrd_gm": 136.15803613697747,
  "snrd_total": 132.3826517546671,
  "snrd_wm": 187.76529246765523,
  "spacing_x": 1.0,
  "spacing_y": 1.0,
  "spacing_z": 1.0,
  "summary_bg_k": 16.04492860306814,
  "summary_bg_mad": 3.4891240260831715,
  "summary_bg_mean": 5.50988391744161,
  "summary_bg_median": 4.644825775176287,
  "summary_bg_n": 2993621.0,
  "summary_bg_p05": 0.0,
  "summary_bg_p95": 14.058339346200228,
  "summary_bg_stdv": 4.967811654916552,
  "summary_csf_k": 42.97162322881875,
  "summary_csf_mad": 119.91568363327953,
  "summary_csf_mean": 398.8378662922555,
  "summary_csf_median": 389.97957208380103,
  "summary_csf_n": 20933.0,
  "summary_csf_p05": 232.1545853443444,
  "summary_csf_p95": 573.2334316670895,
  "summary_csf_stdv": 125.43477481740199,
  "summary_gm_k": 0.010744020787371245,
  "summary_gm_mad": 48.29682204525653,
  "summary_gm_mean": 725.2509581190834,
  "summary_gm_median": 725.1502000205219,
  "summary_gm_n": 25567.0,
  "summary_gm_p05": 647.2409890182316,
  "summary_gm_p95": 804.9606930401175,
  "summary_gm_stdv": 48.15220823787882,
  "summary_wm_k": 1.8049003166184603,
  "summary_wm_mad": 29.933011381660894,
  "summary_wm_mean": 997.6418942800425,
  "summary_wm_median": 1000.0000238902867,
  "summary_wm_n": 196460.0,
  "summary_wm_p05": 936.9542553685606,
  "summary_wm_p95": 1048.4300739727914,
  "summary_wm_stdv": 34.91392105383827,
  "tpm_overlap_csf": 0.14399580657482147,
  "tpm_overlap_gm": 0.44870972633361816,
  "tpm_overlap_wm": 0.49935483932495117,
  "wm2max": 0.5639494272143056
}