{
  "bids_meta": {
    "AcquisitionMatrixPE": 256,
    "AcquisitionNumber": 1,
    "AcquisitionTime": "13:57:34.145000",
    "BaseResolution": 256,
    "BodyPartExamined": "HEAD",
    "CoilCombinationMethod": "Adaptive Combine",
    "ConsistencyInfo": "N4_VD13D_LATEST_20130810",
    "ConversionSoftware": "dcm2niix",
    "ConversionSoftwareVersion": "v1.0.20211006",
    "Dcm2bidsVersion": "2.1.6",
    "DeviceSerialNumber": "66040",
    "DwellTime": 1.5e-05,
    "EchoTime": 0.00303,
    "FlipAngle": 9,
    "ImageOrientationPatientDICOM": [
      0.0117349,
      0.996247,
      0.0857602,
      0.0110367,
      0.0856318,
      -0.996266
    ],
    "ImageOrientationText": "Sag>Cor(0.7)>Tra(-0.6)",
    "ImageType": [
      "ORIGINAL",
      "PRIMARY",
      "M",
      "ND",
      "NORM"
    ],
    "ImagingFrequency": 123.21,
    "InPlanePhaseEncodingDirectionDICOM": "ROW",
    "InstitutionAddress": "Magyar Tudosok Korutja 2,Budapest,,HU,1117",
    "InstitutionName": "RCNS",
    "InstitutionalDepartmentName": "BIC",
    "InversionTime": 0.9,
    "MRAcquisitionType": "3D",
    "MagneticFieldStrength": 3,
    "Manufacturer": "Siemens",
    "ManufacturersModelName": "Prisma",
    "MatrixCoilMode": "GRAPPA",
    "Modality": "MR",
    "ParallelReductionFactorInPlane": 2,
    "PartialFourier": 1,
    "PatientPosition": "HFS",
    "PercentPhaseFOV": 100,
    "PercentSampling": 100,
    "PhaseEncodingSteps": 255,
    "PhaseResolution": 1,
    "PixelBandwidth": 130,
    "ProcedureStepDescription": "head^MR-artefacts",
    "ProtocolName": "MPRAGE_move1",
    "PulseSequenceDetails": "%SiemensSeq%\\tfl",
    "ReceiveCoilActiveElements": "HE1-4",
    "ReceiveCoilName": "HeadNeck_20",
    "ReconMatrixPE": 256,
    "RefLinesPE": 24,
    "RepetitionTime": 2.3,
    "SAR": 0.0528907,
    "ScanOptions": "IR",
    "ScanningSequence": "GR\\IR",
    "SequenceName": "*tfl3d1_16ns",
    "SequenceVariant": "SK\\SP\\MP",
    "SeriesDescription": "MPRAGE_move1",
    "SeriesNumber": 19,
    "ShimSetting": [
      5963,
      -1065,
      1125,
      269,
      -33,
      -114,
      87,
      -21
    ],
    "SliceThickness": 1,
    "SoftwareVersions": "syngo MR D13D",
    "SpoilingState": true,
    "StationName": "AWP66040",
    "TxRefAmp": 243.61,
    "acq_id": "headmotion1",
    "dataset": "<unset>",
    "modality": "T1w",
    "subject_id": "261051"
  },
  "cjv": 0.36040276550387523,
  "cnr": 3.785769634395979,
  "efc": 0.543377347350297,
  "fber": 6834.404054752066,
  "fwhm_avg": 4.77007,
  "fwhm_x": 4.60079,
  "fwhm_y": 4.82378,
  "fwhm_z": 4.88564,
  "icvs_csf": 0.21825468551917057,
  "icvs_gm": 0.4037519645174956,
  "icvs_wm": 0.3779933499633338,
  "inu_med": 1.34944486618042,
  "inu_range": 0.4710444688797,
  "provenance": {
    "md5sum": "9d09892b5af8bbf10c01c596c31db853",
    "settings": {
      "testing": false
    },
    "software": "mriqc",
    "version": "0.16.1",
    "warnings": {
      "large_rot_frame": true,
      "small_air_mask": false
    },
    "webapi_port": null,
    "webapi_url": "https://mriqc.nimh.nih.gov/api/v1"
  },
  "qi_1": 0.0,
  "qi_2": 0.009551783271678273,
  "rpve_csf": 30.128756679076407,
  "rpve_gm": 16.688179656325993,
  "rpve_wm": 21.831514483028233,
  "size_x": 192,
  "size_y": 256,
  "size_z": 256,
  "snr_csf": 3.7843302445339027,
  "snr_gm": 14.247641869796139,
  "snr_total": 13.05431265662248,
  "snr_wm": 21.1309658555374,
  "snrd_csf": 63.15178865289161,
  "snrd_gm": 114.13307723925703,
  "snrd_total": 111.04489086340209,
  "snrd_wm": 155.84980669805762,
  "spacing_x": 1.0,
  "spacing_y": 1.0,
  "spacing_z": 1.0,
  "summary_bg_k": 14.728049052106275,
  "summary_bg_mad": 4.203841352516074,
  "summary_bg_mean": 9.567126391577895,
  "summary_bg_median": 5.622837368398905,
  "summary_bg_n": 3009619.0,
  "summary_bg_p05": 0.0,
  "summary_bg_p95": 30.709342550486326,
  "summary_bg_stdv": 10.85595086262914,
  "summary_csf_k": -0.2931927091923501,
  "summary_csf_mad": 116.1400238068,
  "summary_csf_mean": 409.02840311595895,
  "summary_csf_median": 405.2287580370903,
  "summary_csf_n": 19424.0,
  "summary_csf_p05": 240.72472118213773,
  "summary_csf_p95": 585.4406956942751,
  "summary_csf_stdv": 107.07795054421366,
  "summary_gm_k": 0.04502568611247382,
  "summary_gm_mad": 51.58612100375656,
  "summary_gm_mean": 732.3278797713435,
  "summary_gm_median": 732.3625526241958,
  "summary_gm_n": 18605.0,
  "summary_gm_p05": 648.2122258543968,
  "summary_gm_p95": 815.5324872374533,
  "summary_gm_stdv": 51.400988119841784,
  "summary_wm_k": 0.453330551998433,
  "summary_wm_mad": 44.88847545906994,
  "summary_wm_mean": 999.3040032767843,
  "summary_wm_median": 1000.0480581112206,
  "summary_wm_n": 199215.0,
  "summary_wm_p05": 919.7904649041593,
  "summary_wm_p95": 1074.682813949883,
  "summary_wm_stdv": 47.326069000969156,
  "tpm_overlap_csf": 0.1457601934671402,
  "tpm_overlap_gm": 0.4489573538303375,
  "tpm_overlap_wm": 0.4997499883174896,
  "wm2max": 0.5198610972319376
}