{
  "bids_meta": {
    "AcquisitionMatrixPE": 256,
    "AcquisitionNumber": 1,
    "AcquisitionTime": "14:03:30.857500",
    "BaseResolution": 256,
    "BodyPartExamined": "HEAD",
    "CoilCombinationMethod": "Adaptive Combine",
    "ConsistencyInfo": "N4_VD13D_LATEST_20130810",
    "ConversionSoftware": "dcm2niix",
    "ConversionSoftwareVersion": "v1.0.20211006",
    "Dcm2bidsVersion": "2.1.6",
    "DeviceSerialNumber": "66040",
    "DwellTime": 1.5e-05,
    "EchoTime": 0.00303,
    "FlipAngle": 9,
    "FrameTimesStart": [
      0
    ],
    "ImageOrientationPatientDICOM": [
      0.0117349,
      0.996247,
      0.0857602,
      0.0110367,
      0.0856318,
      -0.996266
    ],
    "ImageOrientationText": "Sag>Cor(0.7)>Tra(-0.6)",
    "ImageType": [
      "ORIGINAL",
      "PRIMARY",
      "M",
      "ND",
      "NORM"
    ],
    "ImagingFrequency": 123.21,
    "InPlanePhaseEncodingDirectionDICOM": "ROW",
    "InstitutionAddress": "Magyar Tudosok Korutja 2,Budapest,,HU,1117",
    "InstitutionName": "RCNS",
    "InstitutionalDepartmentName": "BIC",
    "InversionTime": 0.9,
    "MRAcquisitionType": "3D",
    "MagneticFieldStrength": 3,
    "Manufacturer": "Siemens",
    "ManufacturersModelName": "Prisma",
    "MatrixCoilMode": "GRAPPA",
    "Modality": "MR",
    "ParallelReductionFactorInPlane": 2,
    "PartialFourier": 1,
    "PatientPosition": "HFS",
    "PercentPhaseFOV": 100,
    "PercentSampling": 100,
    "PhaseEncodingSteps": 255,
    "PhaseResolution": 1,
    "PixelBandwidth": 130,
    "ProcedureStepDescription": "head^MR-artefacts",
    "ProtocolName": "MPRAGE_move2",
    "PulseSequenceDetails": "%SiemensSeq%\\tfl",
    "ReceiveCoilActiveElements": "HE1-4",
    "ReceiveCoilName": "HeadNeck_20",
    "ReconMatrixPE": 256,
    "RefLinesPE": 24,
    "RepetitionTime": 2.3,
    "SAR": 0.0528907,
    "ScanOptions": "IR",
    "ScanningSequence": "GR\\IR",
    "SequenceName": "*tfl3d1_16ns",
    "SequenceVariant": "SK\\SP\\MP",
    "SeriesDescription": "MPRAGE_move2",
    "SeriesNumber": 21,
    "ShimSetting": [
      5963,
      -1065,
      1125,
      269,
      -33,
      -114,
      87,
      -21
    ],
    "SliceThickness": 1,
    "SoftwareVersions": "syngo MR D13D",
    "SpoilingState": true,
    "StationName": "AWP66040",
    "TxRefAmp": 243.61,
    "acq_id": "headmotion2",
    "dataset": "<unset>",
    "modality": "T1w",
    "subject_id": "261051"
  },
  "cjv": 0.424471046120097,
  "cnr": 3.1587229286457377,
  "efc": 0.5531882680597917,
  "fber": 4133.8381362951,
  "fwhm_avg": 4.526156666666666,
  "fwhm_x": 4.29275,
  "fwhm_y": 4.53733,
  "fwhm_z": 4.74839,
  "icvs_csf": 0.21682554137875826,
  "icvs_gm": 0.40348165569721783,
  "icvs_wm": 0.3796928029240239,
  "inu_med": 1.2668190002441406,
  "inu_range": 0.4579092860221863,
  "provenance": {
    "md5sum": "2b748485d10caa2476650f5a14f34a4c",
    "settings": {
      "testing": false
    },
    "software": "mriqc",
    "version": "0.16.1",
    "warnings": {
      "large_rot_frame": true,
      "small_air_mask": false
    },
    "webapi_port": null,
    "webapi_url": "https://mriqc.nimh.nih.gov/api/v1"
  },
  "qi_1": 0.00010921810225521217,
  "qi_2": 0.0038070139594864423,
  "rpve_csf": 30.543631262799302,
  "rpve_gm": 16.732725323622418,
  "rpve_wm": 21.664902396486237,
  "size_x": 192,
  "size_y": 256,
  "size_z": 256,
  "snr_csf": 3.9182670217986475,
  "snr_gm": 12.380868730109787,
  "snr_total": 11.708851420079933,
  "snr_wm": 18.827418508331366,
  "snrd_csf": 34.04975188993243,
  "snrd_gm": 60.86831935787921,
  "snrd_total": 58.96313008698103,
  "snrd_wm": 81.97131901313143,
  "spacing_x": 1.0,
  "spacing_y": 1.0,
  "spacing_z": 1.0,
  "summary_bg_k": 10.169789788839239,
  "summary_bg_mad": 7.992263411131144,
  "summary_bg_mean": 12.633557189042179,
  "summary_bg_median": 8.161620184779167,
  "summary_bg_n": 2962969.0,
  "summary_bg_p05": 0.0,
  "summary_bg_p95": 43.52864098548889,
  "summary_bg_stdv": 14.98784701897329,
  "summary_csf_k": -0.34971556653554003,
  "summary_csf_mad": 115.55169623383064,
  "summary_csf_mean": 417.48281268304714,
  "summary_csf_median": 415.3861631080508,
  "summary_csf_n": 22552.0,
  "summary_csf_p05": 248.52637266367674,
  "summary_csf_p95": 589.4730178456754,
  "summary_csf_stdv": 106.01037427405322,
  "summary_gm_k": -0.01643573649798702,
  "summary_gm_mad": 60.12871070991188,
  "summary_gm_mean": 743.9341466925935,
  "summary_gm_median": 742.5562957003713,
  "summary_gm_n": 17721.0,
  "summary_gm_p05": 647.0351113155484,
  "summary_gm_p95": 843.8208424374461,
  "summary_gm_stdv": 59.97441377355972,
  "summary_wm_k": 0.6855952202956823,
  "summary_wm_mad": 49.14868527592797,
  "summary_wm_mean": 999.3621803715428,
  "summary_wm_median": 999.9999941214919,
  "summary_wm_n": 199409.0,
  "summary_wm_p05": 910.8267365470529,
  "summary_wm_p95": 1084.8405397459865,
  "summary_wm_stdv": 53.113892712718794,
  "tpm_overlap_csf": 0.14285199344158173,
  "tpm_overlap_gm": 0.44282618165016174,
  "tpm_overlap_wm": 0.4980464279651642,
  "wm2max": 0.518765354659976
}