{
  "bids_meta": {
    "AcquisitionMatrixPE": 256,
    "AcquisitionNumber": 1,
    "AcquisitionTime": "13:23:18.670000",
    "BaseResolution": 256,
    "BodyPartExamined": "HEAD",
    "CoilCombinationMethod": "Adaptive Combine",
    "ConsistencyInfo": "N4_VD13D_LATEST_20130810",
    "ConversionSoftware": "dcm2niix",
    "ConversionSoftwareVersion": "v1.0.20211006",
    "Dcm2bidsVersion": "2.1.6",
    "DeviceSerialNumber": "66040",
    "DwellTime": 1.5e-05,
    "EchoTime": 0.00303,
    "FlipAngle": 9,
    "ImageOrientationPatientDICOM": [
      -0.0101825,
      0.992706,
      0.120134,
      -0.00844874,
      0.12005,
      -0.992732
    ],
    "ImageOrientationText": "Sag>Cor(-0.6)>Tra(0.4)",
    "ImageType": [
      "ORIGINAL",
      "PRIMARY",
      "M",
      "ND",
      "NORM"
    ],
    "ImagingFrequency": 123.21,
    "InPlanePhaseEncodingDirectionDICOM": "ROW",
    "InstitutionAddress": "Magyar Tudosok Korutja 2,Budapest,,HU,1117",
    "InstitutionName": "RCNS",
    "InstitutionalDepartmentName": "BIC",
    "InversionTime": 0.9,
    "MRAcquisitionType": "3D",
    "MagneticFieldStrength": 3,
    "Manufacturer": "Siemens",
    "ManufacturersModelName": "Prisma",
    "MatrixCoilMode": "GRAPPA",
    "Modality": "MR",
    "ParallelReductionFactorInPlane": 2,
    "PartialFourier": 1,
    "PatientPosition": "HFS",
    "PercentPhaseFOV": 100,
    "PercentSampling": 100,
    "PhaseEncodingSteps": 255,
    "PhaseResolution": 1,
    "PixelBandwidth": 130,
    "ProcedureStepDescription": "head^MR-artefacts",
    "ProtocolName": "MPRAGE_conventional",
    "PulseSequenceDetails": "%SiemensSeq%\\tfl",
    "ReceiveCoilActiveElements": "HE1-4",
    "ReceiveCoilName": "HeadNeck_20",
    "ReconMatrixPE": 256,
    "RefLinesPE": 24,
    "RepetitionTime": 2.3,
    "SAR": 0.0591418,
    "ScanOptions": "IR",
    "ScanningSequence": "GR\\IR",
    "SequenceName": "*tfl3d1_16ns",
    "SequenceVariant": "SK\\SP\\MP",
    "SeriesDescription": "MPRAGE_conventional",
    "SeriesNumber": 6,
    "ShimSetting": [
      5962,
      -985,
      1100,
      242,
      1,
      -70,
      8,
      -68
    ],
    "SliceThickness": 1,
    "SoftwareVersions": "syngo MR D13D",
    "SpoilingState": true,
    "StationName": "AWP66040",
    "TxRefAmp": 268.474,
    "acq_id": "standard",
    "dataset": "<unset>",
    "modality": "T1w",
    "subject_id": "593354"
  },
  "cjv": 0.3897069263421135,
  "cnr": 3.284878221899798,
  "efc": 0.5410742830852489,
  "fber": 8100.0,
  "fwhm_avg": 4.404986666666667,
  "fwhm_x": 4.22515,
  "fwhm_y": 4.5487,
  "fwhm_z": 4.44111,
  "icvs_csf": 0.21230223839814835,
  "icvs_gm": 0.40497282862663136,
  "icvs_wm": 0.3827249329752203,
  "inu_med": 1.051751732826233,
  "inu_range": 0.28434033989906315,
  "provenance": {
    "md5sum": "eb6ff34eba8e185ac7dfd3dbe5c655f7",
    "settings": {
      "testing": false
    },
    "software": "mriqc",
    "version": "0.16.1",
    "warnings": {
      "large_rot_frame": true,
      "small_air_mask": false
    },
    "webapi_port": null,
    "webapi_url": "https://mriqc.nimh.nih.gov/api/v1"
  },
  "qi_1": 0.0,
  "qi_2": 0.0048119968142125115,
  "rpve_csf": 32.703835177109795,
  "rpve_gm": 17.79828850155864,
  "rpve_wm": 23.229704473451235,
  "size_x": 192,
  "size_y": 256,
  "size_z": 256,
  "snr_csf": 3.67464374201347,
  "snr_gm": 14.821912456563098,
  "snr_total": 14.338943315164244,
  "snr_wm": 24.520273746916164,
  "snrd_csf": 63.057446746842864,
  "snrd_gm": 123.57988180371552,
  "snrd_total": 115.016142007017,
  "snrd_wm": 158.41109747049262,
  "spacing_x": 1.0,
  "spacing_y": 1.0,
  "spacing_z": 1.0,
  "summary_bg_k": 10.470117711550238,
  "summary_bg_mad": 4.135672149021118,
  "summary_bg_mean": 8.14849862604964,
  "summary_bg_median": 5.578936949372292,
  "summary_bg_n": 3072429.0,
  "summary_bg_p05": 0.0,
  "summary_bg_p95": 19.722031496465206,
  "summary_bg_stdv": 6.873215841663511,
  "summary_csf_k": 8.30176467034181,
  "summary_csf_mad": 112.82403845136557,
  "summary_csf_mean": 413.1051798191749,
  "summary_csf_median": 398.06204514205456,
  "summary_csf_n": 15735.0,
  "summary_csf_p05": 261.80385086014866,
  "summary_csf_p95": 593.4227144569159,
  "summary_csf_stdv": 108.32326177722084,
  "summary_gm_k": 0.10018564781494366,
  "summary_gm_mad": 51.07917882299766,
  "summary_gm_mean": 779.65798853025,
  "summary_gm_median": 780.1213500872254,
  "summary_gm_n": 16230.0,
  "summary_gm_p05": 692.8599248729646,
  "summary_gm_p95": 867.1601072039455,
  "summary_gm_stdv": 52.6313536589726,
  "summary_wm_k": 1.226198634273774,
  "summary_wm_mad": 34.609045878650406,
  "summary_wm_mean": 1001.2599912975373,
  "summary_wm_median": 999.9999791532755,
  "summary_wm_n": 190636.0,
  "summary_wm_p05": 935.9400803223252,
  "summary_wm_p95": 1070.8133279755712,
  "summary_wm_stdv": 40.78247113681533,
  "tpm_overlap_csf": 0.16067086160182953,
  "tpm_overlap_gm": 0.43686607480049133,
  "tpm_overlap_wm": 0.49494022130966187,
  "wm2max": 0.48405742170843796
}