{
  "bids_meta": {
    "AcquisitionMatrixPE": 256,
    "AcquisitionNumber": 1,
    "AcquisitionTime": "13:29:52.920000",
    "BaseResolution": 256,
    "BodyPartExamined": "HEAD",
    "CoilCombinationMethod": "Adaptive Combine",
    "ConsistencyInfo": "N4_VD13D_LATEST_20130810",
    "ConversionSoftware": "dcm2niix",
    "ConversionSoftwareVersion": "v1.0.20211006",
    "Dcm2bidsVersion": "2.1.6",
    "DeviceSerialNumber": "66040",
    "DwellTime": 1.5e-05,
    "EchoTime": 0.00303,
    "FlipAngle": 9,
    "FrameTimesStart": [
      0
    ],
    "ImageOrientationPatientDICOM": [
      0.0135267,
      0.995204,
      0.0968784,
      0.0576939,
      0.0959491,
      -0.993713
    ],
    "ImageOrientationText": "Sag>Tra(-3.2)>Cor(1.1)",
    "ImageType": [
      "ORIGINAL",
      "PRIMARY",
      "M",
      "ND",
      "NORM"
    ],
    "ImagingFrequency": 123.21,
    "InPlanePhaseEncodingDirectionDICOM": "ROW",
    "InstitutionAddress": "Magyar Tudosok Korutja 2,Budapest,,HU,1117",
    "InstitutionName": "RCNS",
    "InstitutionalDepartmentName": "BIC",
    "InversionTime": 0.9,
    "MRAcquisitionType": "3D",
    "MagneticFieldStrength": 3,
    "Manufacturer": "Siemens",
    "ManufacturersModelName": "Prisma",
    "MatrixCoilMode": "GRAPPA",
    "Modality": "MR",
    "ParallelReductionFactorInPlane": 2,
    "PartialFourier": 1,
    "PatientPosition": "HFS",
    "PercentPhaseFOV": 100,
    "PercentSampling": 100,
    "PhaseEncodingSteps": 255,
    "PhaseResolution": 1,
    "PixelBandwidth": 130,
    "ProcedureStepDescription": "head^MR-artefacts",
    "ProtocolName": "MPRAGE_conventional",
    "PulseSequenceDetails": "%SiemensSeq%\\tfl",
    "ReceiveCoilActiveElements": "HE1-4",
    "ReceiveCoilName": "HeadNeck_20",
    "ReconMatrixPE": 256,
    "RefLinesPE": 24,
    "RepetitionTime": 2.3,
    "SAR": 0.0541259,
    "ScanOptions": "IR",
    "ScanningSequence": "GR\\IR",
    "SequenceName": "*tfl3d1_16ns",
    "SequenceVariant": "SK\\SP\\MP",
    "SeriesDescription": "MPRAGE_conventional",
    "SeriesNumber": 6,
    "ShimSetting": [
      5954,
      -1055,
      1135,
      189,
      -58,
      -161,
      141,
      4
    ],
    "SliceThickness": 1,
    "SoftwareVersions": "syngo MR D13D",
    "SpoilingState": true,
    "StationName": "AWP66040",
    "TxRefAmp": 245.551,
    "acq_id": "standard",
    "dataset": "<unset>",
    "modality": "T1w",
    "subject_id": "253306"
  },
  "cjv": 0.2908571925446946,
  "cnr": 4.44947698436546,
  "efc": 0.5506158941944173,
  "fber": 11596.85163759345,
  "fwhm_avg": 4.542190000000001,
  "fwhm_x": 4.26775,
  "fwhm_y": 4.67367,
  "fwhm_z": 4.68515,
  "icvs_csf": 0.2255290124050435,
  "icvs_gm": 0.4008372751493156,
  "icvs_wm": 0.3736337124456409,
  "inu_med": 1.5150117874145508,
  "inu_range": 0.4331227660179138,
  "provenance": {
    "md5sum": "9281610687f1f33854e9ded501b0c1d6",
    "settings": {
      "testing": false
    },
    "software": "mriqc",
    "version": "0.16.1",
    "warnings": {
      "large_rot_frame": true,
      "small_air_mask": false
    },
    "webapi_port": null,
    "webapi_url": "https://mriqc.nimh.nih.gov/api/v1"
  },
  "qi_1": 0.0,
  "qi_2": 0.012499496841286015,
  "rpve_csf": 25.693889773891996,
  "rpve_gm": 14.646171700583574,
  "rpve_wm": 19.43734260646798,
  "size_x": 192,
  "size_y": 256,
  "size_z": 256,
  "snr_csf": 3.440120023701077,
  "snr_gm": 14.671737150597208,
  "snr_total": 14.713537490306829,
  "snr_wm": 26.0287552966222,
  "snrd_csf": 74.23630563655855,
  "snrd_gm": 153.3210472397905,
  "snrd_total": 146.66825662222854,
  "snrd_wm": 212.44741699033656,
  "spacing_x": 1.0,
  "spacing_y": 1.0,
  "spacing_z": 1.0,
  "summary_bg_k": 11.127446169495418,
  "summary_bg_mad": 3.0837577119913617,
  "summary_bg_mean": 4.8235986360385805,
  "summary_bg_median": 4.217702686786652,
  "summary_bg_n": 2790809.0,
  "summary_bg_p05": 0.0,
  "summary_bg_p95": 12.653108060359955,
  "summary_bg_stdv": 4.110289946549229,
  "summary_csf_k": 3.3089046526692716,
  "summary_csf_mad": 114.86997477167822,
  "summary_csf_mean": 361.35868297850186,
  "summary_csf_median": 349.4337787628174,
  "summary_csf_n": 26809.0,
  "summary_csf_p05": 224.34711688756943,
  "summary_csf_p95": 528.1950405836105,
  "summary_csf_stdv": 101.57414834258302,
  "summary_gm_k": 0.1902685828830304,
  "summary_gm_mad": 48.22654421808713,
  "summary_gm_mean": 720.3785717337821,
  "summary_gm_median": 721.6893734335899,
  "summary_gm_n": 26116.0,
  "summary_gm_p05": 638.1441941857338,
  "summary_gm_p95": 798.6480032801628,
  "summary_gm_stdv": 49.188146495332475,
  "summary_wm_k": 1.5741130233209892,
  "summary_wm_mad": 32.72209572168612,
  "summary_wm_mean": 996.2376868889394,
  "summary_wm_median": 999.9999740123749,
  "summary_wm_n": 224608.0,
  "summary_wm_p05": 924.4279861450195,
  "summary_wm_p95": 1050.7279597520828,
  "summary_wm_stdv": 38.41896151058527,
  "tpm_overlap_csf": 0.1648865044116974,
  "tpm_overlap_gm": 0.44200530648231506,
  "tpm_overlap_wm": 0.5051593780517578,
  "wm2max": 0.56978172747725
}