{
  "bids_meta": {
    "AcquisitionMatrixPE": 256,
    "AcquisitionNumber": 1,
    "AcquisitionTime": "14:02:42.980000",
    "BaseResolution": 256,
    "BodyPartExamined": "HEAD",
    "CoilCombinationMethod": "Adaptive Combine",
    "ConsistencyInfo": "N4_VD13D_LATEST_20130810",
    "ConversionSoftware": "dcm2niix",
    "ConversionSoftwareVersion": "v1.0.20211006",
    "Dcm2bidsVersion": "2.1.6",
    "DeviceSerialNumber": "66040",
    "DwellTime": 1.5e-05,
    "EchoTime": 0.00303,
    "FlipAngle": 9,
    "FrameTimesStart": [
      0
    ],
    "ImageOrientationPatientDICOM": [
      0.013525,
      0.995201,
      0.0969083,
      0.0576946,
      0.095979,
      -0.99371
    ],
    "ImageOrientationText": "Sag>Tra(-3.2)>Cor(1.1)",
    "ImageType": [
      "ORIGINAL",
      "PRIMARY",
      "M",
      "ND",
      "NORM"
    ],
    "ImagingFrequency": 123.21,
    "InPlanePhaseEncodingDirectionDICOM": "ROW",
    "InstitutionAddress": "Magyar Tudosok Korutja 2,Budapest,,HU,1117",
    "InstitutionName": "RCNS",
    "InstitutionalDepartmentName": "BIC",
    "InversionTime": 0.9,
    "MRAcquisitionType": "3D",
    "MagneticFieldStrength": 3,
    "Manufacturer": "Siemens",
    "ManufacturersModelName": "Prisma",
    "MatrixCoilMode": "GRAPPA",
    "Modality": "MR",
    "ParallelReductionFactorInPlane": 2,
    "PartialFourier": 1,
    "PatientPosition": "HFS",
    "PercentPhaseFOV": 100,
    "PercentSampling": 100,
    "PhaseEncodingSteps": 255,
    "PhaseResolution": 1,
    "PixelBandwidth": 130,
    "ProcedureStepDescription": "head^MR-artefacts",
    "ProtocolName": "MPRAGE_move2",
    "PulseSequenceDetails": "%SiemensSeq%\\tfl",
    "ReceiveCoilActiveElements": "HE1-4",
    "ReceiveCoilName": "HeadNeck_20",
    "ReconMatrixPE": 256,
    "RefLinesPE": 24,
    "RepetitionTime": 2.3,
    "SAR": 0.0541259,
    "ScanOptions": "IR",
    "ScanningSequence": "GR\\IR",
    "SequenceName": "*tfl3d1_16ns",
    "SequenceVariant": "SK\\SP\\MP",
    "SeriesDescription": "MPRAGE_move2",
    "SeriesNumber": 19,
    "ShimSetting": [
      5954,
      -1055,
      1135,
      189,
      -58,
      -161,
      141,
      4
    ],
    "SliceThickness": 1,
    "SoftwareVersions": "syngo MR D13D",
    "SpoilingState": true,
    "StationName": "AWP66040",
    "TxRefAmp": 245.551,
    "acq_id": "headmotion2",
    "dataset": "<unset>",
    "modality": "T1w",
    "subject_id": "253306"
  },
  "cjv": 0.44214916951337335,
  "cnr": 3.05026251960949,
  "efc": 0.5760468008342745,
  "fber": 4690.311521003916,
  "fwhm_avg": 4.568513333333333,
  "fwhm_x": 4.26826,
  "fwhm_y": 4.70801,
  "fwhm_z": 4.72927,
  "icvs_csf": 0.23676310453241445,
  "icvs_gm": 0.39169713546119167,
  "icvs_wm": 0.3715397600063939,
  "inu_med": 1.2318241596221924,
  "inu_range": 0.4592478990554807,
  "provenance": {
    "md5sum": "93700e5e26405956b0342b10a3c35f54",
    "settings": {
      "testing": false
    },
    "software": "mriqc",
    "version": "0.16.1",
    "warnings": {
      "large_rot_frame": true,
      "small_air_mask": false
    },
    "webapi_port": null,
    "webapi_url": "https://mriqc.nimh.nih.gov/api/v1"
  },
  "qi_1": 0.0,
  "qi_2": 0.010461065347775174,
  "rpve_csf": 24.973211679124027,
  "rpve_gm": 14.686783198316563,
  "rpve_wm": 18.711327315419357,
  "size_x": 192,
  "size_y": 256,
  "size_z": 256,
  "snr_csf": 3.580012149483624,
  "snr_gm": 12.696947051302184,
  "snr_total": 11.272275155312032,
  "snr_wm": 17.53986626515029,
  "snrd_csf": 32.80354273663967,
  "snrd_gm": 62.96829495958092,
  "snrd_total": 60.037695068380295,
  "snrd_wm": 84.3412475089203,
  "spacing_x": 1.0,
  "spacing_y": 1.0,
  "spacing_z": 1.0,
  "summary_bg_k": 12.617327896888487,
  "summary_bg_mad": 7.767686851479541,
  "summary_bg_mean": 11.537443012571922,
  "summary_bg_median": 7.858837746083736,
  "summary_bg_n": 2645932.0,
  "summary_bg_p05": 0.0,
  "summary_bg_p95": 39.343615382909775,
  "summary_bg_stdv": 13.934989618684758,
  "summary_csf_k": -0.37865772794419517,
  "summary_csf_mad": 119.66634555156689,
  "summary_csf_mean": 390.8592796229587,
  "summary_csf_median": 388.9383284524083,
  "summary_csf_n": 37704.0,
  "summary_csf_p05": 221.67853642255068,
  "summary_csf_p95": 568.7524902150035,
  "summary_csf_stdv": 108.64018176259107,
  "summary_gm_k": -0.0667353561589521,
  "summary_gm_mad": 59.576692549555354,
  "summary_gm_mean": 747.5185954308772,
  "summary_gm_median": 746.589585877955,
  "summary_gm_n": 19302.0,
  "summary_gm_p05": 652.8272261023521,
  "summary_gm_p95": 846.5797038674355,
  "summary_gm_stdv": 58.79919345303487,
  "summary_wm_k": 1.0149201271552828,
  "summary_wm_mad": 52.468526279805204,
  "summary_wm_mean": 1001.4001371645586,
  "summary_wm_median": 1000.0000331997871,
  "summary_wm_n": 222158.0,
  "summary_wm_p05": 910.0855383206159,
  "summary_wm_p95": 1096.3820055574179,
  "summary_wm_stdv": 57.01285103488064,
  "tpm_overlap_csf": 0.16749516129493713,
  "tpm_overlap_gm": 0.445779025554657,
  "tpm_overlap_wm": 0.5088885426521301,
  "wm2max": 0.5078313253012048
}