{
  "bids_meta": {
    "AcquisitionMatrixPE": 256,
    "AcquisitionNumber": 1,
    "AcquisitionTime": "13:53:40.352500",
    "BaseResolution": 256,
    "BodyPartExamined": "HEAD",
    "CoilCombinationMethod": "Adaptive Combine",
    "ConsistencyInfo": "N4_VD13D_LATEST_20130810",
    "ConversionSoftware": "dcm2niix",
    "ConversionSoftwareVersion": "v1.0.20211006",
    "Dcm2bidsVersion": "2.1.6",
    "DeviceSerialNumber": "66040",
    "DwellTime": 1.5e-05,
    "EchoTime": 0.00303,
    "FlipAngle": 9,
    "ImageOrientationPatientDICOM": [
      -0.0141041,
      0.999894,
      0.00348932,
      0.0253274,
      0.0038458,
      -0.999672
    ],
    "ImageOrientationText": "Sag>Tra(-1.5)>Cor(-0.8)",
    "ImageType": [
      "ORIGINAL",
      "PRIMARY",
      "M",
      "ND",
      "NORM"
    ],
    "ImagingFrequency": 123.21,
    "InPlanePhaseEncodingDirectionDICOM": "ROW",
    "InstitutionAddress": "Magyar Tudosok Korutja 2,Budapest,,HU,1117",
    "InstitutionName": "RCNS",
    "InstitutionalDepartmentName": "BIC",
    "InversionTime": 0.9,
    "MRAcquisitionType": "3D",
    "MagneticFieldStrength": 3,
    "Manufacturer": "Siemens",
    "ManufacturersModelName": "Prisma",
    "MatrixCoilMode": "GRAPPA",
    "Modality": "MR",
    "ParallelReductionFactorInPlane": 2,
    "PartialFourier": 1,
    "PatientPosition": "HFS",
    "PercentPhaseFOV": 100,
    "PercentSampling": 100,
    "PhaseEncodingSteps": 255,
    "PhaseResolution": 1,
    "PixelBandwidth": 130,
    "ProcedureStepDescription": "head^MR-artefacts",
    "ProtocolName": "MPRAGE_move2",
    "PulseSequenceDetails": "%SiemensSeq%\\tfl",
    "ReceiveCoilActiveElements": "HE1-4",
    "ReceiveCoilName": "HeadNeck_20",
    "ReconMatrixPE": 256,
    "RefLinesPE": 24,
    "RepetitionTime": 2.3,
    "SAR": 0.0626212,
    "ScanOptions": "IR",
    "ScanningSequence": "GR\\IR",
    "SequenceName": "*tfl3d1_16ns",
    "SequenceVariant": "SK\\SP\\MP",
    "SeriesDescription": "MPRAGE_move2",
    "SeriesNumber": 20,
    "ShimSetting": [
      5954,
      -1052,
      1174,
      194,
      -2,
      -75,
      49,
      11
    ],
    "SliceThickness": 1,
    "SoftwareVersions": "syngo MR D13D",
    "SpoilingState": true,
    "StationName": "AWP66040",
    "TxRefAmp": 268.916,
    "acq_id": "headmotion2",
    "dataset": "<unset>",
    "modality": "T1w",
    "subject_id": "125171"
  },
  "cjv": 0.5257790615147663,
  "cnr": 2.644221784346487,
  "efc": 0.5751685506763422,
  "fber": 5873.722040256433,
  "fwhm_avg": 4.525496666666666,
  "fwhm_x": 4.22162,
  "fwhm_y": 4.6472,
  "fwhm_z": 4.70767,
  "icvs_csf": 0.2394492692386556,
  "icvs_gm": 0.41333944591307653,
  "icvs_wm": 0.34721128484826785,
  "inu_med": 1.0197529792785645,
  "inu_range": 0.3956056952476502,
  "provenance": {
    "md5sum": "18834620593cf3675d056ef1e5d4d971",
    "settings": {
      "testing": false
    },
    "software": "mriqc",
    "version": "0.16.1",
    "warnings": {
      "large_rot_frame": true,
      "small_air_mask": false
    },
    "webapi_port": null,
    "webapi_url": "https://mriqc.nimh.nih.gov/api/v1"
  },
  "qi_1": 0.0,
  "qi_2": 0.007656281585177647,
  "rpve_csf": 25.423436183591985,
  "rpve_gm": 14.660063745283487,
  "rpve_wm": 20.39705169569113,
  "size_x": 192,
  "size_y": 256,
  "size_z": 256,
  "snr_csf": 3.424451220227406,
  "snr_gm": 12.273366804276556,
  "snr_total": 11.059569966543407,
  "snr_wm": 17.48089187512626,
  "snrd_csf": 47.41954493228089,
  "snrd_gm": 103.04153881324403,
  "snrd_total": 94.58592785997284,
  "snrd_wm": 133.29669983439356,
  "spacing_x": 1.0,
  "spacing_y": 1.0,
  "spacing_z": 1.0,
  "summary_bg_k": 22.056074286814873,
  "summary_bg_mad": 4.914873098529939,
  "summary_bg_mean": 10.623296545878699,
  "summary_bg_median": 6.578265689313412,
  "summary_bg_n": 2871583.0,
  "summary_bg_p05": 0.0,
  "summary_bg_p95": 29.42090481519699,
  "summary_bg_stdv": 11.35959096173495,
  "summary_csf_k": 0.16483622459036074,
  "summary_csf_mad": 100.75489851986374,
  "summary_csf_mean": 369.4082180870899,
  "summary_csf_median": 355.7443208992481,
  "summary_csf_n": 38995.0,
  "summary_csf_p05": 222.52149134874344,
  "summary_csf_p95": 559.634299110621,
  "summary_csf_stdv": 103.88226801401416,
  "summary_gm_k": -0.1986335254542957,
  "summary_gm_mad": 64.66129920253451,
  "summary_gm_mean": 773.4389218523507,
  "summary_gm_median": 773.0239145457745,
  "summary_gm_n": 21185.0,
  "summary_gm_p05": 671.1592113599181,
  "summary_gm_p95": 877.6856755837798,
  "summary_gm_stdv": 62.98236515314644,
  "summary_wm_k": 0.37334722532692766,
  "summary_wm_mad": 54.67796322114557,
  "summary_wm_mean": 1000.9266631984448,
  "summary_wm_median": 999.9999795109034,
  "summary_wm_n": 194857.0,
  "summary_wm_p05": 907.3862861841917,
  "summary_wm_p95": 1095.5143254250288,
  "summary_wm_stdv": 57.20517126167255,
  "tpm_overlap_csf": 0.1594156175851822,
  "tpm_overlap_gm": 0.44249799847602844,
  "tpm_overlap_wm": 0.49452319741249084,
  "wm2max": 0.4558942018468071
}