{
  "bids_meta": {
    "AcquisitionMatrixPE": 256,
    "AcquisitionNumber": 1,
    "AcquisitionTime": "09:12:17.035000",
    "BodyPartExamined": "HEAD",
    "CoilString": "HeadNeck_20",
    "ConversionSoftware": "dcm2niix",
    "ConversionSoftwareVersion": "v1.0.20211006",
    "Dcm2bidsVersion": "2.1.6",
    "DeviceSerialNumber": "66040",
    "EchoTime": 0.00303,
    "FlipAngle": 9,
    "ImageOrientationPatientDICOM": [
      -0.0558186,
      0.989881,
      -0.130464,
      0.0677647,
      -0.12661,
      -0.989635
    ],
    "ImageType": [
      "ORIGINAL",
      "PRIMARY",
      "M",
      "NONE"
    ],
    "ImagingFrequency": 123.227,
    "InPlanePhaseEncodingDirectionDICOM": "ROW",
    "InstitutionAddress": "Magyar Tudosok Korutja 2,Budapest,,HU,1117",
    "InstitutionName": "RCNS",
    "InstitutionalDepartmentName": "BIC",
    "InversionTime": 0.9,
    "MRAcquisitionType": "3D",
    "MTState": true,
    "MagneticFieldStrength": 3,
    "Manufacturer": "Siemens",
    "ManufacturersModelName": "MAGNETOM Prisma",
    "Modality": "MR",
    "ParallelAcquisitionTechnique": "GRAPPA",
    "ParallelReductionFactorInPlane": 2,
    "PatientPosition": "HFS",
    "PercentPhaseFOV": 100,
    "PercentSampling": 100,
    "PixelBandwidth": 130,
    "ProcedureStepDescription": "head MR-artefacts",
    "ProtocolName": "MPRAGE_conventional",
    "ReceiveCoilActiveElements": "HE1-4;NE1,2",
    "ReconMatrixPE": 256,
    "RepetitionTime": 2.3,
    "SequenceVariant": "SK\\SP\\MP",
    "SeriesDescription": "MPRAGE_conventional",
    "SeriesNumber": 5,
    "SliceThickness": 1,
    "SoftwareVersions": "syngo MR XA30",
    "StationName": "AWP66040",
    "acq_id": "standard",
    "dataset": "<unset>",
    "modality": "T1w",
    "subject_id": "535925"
  },
  "cjv": 0.36407373870147064,
  "cnr": 3.452657209796916,
  "efc": 0.5934144647087823,
  "fber": 8872.842557599171,
  "fwhm_avg": 4.876766666666667,
  "fwhm_x": 4.57331,
  "fwhm_y": 5.09186,
  "fwhm_z": 4.96513,
  "icvs_csf": 0.24198866672731909,
  "icvs_gm": 0.38404860702136817,
  "icvs_wm": 0.3739627262513127,
  "inu_med": 1.5335264205932617,
  "inu_range": 0.5595644474029542,
  "provenance": {
    "md5sum": "47c926ad492934d3dac44203a5103cfb",
    "settings": {
      "testing": false
    },
    "software": "mriqc",
    "version": "0.16.1",
    "warnings": {
      "large_rot_frame": true,
      "small_air_mask": false
    },
    "webapi_port": null,
    "webapi_url": "https://mriqc.nimh.nih.gov/api/v1"
  },
  "qi_1": 0.0,
  "qi_2": 0.011579403350605243,
  "rpve_csf": 27.015198593659793,
  "rpve_gm": 16.333167598595725,
  "rpve_wm": 20.68391681028922,
  "size_x": 192,
  "size_y": 256,
  "size_z": 256,
  "snr_csf": 3.5694952223451697,
  "snr_gm": 12.622078584915046,
  "snr_total": 12.975013805252855,
  "snr_wm": 22.733467608498348,
  "snrd_csf": 46.20076500505026,
  "snrd_gm": 88.65993567192251,
  "snrd_total": 84.61254564756908,
  "snrd_wm": 118.97693626573448,
  "spacing_x": 1.0,
  "spacing_y": 1.0,
  "spacing_z": 1.0,
  "summary_bg_k": 8.325736690894518,
  "summary_bg_mad": 5.506414798082615,
  "summary_bg_mean": 6.727162893726932,
  "summary_bg_median": 3.9158692732453346,
  "summary_bg_n": 2338746.0,
  "summary_bg_p05": 0.0,
  "summary_bg_p95": 15.421258375048637,
  "summary_bg_stdv": 5.147740299901741,
  "summary_csf_k": -0.6583152317830638,
  "summary_csf_mad": 126.40813101685306,
  "summary_csf_mean": 390.78755191382544,
  "summary_csf_median": 388.316974632442,
  "summary_csf_n": 31157.0,
  "summary_csf_p05": 227.0800480619073,
  "summary_csf_p95": 568.0109675094484,
  "summary_csf_stdv": 108.78589794285595,
  "summary_gm_k": 0.48287616217258034,
  "summary_gm_mad": 53.328430272734884,
  "summary_gm_mean": 745.9296509261928,
  "summary_gm_median": 745.185885719955,
  "summary_gm_n": 20245.0,
  "summary_gm_p05": 648.823205769062,
  "summary_gm_p95": 847.3214451149106,
  "summary_gm_stdv": 59.036827911014875,
  "summary_wm_k": 0.718663079847607,
  "summary_wm_mad": 39.442688608004815,
  "summary_wm_mean": 999.2559086770603,
  "summary_wm_median": 999.9999769851565,
  "summary_wm_n": 200048.0,
  "summary_wm_p05": 924.1592779111118,
  "summary_wm_p95": 1070.8085821941495,
  "summary_wm_stdv": 43.9878990219742,
  "tpm_overlap_csf": 0.1627558469772339,
  "tpm_overlap_gm": 0.4293075501918793,
  "tpm_overlap_wm": 0.4923880994319916,
  "wm2max": 0.48418686473807665
}