{
  "bids_meta": {
    "AcquisitionMatrixPE": 256,
    "AcquisitionNumber": 1,
    "AcquisitionTime": "10:58:34.782500",
    "BaseResolution": 256,
    "BodyPartExamined": "HEAD",
    "CoilCombinationMethod": "Adaptive Combine",
    "ConsistencyInfo": "N4_VD13D_LATEST_20130810",
    "ConversionSoftware": "dcm2niix",
    "ConversionSoftwareVersion": "v1.0.20211006",
    "Dcm2bidsVersion": "2.1.6",
    "DeviceSerialNumber": "66040",
    "DwellTime": 1.5e-05,
    "EchoTime": 0.00303,
    "FlipAngle": 9,
    "ImageOrientationPatientDICOM": [
      0.0363864,
      0.991696,
      -0.12335,
      0.0312033,
      -0.124499,
      -0.991729
    ],
    "ImageOrientationText": "Sag>Tra(-2.0)>Cor(1.8)",
    "ImageType": [
      "ORIGINAL",
      "PRIMARY",
      "M",
      "ND",
      "NORM"
    ],
    "ImagingFrequency": 123.21,
    "InPlanePhaseEncodingDirectionDICOM": "ROW",
    "InstitutionAddress": "Magyar Tudosok Korutja 2,Budapest,,HU,1117",
    "InstitutionName": "RCNS",
    "InstitutionalDepartmentName": "BIC",
    "InversionTime": 0.9,
    "MRAcquisitionType": "3D",
    "MagneticFieldStrength": 3,
    "Manufacturer": "Siemens",
    "ManufacturersModelName": "Prisma",
    "MatrixCoilMode": "GRAPPA",
    "Modality": "MR",
    "ParallelReductionFactorInPlane": 2,
    "PartialFourier": 1,
    "PatientPosition": "HFS",
    "PercentPhaseFOV": 100,
    "PercentSampling": 100,
    "PhaseEncodingSteps": 255,
    "PhaseResolution": 1,
    "PixelBandwidth": 130,
    "ProcedureStepDescription": "head^MR-artefacts",
    "ProtocolName": "MPRAGE_move2",
    "PulseSequenceDetails": "%SiemensSeq%\\tfl",
    "ReceiveCoilActiveElements": "HE1-4",
    "ReceiveCoilName": "HeadNeck_20",
    "ReconMatrixPE": 256,
    "RefLinesPE": 24,
    "RepetitionTime": 2.3,
    "SAR": 0.0565993,
    "ScanOptions": "IR",
    "ScanningSequence": "GR\\IR",
    "SequenceName": "*tfl3d1_16ns",
    "SequenceVariant": "SK\\SP\\MP",
    "SeriesDescription": "MPRAGE_move2",
    "SeriesNumber": 19,
    "ShimSetting": [
      5968,
      -1056,
      1146,
      179,
      -5,
      -173,
      23,
      -17
    ],
    "SliceThickness": 1,
    "SoftwareVersions": "syngo MR D13D",
    "SpoilingState": true,
    "StationName": "AWP66040",
    "TxRefAmp": 258.861,
    "acq_id": "headmotion2",
    "dataset": "<unset>",
    "modality": "T1w",
    "subject_id": "351288"
  },
  "cjv": 0.40738663030682776,
  "cnr": 3.2927691299404773,
  "efc": 0.6025438635255767,
  "fber": 4778.9569,
  "fwhm_avg": 4.832293333333333,
  "fwhm_x": 4.4719,
  "fwhm_y": 5.06485,
  "fwhm_z": 4.96013,
  "icvs_csf": 0.2275933290059817,
  "icvs_gm": 0.40329621602128096,
  "icvs_wm": 0.36911045497273737,
  "inu_med": 1.5188953876495361,
  "inu_range": 0.7084487676620483,
  "provenance": {
    "md5sum": "9c2e021b706279acd1015dff442b9cba",
    "settings": {
      "testing": false
    },
    "software": "mriqc",
    "version": "0.16.1",
    "warnings": {
      "large_rot_frame": true,
      "small_air_mask": false
    },
    "webapi_port": null,
    "webapi_url": "https://mriqc.nimh.nih.gov/api/v1"
  },
  "qi_1": 0.0,
  "qi_2": 0.00519014684449064,
  "rpve_csf": 21.058465306811943,
  "rpve_gm": 11.87340620620159,
  "rpve_wm": 15.630054284028368,
  "size_x": 192,
  "size_y": 256,
  "size_z": 256,
  "snr_csf": 2.9946921463516665,
  "snr_gm": 11.624631583064586,
  "snr_total": 10.917202197748296,
  "snr_wm": 18.13228286382863,
  "snrd_csf": 33.3376002164175,
  "snrd_gm": 63.327603677939685,
  "snrd_total": 61.37707063542067,
  "snrd_wm": 87.46600801190485,
  "spacing_x": 1.0,
  "spacing_y": 1.0,
  "spacing_z": 1.0,
  "summary_bg_k": 6.444899908243837,
  "summary_bg_mad": 7.490564801129212,
  "summary_bg_mean": 9.939709955525592,
  "summary_bg_median": 7.603980485349894,
  "summary_bg_n": 2898838.0,
  "summary_bg_p05": 0.0,
  "summary_bg_p95": 30.62005564570427,
  "summary_bg_stdv": 10.191134205261477,
  "summary_csf_k": 21.83638022162842,
  "summary_csf_mad": 121.51360677387387,
  "summary_csf_mean": 385.50736244694974,
  "summary_csf_median": 381.168659362942,
  "summary_csf_n": 40383.0,
  "summary_csf_p05": 199.1324285492301,
  "summary_csf_p95": 576.2184138260782,
  "summary_csf_stdv": 127.27984089392524,
  "summary_gm_k": 0.10430929923592602,
  "summary_gm_mad": 61.362101552684756,
  "summary_gm_mean": 726.4562959741104,
  "summary_gm_median": 724.0622491687536,
  "summary_gm_n": 27591.0,
  "summary_gm_p05": 627.558040458709,
  "summary_gm_p95": 831.9724286068231,
  "summary_gm_stdv": 62.285769878183785,
  "summary_wm_k": 0.7764955771038387,
  "summary_wm_mad": 51.0720327349719,
  "summary_wm_mean": 1001.6556234668237,
  "summary_wm_median": 1000.0510173887014,
  "summary_wm_n": 254843.0,
  "summary_wm_p05": 914.0086610242724,
  "summary_wm_p95": 1094.4118222035468,
  "summary_wm_stdv": 55.152959106398754,
  "tpm_overlap_csf": 0.15656743943691254,
  "tpm_overlap_gm": 0.4430435597896576,
  "tpm_overlap_wm": 0.49857473373413086,
  "wm2max": 0.4879968124315171
}