{
  "bids_meta": {
    "AcquisitionMatrixPE": 256,
    "AcquisitionNumber": 1,
    "AcquisitionTime": "10:25:22.047500",
    "BaseResolution": 256,
    "BodyPartExamined": "HEAD",
    "CoilCombinationMethod": "Adaptive Combine",
    "ConsistencyInfo": "N4_VD13D_LATEST_20130810",
    "ConversionSoftware": "dcm2niix",
    "ConversionSoftwareVersion": "v1.0.20211006",
    "Dcm2bidsVersion": "2.1.6",
    "DeviceSerialNumber": "66040",
    "DwellTime": 1.5e-05,
    "EchoTime": 0.00303,
    "FlipAngle": 9,
    "ImageOrientationPatientDICOM": [
      0.0363878,
      0.991691,
      -0.12339,
      0.0312015,
      -0.124539,
      -0.991724
    ],
    "ImageOrientationText": "Sag>Tra(-2.0)>Cor(1.8)",
    "ImageType": [
      "ORIGINAL",
      "PRIMARY",
      "M",
      "ND",
      "NORM"
    ],
    "ImagingFrequency": 123.21,
    "InPlanePhaseEncodingDirectionDICOM": "ROW",
    "InstitutionAddress": "Magyar Tudosok Korutja 2,Budapest,,HU,1117",
    "InstitutionName": "RCNS",
    "InstitutionalDepartmentName": "BIC",
    "InversionTime": 0.9,
    "MRAcquisitionType": "3D",
    "MagneticFieldStrength": 3,
    "Manufacturer": "Siemens",
    "ManufacturersModelName": "Prisma",
    "MatrixCoilMode": "GRAPPA",
    "Modality": "MR",
    "ParallelReductionFactorInPlane": 2,
    "PartialFourier": 1,
    "PatientPosition": "HFS",
    "PercentPhaseFOV": 100,
    "PercentSampling": 100,
    "PhaseEncodingSteps": 255,
    "PhaseResolution": 1,
    "PixelBandwidth": 130,
    "ProcedureStepDescription": "head^MR-artefacts",
    "ProtocolName": "MPRAGE_conventional",
    "PulseSequenceDetails": "%SiemensSeq%\\tfl",
    "ReceiveCoilActiveElements": "HE1-4",
    "ReceiveCoilName": "HeadNeck_20",
    "ReconMatrixPE": 256,
    "RefLinesPE": 24,
    "RepetitionTime": 2.3,
    "SAR": 0.0565993,
    "ScanOptions": "IR",
    "ScanningSequence": "GR\\IR",
    "SequenceName": "*tfl3d1_16ns",
    "SequenceVariant": "SK\\SP\\MP",
    "SeriesDescription": "MPRAGE_conventional",
    "SeriesNumber": 6,
    "ShimSetting": [
      5968,
      -1056,
      1146,
      179,
      -5,
      -173,
      23,
      -17
    ],
    "SliceThickness": 1,
    "SoftwareVersions": "syngo MR D13D",
    "SpoilingState": true,
    "StationName": "AWP66040",
    "TxRefAmp": 258.861,
    "acq_id": "standard",
    "dataset": "<unset>",
    "modality": "T1w",
    "subject_id": "351288"
  },
  "cjv": 0.31236974608888135,
  "cnr": 4.103067102530329,
  "efc": 0.5884090145911729,
  "fber": 18321.184264053252,
  "fwhm_avg": 4.9246799999999995,
  "fwhm_x": 4.59236,
  "fwhm_y": 5.19272,
  "fwhm_z": 4.98896,
  "icvs_csf": 0.23058376647760953,
  "icvs_gm": 0.4065290028216095,
  "icvs_wm": 0.36288723070078105,
  "inu_med": 1.1767925024032593,
  "inu_range": 0.5195334136486053,
  "provenance": {
    "md5sum": "a71ef57c24ca05a10bb4d817b820a7da",
    "settings": {
      "testing": false
    },
    "software": "mriqc",
    "version": "0.16.1",
    "warnings": {
      "large_rot_frame": true,
      "small_air_mask": false
    },
    "webapi_port": null,
    "webapi_url": "https://mriqc.nimh.nih.gov/api/v1"
  },
  "qi_1": 0.0,
  "qi_2": 0.010432324874148712,
  "rpve_csf": 20.707266860298954,
  "rpve_gm": 11.80762143661587,
  "rpve_wm": 16.083393790695965,
  "size_x": 192,
  "size_y": 256,
  "size_z": 256,
  "snr_csf": 2.678753126379578,
  "snr_gm": 12.681063776015414,
  "snr_total": 13.311036710662867,
  "snr_wm": 24.57329322959361,
  "snrd_csf": 65.71923182228018,
  "snrd_gm": 125.21744736922786,
  "snrd_total": 122.0809461273471,
  "snrd_wm": 175.3061591905333,
  "spacing_x": 1.0,
  "spacing_y": 1.0,
  "spacing_z": 1.0,
  "summary_bg_k": 16.057281116305404,
  "summary_bg_mad": 3.737098514841367,
  "summary_bg_mean": 5.2543149941064256,
  "summary_bg_median": 5.09069349616766,
  "summary_bg_n": 2953518.0,
  "summary_bg_p05": 0.0,
  "summary_bg_p95": 12.800870053470135,
  "summary_bg_stdv": 4.53455075491819,
  "summary_csf_k": 29.370016485574126,
  "summary_csf_mad": 120.50310799326721,
  "summary_csf_mean": 386.388563563768,
  "summary_csf_median": 374.8826229944825,
  "summary_csf_n": 41576.0,
  "summary_csf_p05": 204.1096258815378,
  "summary_csf_p95": 574.8529713973403,
  "summary_csf_stdv": 139.94500309637513,
  "summary_gm_k": 0.31615355289025304,
  "summary_gm_mad": 53.19869650538887,
  "summary_gm_mean": 715.4628400464467,
  "summary_gm_median": 714.2786641418934,
  "summary_gm_n": 35273.0,
  "summary_gm_p05": 623.8422470614314,
  "summary_gm_p95": 809.5191143080592,
  "summary_gm_stdv": 56.32560104422835,
  "summary_wm_k": 1.2172671816657008,
  "summary_wm_mad": 36.05200920199907,
  "summary_wm_mean": 997.4207368577518,
  "summary_wm_median": 1000.0000146403909,
  "summary_wm_n": 250093.0,
  "summary_wm_p05": 924.1832784935832,
  "summary_wm_p95": 1058.024035654962,
  "summary_wm_stdv": 40.694505455125125,
  "tpm_overlap_csf": 0.153722882270813,
  "tpm_overlap_gm": 0.44663992524147034,
  "tpm_overlap_wm": 0.5004705190658569,
  "wm2max": 0.4959554858319443
}