{
  "bids_meta": {
    "AcquisitionMatrixPE": 256,
    "AcquisitionNumber": 1,
    "AcquisitionTime": "13:40:53.475000",
    "BaseResolution": 256,
    "BodyPartExamined": "HEAD",
    "CoilCombinationMethod": "Adaptive Combine",
    "ConsistencyInfo": "N4_VD13D_LATEST_20130810",
    "ConversionSoftware": "dcm2niix",
    "ConversionSoftwareVersion": "v1.0.20211006",
    "Dcm2bidsVersion": "2.1.6",
    "DeviceSerialNumber": "66040",
    "DwellTime": 1.5e-05,
    "EchoTime": 0.00303,
    "FlipAngle": 9,
    "FrameTimesStart": [
      0
    ],
    "ImageOrientationPatientDICOM": [
      -0.0619932,
      0.998047,
      -0.00767899,
      0.0069805,
      -0.00726003,
      -0.999949
    ],
    "ImageOrientationText": "Sag>Cor(-3.6)>Tra(-0.4)",
    "ImageType": [
      "ORIGINAL",
      "PRIMARY",
      "M",
      "ND",
      "NORM"
    ],
    "ImagingFrequency": 123.21,
    "InPlanePhaseEncodingDirectionDICOM": "ROW",
    "InstitutionAddress": "Magyar Tudosok Korutja 2,Budapest,,HU,1117",
    "InstitutionName": "RCNS",
    "InstitutionalDepartmentName": "BIC",
    "InversionTime": 0.9,
    "MRAcquisitionType": "3D",
    "MagneticFieldStrength": 3,
    "Manufacturer": "Siemens",
    "ManufacturersModelName": "Prisma",
    "MatrixCoilMode": "GRAPPA",
    "Modality": "MR",
    "ParallelReductionFactorInPlane": 2,
    "PartialFourier": 1,
    "PatientPosition": "HFS",
    "PercentPhaseFOV": 100,
    "PercentSampling": 100,
    "PhaseEncodingSteps": 255,
    "PhaseResolution": 1,
    "PixelBandwidth": 130,
    "ProcedureStepDescription": "head^MR-artefacts",
    "ProtocolName": "MPRAGE_move2",
    "PulseSequenceDetails": "%SiemensSeq%\\tfl",
    "ReceiveCoilActiveElements": "HE1-4",
    "ReceiveCoilName": "HeadNeck_20",
    "ReconMatrixPE": 256,
    "RefLinesPE": 24,
    "RepetitionTime": 2.3,
    "SAR": 0.0580544,
    "ScanOptions": "IR",
    "ScanningSequence": "GR\\IR",
    "SequenceName": "*tfl3d1_16ns",
    "SequenceVariant": "SK\\SP\\MP",
    "SeriesDescription": "MPRAGE_move2",
    "SeriesNumber": 19,
    "ShimSetting": [
      5955,
      -999,
      1082,
      163,
      9,
      -48,
      106,
      -39
    ],
    "SliceThickness": 1,
    "SoftwareVersions": "syngo MR D13D",
    "SpoilingState": true,
    "StationName": "AWP66040",
    "TxRefAmp": 254.103,
    "acq_id": "headmotion2",
    "dataset": "<unset>",
    "modality": "T1w",
    "subject_id": "914102"
  },
  "cjv": 0.5147679522040853,
  "cnr": 2.633867717845829,
  "efc": 0.5591843780391031,
  "fber": 4174.659777582908,
  "fwhm_avg": 4.312963333333333,
  "fwhm_x": 4.11976,
  "fwhm_y": 4.30022,
  "fwhm_z": 4.51891,
  "icvs_csf": 0.23601366547340313,
  "icvs_gm": 0.40820469806264514,
  "icvs_wm": 0.3557816364639517,
  "inu_med": 1.0657422542572021,
  "inu_range": 0.3601096630096434,
  "provenance": {
    "md5sum": "3ea84f72ba6026af4c44e2e39bea2c69",
    "settings": {
      "testing": false
    },
    "software": "mriqc",
    "version": "0.16.1",
    "warnings": {
      "large_rot_frame": true,
      "small_air_mask": false
    },
    "webapi_port": null,
    "webapi_url": "https://mriqc.nimh.nih.gov/api/v1"
  },
  "qi_1": 0.00031305549358416157,
  "qi_2": 0.007551343383068795,
  "rpve_csf": 31.270813488045324,
  "rpve_gm": 17.749804097327587,
  "rpve_wm": 24.017948678567176,
  "size_x": 192,
  "size_y": 256,
  "size_z": 256,
  "snr_csf": 3.796017851268811,
  "snr_gm": 11.872155631311072,
  "snr_total": 10.216779517021067,
  "snr_wm": 14.982165068483315,
  "snrd_csf": 32.934199728187956,
  "snrd_gm": 61.17886878070742,
  "snrd_total": 58.45989641102866,
  "snrd_wm": 81.2666207241906,
  "spacing_x": 1.0,
  "spacing_y": 1.0,
  "spacing_z": 1.0,
  "summary_bg_k": 8.838574437283533,
  "summary_bg_mad": 8.061962939637617,
  "summary_bg_mean": 14.282311856106416,
  "summary_bg_median": 8.181061249226332,
  "summary_bg_n": 3115790.0,
  "summary_bg_p05": 0.0,
  "summary_bg_p95": 52.95645036175847,
  "summary_bg_stdv": 18.21749618366915,
  "summary_csf_k": -0.2886144336164316,
  "summary_csf_mad": 114.46534768350345,
  "summary_csf_mean": 404.21512979584605,
  "summary_csf_median": 405.28095637634397,
  "summary_csf_n": 24823.0,
  "summary_csf_p05": 229.95640485025942,
  "summary_csf_p95": 575.0747185908258,
  "summary_csf_stdv": 106.76261512904922,
  "summary_gm_k": -0.03972923037581921,
  "summary_gm_mad": 63.624139956059025,
  "summary_gm_mean": 752.1982096665188,
  "summary_gm_median": 752.8535884916782,
  "summary_gm_n": 15511.0,
  "summary_gm_p05": 647.3325948938727,
  "summary_gm_p95": 855.9496567491442,
  "summary_gm_stdv": 63.41134189128477,
  "summary_wm_k": 0.36141439034425815,
  "summary_wm_mad": 63.624139956059025,
  "summary_wm_mean": 1003.1287054951185,
  "summary_wm_median": 1000.0490080341697,
  "summary_wm_n": 161268.0,
  "summary_wm_p05": 898.2021437399089,
  "summary_wm_p95": 1118.7968671247363,
  "summary_wm_stdv": 66.74909152830172,
  "tpm_overlap_csf": 0.16661320626735687,
  "tpm_overlap_gm": 0.4568440020084381,
  "tpm_overlap_wm": 0.5198035836219788,
  "wm2max": 0.4857931559659226
}