{
  "bids_meta": {
    "AcquisitionMatrixPE": 256,
    "AcquisitionNumber": 1,
    "AcquisitionTime": "15:10:55.600000",
    "BaseResolution": 256,
    "BodyPartExamined": "HEAD",
    "CoilCombinationMethod": "Adaptive Combine",
    "ConsistencyInfo": "N4_VD13D_LATEST_20130810",
    "ConversionSoftware": "dcm2niix",
    "ConversionSoftwareVersion": "v1.0.20211006",
    "Dcm2bidsVersion": "2.1.6",
    "DeviceSerialNumber": "66040",
    "DwellTime": 1.5e-05,
    "EchoTime": 0.00303,
    "FlipAngle": 9,
    "FrameTimesStart": [
      0
    ],
    "ImageOrientationPatientDICOM": [
      -0.0594841,
      0.997615,
      -0.0350032,
      0.0742535,
      -0.0305461,
      -0.996771
    ],
    "ImageOrientationText": "Sag>Tra(-4.2)>Cor(-3.5)",
    "ImageType": [
      "ORIGINAL",
      "PRIMARY",
      "M",
      "ND",
      "NORM"
    ],
    "ImagingFrequency": 123.21,
    "InPlanePhaseEncodingDirectionDICOM": "ROW",
    "InstitutionAddress": "Magyar Tudosok Korutja 2,Budapest,,HU,1117",
    "InstitutionName": "RCNS",
    "InstitutionalDepartmentName": "BIC",
    "InversionTime": 0.9,
    "MRAcquisitionType": "3D",
    "MagneticFieldStrength": 3,
    "Manufacturer": "Siemens",
    "ManufacturersModelName": "Prisma",
    "MatrixCoilMode": "GRAPPA",
    "Modality": "MR",
    "ParallelReductionFactorInPlane": 2,
    "PartialFourier": 1,
    "PatientPosition": "HFS",
    "PercentPhaseFOV": 100,
    "PercentSampling": 100,
    "PhaseEncodingSteps": 255,
    "PhaseResolution": 1,
    "PixelBandwidth": 130,
    "ProcedureStepDescription": "head^MR-artefacts",
    "ProtocolName": "MPRAGE_conventional",
    "PulseSequenceDetails": "%SiemensSeq%\\tfl",
    "ReceiveCoilActiveElements": "HE1-4",
    "ReceiveCoilName": "HeadNeck_20",
    "ReconMatrixPE": 256,
    "RefLinesPE": 24,
    "RepetitionTime": 2.3,
    "SAR": 0.0516197,
    "ScanOptions": "IR",
    "ScanningSequence": "GR\\IR",
    "SequenceName": "*tfl3d1_16ns",
    "SequenceVariant": "SK\\SP\\MP",
    "SeriesDescription": "MPRAGE_conventional",
    "SeriesNumber": 6,
    "ShimSetting": [
      5950,
      -1037,
      1174,
      160,
      -27,
      -165,
      14,
      -16
    ],
    "SliceThickness": 1,
    "SoftwareVersions": "syngo MR D13D",
    "SpoilingState": true,
    "StationName": "AWP66040",
    "TxRefAmp": 265.989,
    "acq_id": "standard",
    "dataset": "<unset>",
    "modality": "T1w",
    "subject_id": "282628"
  },
  "cjv": 0.295235596262325,
  "cnr": 4.328741611456535,
  "efc": 0.5312128233277066,
  "fber": 14598.199467460256,
  "fwhm_avg": 4.3745666666666665,
  "fwhm_x": 4.11863,
  "fwhm_y": 4.52623,
  "fwhm_z": 4.47884,
  "icvs_csf": 0.22642277151953516,
  "icvs_gm": 0.40472927424176064,
  "icvs_wm": 0.3688479542387042,
  "inu_med": 0.8781223297119141,
  "inu_range": 0.249016922712326,
  "provenance": {
    "md5sum": "6d48f224665f6aee5924b711b98b8514",
    "settings": {
      "testing": false
    },
    "software": "mriqc",
    "version": "0.16.1",
    "warnings": {
      "large_rot_frame": true,
      "small_air_mask": false
    },
    "webapi_port": null,
    "webapi_url": "https://mriqc.nimh.nih.gov/api/v1"
  },
  "qi_1": 0.0,
  "qi_2": 0.006266023158785144,
  "rpve_csf": 28.2245592867246,
  "rpve_gm": 16.11055550080143,
  "rpve_wm": 21.908826711578122,
  "size_x": 192,
  "size_y": 256,
  "size_z": 256,
  "snr_csf": 3.500194008250061,
  "snr_gm": 14.44487323890992,
  "snr_total": 15.469933945072896,
  "snr_wm": 28.464734588058704,
  "snrd_csf": 54.11125870333947,
  "snrd_gm": 112.43978456063549,
  "snrd_total": 106.71339729766508,
  "snrd_wm": 153.5891486290203,
  "spacing_x": 1.0,
  "spacing_y": 1.0,
  "spacing_z": 1.0,
  "summary_bg_k": 11.499307352467543,
  "summary_bg_mad": 4.265512242020734,
  "summary_bg_mean": 6.338474420643887,
  "summary_bg_median": 5.703614111989737,
  "summary_bg_n": 3410729.0,
  "summary_bg_p05": 0.0,
  "summary_bg_p95": 16.757521107792854,
  "summary_bg_stdv": 5.301927522415485,
  "summary_csf_k": -0.10381924845263768,
  "summary_csf_mad": 96.01144221951934,
  "summary_csf_mean": 375.17774465847754,
  "summary_csf_median": 352.31173895299435,
  "summary_csf_n": 20945.0,
  "summary_csf_p05": 247.64789627492428,
  "summary_csf_p95": 562.7195777781307,
  "summary_csf_stdv": 100.65251458068767,
  "summary_gm_k": 0.4248448321120697,
  "summary_gm_mad": 47.8186372394956,
  "summary_gm_mean": 731.3332097978235,
  "summary_gm_median": 732.0815847814083,
  "summary_gm_n": 18049.0,
  "summary_gm_p05": 647.8397090919316,
  "summary_gm_p95": 813.9814454726875,
  "summary_gm_stdv": 50.6796627426752,
  "summary_wm_k": 1.1603639206607115,
  "summary_wm_mad": 31.280423108152053,
  "summary_wm_mean": 997.5697440982576,
  "summary_wm_median": 1000.0000246614218,
  "summary_wm_n": 198921.0,
  "summary_wm_p05": 935.645086672157,
  "summary_wm_p95": 1050.0706901401281,
  "summary_wm_stdv": 35.13110259306798,
  "tpm_overlap_csf": 0.17816713452339172,
  "tpm_overlap_gm": 0.45619502663612366,
  "tpm_overlap_wm": 0.5169776678085327,
  "wm2max": 0.5050345407734075
}