{
  "bids_meta": {
    "AcquisitionMatrixPE": 256,
    "AcquisitionNumber": 1,
    "AcquisitionTime": "09:16:20.900000",
    "BaseResolution": 256,
    "BodyPartExamined": "HEAD",
    "CoilCombinationMethod": "Adaptive Combine",
    "ConsistencyInfo": "N4_VD13D_LATEST_20130810",
    "ConversionSoftware": "dcm2niix",
    "ConversionSoftwareVersion": "v1.0.20211006",
    "Dcm2bidsVersion": "2.1.6",
    "DeviceSerialNumber": "66040",
    "DwellTime": 1.5e-05,
    "EchoTime": 0.00303,
    "FlipAngle": 9,
    "FrameTimesStart": [
      0
    ],
    "ImageOrientationPatientDICOM": [
      -0.0447495,
      0.996047,
      -0.0767384,
      0.0872979,
      -0.0726226,
      -0.993532
    ],
    "ImageOrientationText": "Sag>Tra(-4.8)>Cor(-2.9)",
    "ImageType": [
      "ORIGINAL",
      "PRIMARY",
      "M",
      "ND",
      "NORM"
    ],
    "ImagingFrequency": 123.21,
    "InPlanePhaseEncodingDirectionDICOM": "ROW",
    "InstitutionAddress": "Magyar Tudosok Korutja 2,Budapest,,HU,1117",
    "InstitutionName": "RCNS",
    "InstitutionalDepartmentName": "BIC",
    "InversionTime": 0.9,
    "MRAcquisitionType": "3D",
    "MagneticFieldStrength": 3,
    "Manufacturer": "Siemens",
    "ManufacturersModelName": "Prisma",
    "MatrixCoilMode": "GRAPPA",
    "Modality": "MR",
    "ParallelReductionFactorInPlane": 2,
    "PartialFourier": 1,
    "PatientPosition": "HFS",
    "PercentPhaseFOV": 100,
    "PercentSampling": 100,
    "PhaseEncodingSteps": 255,
    "PhaseResolution": 1,
    "PixelBandwidth": 130,
    "ProcedureStepDescription": "head^MR-artefacts",
    "ProtocolName": "MPRAGE_conventional",
    "PulseSequenceDetails": "%SiemensSeq%\\tfl",
    "ReceiveCoilActiveElements": "HE1-4",
    "ReceiveCoilName": "HeadNeck_20",
    "ReconMatrixPE": 256,
    "RefLinesPE": 24,
    "RepetitionTime": 2.3,
    "SAR": 0.0512329,
    "ScanOptions": "IR",
    "ScanningSequence": "GR\\IR",
    "SequenceName": "*tfl3d1_16ns",
    "SequenceVariant": "SK\\SP\\MP",
    "SeriesDescription": "MPRAGE_conventional",
    "SeriesNumber": 6,
    "ShimSetting": [
      5965,
      -1032,
      1047,
      189,
      -29,
      -54,
      98,
      -13
    ],
    "SliceThickness": 1,
    "SoftwareVersions": "syngo MR D13D",
    "SpoilingState": true,
    "StationName": "AWP66040",
    "TxRefAmp": 269.498,
    "acq_id": "standard",
    "dataset": "<unset>",
    "modality": "T1w",
    "subject_id": "988484"
  },
  "cjv": 0.35115604281552415,
  "cnr": 3.7976897276810555,
  "efc": 0.5315408240104392,
  "fber": 16952.853759765625,
  "fwhm_avg": 4.28783,
  "fwhm_x": 4.05281,
  "fwhm_y": 4.39597,
  "fwhm_z": 4.41471,
  "icvs_csf": 0.2140837886370521,
  "icvs_gm": 0.42665415652475946,
  "icvs_wm": 0.35926205483818846,
  "inu_med": 1.4478709697723389,
  "inu_range": 0.4205171823501588,
  "provenance": {
    "md5sum": "131d43651c7f3094d1c68e24044dfb4b",
    "settings": {
      "testing": false
    },
    "software": "mriqc",
    "version": "0.16.1",
    "warnings": {
      "large_rot_frame": true,
      "small_air_mask": false
    },
    "webapi_port": null,
    "webapi_url": "https://mriqc.nimh.nih.gov/api/v1"
  },
  "qi_1": 0.0,
  "qi_2": 0.010516519314123814,
  "rpve_csf": 27.332240685873337,
  "rpve_gm": 14.534471796973333,
  "rpve_wm": 20.472273656740487,
  "size_x": 192,
  "size_y": 256,
  "size_z": 256,
  "snr_csf": 3.0823520737525003,
  "snr_gm": 14.536257964749028,
  "snr_total": 14.065260429588156,
  "snr_wm": 24.577171250262936,
  "snrd_csf": 55.18011110931696,
  "snrd_gm": 120.38543760035668,
  "snrd_total": 112.04029733999703,
  "snrd_wm": 160.5553433103174,
  "spacing_x": 1.0,
  "spacing_y": 1.0,
  "spacing_z": 1.0,
  "summary_bg_k": 8.537550026088729,
  "summary_bg_mad": 4.080439575814421,
  "summary_bg_mean": 6.095193771681852,
  "summary_bg_median": 5.504429340362549,
  "summary_bg_n": 3560284.0,
  "summary_bg_p05": 0.0,
  "summary_bg_p95": 14.019093476235867,
  "summary_bg_stdv": 4.911993463863324,
  "summary_csf_k": 3.597201992890258,
  "summary_csf_mad": 103.28612676280252,
  "summary_csf_mean": 376.18256951132554,
  "summary_csf_median": 343.68280693888664,
  "summary_csf_n": 19695.0,
  "summary_csf_p05": 246.83925323188305,
  "summary_csf_p95": 579.2551813647151,
  "summary_csf_stdv": 111.49734795913682,
  "summary_gm_k": 0.17427125506112917,
  "summary_gm_mad": 49.857871066982455,
  "summary_gm_mean": 750.2511831538005,
  "summary_gm_median": 749.806484207511,
  "summary_gm_n": 27980.0,
  "summary_gm_p05": 666.0316498484462,
  "summary_gm_p95": 836.4152396097779,
  "summary_gm_stdv": 51.58088738751527,
  "summary_wm_k": 0.5931196803108225,
  "summary_wm_mad": 37.99909354977179,
  "summary_wm_mean": 998.1587654755112,
  "summary_wm_median": 999.9999990686774,
  "summary_wm_n": 195413.0,
  "summary_wm_p05": 927.5823505595326,
  "summary_wm_p95": 1061.0647620633245,
  "summary_wm_stdv": 40.688060891926455,
  "tpm_overlap_csf": 0.17175030708312988,
  "tpm_overlap_gm": 0.46393367648124695,
  "tpm_overlap_wm": 0.5110337138175964,
  "wm2max": 0.4906528252521416
}