{
  "bids_meta": {
    "AcquisitionMatrixPE": 256,
    "AcquisitionNumber": 1,
    "AcquisitionTime": "15:22:16.357500",
    "BaseResolution": 256,
    "BodyPartExamined": "HEAD",
    "CoilCombinationMethod": "Adaptive Combine",
    "ConsistencyInfo": "N4_VD13D_LATEST_20130810",
    "ConversionSoftware": "dcm2niix",
    "ConversionSoftwareVersion": "v1.0.20211006",
    "Dcm2bidsVersion": "2.1.6",
    "DeviceSerialNumber": "66040",
    "DwellTime": 1.5e-05,
    "EchoTime": 0.00303,
    "FlipAngle": 9,
    "ImageOrientationPatientDICOM": [
      -0.0253714,
      0.997639,
      0.063824,
      0.0172742,
      0.0642725,
      -0.997783
    ],
    "ImageOrientationText": "Sag>Cor(-1.4)>Tra(-1.1)",
    "ImageType": [
      "ORIGINAL",
      "PRIMARY",
      "M",
      "ND",
      "NORM"
    ],
    "ImagingFrequency": 123.21,
    "InPlanePhaseEncodingDirectionDICOM": "ROW",
    "InstitutionAddress": "Magyar Tudosok Korutja 2,Budapest,,HU,1117",
    "InstitutionName": "RCNS",
    "InstitutionalDepartmentName": "BIC",
    "InversionTime": 0.9,
    "MRAcquisitionType": "3D",
    "MagneticFieldStrength": 3,
    "Manufacturer": "Siemens",
    "ManufacturersModelName": "Prisma",
    "MatrixCoilMode": "GRAPPA",
    "Modality": "MR",
    "ParallelReductionFactorInPlane": 2,
    "PartialFourier": 1,
    "PatientPosition": "HFS",
    "PercentPhaseFOV": 100,
    "PercentSampling": 100,
    "PhaseEncodingSteps": 255,
    "PhaseResolution": 1,
    "PixelBandwidth": 130,
    "ProcedureStepDescription": "head^MR-artefacts",
    "ProtocolName": "MPRAGE_move2",
    "PulseSequenceDetails": "%SiemensSeq%\\tfl",
    "ReceiveCoilActiveElements": "HE1-4",
    "ReceiveCoilName": "HeadNeck_20",
    "ReconMatrixPE": 256,
    "RefLinesPE": 24,
    "RepetitionTime": 2.3,
    "SAR": 0.0676328,
    "ScanOptions": "IR",
    "ScanningSequence": "GR\\IR",
    "SequenceName": "*tfl3d1_16ns",
    "SequenceVariant": "SK\\SP\\MP",
    "SeriesDescription": "MPRAGE_move2",
    "SeriesNumber": 19,
    "ShimSetting": [
      5935,
      -1085,
      1136,
      165,
      -11,
      -119,
      21,
      -19
    ],
    "SliceThickness": 1,
    "SoftwareVersions": "syngo MR D13D",
    "SpoilingState": true,
    "StationName": "AWP66040",
    "TxRefAmp": 274.524,
    "acq_id": "headmotion2",
    "dataset": "<unset>",
    "modality": "T1w",
    "subject_id": "441269"
  },
  "cjv": 0.5039060876554411,
  "cnr": 2.674242706287788,
  "efc": 0.5643123156940797,
  "fber": 6333.506944444444,
  "fwhm_avg": 4.317446666666666,
  "fwhm_x": 4.00905,
  "fwhm_y": 4.43688,
  "fwhm_z": 4.50641,
  "icvs_csf": 0.23126661617164385,
  "icvs_gm": 0.39388083664860124,
  "icvs_wm": 0.3748525471797549,
  "inu_med": 1.4821009635925293,
  "inu_range": 0.46202788352966295,
  "provenance": {
    "md5sum": "96a928e5a4e9cbea6acc5ce26e4ab63a",
    "settings": {
      "testing": false
    },
    "software": "mriqc",
    "version": "0.16.1",
    "warnings": {
      "large_rot_frame": true,
      "small_air_mask": false
    },
    "webapi_port": null,
    "webapi_url": "https://mriqc.nimh.nih.gov/api/v1"
  },
  "qi_1": 6.10431082786299e-05,
  "qi_2": 0.013545933458405702,
  "rpve_csf": 29.443027064705202,
  "rpve_gm": 17.05445916762936,
  "rpve_wm": 21.739298853551002,
  "size_x": 192,
  "size_y": 256,
  "size_z": 256,
  "snr_csf": 3.4626344941457754,
  "snr_gm": 12.378005933379983,
  "snr_total": 11.116219827843544,
  "snr_wm": 17.508019056004876,
  "snrd_csf": 56.06116016016068,
  "snrd_gm": 109.27543623414186,
  "snrd_total": 102.35743546492705,
  "snrd_wm": 141.7357100004786,
  "spacing_x": 1.0,
  "spacing_y": 1.0,
  "spacing_z": 1.0,
  "summary_bg_k": 7.818715294823933,
  "summary_bg_mad": 4.622239482409318,
  "summary_bg_mean": 12.122453358226169,
  "summary_bg_median": 6.133088171482086,
  "summary_bg_n": 3073376.0,
  "summary_bg_p05": 0.0,
  "summary_bg_p95": 42.26719931513071,
  "summary_bg_stdv": 13.873183846124128,
  "summary_csf_k": 0.7776670515618549,
  "summary_csf_mad": 127.30102181061729,
  "summary_csf_mean": 405.39383129074514,
  "summary_csf_median": 395.5330779924989,
  "summary_csf_n": 25610.0,
  "summary_csf_p05": 237.4527303725481,
  "summary_csf_p95": 596.9539153575897,
  "summary_csf_stdv": 114.226712737626,
  "summary_gm_k": 0.013365259075410751,
  "summary_gm_mad": 62.05924813267593,
  "summary_gm_mean": 771.5481806473991,
  "summary_gm_median": 770.9802922233939,
  "summary_gm_n": 13207.0,
  "summary_gm_p05": 669.6616756305099,
  "summary_gm_p95": 874.9719130776822,
  "summary_gm_stdv": 62.28395005624666,
  "summary_wm_k": 0.8033389735834162,
  "summary_wm_mad": 53.3451900920682,
  "summary_wm_mean": 1003.0066644788137,
  "summary_wm_median": 1000.0000263601542,
  "summary_wm_n": 199965.0,
  "summary_wm_p05": 914.3923372998834,
  "summary_wm_p95": 1101.0937630534172,
  "summary_wm_stdv": 57.11654315205968,
  "tpm_overlap_csf": 0.1746397763490677,
  "tpm_overlap_gm": 0.45411160588264465,
  "tpm_overlap_wm": 0.5258001685142517,
  "wm2max": 0.4807306693402991
}