{
  "bids_meta": {
    "AcquisitionMatrixPE": 256,
    "AcquisitionNumber": 1,
    "AcquisitionTime": "10:47:57.455000",
    "BaseResolution": 256,
    "BodyPartExamined": "HEAD",
    "CoilCombinationMethod": "Adaptive Combine",
    "ConsistencyInfo": "N4_VD13D_LATEST_20130810",
    "ConversionSoftware": "dcm2niix",
    "ConversionSoftwareVersion": "v1.0.20211006",
    "Dcm2bidsVersion": "2.1.6",
    "DeviceSerialNumber": "66040",
    "DwellTime": 1.5e-05,
    "EchoTime": 0.00303,
    "FlipAngle": 9,
    "ImageOrientationPatientDICOM": [
      0.00192547,
      0.999669,
      0.0256456,
      0.0638327,
      0.0254705,
      -0.997636
    ],
    "ImageOrientationText": "Sag>Tra(-3.7)>Cor(0.2)",
    "ImageType": [
      "ORIGINAL",
      "PRIMARY",
      "M",
      "ND",
      "NORM"
    ],
    "ImagingFrequency": 123.21,
    "InPlanePhaseEncodingDirectionDICOM": "ROW",
    "InstitutionAddress": "Magyar Tudosok Korutja 2,Budapest,,HU,1117",
    "InstitutionName": "RCNS",
    "InstitutionalDepartmentName": "BIC",
    "InversionTime": 0.9,
    "MRAcquisitionType": "3D",
    "MagneticFieldStrength": 3,
    "Manufacturer": "Siemens",
    "ManufacturersModelName": "Prisma",
    "MatrixCoilMode": "GRAPPA",
    "Modality": "MR",
    "ParallelReductionFactorInPlane": 2,
    "PartialFourier": 1,
    "PatientPosition": "HFS",
    "PercentPhaseFOV": 100,
    "PercentSampling": 100,
    "PhaseEncodingSteps": 255,
    "PhaseResolution": 1,
    "PixelBandwidth": 130,
    "ProcedureStepDescription": "head^MR-artefacts",
    "ProtocolName": "MPRAGE_conventional",
    "PulseSequenceDetails": "%SiemensSeq%\\tfl",
    "ReceiveCoilActiveElements": "HE1-4",
    "ReceiveCoilName": "HeadNeck_20",
    "ReconMatrixPE": 256,
    "RefLinesPE": 24,
    "RepetitionTime": 2.3,
    "SAR": 0.0573145,
    "ScanOptions": "IR",
    "ScanningSequence": "GR\\IR",
    "SequenceName": "*tfl3d1_16ns",
    "SequenceVariant": "SK\\SP\\MP",
    "SeriesDescription": "MPRAGE_conventional",
    "SeriesNumber": 6,
    "ShimSetting": [
      5964,
      -1045,
      1160,
      157,
      -32,
      -81,
      -35,
      -18
    ],
    "SliceThickness": 1,
    "SoftwareVersions": "syngo MR D13D",
    "SpoilingState": true,
    "StationName": "AWP66040",
    "TxRefAmp": 255.967,
    "acq_id": "standard",
    "dataset": "<unset>",
    "modality": "T1w",
    "subject_id": "570379"
  },
  "cjv": 0.327979723281149,
  "cnr": 3.8772146711358606,
  "efc": 0.5570965106798648,
  "fber": 8731.160298764722,
  "fwhm_avg": 4.348546666666667,
  "fwhm_x": 4.05894,
  "fwhm_y": 4.47094,
  "fwhm_z": 4.51576,
  "icvs_csf": 0.2179945678160156,
  "icvs_gm": 0.4175986493212215,
  "icvs_wm": 0.36440678286276296,
  "inu_med": 1.1049717664718628,
  "inu_range": 0.31616650819778436,
  "provenance": {
    "md5sum": "a1990385d8eb63c08c0ece7b084fc052",
    "settings": {
      "testing": false
    },
    "software": "mriqc",
    "version": "0.16.1",
    "warnings": {
      "large_rot_frame": true,
      "small_air_mask": false
    },
    "webapi_port": null,
    "webapi_url": "https://mriqc.nimh.nih.gov/api/v1"
  },
  "qi_1": 0.0,
  "qi_2": 0.010003206310084924,
  "rpve_csf": 26.964434617950673,
  "rpve_gm": 14.719547108410302,
  "rpve_wm": 20.391902336259637,
  "size_x": 192,
  "size_y": 256,
  "size_z": 256,
  "snr_csf": 1.9723197458186565,
  "snr_gm": 13.443957586584222,
  "snr_total": 12.947881098372562,
  "snr_wm": 23.427365962714813,
  "snrd_csf": 69.06075367365266,
  "snrd_gm": 133.05090254266537,
  "snrd_total": 128.033691906266,
  "snrd_wm": 181.98941950248,
  "spacing_x": 1.0,
  "spacing_y": 1.0,
  "spacing_z": 1.0,
  "summary_bg_k": 90.07066328864205,
  "summary_bg_mad": 3.599859772417215,
  "summary_bg_mean": 6.630232318677778,
  "summary_bg_median": 4.795435324311256,
  "summary_bg_n": 2948622.0,
  "summary_bg_p05": 0.0,
  "summary_bg_p95": 16.69297106564045,
  "summary_bg_stdv": 5.579013979531874,
  "summary_csf_k": 64.35826067359274,
  "summary_csf_mad": 109.84072130588027,
  "summary_csf_mean": 404.69785946834304,
  "summary_csf_median": 379.4767586067319,
  "summary_csf_n": 23576.0,
  "summary_csf_p05": 235.58334802091122,
  "summary_csf_p95": 582.3722341954708,
  "summary_csf_stdv": 192.3971563838375,
  "summary_gm_k": 0.143229823046791,
  "summary_gm_mad": 53.187928137464354,
  "summary_gm_mean": 731.733251570286,
  "summary_gm_median": 731.0914309620857,
  "summary_gm_n": 24355.0,
  "summary_gm_p05": 642.5701229438185,
  "summary_gm_p95": 821.4337903693317,
  "summary_gm_stdv": 54.37955431182936,
  "summary_wm_k": 1.7147096337960113,
  "summary_wm_mad": 35.008636286757415,
  "summary_wm_mean": 994.9458156998194,
  "summary_wm_median": 1000.0000194013119,
  "summary_wm_n": 203704.0,
  "summary_wm_p05": 913.9340956725181,
  "summary_wm_p95": 1053.963842228055,
  "summary_wm_stdv": 42.6850191544319,
  "tpm_overlap_csf": 0.14804692566394806,
  "tpm_overlap_gm": 0.45026731491088867,
  "tpm_overlap_wm": 0.4989166557788849,
  "wm2max": 0.5068058466148632
}