{
  "bids_meta": {
    "AcquisitionMatrixPE": 256,
    "AcquisitionNumber": 1,
    "AcquisitionTime": "11:27:30.435000",
    "BaseResolution": 256,
    "BodyPartExamined": "HEAD",
    "CoilCombinationMethod": "Adaptive Combine",
    "ConsistencyInfo": "N4_VD13D_LATEST_20130810",
    "ConversionSoftware": "dcm2niix",
    "ConversionSoftwareVersion": "v1.0.20211006",
    "Dcm2bidsVersion": "2.1.6",
    "DeviceSerialNumber": "66040",
    "DwellTime": 1.5e-05,
    "EchoTime": 0.00303,
    "FlipAngle": 9,
    "FrameTimesStart": [
      0
    ],
    "ImageOrientationPatientDICOM": [
      0.0019283,
      0.99967,
      0.0256017,
      0.0638328,
      0.0254265,
      -0.997637
    ],
    "ImageOrientationText": "Sag>Tra(-3.7)>Cor(0.2)",
    "ImageType": [
      "ORIGINAL",
      "PRIMARY",
      "M",
      "ND",
      "NORM"
    ],
    "ImagingFrequency": 123.21,
    "InPlanePhaseEncodingDirectionDICOM": "ROW",
    "InstitutionAddress": "Magyar Tudosok Korutja 2,Budapest,,HU,1117",
    "InstitutionName": "RCNS",
    "InstitutionalDepartmentName": "BIC",
    "InversionTime": 0.9,
    "MRAcquisitionType": "3D",
    "MagneticFieldStrength": 3,
    "Manufacturer": "Siemens",
    "ManufacturersModelName": "Prisma",
    "MatrixCoilMode": "GRAPPA",
    "Modality": "MR",
    "ParallelReductionFactorInPlane": 2,
    "PartialFourier": 1,
    "PatientPosition": "HFS",
    "PercentPhaseFOV": 100,
    "PercentSampling": 100,
    "PhaseEncodingSteps": 255,
    "PhaseResolution": 1,
    "PixelBandwidth": 130,
    "ProcedureStepDescription": "head^MR-artefacts",
    "ProtocolName": "MPRAGE_move2",
    "PulseSequenceDetails": "%SiemensSeq%\\tfl",
    "ReceiveCoilActiveElements": "HE1-4",
    "ReceiveCoilName": "HeadNeck_20",
    "ReconMatrixPE": 256,
    "RefLinesPE": 24,
    "RepetitionTime": 2.3,
    "SAR": 0.0573145,
    "ScanOptions": "IR",
    "ScanningSequence": "GR\\IR",
    "SequenceName": "*tfl3d1_16ns",
    "SequenceVariant": "SK\\SP\\MP",
    "SeriesDescription": "MPRAGE_move2",
    "SeriesNumber": 20,
    "ShimSetting": [
      5964,
      -1045,
      1160,
      157,
      -32,
      -81,
      -35,
      -18
    ],
    "SliceThickness": 1,
    "SoftwareVersions": "syngo MR D13D",
    "SpoilingState": true,
    "StationName": "AWP66040",
    "TxRefAmp": 255.967,
    "acq_id": "headmotion2",
    "dataset": "<unset>",
    "modality": "T1w",
    "subject_id": "570379"
  },
  "cjv": 0.5107084886292783,
  "cnr": 2.638438277855145,
  "efc": 0.590347767160642,
  "fber": 2831.8510658560976,
  "fwhm_avg": 4.081663333333334,
  "fwhm_x": 3.82464,
  "fwhm_y": 4.11938,
  "fwhm_z": 4.30097,
  "icvs_csf": 0.21941194405671668,
  "icvs_gm": 0.41085703470343715,
  "icvs_wm": 0.3697310212398462,
  "inu_med": 1.1953239440917969,
  "inu_range": 0.420344376564026,
  "provenance": {
    "md5sum": "5ce4f8479a77ee7489f47b764320d8c5",
    "settings": {
      "testing": false
    },
    "software": "mriqc",
    "version": "0.16.1",
    "warnings": {
      "large_rot_frame": true,
      "small_air_mask": false
    },
    "webapi_port": null,
    "webapi_url": "https://mriqc.nimh.nih.gov/api/v1"
  },
  "qi_1": 0.00034438500213464576,
  "qi_2": 0.0046695373198881295,
  "rpve_csf": 27.498767491713583,
  "rpve_gm": 14.803905848273459,
  "rpve_wm": 19.47597643464979,
  "size_x": 192,
  "size_y": 256,
  "size_z": 256,
  "snr_csf": 2.8420304698425674,
  "snr_gm": 11.321020867177339,
  "snr_total": 9.58647598871003,
  "snr_wm": 14.596376629110182,
  "snrd_csf": 33.110582334834696,
  "snrd_gm": 61.05857387221896,
  "snrd_total": 58.7281162184546,
  "snrd_wm": 82.01519244831016,
  "spacing_x": 1.0,
  "spacing_y": 1.0,
  "spacing_z": 1.0,
  "summary_bg_k": 6.653516104497143,
  "summary_bg_mad": 7.988413959633083,
  "summary_bg_mean": 16.47072357988514,
  "summary_bg_median": 8.108828783035278,
  "summary_bg_n": 2736788.0,
  "summary_bg_p05": 0.0,
  "summary_bg_p95": 56.8684965968132,
  "summary_bg_stdv": 19.00828233964932,
  "summary_csf_k": 84.83970431080971,
  "summary_csf_mad": 114.44787128306011,
  "summary_csf_mean": 411.0557722534815,
  "summary_csf_median": 403.73431730270386,
  "summary_csf_n": 22981.0,
  "summary_csf_p05": 236.32968097925186,
  "summary_csf_p95": 593.8650132417679,
  "summary_csf_stdv": 142.0553148186695,
  "summary_gm_k": 0.012459894798596771,
  "summary_gm_mad": 65.33098941244482,
  "summary_gm_mean": 745.8602080484445,
  "summary_gm_median": 744.518516421318,
  "summary_gm_n": 14579.0,
  "summary_gm_p05": 638.719639825821,
  "summary_gm_p95": 855.5881317257881,
  "summary_gm_stdv": 65.76200068719693,
  "summary_wm_k": 0.5764571611756688,
  "summary_wm_mad": 65.17280299740257,
  "summary_wm_mean": 1003.0378038624644,
  "summary_wm_median": 1000.0533182024956,
  "summary_wm_n": 197045.0,
  "summary_wm_p05": 895.5988000631332,
  "summary_wm_p95": 1120.138670772314,
  "summary_wm_stdv": 68.51363225158916,
  "tpm_overlap_csf": 0.15045227110385895,
  "tpm_overlap_gm": 0.4472314715385437,
  "tpm_overlap_wm": 0.49616196751594543,
  "wm2max": 0.48917652575301657
}