{
  "bids_meta": {
    "AcquisitionMatrixPE": 256,
    "AcquisitionNumber": 1,
    "AcquisitionTime": "11:13:43.015000",
    "BaseResolution": 256,
    "BodyPartExamined": "HEAD",
    "CoilCombinationMethod": "Adaptive Combine",
    "ConsistencyInfo": "N4_VD13D_LATEST_20130810",
    "ConversionSoftware": "dcm2niix",
    "ConversionSoftwareVersion": "v1.0.20211006",
    "Dcm2bidsVersion": "2.1.6",
    "DeviceSerialNumber": "66040",
    "DwellTime": 1.5e-05,
    "EchoTime": 0.00303,
    "FlipAngle": 9,
    "FrameTimesStart": [
      0
    ],
    "ImageOrientationPatientDICOM": [
      -0.079052,
      0.9948,
      0.0642127,
      0.0619424,
      0.0691917,
      -0.995678
    ],
    "ImageOrientationText": "Sag>Cor(-4.3)>Tra(-3.8)",
    "ImageType": [
      "ORIGINAL",
      "PRIMARY",
      "M",
      "ND",
      "NORM"
    ],
    "ImagingFrequency": 123.21,
    "InPlanePhaseEncodingDirectionDICOM": "ROW",
    "InstitutionAddress": "Magyar Tudosok Korutja 2,Budapest,,HU,1117",
    "InstitutionName": "RCNS",
    "InstitutionalDepartmentName": "BIC",
    "InversionTime": 0.9,
    "MRAcquisitionType": "3D",
    "MagneticFieldStrength": 3,
    "Manufacturer": "Siemens",
    "ManufacturersModelName": "Prisma",
    "MatrixCoilMode": "GRAPPA",
    "Modality": "MR",
    "ParallelReductionFactorInPlane": 2,
    "PartialFourier": 1,
    "PatientPosition": "HFS",
    "PercentPhaseFOV": 100,
    "PercentSampling": 100,
    "PhaseEncodingSteps": 255,
    "PhaseResolution": 1,
    "PixelBandwidth": 130,
    "ProcedureStepDescription": "head^MR-artefacts",
    "ProtocolName": "MPRAGE_move1",
    "PulseSequenceDetails": "%SiemensSeq%\\tfl",
    "ReceiveCoilActiveElements": "HE1-4",
    "ReceiveCoilName": "HeadNeck_20",
    "ReconMatrixPE": 256,
    "RefLinesPE": 24,
    "RepetitionTime": 2.3,
    "SAR": 0.0644258,
    "ScanOptions": "IR",
    "ScanningSequence": "GR\\IR",
    "SequenceName": "*tfl3d1_16ns",
    "SequenceVariant": "SK\\SP\\MP",
    "SeriesDescription": "MPRAGE_move1",
    "SeriesNumber": 17,
    "ShimSetting": [
      5980,
      -1057,
      1131,
      192,
      -1,
      -128,
      49,
      -56
    ],
    "SliceThickness": 1,
    "SoftwareVersions": "syngo MR D13D",
    "SpoilingState": true,
    "StationName": "AWP66040",
    "TxRefAmp": 250.107,
    "acq_id": "headmotion1",
    "dataset": "<unset>",
    "modality": "T1w",
    "subject_id": "009673"
  },
  "cjv": 0.297107434072388,
  "cnr": 4.3895076140557645,
  "efc": 0.5383173370900551,
  "fber": 19526.385041551246,
  "fwhm_avg": 4.556033333333333,
  "fwhm_x": 4.3437,
  "fwhm_y": 4.68073,
  "fwhm_z": 4.64367,
  "icvs_csf": 0.2301757077866329,
  "icvs_gm": 0.40742005462675435,
  "icvs_wm": 0.3624042375866127,
  "inu_med": 1.0357344150543213,
  "inu_range": 0.3205386221408846,
  "provenance": {
    "md5sum": "7e736b067570396b98957657d606e9cc",
    "settings": {
      "testing": false
    },
    "software": "mriqc",
    "version": "0.16.1",
    "warnings": {
      "large_rot_frame": true,
      "small_air_mask": false
    },
    "webapi_port": null,
    "webapi_url": "https://mriqc.nimh.nih.gov/api/v1"
  },
  "qi_1": 0.0,
  "qi_2": 0.01735602942109277,
  "rpve_csf": 25.9285717252091,
  "rpve_gm": 14.862154575046768,
  "rpve_wm": 20.282599210758086,
  "size_x": 192,
  "size_y": 256,
  "size_z": 256,
  "snr_csf": 3.313363897655627,
  "snr_gm": 14.809115621548427,
  "snr_total": 14.723415450661884,
  "snr_wm": 26.0477668327816,
  "snrd_csf": 67.16618129021964,
  "snrd_gm": 137.23616365125704,
  "snrd_total": 131.15238477734263,
  "snrd_wm": 189.0548093905513,
  "spacing_x": 1.0,
  "spacing_y": 1.0,
  "spacing_z": 1.0,
  "summary_bg_k": 12.125277497246401,
  "summary_bg_mad": 3.4653251844762685,
  "summary_bg_mean": 5.313650331287025,
  "summary_bg_median": 4.716390606015921,
  "summary_bg_n": 3121276.0,
  "summary_bg_p05": 0.0,
  "summary_bg_p95": 14.10743384808302,
  "summary_bg_stdv": 4.755345394530575,
  "summary_csf_k": -0.5737102343787095,
  "summary_csf_mad": 124.68982583428001,
  "summary_csf_mean": 368.8354796948771,
  "summary_csf_median": 355.2736003398895,
  "summary_csf_n": 25867.0,
  "summary_csf_p05": 221.37819269299507,
  "summary_csf_p95": 549.4135938338933,
  "summary_csf_stdv": 107.22237096001258,
  "summary_gm_k": 0.30786983938022594,
  "summary_gm_mad": 47.64822128654869,
  "summary_gm_mean": 725.1841657367494,
  "summary_gm_median": 725.9067736268044,
  "summary_gm_n": 26377.0,
  "summary_gm_p05": 644.0920049019157,
  "summary_gm_p95": 804.5828470103443,
  "summary_gm_stdv": 49.0166348770841,
  "summary_wm_k": 1.0643775540101563,
  "summary_wm_mad": 33.786920548643614,
  "summary_wm_mean": 996.8469949264099,
  "summary_wm_median": 1000.0000223852694,
  "summary_wm_n": 207638.0,
  "summary_wm_p05": 926.4577193073928,
  "summary_wm_p95": 1053.2159340903163,
  "summary_wm_stdv": 38.39091545793231,
  "tpm_overlap_csf": 0.15930743515491486,
  "tpm_overlap_gm": 0.44084632396698,
  "tpm_overlap_wm": 0.4949190318584442,
  "wm2max": 0.538518920576474
}