{
  "bids_meta": {
    "AcquisitionMatrixPE": 256,
    "AcquisitionNumber": 1,
    "AcquisitionTime": "11:20:12.540000",
    "BaseResolution": 256,
    "BodyPartExamined": "HEAD",
    "CoilCombinationMethod": "Adaptive Combine",
    "ConsistencyInfo": "N4_VD13D_LATEST_20130810",
    "ConversionSoftware": "dcm2niix",
    "ConversionSoftwareVersion": "v1.0.20211006",
    "Dcm2bidsVersion": "2.1.6",
    "DeviceSerialNumber": "66040",
    "DwellTime": 1.5e-05,
    "EchoTime": 0.00303,
    "FlipAngle": 9,
    "ImageOrientationPatientDICOM": [
      -0.079052,
      0.9948,
      0.0642127,
      0.0619424,
      0.0691917,
      -0.995678
    ],
    "ImageOrientationText": "Sag>Cor(-4.3)>Tra(-3.8)",
    "ImageType": [
      "ORIGINAL",
      "PRIMARY",
      "M",
      "ND",
      "NORM"
    ],
    "ImagingFrequency": 123.21,
    "InPlanePhaseEncodingDirectionDICOM": "ROW",
    "InstitutionAddress": "Magyar Tudosok Korutja 2,Budapest,,HU,1117",
    "InstitutionName": "RCNS",
    "InstitutionalDepartmentName": "BIC",
    "InversionTime": 0.9,
    "MRAcquisitionType": "3D",
    "MagneticFieldStrength": 3,
    "Manufacturer": "Siemens",
    "ManufacturersModelName": "Prisma",
    "MatrixCoilMode": "GRAPPA",
    "Modality": "MR",
    "ParallelReductionFactorInPlane": 2,
    "PartialFourier": 1,
    "PatientPosition": "HFS",
    "PercentPhaseFOV": 100,
    "PercentSampling": 100,
    "PhaseEncodingSteps": 255,
    "PhaseResolution": 1,
    "PixelBandwidth": 130,
    "ProcedureStepDescription": "head^MR-artefacts",
    "ProtocolName": "MPRAGE_move2",
    "PulseSequenceDetails": "%SiemensSeq%\\tfl",
    "ReceiveCoilActiveElements": "HE1-4",
    "ReceiveCoilName": "HeadNeck_20",
    "ReconMatrixPE": 256,
    "RefLinesPE": 24,
    "RepetitionTime": 2.3,
    "SAR": 0.0644258,
    "ScanOptions": "IR",
    "ScanningSequence": "GR\\IR",
    "SequenceName": "*tfl3d1_16ns",
    "SequenceVariant": "SK\\SP\\MP",
    "SeriesDescription": "MPRAGE_move2",
    "SeriesNumber": 19,
    "ShimSetting": [
      5980,
      -1057,
      1131,
      192,
      -1,
      -128,
      49,
      -56
    ],
    "SliceThickness": 1,
    "SoftwareVersions": "syngo MR D13D",
    "SpoilingState": true,
    "StationName": "AWP66040",
    "TxRefAmp": 250.107,
    "acq_id": "headmotion2",
    "dataset": "<unset>",
    "modality": "T1w",
    "subject_id": "009673"
  },
  "cjv": 0.6623364258758722,
  "cnr": 1.8697432958606919,
  "efc": 0.6335904388813169,
  "fber": 1145.7781554508877,
  "fwhm_avg": 3.85529,
  "fwhm_x": 3.48713,
  "fwhm_y": 3.71054,
  "fwhm_z": 4.3682,
  "icvs_csf": 0.23993893285337572,
  "icvs_gm": 0.4136492770377929,
  "icvs_wm": 0.34641179010883133,
  "inu_med": 1.5913808345794678,
  "inu_range": 0.7377232313156128,
  "provenance": {
    "md5sum": "55536e98ab1301f5401e7e1f4e64a622",
    "settings": {
      "testing": false
    },
    "software": "mriqc",
    "version": "0.16.1",
    "warnings": {
      "large_rot_frame": true,
      "small_air_mask": false
    },
    "webapi_port": null,
    "webapi_url": "https://mriqc.nimh.nih.gov/api/v1"
  },
  "qi_1": 0.017289748173423315,
  "qi_2": 0.00100960707949449,
  "rpve_csf": 24.161777270882062,
  "rpve_gm": 13.024201390896618,
  "rpve_wm": 17.237083423744416,
  "size_x": 192,
  "size_y": 256,
  "size_z": 256,
  "snr_csf": 3.692926132012339,
  "snr_gm": 9.446986359110657,
  "snr_total": 7.487437118085089,
  "snr_wm": 9.322398863132271,
  "snrd_csf": 21.535021605940457,
  "snrd_gm": 39.3794202670605,
  "snrd_total": 38.27095583138344,
  "snrd_wm": 53.89842562114934,
  "spacing_x": 1.0,
  "spacing_y": 1.0,
  "spacing_z": 1.0,
  "summary_bg_k": 14.760655077007847,
  "summary_bg_mad": 12.155527163915968,
  "summary_bg_mean": 34.46915511600729,
  "summary_bg_median": 10.917761139571667,
  "summary_bg_n": 2773937.0,
  "summary_bg_p05": 0.0,
  "summary_bg_p95": 153.09963896870613,
  "summary_bg_stdv": 57.17936121898677,
  "summary_csf_k": 0.23436125540864872,
  "summary_csf_mad": 106.98104264160737,
  "summary_csf_mean": 398.7412762972484,
  "summary_csf_median": 399.5649594068527,
  "summary_csf_n": 54399.0,
  "summary_csf_p05": 221.3670189678669,
  "summary_csf_p95": 573.4125275909901,
  "summary_csf_stdv": 108.19639293263731,
  "summary_gm_k": -0.1412073376817422,
  "summary_gm_mad": 78.76285458251672,
  "summary_gm_mean": 730.7141493041204,
  "summary_gm_median": 730.6533863022923,
  "summary_gm_n": 16171.0,
  "summary_gm_p05": 603.2376758381724,
  "summary_gm_p95": 857.504384983331,
  "summary_gm_stdv": 77.34009203648719,
  "summary_wm_k": 1.4807819168055243,
  "summary_wm_mad": 99.66291914496408,
  "summary_wm_mean": 1009.2774921398483,
  "summary_wm_median": 1000.0418220832944,
  "summary_wm_n": 173773.0,
  "summary_wm_p05": 852.2546569257975,
  "summary_wm_p95": 1196.8543361127377,
  "summary_wm_stdv": 107.27270516141085,
  "tpm_overlap_csf": 0.12489066272974014,
  "tpm_overlap_gm": 0.4214693605899811,
  "tpm_overlap_wm": 0.46183016896247864,
  "wm2max": 0.534144584272258
}