{
  "bids_meta": {
    "AcquisitionMatrixPE": 256,
    "AcquisitionNumber": 1,
    "AcquisitionTime": "10:46:57.070000",
    "BaseResolution": 256,
    "BodyPartExamined": "HEAD",
    "CoilCombinationMethod": "Adaptive Combine",
    "ConsistencyInfo": "N4_VD13D_LATEST_20130810",
    "ConversionSoftware": "dcm2niix",
    "ConversionSoftwareVersion": "v1.0.20211006",
    "Dcm2bidsVersion": "2.1.6",
    "DeviceSerialNumber": "66040",
    "DwellTime": 1.5e-05,
    "EchoTime": 0.00303,
    "FlipAngle": 9,
    "ImageOrientationPatientDICOM": [
      -0.0790522,
      0.9948,
      0.0642156,
      0.0619423,
      0.0691945,
      -0.995678
    ],
    "ImageOrientationText": "Sag>Cor(-4.3)>Tra(-3.8)",
    "ImageType": [
      "ORIGINAL",
      "PRIMARY",
      "M",
      "ND",
      "NORM"
    ],
    "ImagingFrequency": 123.21,
    "InPlanePhaseEncodingDirectionDICOM": "ROW",
    "InstitutionAddress": "Magyar Tudosok Korutja 2,Budapest,,HU,1117",
    "InstitutionName": "RCNS",
    "InstitutionalDepartmentName": "BIC",
    "InversionTime": 0.9,
    "MRAcquisitionType": "3D",
    "MagneticFieldStrength": 3,
    "Manufacturer": "Siemens",
    "ManufacturersModelName": "Prisma",
    "MatrixCoilMode": "GRAPPA",
    "Modality": "MR",
    "ParallelReductionFactorInPlane": 2,
    "PartialFourier": 1,
    "PatientPosition": "HFS",
    "PercentPhaseFOV": 100,
    "PercentSampling": 100,
    "PhaseEncodingSteps": 255,
    "PhaseResolution": 1,
    "PixelBandwidth": 130,
    "ProcedureStepDescription": "head^MR-artefacts",
    "ProtocolName": "MPRAGE_conventional",
    "PulseSequenceDetails": "%SiemensSeq%\\tfl",
    "ReceiveCoilActiveElements": "HE1-4",
    "ReceiveCoilName": "HeadNeck_20",
    "ReconMatrixPE": 256,
    "RefLinesPE": 24,
    "RepetitionTime": 2.3,
    "SAR": 0.0644258,
    "ScanOptions": "IR",
    "ScanningSequence": "GR\\IR",
    "SequenceName": "*tfl3d1_16ns",
    "SequenceVariant": "SK\\SP\\MP",
    "SeriesDescription": "MPRAGE_conventional",
    "SeriesNumber": 6,
    "ShimSetting": [
      5980,
      -1057,
      1131,
      192,
      -1,
      -128,
      49,
      -56
    ],
    "SliceThickness": 1,
    "SoftwareVersions": "syngo MR D13D",
    "SpoilingState": true,
    "StationName": "AWP66040",
    "TxRefAmp": 250.107,
    "acq_id": "standard",
    "dataset": "<unset>",
    "modality": "T1w",
    "subject_id": "009673"
  },
  "cjv": 0.29252141673811827,
  "cnr": 4.37366816990686,
  "efc": 0.5344395049436833,
  "fber": 19441.82983268067,
  "fwhm_avg": 4.468683333333334,
  "fwhm_x": 4.30269,
  "fwhm_y": 4.53608,
  "fwhm_z": 4.56728,
  "icvs_csf": 0.2255264679061488,
  "icvs_gm": 0.4102390119982887,
  "icvs_wm": 0.3642345200955625,
  "inu_med": 1.2878119945526123,
  "inu_range": 0.4265884637832642,
  "provenance": {
    "md5sum": "3f680f297eb8f958ae08dc350737b0b7",
    "settings": {
      "testing": false
    },
    "software": "mriqc",
    "version": "0.16.1",
    "warnings": {
      "large_rot_frame": true,
      "small_air_mask": false
    },
    "webapi_port": null,
    "webapi_url": "https://mriqc.nimh.nih.gov/api/v1"
  },
  "qi_1": 0.0,
  "qi_2": 0.007714013819581905,
  "rpve_csf": 26.30612524387623,
  "rpve_gm": 14.883043993418497,
  "rpve_wm": 20.461303130792423,
  "size_x": 192,
  "size_y": 256,
  "size_z": 256,
  "snr_csf": 3.0989101465306335,
  "snr_gm": 14.753684105931933,
  "snr_total": 14.533909793693761,
  "snr_wm": 25.74913512861872,
  "snrd_csf": 64.21473787205458,
  "snrd_gm": 132.2229976516377,
  "snrd_total": 126.2450741182356,
  "snrd_wm": 182.29748683101448,
  "spacing_x": 1.0,
  "spacing_y": 1.0,
  "spacing_z": 1.0,
  "summary_bg_k": 9.72522003419018,
  "summary_bg_mad": 3.5937761124588987,
  "summary_bg_mean": 5.184935953235977,
  "summary_bg_median": 4.8021951131522655,
  "summary_bg_n": 3174272.0,
  "summary_bg_p05": 0.0,
  "summary_bg_p95": 12.257031336426735,
  "summary_bg_stdv": 4.402577162463412,
  "summary_csf_k": -0.7424355134297036,
  "summary_csf_mad": 130.2574323025197,
  "summary_csf_mean": 374.63773420298327,
  "summary_csf_median": 352.25244534760714,
  "summary_csf_n": 20453.0,
  "summary_csf_p05": 223.94693896248936,
  "summary_csf_p95": 565.5613787546754,
  "summary_csf_stdv": 113.6670046308831,
  "summary_gm_k": 0.39028219874725734,
  "summary_gm_mad": 46.44786107611973,
  "summary_gm_mean": 725.396405585381,
  "summary_gm_median": 725.3144028522074,
  "summary_gm_n": 24279.0,
  "summary_gm_p05": 645.1314650200308,
  "summary_gm_p95": 806.9059845842421,
  "summary_gm_stdv": 49.16056629771075,
  "summary_wm_k": 1.2361331062753669,
  "summary_wm_mad": 33.90354823074433,
  "summary_wm_mean": 996.594063947986,
  "summary_wm_median": 999.999963324517,
  "summary_wm_n": 208082.0,
  "summary_wm_p05": 924.8113084100187,
  "summary_wm_p95": 1052.5039632283151,
  "summary_wm_stdv": 38.83616111484148,
  "tpm_overlap_csf": 0.16379256546497345,
  "tpm_overlap_gm": 0.44008442759513855,
  "tpm_overlap_wm": 0.49343135952949524,
  "wm2max": 0.524597863587487
}