{
  "bids_meta": {
    "AcquisitionMatrixPE": 256,
    "AcquisitionNumber": 1,
    "AcquisitionTime": "13:22:4.912500",
    "BaseResolution": 256,
    "BodyPartExamined": "HEAD",
    "CoilCombinationMethod": "Adaptive Combine",
    "ConsistencyInfo": "N4_VD13D_LATEST_20130810",
    "ConversionSoftware": "dcm2niix",
    "ConversionSoftwareVersion": "v1.0.20211006",
    "Dcm2bidsVersion": "2.1.6",
    "DeviceSerialNumber": "66040",
    "DwellTime": 1.5e-05,
    "EchoTime": 0.00303,
    "FlipAngle": 9,
    "FrameTimesStart": [
      0
    ],
    "ImageOrientationPatientDICOM": [
      -0.0154052,
      0.997931,
      -0.0624277,
      0.0107716,
      -0.0622658,
      -0.998001
    ],
    "ImageOrientationText": "Sag>Cor(-0.9)>Tra(-0.6)",
    "ImageType": [
      "ORIGINAL",
      "PRIMARY",
      "M",
      "ND",
      "NORM"
    ],
    "ImagingFrequency": 123.21,
    "InPlanePhaseEncodingDirectionDICOM": "ROW",
    "InstitutionAddress": "Magyar Tudosok Korutja 2,Budapest,,HU,1117",
    "InstitutionName": "RCNS",
    "InstitutionalDepartmentName": "BIC",
    "InversionTime": 0.9,
    "MRAcquisitionType": "3D",
    "MagneticFieldStrength": 3,
    "Manufacturer": "Siemens",
    "ManufacturersModelName": "Prisma",
    "MatrixCoilMode": "GRAPPA",
    "Modality": "MR",
    "ParallelReductionFactorInPlane": 2,
    "PartialFourier": 1,
    "PatientPosition": "HFS",
    "PercentPhaseFOV": 100,
    "PercentSampling": 100,
    "PhaseEncodingSteps": 255,
    "PhaseResolution": 1,
    "PixelBandwidth": 130,
    "ProcedureStepDescription": "head^MR-artefacts",
    "ProtocolName": "MPRAGE_conventional",
    "PulseSequenceDetails": "%SiemensSeq%\\tfl",
    "ReceiveCoilActiveElements": "HE1-4",
    "ReceiveCoilName": "HeadNeck_20",
    "ReconMatrixPE": 256,
    "RefLinesPE": 24,
    "RepetitionTime": 2.3,
    "SAR": 0.056102,
    "ScanOptions": "IR",
    "ScanningSequence": "GR\\IR",
    "SequenceName": "*tfl3d1_16ns",
    "SequenceVariant": "SK\\SP\\MP",
    "SeriesDescription": "MPRAGE_conventional",
    "SeriesNumber": 6,
    "ShimSetting": [
      5953,
      -1030,
      1179,
      120,
      24,
      -111,
      73,
      8
    ],
    "SliceThickness": 1,
    "SoftwareVersions": "syngo MR D13D",
    "SpoilingState": true,
    "StationName": "AWP66040",
    "TxRefAmp": 276.957,
    "acq_id": "standard",
    "dataset": "<unset>",
    "modality": "T1w",
    "subject_id": "275211"
  },
  "cjv": 0.3290434466203871,
  "cnr": 4.044799526017013,
  "efc": 0.575742805989094,
  "fber": 9187.2225,
  "fwhm_avg": 4.604056666666668,
  "fwhm_x": 4.41502,
  "fwhm_y": 4.69523,
  "fwhm_z": 4.70192,
  "icvs_csf": 0.21107217291470143,
  "icvs_gm": 0.3895873453322861,
  "icvs_wm": 0.39934048175301246,
  "inu_med": 1.0850235223770142,
  "inu_range": 0.36099186539649963,
  "provenance": {
    "md5sum": "ada09406d495787d0e8ce658871ce482",
    "settings": {
      "testing": false
    },
    "software": "mriqc",
    "version": "0.16.1",
    "warnings": {
      "large_rot_frame": true,
      "small_air_mask": false
    },
    "webapi_port": null,
    "webapi_url": "https://mriqc.nimh.nih.gov/api/v1"
  },
  "qi_1": 0.0,
  "qi_2": 0.011012572045035916,
  "rpve_csf": 25.08685609753646,
  "rpve_gm": 13.855328181746033,
  "rpve_wm": 17.004007950598538,
  "size_x": 192,
  "size_y": 256,
  "size_z": 256,
  "snr_csf": 3.2190164733797,
  "snr_gm": 14.43830257832795,
  "snr_total": 14.962603156804155,
  "snr_wm": 27.230490418704814,
  "snrd_csf": 64.03283072763763,
  "snrd_gm": 126.53915733504299,
  "snrd_total": 120.28049044209071,
  "snrd_wm": 170.26948326359152,
  "spacing_x": 1.0,
  "spacing_y": 1.0,
  "spacing_z": 1.0,
  "summary_bg_k": 52.18189421492585,
  "summary_bg_mad": 3.8476441110740067,
  "summary_bg_mean": 6.13257173129693,
  "summary_bg_median": 5.237578421831131,
  "summary_bg_n": 3471874.0,
  "summary_bg_p05": 0.0,
  "summary_bg_p95": 15.901476830244064,
  "summary_bg_stdv": 5.823840514166583,
  "summary_csf_k": 3.626308295736184,
  "summary_csf_mad": 123.12461155436822,
  "summary_csf_mean": 394.24855507093565,
  "summary_csf_median": 376.06756776571274,
  "summary_csf_n": 23154.0,
  "summary_csf_p05": 230.01226715296508,
  "summary_csf_p95": 591.1550956860184,
  "summary_csf_stdv": 116.82433121465877,
  "summary_gm_k": 0.11135346931411627,
  "summary_gm_mad": 50.509073603553325,
  "summary_gm_mean": 744.3699555565287,
  "summary_gm_median": 743.1699112057686,
  "summary_gm_n": 22102.0,
  "summary_gm_p05": 661.3976282775402,
  "summary_gm_p95": 830.6044410765171,
  "summary_gm_stdv": 51.47094644308503,
  "summary_wm_k": 0.7506145532657409,
  "summary_wm_mad": 33.99918250876304,
  "summary_wm_mean": 998.9169637700161,
  "summary_wm_median": 999.9999954402447,
  "summary_wm_n": 274933.0,
  "summary_wm_p05": 936.3940881192684,
  "summary_wm_p95": 1056.5752794742584,
  "summary_wm_stdv": 36.72347289517754,
  "tpm_overlap_csf": 0.16205152869224548,
  "tpm_overlap_gm": 0.43144357204437256,
  "tpm_overlap_wm": 0.5180456042289734,
  "wm2max": 0.4416262301933258
}