{
  "bids_meta": {
    "AcquisitionMatrixPE": 256,
    "AcquisitionNumber": 1,
    "AcquisitionTime": "14:00:2.742500",
    "BaseResolution": 256,
    "BodyPartExamined": "HEAD",
    "CoilCombinationMethod": "Adaptive Combine",
    "ConsistencyInfo": "N4_VD13D_LATEST_20130810",
    "ConversionSoftware": "dcm2niix",
    "ConversionSoftwareVersion": "v1.0.20211006",
    "Dcm2bidsVersion": "2.1.6",
    "DeviceSerialNumber": "66040",
    "DwellTime": 1.5e-05,
    "EchoTime": 0.00303,
    "FlipAngle": 9,
    "FrameTimesStart": [
      0
    ],
    "ImageOrientationPatientDICOM": [
      -0.015405,
      0.99793,
      -0.0624397,
      0.0107712,
      -0.0622779,
      -0.998001
    ],
    "ImageOrientationText": "Sag>Cor(-0.9)>Tra(-0.6)",
    "ImageType": [
      "ORIGINAL",
      "PRIMARY",
      "M",
      "ND",
      "NORM"
    ],
    "ImagingFrequency": 123.21,
    "InPlanePhaseEncodingDirectionDICOM": "ROW",
    "InstitutionAddress": "Magyar Tudosok Korutja 2,Budapest,,HU,1117",
    "InstitutionName": "RCNS",
    "InstitutionalDepartmentName": "BIC",
    "InversionTime": 0.9,
    "MRAcquisitionType": "3D",
    "MagneticFieldStrength": 3,
    "Manufacturer": "Siemens",
    "ManufacturersModelName": "Prisma",
    "MatrixCoilMode": "GRAPPA",
    "Modality": "MR",
    "ParallelReductionFactorInPlane": 2,
    "PartialFourier": 1,
    "PatientPosition": "HFS",
    "PercentPhaseFOV": 100,
    "PercentSampling": 100,
    "PhaseEncodingSteps": 255,
    "PhaseResolution": 1,
    "PixelBandwidth": 130,
    "ProcedureStepDescription": "head^MR-artefacts",
    "ProtocolName": "MPRAGE_move1",
    "PulseSequenceDetails": "%SiemensSeq%\\tfl",
    "ReceiveCoilActiveElements": "HE1-4",
    "ReceiveCoilName": "HeadNeck_20",
    "ReconMatrixPE": 256,
    "RefLinesPE": 24,
    "RepetitionTime": 2.3,
    "SAR": 0.056102,
    "ScanOptions": "IR",
    "ScanningSequence": "GR\\IR",
    "SequenceName": "*tfl3d1_16ns",
    "SequenceVariant": "SK\\SP\\MP",
    "SeriesDescription": "MPRAGE_move1",
    "SeriesNumber": 21,
    "ShimSetting": [
      5953,
      -1030,
      1179,
      120,
      24,
      -111,
      73,
      8
    ],
    "SliceThickness": 1,
    "SoftwareVersions": "syngo MR D13D",
    "SpoilingState": true,
    "StationName": "AWP66040",
    "TxRefAmp": 276.957,
    "acq_id": "headmotion1",
    "dataset": "<unset>",
    "modality": "T1w",
    "subject_id": "275211"
  },
  "cjv": 0.42433201825602135,
  "cnr": 3.186715543085693,
  "efc": 0.5850526810127495,
  "fber": 7857.930779734604,
  "fwhm_avg": 4.683263333333333,
  "fwhm_x": 4.4287,
  "fwhm_y": 4.82762,
  "fwhm_z": 4.79347,
  "icvs_csf": 0.23016986672425238,
  "icvs_gm": 0.3743810851241599,
  "icvs_wm": 0.3954490481515877,
  "inu_med": 1.5228331089019775,
  "inu_range": 0.5422045230865469,
  "provenance": {
    "md5sum": "9e04ad3c7f42232e9585edfe033bf36f",
    "settings": {
      "testing": false
    },
    "software": "mriqc",
    "version": "0.16.1",
    "warnings": {
      "large_rot_frame": true,
      "small_air_mask": false
    },
    "webapi_port": null,
    "webapi_url": "https://mriqc.nimh.nih.gov/api/v1"
  },
  "qi_1": 3.831104132420472e-06,
  "qi_2": 0.008280122150385025,
  "rpve_csf": 23.901296010478383,
  "rpve_gm": 14.10575192578924,
  "rpve_wm": 16.832536117256787,
  "size_x": 192,
  "size_y": 256,
  "size_z": 256,
  "snr_csf": 3.5243806883231215,
  "snr_gm": 13.008432607940211,
  "snr_total": 12.36248283752684,
  "snr_wm": 20.554635216317195,
  "snrd_csf": 61.863588030465465,
  "snrd_gm": 118.19976525069009,
  "snrd_total": 112.14261193642899,
  "snrd_wm": 156.3644825281314,
  "spacing_x": 1.0,
  "spacing_y": 1.0,
  "spacing_z": 1.0,
  "summary_bg_k": 24.74116901540782,
  "summary_bg_mad": 4.190010688677671,
  "summary_bg_mean": 9.14065224636955,
  "summary_bg_median": 5.553076446056366,
  "summary_bg_n": 3414798.0,
  "summary_bg_p05": 0.0,
  "summary_bg_p95": 30.393177334219217,
  "summary_bg_stdv": 11.080263112864673,
  "summary_csf_k": -0.17943168503389462,
  "summary_csf_mad": 116.65871864792042,
  "summary_csf_mean": 401.54942853351656,
  "summary_csf_median": 395.6566967815161,
  "summary_csf_n": 31500.0,
  "summary_csf_p05": 230.15270722117273,
  "summary_csf_p95": 593.534626211971,
  "summary_csf_stdv": 112.26097617022513,
  "summary_gm_k": 0.1353091756532523,
  "summary_gm_mad": 57.18997045247769,
  "summary_gm_mean": 758.4124615202898,
  "summary_gm_median": 755.9621122591197,
  "summary_gm_n": 16241.0,
  "summary_gm_p05": 666.9145649634302,
  "summary_gm_p95": 858.0990540347993,
  "summary_gm_stdv": 58.11144673778386,
  "summary_wm_k": 0.4850976818158035,
  "summary_wm_mad": 46.38415341325633,
  "summary_wm_mean": 1001.59455087005,
  "summary_wm_median": 1000.0495706871152,
  "summary_wm_n": 266201.0,
  "summary_wm_p05": 924.537647228688,
  "summary_wm_p95": 1083.7423656955361,
  "summary_wm_stdv": 48.653147175213036,
  "tpm_overlap_csf": 0.15557639300823212,
  "tpm_overlap_gm": 0.4271162450313568,
  "tpm_overlap_wm": 0.5179985165596008,
  "wm2max": 0.42928594232201767
}