{
    "Modality": "MR",
    "MagneticFieldStrength": 3,
    "ImagingFrequency": 123.21,
    "Manufacturer": "Siemens",
    "ManufacturersModelName": "Prisma",
    "InstitutionName": "RCNS",
    "InstitutionalDepartmentName": "BIC",
    "InstitutionAddress": "Magyar Tudosok Korutja 2,Budapest,,HU,1117",
    "DeviceSerialNumber": "66040",
    "StationName": "AWP66040",
    "BodyPartExamined": "HEAD",
    "PatientPosition": "HFS",
    "ProcedureStepDescription": "head^MR-artefacts",
    "SoftwareVersions": "syngo MR D13D",
    "MRAcquisitionType": "3D",
    "SeriesDescription": "MPRAGE_move2",
    "ProtocolName": "MPRAGE_move2",
    "ScanningSequence": "GR\\IR",
    "SequenceVariant": "SK\\SP\\MP",
    "ScanOptions": "IR",
    "SequenceName": "*tfl3d1_16ns",
    "ImageType": [
        "ORIGINAL",
        "PRIMARY",
        "M",
        "ND",
        "NORM"
    ],
    "SeriesNumber": 21,
    "AcquisitionTime": "11:17:14.245000",
    "AcquisitionNumber": 1,
    "SliceThickness": 1,
    "SAR": 0.057268,
    "EchoTime": 0.00303,
    "RepetitionTime": 2.3,
    "SpoilingState": true,
    "InversionTime": 0.9,
    "FlipAngle": 9,
    "PartialFourier": 1,
    "BaseResolution": 256,
    "ShimSetting": [
        5957,
        -1034,
        1137,
        208,
        26,
        -166,
        183,
        -53
    ],
    "TxRefAmp": 250.496,
    "PhaseResolution": 1,
    "ReceiveCoilName": "HeadNeck_20",
    "ReceiveCoilActiveElements": "HE1-4",
    "PulseSequenceDetails": "%SiemensSeq%\\tfl",
    "RefLinesPE": 24,
    "CoilCombinationMethod": "Adaptive Combine",
    "ConsistencyInfo": "N4_VD13D_LATEST_20130810",
    "MatrixCoilMode": "GRAPPA",
    "PercentPhaseFOV": 100,
    "PercentSampling": 100,
    "PhaseEncodingSteps": 255,
    "AcquisitionMatrixPE": 256,
    "ReconMatrixPE": 256,
    "ParallelReductionFactorInPlane": 2,
    "PixelBandwidth": 130,
    "DwellTime": 1.5e-05,
    "ImageOrientationPatientDICOM": [
        -0.0612052,
        0.994568,
        -0.0841957,
        0.0146676,
        -0.0834485,
        -0.996404
    ],
    "ImageOrientationText": "Sag>Cor(-3.6)>Tra(-0.5)",
    "InPlanePhaseEncodingDirectionDICOM": "ROW",
    "ConversionSoftware": "dcm2niix",
    "ConversionSoftwareVersion": "v1.0.20211006",
    "Dcm2bidsVersion": "2.1.6"
}