{
  "bids_meta": {
    "AcquisitionMatrixPE": 256,
    "AcquisitionNumber": 1,
    "AcquisitionTime": "09:53:9.962500",
    "BaseResolution": 256,
    "BodyPartExamined": "HEAD",
    "CoilCombinationMethod": "Adaptive Combine",
    "ConsistencyInfo": "N4_VD13D_LATEST_20130810",
    "ConversionSoftware": "dcm2niix",
    "ConversionSoftwareVersion": "v1.0.20211006",
    "Dcm2bidsVersion": "2.1.6",
    "DeviceSerialNumber": "66040",
    "DwellTime": 1.5e-05,
    "EchoTime": 0.00303,
    "FlipAngle": 9,
    "FrameTimesStart": [
      0
    ],
    "ImageOrientationPatientDICOM": [
      0.0159534,
      0.980454,
      -0.196103,
      -0.0157158,
      -0.195857,
      -0.980506
    ],
    "ImageOrientationText": "Sag>Cor(1.1)>Tra(0.7)",
    "ImageType": [
      "ORIGINAL",
      "PRIMARY",
      "M",
      "ND",
      "NORM"
    ],
    "ImagingFrequency": 123.21,
    "InPlanePhaseEncodingDirectionDICOM": "ROW",
    "InstitutionAddress": "Magyar Tudosok Korutja 2,Budapest,,HU,1117",
    "InstitutionName": "RCNS",
    "InstitutionalDepartmentName": "BIC",
    "InversionTime": 0.9,
    "MRAcquisitionType": "3D",
    "MagneticFieldStrength": 3,
    "Manufacturer": "Siemens",
    "ManufacturersModelName": "Prisma",
    "MatrixCoilMode": "GRAPPA",
    "Modality": "MR",
    "ParallelReductionFactorInPlane": 2,
    "PartialFourier": 1,
    "PatientPosition": "HFS",
    "PercentPhaseFOV": 100,
    "PercentSampling": 100,
    "PhaseEncodingSteps": 255,
    "PhaseResolution": 1,
    "PixelBandwidth": 130,
    "ProcedureStepDescription": "head^MR-artefacts",
    "ProtocolName": "MPRAGE_move1",
    "PulseSequenceDetails": "%SiemensSeq%\\tfl",
    "ReceiveCoilActiveElements": "HE1-4",
    "ReceiveCoilName": "HeadNeck_20",
    "ReconMatrixPE": 256,
    "RefLinesPE": 24,
    "RepetitionTime": 2.3,
    "SAR": 0.075639,
    "ScanOptions": "IR",
    "ScanningSequence": "GR\\IR",
    "SequenceName": "*tfl3d1_16ns",
    "SequenceVariant": "SK\\SP\\MP",
    "SeriesDescription": "MPRAGE_move1",
    "SeriesNumber": 23,
    "ShimSetting": [
      5954,
      -981,
      1185,
      110,
      -51,
      -222,
      51,
      2
    ],
    "SliceThickness": 1,
    "SoftwareVersions": "syngo MR D13D",
    "SpoilingState": true,
    "StationName": "AWP66040",
    "TxRefAmp": 329.936,
    "acq_id": "headmotion1",
    "dataset": "<unset>",
    "modality": "T1w",
    "subject_id": "754006"
  },
  "cjv": 0.422595650148521,
  "cnr": 3.2138448854073456,
  "efc": 0.6107935863869695,
  "fber": 8275.3134765625,
  "fwhm_avg": 4.520873333333333,
  "fwhm_x": 4.26372,
  "fwhm_y": 4.6268,
  "fwhm_z": 4.6721,
  "icvs_csf": 0.2268236797930035,
  "icvs_gm": 0.37744526935731226,
  "icvs_wm": 0.39573105084968424,
  "inu_med": 1.2028542757034302,
  "inu_range": 0.3903245568275453,
  "provenance": {
    "md5sum": "ff67f084dae1ceed36ab9166aab8350b",
    "settings": {
      "testing": false
    },
    "software": "mriqc",
    "version": "0.16.1",
    "warnings": {
      "large_rot_frame": true,
      "small_air_mask": false
    },
    "webapi_port": null,
    "webapi_url": "https://mriqc.nimh.nih.gov/api/v1"
  },
  "qi_1": 0.0,
  "qi_2": 0.00494918407444331,
  "rpve_csf": 24.13424964719983,
  "rpve_gm": 13.950189284322844,
  "rpve_wm": 16.500854411685022,
  "size_x": 192,
  "size_y": 256,
  "size_z": 256,
  "snr_csf": 3.785094130614519,
  "snr_gm": 13.308340128658989,
  "snr_total": 12.260623026145987,
  "snr_wm": 19.688434819164456,
  "snrd_csf": 55.01100597170621,
  "snrd_gm": 122.21797644084704,
  "snrd_total": 113.18770544079558,
  "snrd_wm": 162.3341339098335,
  "spacing_x": 1.0,
  "spacing_y": 1.0,
  "spacing_z": 1.0,
  "summary_bg_k": 68.41185945797477,
  "summary_bg_mad": 4.035896715728185,
  "summary_bg_mean": 9.32136910143981,
  "summary_bg_median": 5.3605828285217285,
  "summary_bg_n": 3483729.0,
  "summary_bg_p05": 0.0,
  "summary_bg_p95": 30.320796623826027,
  "summary_bg_stdv": 11.515455568115787,
  "summary_csf_k": 1.1459559834845772,
  "summary_csf_mad": 78.3584870038303,
  "summary_csf_mean": 350.90852413151475,
  "summary_csf_median": 338.889345690608,
  "summary_csf_n": 31901.0,
  "summary_csf_p05": 226.65214271843433,
  "summary_csf_p95": 519.892775259912,
  "summary_csf_stdv": 89.53120381585863,
  "summary_gm_k": 0.05339888130899384,
  "summary_gm_mad": 55.69537467704896,
  "summary_gm_mean": 752.8572386142273,
  "summary_gm_median": 752.9106100872159,
  "summary_gm_n": 12795.0,
  "summary_gm_p05": 660.84678796269,
  "summary_gm_p95": 846.3020140528679,
  "summary_gm_stdv": 56.57213297602147,
  "summary_wm_k": 0.3826036897659142,
  "summary_wm_mad": 48.741214182255774,
  "summary_wm_mean": 1000.5290537775148,
  "summary_wm_median": 1000.0418543927372,
  "summary_wm_n": 247553.0,
  "summary_wm_p05": 917.4553751908243,
  "summary_wm_p95": 1084.5129134953022,
  "summary_wm_stdv": 50.793262324907204,
  "tpm_overlap_csf": 0.16485024988651276,
  "tpm_overlap_gm": 0.40664172172546387,
  "tpm_overlap_wm": 0.49147650599479675,
  "wm2max": 0.49544017745550534
}