{
  "bids_meta": {
    "AcquisitionMatrixPE": 256,
    "AcquisitionNumber": 1,
    "AcquisitionTime": "16:59:37.982500",
    "BaseResolution": 256,
    "BodyPartExamined": "HEAD",
    "CoilCombinationMethod": "Adaptive Combine",
    "ConsistencyInfo": "N4_VD13D_LATEST_20130810",
    "ConversionSoftware": "dcm2niix",
    "ConversionSoftwareVersion": "v1.0.20211006",
    "Dcm2bidsVersion": "2.1.6",
    "DeviceSerialNumber": "66040",
    "DwellTime": 1.5e-05,
    "EchoTime": 0.00303,
    "FlipAngle": 9,
    "FrameTimesStart": [
      0
    ],
    "ImageOrientationPatientDICOM": [
      -6.97407e-05,
      0.979684,
      -0.200549,
      0.0128565,
      -0.200531,
      -0.979603
    ],
    "ImageOrientationText": "Sag>Tra(-0.7)>Cor(-0.2)",
    "ImageType": [
      "ORIGINAL",
      "PRIMARY",
      "M",
      "ND",
      "NORM"
    ],
    "ImagingFrequency": 123.21,
    "InPlanePhaseEncodingDirectionDICOM": "ROW",
    "InstitutionAddress": "Magyar Tudosok Korutja 2,Budapest,,HU,1117",
    "InstitutionName": "RCNS",
    "InstitutionalDepartmentName": "BIC",
    "InversionTime": 0.9,
    "MRAcquisitionType": "3D",
    "MagneticFieldStrength": 3,
    "Manufacturer": "Siemens",
    "ManufacturersModelName": "Prisma",
    "MatrixCoilMode": "GRAPPA",
    "Modality": "MR",
    "ParallelReductionFactorInPlane": 2,
    "PartialFourier": 1,
    "PatientPosition": "HFS",
    "PercentPhaseFOV": 100,
    "PercentSampling": 100,
    "PhaseEncodingSteps": 255,
    "PhaseResolution": 1,
    "PixelBandwidth": 130,
    "ProcedureStepDescription": "head^MR-artefacts",
    "ProtocolName": "MPRAGE_move1",
    "PulseSequenceDetails": "%SiemensSeq%\\tfl",
    "ReceiveCoilActiveElements": "HE1-4",
    "ReceiveCoilName": "HeadNeck_20",
    "ReconMatrixPE": 256,
    "RefLinesPE": 24,
    "RepetitionTime": 2.3,
    "SAR": 0.05926,
    "ScanOptions": "IR",
    "ScanningSequence": "GR\\IR",
    "SequenceName": "*tfl3d1_16ns",
    "SequenceVariant": "SK\\SP\\MP",
    "SeriesDescription": "MPRAGE_move1",
    "SeriesNumber": 18,
    "ShimSetting": [
      5948,
      -983,
      1041,
      100,
      -8,
      -148,
      55,
      -33
    ],
    "SliceThickness": 1,
    "SoftwareVersions": "syngo MR D13D",
    "SpoilingState": true,
    "StationName": "AWP66040",
    "TxRefAmp": 256.871,
    "acq_id": "headmotion1",
    "dataset": "<unset>",
    "modality": "T1w",
    "subject_id": "988653"
  },
  "cjv": 0.36125633501080395,
  "cnr": 3.7192641265033424,
  "efc": 0.5890161497862939,
  "fber": 5386.670339761249,
  "fwhm_avg": 4.50185,
  "fwhm_x": 4.33364,
  "fwhm_y": 4.52771,
  "fwhm_z": 4.6442,
  "icvs_csf": 0.20426649477862305,
  "icvs_gm": 0.4019492114240603,
  "icvs_wm": 0.39378429379731666,
  "inu_med": 0.9306812286376953,
  "inu_range": 0.23075031042098992,
  "provenance": {
    "md5sum": "1fd90e13d92efa6f163cb600c052ad7e",
    "settings": {
      "testing": false
    },
    "software": "mriqc",
    "version": "0.16.1",
    "warnings": {
      "large_rot_frame": true,
      "small_air_mask": false
    },
    "webapi_port": null,
    "webapi_url": "https://mriqc.nimh.nih.gov/api/v1"
  },
  "qi_1": 0.0,
  "qi_2": 0.005221854180246058,
  "rpve_csf": 32.761725749494396,
  "rpve_gm": 17.48744683692909,
  "rpve_wm": 21.731714262892307,
  "size_x": 192,
  "size_y": 256,
  "size_z": 256,
  "snr_csf": 3.0493946919139985,
  "snr_gm": 15.303306372809166,
  "snr_total": 14.162088423665923,
  "snr_wm": 24.133564206274606,
  "snrd_csf": 32.92801881696768,
  "snrd_gm": 68.68563783833635,
  "snrd_total": 64.15827751129477,
  "snrd_wm": 90.86117587858026,
  "spacing_x": 1.0,
  "spacing_y": 1.0,
  "spacing_z": 1.0,
  "summary_bg_k": 9.179893974992497,
  "summary_bg_mad": 7.2106083279010065,
  "summary_bg_mean": 11.296095168817082,
  "summary_bg_median": 7.2952221147716045,
  "summary_bg_n": 2241300.0,
  "summary_bg_p05": 0.0,
  "summary_bg_p95": 36.262799985706806,
  "summary_bg_stdv": 12.211628036453114,
  "summary_csf_k": -0.267648538967427,
  "summary_csf_mad": 123.65560772847779,
  "summary_csf_mean": 377.85336908767306,
  "summary_csf_median": 362.41468926891685,
  "summary_csf_n": 19368.0,
  "summary_csf_p05": 204.8933523427695,
  "summary_csf_p95": 585.3093221457675,
  "summary_csf_stdv": 118.84500687685568,
  "summary_gm_k": 0.003998950752845953,
  "summary_gm_mad": 49.58874499188061,
  "summary_gm_mean": 756.0336500801045,
  "summary_gm_median": 755.9727244079113,
  "summary_gm_n": 24728.0,
  "summary_gm_p05": 674.9722947692499,
  "summary_gm_p95": 836.5465328702702,
  "summary_gm_stdv": 49.39830779529803,
  "summary_wm_k": 0.527582680954882,
  "summary_wm_mad": 38.58307964929486,
  "summary_wm_mean": 1000.6120241646987,
  "summary_wm_median": 1000.0426993705332,
  "summary_wm_n": 214846.0,
  "summary_wm_p05": 932.6365535147488,
  "summary_wm_p95": 1069.3686405196786,
  "summary_wm_stdv": 41.43774054559637,
  "tpm_overlap_csf": 0.16302478313446045,
  "tpm_overlap_gm": 0.44586631655693054,
  "tpm_overlap_wm": 0.5235342383384705,
  "wm2max": 0.5170670679177024
}