{
  "bids_meta": {
    "AcquisitionMatrixPE": 256,
    "AcquisitionNumber": 1,
    "AcquisitionTime": "17:05:43.622500",
    "BaseResolution": 256,
    "BodyPartExamined": "HEAD",
    "CoilCombinationMethod": "Adaptive Combine",
    "ConsistencyInfo": "N4_VD13D_LATEST_20130810",
    "ConversionSoftware": "dcm2niix",
    "ConversionSoftwareVersion": "v1.0.20211006",
    "Dcm2bidsVersion": "2.1.6",
    "DeviceSerialNumber": "66040",
    "DwellTime": 1.5e-05,
    "EchoTime": 0.00303,
    "FlipAngle": 9,
    "FrameTimesStart": [
      0
    ],
    "ImageOrientationPatientDICOM": [
      -6.97407e-05,
      0.979684,
      -0.200549,
      0.0128565,
      -0.200531,
      -0.979603
    ],
    "ImageOrientationText": "Sag>Tra(-0.7)>Cor(-0.2)",
    "ImageType": [
      "ORIGINAL",
      "PRIMARY",
      "M",
      "ND",
      "NORM"
    ],
    "ImagingFrequency": 123.21,
    "InPlanePhaseEncodingDirectionDICOM": "ROW",
    "InstitutionAddress": "Magyar Tudosok Korutja 2,Budapest,,HU,1117",
    "InstitutionName": "RCNS",
    "InstitutionalDepartmentName": "BIC",
    "InversionTime": 0.9,
    "MRAcquisitionType": "3D",
    "MagneticFieldStrength": 3,
    "Manufacturer": "Siemens",
    "ManufacturersModelName": "Prisma",
    "MatrixCoilMode": "GRAPPA",
    "Modality": "MR",
    "ParallelReductionFactorInPlane": 2,
    "PartialFourier": 1,
    "PatientPosition": "HFS",
    "PercentPhaseFOV": 100,
    "PercentSampling": 100,
    "PhaseEncodingSteps": 255,
    "PhaseResolution": 1,
    "PixelBandwidth": 130,
    "ProcedureStepDescription": "head^MR-artefacts",
    "ProtocolName": "MPRAGE_move2",
    "PulseSequenceDetails": "%SiemensSeq%\\tfl",
    "ReceiveCoilActiveElements": "HE1-4",
    "ReceiveCoilName": "HeadNeck_20",
    "ReconMatrixPE": 256,
    "RefLinesPE": 24,
    "RepetitionTime": 2.3,
    "SAR": 0.05926,
    "ScanOptions": "IR",
    "ScanningSequence": "GR\\IR",
    "SequenceName": "*tfl3d1_16ns",
    "SequenceVariant": "SK\\SP\\MP",
    "SeriesDescription": "MPRAGE_move2",
    "SeriesNumber": 20,
    "ShimSetting": [
      5948,
      -983,
      1041,
      100,
      -8,
      -148,
      55,
      -33
    ],
    "SliceThickness": 1,
    "SoftwareVersions": "syngo MR D13D",
    "SpoilingState": true,
    "StationName": "AWP66040",
    "TxRefAmp": 256.871,
    "acq_id": "headmotion2",
    "dataset": "<unset>",
    "modality": "T1w",
    "subject_id": "988653"
  },
  "cjv": 0.38116615665927944,
  "cnr": 3.499504100694214,
  "efc": 0.5912941847586634,
  "fber": 5316.14432649576,
  "fwhm_avg": 4.318623333333333,
  "fwhm_x": 4.15358,
  "fwhm_y": 4.309,
  "fwhm_z": 4.49329,
  "icvs_csf": 0.20003944551906627,
  "icvs_gm": 0.4027646966611811,
  "icvs_wm": 0.3971958578197527,
  "inu_med": 1.437230110168457,
  "inu_range": 0.34867960214614846,
  "provenance": {
    "md5sum": "69312f7246f466d5630dc1b13ad2e75a",
    "settings": {
      "testing": false
    },
    "software": "mriqc",
    "version": "0.16.1",
    "warnings": {
      "large_rot_frame": true,
      "small_air_mask": false
    },
    "webapi_port": null,
    "webapi_url": "https://mriqc.nimh.nih.gov/api/v1"
  },
  "qi_1": 0.0,
  "qi_2": 0.0143211577550319,
  "rpve_csf": 33.574506119819624,
  "rpve_gm": 17.60873356017415,
  "rpve_wm": 21.604046008282594,
  "size_x": 192,
  "size_y": 256,
  "size_z": 256,
  "snr_csf": 2.951548192174233,
  "snr_gm": 14.94707902611622,
  "snr_total": 12.801990791661899,
  "snr_wm": 20.507345156695237,
  "snrd_csf": 32.7264582544624,
  "snrd_gm": 66.96268264538259,
  "snrd_total": 62.905630297519984,
  "snrd_wm": 89.02774999271496,
  "spacing_x": 1.0,
  "spacing_y": 1.0,
  "spacing_z": 1.0,
  "summary_bg_k": 5.73475546990899,
  "summary_bg_mad": 7.359108631100116,
  "summary_bg_mean": 10.727785503604945,
  "summary_bg_median": 7.445465013384819,
  "summary_bg_n": 2229808.0,
  "summary_bg_p05": 0.0,
  "summary_bg_p95": 31.82827441394329,
  "summary_bg_stdv": 10.293094189458827,
  "summary_csf_k": 1.1307003643412283,
  "summary_csf_mad": 135.4979738305188,
  "summary_csf_mean": 376.40860674710433,
  "summary_csf_median": 367.6143924444914,
  "summary_csf_n": 17745.0,
  "summary_csf_p05": 186.13662533462048,
  "summary_csf_p95": 584.3166109919548,
  "summary_csf_stdv": 124.5461737742953,
  "summary_gm_k": -0.07363992383687057,
  "summary_gm_mad": 50.900501365109136,
  "summary_gm_mean": 752.5765778498039,
  "summary_gm_median": 752.1878996416926,
  "summary_gm_n": 23270.0,
  "summary_gm_p05": 670.3095548599958,
  "summary_gm_p95": 835.3528730265796,
  "summary_gm_stdv": 50.32232290823582,
  "summary_wm_k": 1.0027996262629637,
  "summary_wm_mad": 43.57366952625069,
  "summary_wm_mean": 1001.5057041529923,
  "summary_wm_median": 1000.0435112714767,
  "summary_wm_n": 213987.0,
  "summary_wm_p05": 923.6730689704418,
  "summary_wm_p95": 1083.598174199462,
  "summary_wm_stdv": 48.765023796853825,
  "tpm_overlap_csf": 0.16469688713550568,
  "tpm_overlap_gm": 0.4429164528846741,
  "tpm_overlap_wm": 0.5217292904853821,
  "wm2max": 0.5221780152324657
}