{
  "bids_meta": {
    "AcquisitionMatrixPE": 256,
    "AcquisitionNumber": 1,
    "AcquisitionTime": "13:04:7.115000",
    "BodyPartExamined": "HEAD",
    "CoilString": "HeadNeck_20",
    "ConversionSoftware": "dcm2niix",
    "ConversionSoftwareVersion": "v1.0.20211006",
    "Dcm2bidsVersion": "2.1.6",
    "DeviceSerialNumber": "66040",
    "EchoTime": 0.00303,
    "FlipAngle": 9,
    "ImageOrientationPatientDICOM": [
      -0.0550418,
      0.996648,
      0.0605228,
      0.00685648,
      0.0609906,
      -0.998115
    ],
    "ImageType": [
      "ORIGINAL",
      "PRIMARY",
      "M",
      "NONE"
    ],
    "ImagingFrequency": 123.227,
    "InPlanePhaseEncodingDirectionDICOM": "ROW",
    "InstitutionAddress": "Magyar Tudosok Korutja 2,Budapest,,HU,1117",
    "InstitutionName": "RCNS",
    "InstitutionalDepartmentName": "BIC",
    "InversionTime": 0.9,
    "MRAcquisitionType": "3D",
    "MTState": true,
    "MagneticFieldStrength": 3,
    "Manufacturer": "Siemens",
    "ManufacturersModelName": "MAGNETOM Prisma",
    "Modality": "MR",
    "ParallelAcquisitionTechnique": "GRAPPA",
    "ParallelReductionFactorInPlane": 2,
    "PatientPosition": "HFS",
    "PercentPhaseFOV": 100,
    "PercentSampling": 100,
    "PixelBandwidth": 130,
    "ProcedureStepDescription": "head MR-artefacts",
    "ProtocolName": "MPRAGE_conventional",
    "ReceiveCoilActiveElements": "HE1-4;NE1,2",
    "ReconMatrixPE": 256,
    "RepetitionTime": 2.3,
    "SequenceVariant": "SK\\SP\\MP",
    "SeriesDescription": "MPRAGE_conventional",
    "SeriesNumber": 5,
    "SliceThickness": 1,
    "SoftwareVersions": "syngo MR XA30",
    "StationName": "AWP66040",
    "acq_id": "standard",
    "dataset": "<unset>",
    "modality": "T1w",
    "subject_id": "664050"
  },
  "cjv": 0.3295130400689236,
  "cnr": 3.9686028828195417,
  "efc": 0.5650504203181155,
  "fber": 9228.458261504747,
  "fwhm_avg": 4.530226666666667,
  "fwhm_x": 4.24338,
  "fwhm_y": 4.72545,
  "fwhm_z": 4.62185,
  "icvs_csf": 0.2383907284969341,
  "icvs_gm": 0.39590600518331825,
  "icvs_wm": 0.36570326631974764,
  "inu_med": 1.2281818389892578,
  "inu_range": 0.35454602241516087,
  "provenance": {
    "md5sum": "0253022cc9d32fabb88473b4b610b0a6",
    "settings": {
      "testing": false
    },
    "software": "mriqc",
    "version": "0.16.1",
    "warnings": {
      "large_rot_frame": true,
      "small_air_mask": false
    },
    "webapi_port": null,
    "webapi_url": "https://mriqc.nimh.nih.gov/api/v1"
  },
  "qi_1": 0.0,
  "qi_2": 0.007586480439547148,
  "rpve_csf": 30.534402907783402,
  "rpve_gm": 18.02957661714269,
  "rpve_wm": 23.989671255302873,
  "size_x": 192,
  "size_y": 256,
  "size_z": 256,
  "snr_csf": 3.332780551664136,
  "snr_gm": 13.354654525923749,
  "snr_total": 13.571239108389761,
  "snr_wm": 24.0262822475814,
  "snrd_csf": 42.43035222524316,
  "snrd_gm": 91.95484416484948,
  "snrd_total": 86.94363737045619,
  "snrd_wm": 126.44571572127592,
  "spacing_x": 1.0,
  "spacing_y": 1.0,
  "spacing_z": 1.0,
  "summary_bg_k": 5.304765372934613,
  "summary_bg_mad": 5.181363682621938,
  "summary_bg_mean": 7.544497071975576,
  "summary_bg_median": 7.027540095150471,
  "summary_bg_n": 2046997.0,
  "summary_bg_p05": 0.0,
  "summary_bg_p95": 17.62583029270172,
  "summary_bg_stdv": 5.168157796056426,
  "summary_csf_k": 0.09488944802840926,
  "summary_csf_mad": 97.09424987869805,
  "summary_csf_mean": 357.591324988129,
  "summary_csf_median": 335.57453621923923,
  "summary_csf_n": 19791.0,
  "summary_csf_p05": 228.45203314721584,
  "summary_csf_p95": 544.5393906161189,
  "summary_csf_stdv": 100.68651474412849,
  "summary_gm_k": 0.12261107145457828,
  "summary_gm_mad": 52.714743553631884,
  "summary_gm_mean": 725.7565579269577,
  "summary_gm_median": 727.2554330900311,
  "summary_gm_n": 14949.0,
  "summary_gm_p05": 634.1424261644482,
  "summary_gm_p95": 814.02466057837,
  "summary_gm_stdv": 54.45525428758169,
  "summary_wm_k": 0.932069139709855,
  "summary_wm_mad": 37.17065250576607,
  "summary_wm_mean": 997.3481512471257,
  "summary_wm_median": 1000.0379488915205,
  "summary_wm_n": 171483.0,
  "summary_wm_p05": 920.8356726840138,
  "summary_wm_p95": 1059.9429798647761,
  "summary_wm_stdv": 41.62254579092733,
  "tpm_overlap_csf": 0.16457149386405945,
  "tpm_overlap_gm": 0.4336172640323639,
  "tpm_overlap_wm": 0.5077557563781738,
  "wm2max": 0.5195728485944489
}