{
  "bids_meta": {
    "AcquisitionMatrixPE": 256,
    "AcquisitionNumber": 1,
    "AcquisitionTime": "13:09:32.807500",
    "BodyPartExamined": "HEAD",
    "CoilString": "HeadNeck_20",
    "ConversionSoftware": "dcm2niix",
    "ConversionSoftwareVersion": "v1.0.20211006",
    "Dcm2bidsVersion": "2.1.6",
    "DeviceSerialNumber": "66040",
    "EchoTime": 0.00303,
    "FlipAngle": 9,
    "ImageOrientationPatientDICOM": [
      -0.0550418,
      0.996648,
      0.0605228,
      0.00685648,
      0.0609906,
      -0.998115
    ],
    "ImageType": [
      "ORIGINAL",
      "PRIMARY",
      "M",
      "NONE"
    ],
    "ImagingFrequency": 123.227,
    "InPlanePhaseEncodingDirectionDICOM": "ROW",
    "InstitutionAddress": "Magyar Tudosok Korutja 2,Budapest,,HU,1117",
    "InstitutionName": "RCNS",
    "InstitutionalDepartmentName": "BIC",
    "InversionTime": 0.9,
    "MRAcquisitionType": "3D",
    "MTState": true,
    "MagneticFieldStrength": 3,
    "Manufacturer": "Siemens",
    "ManufacturersModelName": "MAGNETOM Prisma",
    "Modality": "MR",
    "ParallelAcquisitionTechnique": "GRAPPA",
    "ParallelReductionFactorInPlane": 2,
    "PatientPosition": "HFS",
    "PercentPhaseFOV": 100,
    "PercentSampling": 100,
    "PixelBandwidth": 130,
    "ProcedureStepDescription": "head MR-artefacts",
    "ProtocolName": "MPRAGE_move1",
    "ReceiveCoilActiveElements": "HE1-4;NE1,2",
    "ReconMatrixPE": 256,
    "RepetitionTime": 2.3,
    "SequenceVariant": "SK\\SP\\MP",
    "SeriesDescription": "MPRAGE_move1",
    "SeriesNumber": 6,
    "SliceThickness": 1,
    "SoftwareVersions": "syngo MR XA30",
    "StationName": "AWP66040",
    "acq_id": "headmotion1",
    "dataset": "<unset>",
    "modality": "T1w",
    "subject_id": "664050"
  },
  "cjv": 0.5037738267474811,
  "cnr": 2.6649279258238403,
  "efc": 0.5941697707029026,
  "fber": 2082.6133645814557,
  "fwhm_avg": 4.847173333333334,
  "fwhm_x": 4.516,
  "fwhm_y": 5.0155,
  "fwhm_z": 5.01002,
  "icvs_csf": 0.24637746175937786,
  "icvs_gm": 0.3845618388130786,
  "icvs_wm": 0.3690606994275435,
  "inu_med": 1.3442801237106323,
  "inu_range": 0.5379225194454194,
  "provenance": {
    "md5sum": "abdd6f515002fb12908616b7ef970550",
    "settings": {
      "testing": false
    },
    "software": "mriqc",
    "version": "0.16.1",
    "warnings": {
      "large_rot_frame": true,
      "small_air_mask": false
    },
    "webapi_port": null,
    "webapi_url": "https://mriqc.nimh.nih.gov/api/v1"
  },
  "qi_1": 9.50307945026948e-06,
  "qi_2": 0.009405780285872627,
  "rpve_csf": 30.552945716930758,
  "rpve_gm": 18.39108601146938,
  "rpve_wm": 23.07552363434429,
  "size_x": 192,
  "size_y": 256,
  "size_z": 256,
  "snr_csf": 4.0747749780753235,
  "snr_gm": 11.54897049766445,
  "snr_total": 10.386057762062348,
  "snr_wm": 15.534427810447271,
  "snrd_csf": 22.29561880979544,
  "snrd_gm": 42.792797634471306,
  "snrd_total": 40.7276253027363,
  "snrd_wm": 57.094459463942165,
  "spacing_x": 1.0,
  "spacing_y": 1.0,
  "spacing_z": 1.0,
  "summary_bg_k": 7.0164112203618085,
  "summary_bg_mad": 11.475065741672454,
  "summary_bg_mean": 18.946504599100695,
  "summary_bg_median": 11.629772670567036,
  "summary_bg_n": 2024460.0,
  "summary_bg_p05": 0.0,
  "summary_bg_p95": 66.20949889346957,
  "summary_bg_stdv": 21.90602910514645,
  "summary_csf_k": 0.1147048537537505,
  "summary_csf_mad": 98.34071884314113,
  "summary_csf_mean": 394.2219688371925,
  "summary_csf_median": 390.5197457447648,
  "summary_csf_n": 27094.0,
  "summary_csf_p05": 246.47097528725863,
  "summary_csf_p95": 554.1265856210141,
  "summary_csf_stdv": 95.83659000128831,
  "summary_gm_k": -0.12806875974164456,
  "summary_gm_mad": 65.7289387431031,
  "summary_gm_mean": 751.0984308160866,
  "summary_gm_median": 749.5388486180454,
  "summary_gm_n": 12008.0,
  "summary_gm_p05": 647.5377217642963,
  "summary_gm_p95": 860.6031776219606,
  "summary_gm_stdv": 64.89822085363454,
  "summary_wm_k": 0.5099332862793129,
  "summary_wm_mad": 60.46705626570407,
  "summary_wm_mean": 1002.4726204767346,
  "summary_wm_median": 1000.0401416756213,
  "summary_wm_n": 171394.0,
  "summary_wm_p05": 898.4199901334941,
  "summary_wm_p95": 1112.608320593834,
  "summary_wm_stdv": 64.37554292323107,
  "tpm_overlap_csf": 0.16007328033447266,
  "tpm_overlap_gm": 0.42588964104652405,
  "tpm_overlap_wm": 0.49532434344291687,
  "wm2max": 0.49768943235413027
}