{
  "bids_meta": {
    "AcquisitionMatrixPE": 256,
    "AcquisitionNumber": 1,
    "AcquisitionTime": "13:19:19.650000",
    "BaseResolution": 256,
    "BodyPartExamined": "HEAD",
    "CoilCombinationMethod": "Adaptive Combine",
    "ConsistencyInfo": "N4_VD13D_LATEST_20130810",
    "ConversionSoftware": "dcm2niix",
    "ConversionSoftwareVersion": "v1.0.20211006",
    "Dcm2bidsVersion": "2.1.6",
    "DeviceSerialNumber": "66040",
    "DwellTime": 1.5e-05,
    "EchoTime": 0.00303,
    "FlipAngle": 9,
    "FrameTimesStart": [
      0
    ],
    "ImageOrientationPatientDICOM": [
      -0.0830683,
      0.996538,
      0.00328157,
      0.0869998,
      0.0105323,
      -0.996153
    ],
    "ImageOrientationText": "Sag>Tra(-5.0)>Cor(-4.7)",
    "ImageType": [
      "ORIGINAL",
      "PRIMARY",
      "M",
      "ND",
      "NORM"
    ],
    "ImagingFrequency": 123.21,
    "InPlanePhaseEncodingDirectionDICOM": "ROW",
    "InstitutionAddress": "Magyar Tudosok Korutja 2,Budapest,,HU,1117",
    "InstitutionName": "RCNS",
    "InstitutionalDepartmentName": "BIC",
    "InversionTime": 0.9,
    "MRAcquisitionType": "3D",
    "MagneticFieldStrength": 3,
    "Manufacturer": "Siemens",
    "ManufacturersModelName": "Prisma",
    "MatrixCoilMode": "GRAPPA",
    "Modality": "MR",
    "ParallelReductionFactorInPlane": 2,
    "PartialFourier": 1,
    "PatientPosition": "HFS",
    "PercentPhaseFOV": 100,
    "PercentSampling": 100,
    "PhaseEncodingSteps": 255,
    "PhaseResolution": 1,
    "PixelBandwidth": 130,
    "ProcedureStepDescription": "head^MR-artefacts",
    "ProtocolName": "MPRAGE_conventional",
    "PulseSequenceDetails": "%SiemensSeq%\\tfl",
    "ReceiveCoilActiveElements": "HE1-4",
    "ReceiveCoilName": "HeadNeck_20",
    "ReconMatrixPE": 256,
    "RefLinesPE": 24,
    "RepetitionTime": 2.3,
    "SAR": 0.0564536,
    "ScanOptions": "IR",
    "ScanningSequence": "GR\\IR",
    "SequenceName": "*tfl3d1_16ns",
    "SequenceVariant": "SK\\SP\\MP",
    "SeriesDescription": "MPRAGE_conventional",
    "SeriesNumber": 6,
    "ShimSetting": [
      5981,
      -1051,
      1160,
      210,
      44,
      -134,
      30,
      -27
    ],
    "SliceThickness": 1,
    "SoftwareVersions": "syngo MR D13D",
    "SpoilingState": true,
    "StationName": "AWP66040",
    "TxRefAmp": 243.986,
    "acq_id": "standard",
    "dataset": "<unset>",
    "modality": "T1w",
    "subject_id": "108142"
  },
  "cjv": 0.3108094144351196,
  "cnr": 4.159651021607678,
  "efc": 0.5698876839424852,
  "fber": 19321.000000000004,
  "fwhm_avg": 4.617236666666667,
  "fwhm_x": 4.3794,
  "fwhm_y": 4.67391,
  "fwhm_z": 4.7984,
  "icvs_csf": 0.22816901503313897,
  "icvs_gm": 0.4101440237937475,
  "icvs_wm": 0.3616869611731135,
  "inu_med": 1.5395512580871582,
  "inu_range": 0.5405389487743377,
  "provenance": {
    "md5sum": "31bdba4c5710a5e4ec40474cb61ec0ef",
    "settings": {
      "testing": false
    },
    "software": "mriqc",
    "version": "0.16.1",
    "warnings": {
      "large_rot_frame": true,
      "small_air_mask": false
    },
    "webapi_port": null,
    "webapi_url": "https://mriqc.nimh.nih.gov/api/v1"
  },
  "qi_1": 0.0,
  "qi_2": 0.0073594326669488876,
  "rpve_csf": 24.819563691182935,
  "rpve_gm": 14.02405843538708,
  "rpve_wm": 19.28216889218023,
  "size_x": 192,
  "size_y": 256,
  "size_z": 256,
  "snr_csf": 3.3006147928775937,
  "snr_gm": 13.395599754175366,
  "snr_total": 13.112130066945992,
  "snr_wm": 22.640175653785015,
  "snrd_csf": 63.539060206290564,
  "snrd_gm": 138.86166098981266,
  "snrd_total": 132.4758412134536,
  "snrd_wm": 195.02680244425756,
  "spacing_x": 1.0,
  "spacing_y": 1.0,
  "spacing_z": 1.0,
  "summary_bg_k": 15.398224635970866,
  "summary_bg_mad": 3.359211972305374,
  "summary_bg_mean": 4.834633710947521,
  "summary_bg_median": 4.578711297363043,
  "summary_bg_n": 2656297.0,
  "summary_bg_p05": 0.0,
  "summary_bg_p95": 11.706395894289017,
  "summary_bg_stdv": 4.150316591399616,
  "summary_csf_k": 8.670933589240928,
  "summary_csf_mad": 91.46854266256508,
  "summary_csf_mean": 344.90070718155675,
  "summary_csf_median": 325.7965502515435,
  "summary_csf_n": 24595.0,
  "summary_csf_p05": 217.9372171126306,
  "summary_csf_p95": 524.1444355249405,
  "summary_csf_stdv": 98.70583130753553,
  "summary_gm_k": 0.39204092924788236,
  "summary_gm_mad": 50.5981303328497,
  "summary_gm_mean": 711.3778189505496,
  "summary_gm_median": 712.0132083445787,
  "summary_gm_n": 30146.0,
  "summary_gm_p05": 623.3655813708901,
  "summary_gm_p95": 797.5454235076904,
  "summary_gm_stdv": 53.151886582039054,
  "summary_wm_k": 1.0789876863319314,
  "summary_wm_mad": 38.91087201253725,
  "summary_wm_mean": 995.441959911978,
  "summary_wm_median": 999.9999879859388,
  "summary_wm_n": 220296.0,
  "summary_wm_p05": 911.2107513844967,
  "summary_wm_p95": 1058.7679835036397,
  "summary_wm_stdv": 44.1691678369412,
  "tpm_overlap_csf": 0.16359220445156097,
  "tpm_overlap_gm": 0.444610059261322,
  "tpm_overlap_wm": 0.4975685775279999,
  "wm2max": 0.630412141050439
}