{
  "bids_meta": {
    "AcquisitionMatrixPE": 256,
    "AcquisitionNumber": 1,
    "AcquisitionTime": "16:10:52.692500",
    "BaseResolution": 256,
    "BodyPartExamined": "HEAD",
    "CoilCombinationMethod": "Adaptive Combine",
    "ConsistencyInfo": "N4_VD13D_LATEST_20130810",
    "ConversionSoftware": "dcm2niix",
    "ConversionSoftwareVersion": "v1.0.20211006",
    "Dcm2bidsVersion": "2.1.6",
    "DeviceSerialNumber": "66040",
    "DwellTime": 1.5e-05,
    "EchoTime": 0.00303,
    "FlipAngle": 9,
    "ImageOrientationPatientDICOM": [
      -0.0484149,
      0.998807,
      -0.00629334,
      -0.0267484,
      -0.00759498,
      -0.999613
    ],
    "ImageOrientationText": "Sag>Cor(-2.8)>Tra(1.6)",
    "ImageType": [
      "ORIGINAL",
      "PRIMARY",
      "M",
      "ND",
      "NORM"
    ],
    "ImagingFrequency": 123.21,
    "InPlanePhaseEncodingDirectionDICOM": "ROW",
    "InstitutionAddress": "Magyar Tudosok Korutja 2,Budapest,,HU,1117",
    "InstitutionName": "RCNS",
    "InstitutionalDepartmentName": "BIC",
    "InversionTime": 0.9,
    "MRAcquisitionType": "3D",
    "MagneticFieldStrength": 3,
    "Manufacturer": "Siemens",
    "ManufacturersModelName": "Prisma",
    "MatrixCoilMode": "GRAPPA",
    "Modality": "MR",
    "ParallelReductionFactorInPlane": 2,
    "PartialFourier": 1,
    "PatientPosition": "HFS",
    "PercentPhaseFOV": 100,
    "PercentSampling": 100,
    "PhaseEncodingSteps": 255,
    "PhaseResolution": 1,
    "PixelBandwidth": 130,
    "ProcedureStepDescription": "head^MR-artefacts",
    "ProtocolName": "MPRAGE_conventional",
    "PulseSequenceDetails": "%SiemensSeq%\\tfl",
    "ReceiveCoilActiveElements": "HE1-4",
    "ReceiveCoilName": "HeadNeck_20",
    "ReconMatrixPE": 256,
    "RefLinesPE": 24,
    "RepetitionTime": 2.3,
    "SAR": 0.062562,
    "ScanOptions": "IR",
    "ScanningSequence": "GR\\IR",
    "SequenceName": "*tfl3d1_16ns",
    "SequenceVariant": "SK\\SP\\MP",
    "SeriesDescription": "MPRAGE_conventional",
    "SeriesNumber": 6,
    "ShimSetting": [
      5943,
      -1070,
      1167,
      158,
      4,
      -209,
      153,
      -25
    ],
    "SliceThickness": 1,
    "SoftwareVersions": "syngo MR D13D",
    "SpoilingState": true,
    "StationName": "AWP66040",
    "TxRefAmp": 251.8,
    "acq_id": "standard",
    "dataset": "<unset>",
    "modality": "T1w",
    "subject_id": "401697"
  },
  "cjv": 0.3177225195569353,
  "cnr": 4.04664108708825,
  "efc": 0.5431278449468249,
  "fber": 21957.52663666715,
  "fwhm_avg": 4.393766666666666,
  "fwhm_x": 4.20749,
  "fwhm_y": 4.51655,
  "fwhm_z": 4.45726,
  "icvs_csf": 0.22117543940407047,
  "icvs_gm": 0.39495408424997946,
  "icvs_wm": 0.38387047634595006,
  "inu_med": 1.1980000734329224,
  "inu_range": 0.3790377914905547,
  "provenance": {
    "md5sum": "c23c1f6a2a7bfdb4412d0c089528bc42",
    "settings": {
      "testing": false
    },
    "software": "mriqc",
    "version": "0.16.1",
    "warnings": {
      "large_rot_frame": true,
      "small_air_mask": false
    },
    "webapi_port": null,
    "webapi_url": "https://mriqc.nimh.nih.gov/api/v1"
  },
  "qi_1": 3.518270230713502e-06,
  "qi_2": 0.010519893423581358,
  "rpve_csf": 29.198225681370122,
  "rpve_gm": 16.539280391739407,
  "rpve_wm": 20.93118458738189,
  "size_x": 192,
  "size_y": 256,
  "size_z": 256,
  "snr_csf": 3.163728309985261,
  "snr_gm": 13.670143408803554,
  "snr_total": 14.649126618804509,
  "snr_wm": 27.113508137624713,
  "snrd_csf": 66.72429851857346,
  "snrd_gm": 143.95678489946468,
  "snrd_total": 135.4711986667144,
  "snrd_wm": 195.7325125821051,
  "spacing_x": 1.0,
  "spacing_y": 1.0,
  "spacing_z": 1.0,
  "summary_bg_k": 13.029043614303625,
  "summary_bg_mad": 3.3471003917527296,
  "summary_bg_mean": 4.933398663048088,
  "summary_bg_median": 4.5702328607439995,
  "summary_bg_n": 3190781.0,
  "summary_bg_p05": 0.0,
  "summary_bg_p95": 11.838555000722408,
  "summary_bg_stdv": 4.281259331246796,
  "summary_csf_k": -0.5750820022632714,
  "summary_csf_mad": 119.18942858436549,
  "summary_csf_mean": 363.522508684324,
  "summary_csf_median": 340.89532097429037,
  "summary_csf_n": 22901.0,
  "summary_csf_p05": 221.1331948041916,
  "summary_csf_p95": 546.1152953356504,
  "summary_csf_stdv": 107.7487839309316,
  "summary_gm_k": 0.2418495931190261,
  "summary_gm_mad": 51.79841947724651,
  "summary_gm_mean": 736.9171725836238,
  "summary_gm_median": 735.477112300694,
  "summary_gm_n": 15536.0,
  "summary_gm_p05": 650.6662549059838,
  "summary_gm_p95": 828.8640391901135,
  "summary_gm_stdv": 53.799979988046026,
  "summary_wm_k": 1.1508660497595988,
  "summary_wm_mad": 32.24645499371532,
  "summary_wm_mean": 997.3851198400009,
  "summary_wm_median": 999.9999877586961,
  "summary_wm_n": 210838.0,
  "summary_wm_p05": 930.5104230567813,
  "summary_wm_p95": 1052.2548189014196,
  "summary_wm_stdv": 36.881897067360015,
  "tpm_overlap_csf": 0.17518717050552368,
  "tpm_overlap_gm": 0.43546342849731445,
  "tpm_overlap_wm": 0.5140039920806885,
  "wm2max": 0.5420546800382043
}