{
  "bids_meta": {
    "AcquisitionMatrixPE": 256,
    "AcquisitionNumber": 1,
    "AcquisitionTime": "15:26:19.775000",
    "BaseResolution": 256,
    "BodyPartExamined": "HEAD",
    "CoilCombinationMethod": "Adaptive Combine",
    "ConsistencyInfo": "N4_VD13D_LATEST_20130810",
    "ConversionSoftware": "dcm2niix",
    "ConversionSoftwareVersion": "v1.0.20211006",
    "Dcm2bidsVersion": "2.1.6",
    "DeviceSerialNumber": "66040",
    "DwellTime": 1.5e-05,
    "EchoTime": 0.00303,
    "FlipAngle": 9,
    "ImageOrientationPatientDICOM": [
      0.0541702,
      0.997942,
      0.0343182,
      0.0596326,
      0.0310742,
      -0.997737
    ],
    "ImageOrientationText": "Sag>Tra(-3.3)>Cor(3.2)",
    "ImageType": [
      "ORIGINAL",
      "PRIMARY",
      "M",
      "ND",
      "NORM"
    ],
    "ImagingFrequency": 123.21,
    "InPlanePhaseEncodingDirectionDICOM": "ROW",
    "InstitutionAddress": "Magyar Tudosok Korutja 2,Budapest,,HU,1117",
    "InstitutionName": "RCNS",
    "InstitutionalDepartmentName": "BIC",
    "InversionTime": 0.9,
    "MRAcquisitionType": "3D",
    "MagneticFieldStrength": 3,
    "Manufacturer": "Siemens",
    "ManufacturersModelName": "Prisma",
    "MatrixCoilMode": "GRAPPA",
    "Modality": "MR",
    "ParallelReductionFactorInPlane": 2,
    "PartialFourier": 1,
    "PatientPosition": "HFS",
    "PercentPhaseFOV": 100,
    "PercentSampling": 100,
    "PhaseEncodingSteps": 255,
    "PhaseResolution": 1,
    "PixelBandwidth": 130,
    "ProcedureStepDescription": "head^MR-artefacts",
    "ProtocolName": "MPRAGE_move2",
    "PulseSequenceDetails": "%SiemensSeq%\\tfl",
    "ReceiveCoilActiveElements": "HE1-4",
    "ReceiveCoilName": "HeadNeck_20",
    "ReconMatrixPE": 256,
    "RefLinesPE": 24,
    "RepetitionTime": 2.3,
    "SAR": 0.0604341,
    "ScanOptions": "IR",
    "ScanningSequence": "GR\\IR",
    "SequenceName": "*tfl3d1_16ns",
    "SequenceVariant": "SK\\SP\\MP",
    "SeriesDescription": "MPRAGE_move2",
    "SeriesNumber": 19,
    "ShimSetting": [
      5958,
      -1044,
      1022,
      207,
      -55,
      -52,
      41,
      -17
    ],
    "SliceThickness": 1,
    "SoftwareVersions": "syngo MR D13D",
    "SpoilingState": true,
    "StationName": "AWP66040",
    "TxRefAmp": 239.628,
    "acq_id": "headmotion2",
    "dataset": "<unset>",
    "modality": "T1w",
    "subject_id": "811563"
  },
  "cjv": 0.44115904181181953,
  "cnr": 3.0730116031513024,
  "efc": 0.5561688122824294,
  "fber": 5571.203623386381,
  "fwhm_avg": 4.281610000000001,
  "fwhm_x": 4.09725,
  "fwhm_y": 4.32117,
  "fwhm_z": 4.42641,
  "icvs_csf": 0.22048673617638098,
  "icvs_gm": 0.3900734658935412,
  "icvs_wm": 0.3894397979300778,
  "inu_med": 1.2769020795822144,
  "inu_range": 0.40172853469848624,
  "provenance": {
    "md5sum": "78274f4c0bf6e0a8a16c92b0857fe693",
    "settings": {
      "testing": false
    },
    "software": "mriqc",
    "version": "0.16.1",
    "warnings": {
      "large_rot_frame": true,
      "small_air_mask": false
    },
    "webapi_port": null,
    "webapi_url": "https://mriqc.nimh.nih.gov/api/v1"
  },
  "qi_1": 1.3887337278983027e-05,
  "qi_2": 0.00908081643329285,
  "rpve_csf": 28.132845298954823,
  "rpve_gm": 15.68325189983427,
  "rpve_wm": 19.155902229714197,
  "size_x": 192,
  "size_y": 256,
  "size_z": 256,
  "snr_csf": 3.377871887175462,
  "snr_gm": 12.542210406909554,
  "snr_total": 11.210004230058578,
  "snr_wm": 17.709930396090712,
  "snrd_csf": 66.4998501266262,
  "snrd_gm": 134.28326449470083,
  "snrd_total": 127.00271978091136,
  "snrd_wm": 180.22504472140704,
  "spacing_x": 1.0,
  "spacing_y": 1.0,
  "spacing_z": 1.0,
  "summary_bg_k": 8.059966296399688,
  "summary_bg_mad": 3.635243078700797,
  "summary_bg_mean": 10.569063136351946,
  "summary_bg_median": 4.78710962086916,
  "summary_bg_n": 3020490.0,
  "summary_bg_p05": 0.0,
  "summary_bg_p95": 37.946600653231144,
  "summary_bg_stdv": 12.800839116882912,
  "summary_csf_k": -0.20432769476391854,
  "summary_csf_mad": 116.50088533169696,
  "summary_csf_mean": 379.8404750716966,
  "summary_csf_median": 368.996636711061,
  "summary_csf_n": 26469.0,
  "summary_csf_p05": 218.76701771467924,
  "summary_csf_p95": 566.9650253087282,
  "summary_csf_stdv": 109.23731823324928,
  "summary_gm_k": -0.04659317688512754,
  "summary_gm_mad": 59.952659663017904,
  "summary_gm_mean": 745.6333601673693,
  "summary_gm_median": 745.1155584678054,
  "summary_gm_n": 16646.0,
  "summary_gm_p05": 649.071739224717,
  "summary_gm_p95": 843.5821222141385,
  "summary_gm_stdv": 59.406847177569205,
  "summary_wm_k": 0.6930558007753875,
  "summary_wm_mad": 52.509066692344845,
  "summary_wm_mean": 1001.0950020410634,
  "summary_wm_median": 1000.0388756766915,
  "summary_wm_n": 219290.0,
  "summary_wm_p05": 909.7843455076218,
  "summary_wm_p95": 1095.041595876217,
  "summary_wm_stdv": 56.46756216051921,
  "tpm_overlap_csf": 0.16714057326316833,
  "tpm_overlap_gm": 0.440009206533432,
  "tpm_overlap_wm": 0.5199636220932007,
  "wm2max": 0.5472144134934832
}