{
  "bids_meta": {
    "AcquisitionMatrixPE": 256,
    "AcquisitionNumber": 1,
    "AcquisitionTime": "11:34:39.860000",
    "BodyPartExamined": "HEAD",
    "CoilString": "HeadNeck_20",
    "ConversionSoftware": "dcm2niix",
    "ConversionSoftwareVersion": "v1.0.20211006",
    "Dcm2bidsVersion": "2.1.6",
    "DeviceSerialNumber": "66040",
    "EchoTime": 0.00303,
    "FlipAngle": 9,
    "ImageOrientationPatientDICOM": [
      0.0177602,
      0.999412,
      -0.0293146,
      0.0131635,
      -0.0295504,
      -0.999477
    ],
    "ImageType": [
      "ORIGINAL",
      "PRIMARY",
      "M",
      "NONE"
    ],
    "ImagingFrequency": 123.228,
    "InPlanePhaseEncodingDirectionDICOM": "ROW",
    "InstitutionAddress": "Magyar Tudosok Korutja 2,Budapest,,HU,1117",
    "InstitutionName": "RCNS",
    "InstitutionalDepartmentName": "BIC",
    "InversionTime": 0.9,
    "MRAcquisitionType": "3D",
    "MTState": true,
    "MagneticFieldStrength": 3,
    "Manufacturer": "Siemens",
    "ManufacturersModelName": "MAGNETOM Prisma",
    "Modality": "MR",
    "ParallelAcquisitionTechnique": "GRAPPA",
    "ParallelReductionFactorInPlane": 2,
    "PatientPosition": "HFS",
    "PercentPhaseFOV": 100,
    "PercentSampling": 100,
    "PixelBandwidth": 130,
    "ProcedureStepDescription": "head MR-artefacts",
    "ProtocolName": "MPRAGE_conventional",
    "ReceiveCoilActiveElements": "HE1-4;NE1,2",
    "ReconMatrixPE": 256,
    "RepetitionTime": 2.3,
    "SequenceVariant": "SK\\SP\\MP",
    "SeriesDescription": "MPRAGE_conventional",
    "SeriesNumber": 5,
    "SliceThickness": 1,
    "SoftwareVersions": "syngo MR XA30",
    "StationName": "AWP66040",
    "acq_id": "standard",
    "dataset": "<unset>",
    "modality": "T1w",
    "subject_id": "654178"
  },
  "cjv": 0.35048706579545175,
  "cnr": 3.7739435188019566,
  "efc": 0.5719743996851834,
  "fber": 9773.793906249999,
  "fwhm_avg": 4.9766900000000005,
  "fwhm_x": 4.74311,
  "fwhm_y": 5.09559,
  "fwhm_z": 5.09137,
  "icvs_csf": 0.2399875954532917,
  "icvs_gm": 0.38189531886985906,
  "icvs_wm": 0.3781170856768492,
  "inu_med": 1.255446434020996,
  "inu_range": 0.44575678110122685,
  "provenance": {
    "md5sum": "d81ccb302b894df51d532effa6899857",
    "settings": {
      "testing": false
    },
    "software": "mriqc",
    "version": "0.16.1",
    "warnings": {
      "large_rot_frame": true,
      "small_air_mask": false
    },
    "webapi_port": null,
    "webapi_url": "https://mriqc.nimh.nih.gov/api/v1"
  },
  "qi_1": 0.0,
  "qi_2": 0.024047306872120287,
  "rpve_csf": 26.988313153050377,
  "rpve_gm": 16.073279088985082,
  "rpve_wm": 20.29749677721025,
  "size_x": 192,
  "size_y": 256,
  "size_z": 256,
  "snr_csf": 3.778758536562371,
  "snr_gm": 13.912634203748334,
  "snr_total": 13.46749628089004,
  "snr_wm": 22.71109610235942,
  "snrd_csf": 50.80473519873368,
  "snrd_gm": 100.23668792021991,
  "snrd_total": 95.56451408134758,
  "snrd_wm": 135.6521191250892,
  "spacing_x": 1.0,
  "spacing_y": 1.0,
  "spacing_z": 1.0,
  "summary_bg_k": 14.265673118321114,
  "summary_bg_mad": 4.829532967515082,
  "summary_bg_mean": 6.275558703255422,
  "summary_bg_median": 3.691799882799387,
  "summary_bg_n": 2286373.0,
  "summary_bg_p05": 0.0,
  "summary_bg_p95": 14.28943719342351,
  "summary_bg_stdv": 5.12063308712351,
  "summary_csf_k": -0.12045525497939602,
  "summary_csf_mad": 105.86336264793059,
  "summary_csf_mean": 385.747419052022,
  "summary_csf_median": 374.5222398750484,
  "summary_csf_n": 21136.0,
  "summary_csf_p05": 236.93754483107477,
  "summary_csf_p95": 551.6091936649755,
  "summary_csf_stdv": 99.11016444375353,
  "summary_gm_k": 0.20963068315832833,
  "summary_gm_mad": 51.83698718466187,
  "summary_gm_mean": 735.4675182282009,
  "summary_gm_median": 738.9246047772467,
  "summary_gm_n": 15793.0,
  "summary_gm_p05": 642.8509419448674,
  "summary_gm_p95": 816.9301646538079,
  "summary_gm_stdv": 53.11008681255763,
  "summary_wm_k": 0.8837646462039443,
  "summary_wm_mad": 39.66656410652387,
  "summary_wm_mean": 998.6707138418074,
  "summary_wm_median": 1000.0000059008598,
  "summary_wm_n": 212057.0,
  "summary_wm_p05": 922.3419095426798,
  "summary_wm_p95": 1067.147330828011,
  "summary_wm_stdv": 44.0312366930438,
  "tpm_overlap_csf": 0.1577538102865219,
  "tpm_overlap_gm": 0.43011805415153503,
  "tpm_overlap_wm": 0.49935364723205566,
  "wm2max": 0.4963994653098185
}