{
  "bids_meta": {
    "AcquisitionMatrixPE": 256,
    "AcquisitionNumber": 1,
    "AcquisitionTime": "14:23:45.680000",
    "BaseResolution": 256,
    "BodyPartExamined": "HEAD",
    "CoilCombinationMethod": "Adaptive Combine",
    "ConsistencyInfo": "N4_VD13D_LATEST_20130810",
    "ConversionSoftware": "dcm2niix",
    "ConversionSoftwareVersion": "v1.0.20211006",
    "Dcm2bidsVersion": "2.1.6",
    "DeviceSerialNumber": "66040",
    "DwellTime": 1.5e-05,
    "EchoTime": 0.00303,
    "FlipAngle": 9,
    "ImageOrientationPatientDICOM": [
      -0.0320806,
      0.982286,
      -0.184623,
      0.0439816,
      -0.183151,
      -0.9821
    ],
    "ImageOrientationText": "Sag>Cor(-2.3)>Tra(-2.1)",
    "ImageType": [
      "ORIGINAL",
      "PRIMARY",
      "M",
      "ND",
      "NORM"
    ],
    "ImagingFrequency": 123.21,
    "InPlanePhaseEncodingDirectionDICOM": "ROW",
    "InstitutionAddress": "Magyar Tudosok Korutja 2,Budapest,,HU,1117",
    "InstitutionName": "RCNS",
    "InstitutionalDepartmentName": "BIC",
    "InversionTime": 0.9,
    "MRAcquisitionType": "3D",
    "MagneticFieldStrength": 3,
    "Manufacturer": "Siemens",
    "ManufacturersModelName": "Prisma",
    "MatrixCoilMode": "GRAPPA",
    "Modality": "MR",
    "ParallelReductionFactorInPlane": 2,
    "PartialFourier": 1,
    "PatientPosition": "HFS",
    "PercentPhaseFOV": 100,
    "PercentSampling": 100,
    "PhaseEncodingSteps": 255,
    "PhaseResolution": 1,
    "PixelBandwidth": 130,
    "ProcedureStepDescription": "head^MR-artefacts",
    "ProtocolName": "MPRAGE_conventional",
    "PulseSequenceDetails": "%SiemensSeq%\\tfl",
    "ReceiveCoilActiveElements": "HE1-4",
    "ReceiveCoilName": "HeadNeck_20",
    "ReconMatrixPE": 256,
    "RefLinesPE": 24,
    "RepetitionTime": 2.3,
    "SAR": 0.0683588,
    "ScanOptions": "IR",
    "ScanningSequence": "GR\\IR",
    "SequenceName": "*tfl3d1_16ns",
    "SequenceVariant": "SK\\SP\\MP",
    "SeriesDescription": "MPRAGE_conventional",
    "SeriesNumber": 6,
    "ShimSetting": [
      5964,
      -935,
      1146,
      225,
      30,
      -139,
      -6,
      -77
    ],
    "SliceThickness": 1,
    "SoftwareVersions": "syngo MR D13D",
    "SpoilingState": true,
    "StationName": "AWP66040",
    "TxRefAmp": 285.571,
    "acq_id": "standard",
    "dataset": "<unset>",
    "modality": "T1w",
    "subject_id": "365622"
  },
  "cjv": 0.33582559139334606,
  "cnr": 3.9817867571994556,
  "efc": 0.5425393564996748,
  "fber": 9222.509623671358,
  "fwhm_avg": 4.359986666666667,
  "fwhm_x": 4.26405,
  "fwhm_y": 4.35171,
  "fwhm_z": 4.4642,
  "icvs_csf": 0.2196774564294332,
  "icvs_gm": 0.38429857531172307,
  "icvs_wm": 0.39602396825884373,
  "inu_med": 1.4102762937545776,
  "inu_range": 0.32870771884918204,
  "provenance": {
    "md5sum": "954a8aeb62137f181f648b3ace1a1f92",
    "settings": {
      "testing": false
    },
    "software": "mriqc",
    "version": "0.16.1",
    "warnings": {
      "large_rot_frame": true,
      "small_air_mask": false
    },
    "webapi_port": null,
    "webapi_url": "https://mriqc.nimh.nih.gov/api/v1"
  },
  "qi_1": 0.0,
  "qi_2": 0.008229460717279114,
  "rpve_csf": 30.48665610142631,
  "rpve_gm": 17.35740200711102,
  "rpve_wm": 21.04579920273157,
  "size_x": 192,
  "size_y": 256,
  "size_z": 256,
  "snr_csf": 3.473667256883271,
  "snr_gm": 15.580848152435154,
  "snr_total": 15.246865101679953,
  "snr_wm": 26.686079895721434,
  "snrd_csf": 62.44540034646627,
  "snrd_gm": 133.95676222454003,
  "snrd_total": 124.62076122137098,
  "snrd_wm": 177.46012109310666,
  "spacing_x": 1.0,
  "spacing_y": 1.0,
  "spacing_z": 1.0,
  "summary_bg_k": 11.326312890465703,
  "summary_bg_mad": 3.691891802906688,
  "summary_bg_mean": 6.747547641775579,
  "summary_bg_median": 4.938783973455429,
  "summary_bg_n": 3738566.0,
  "summary_bg_p05": 0.0,
  "summary_bg_p95": 19.46461918950081,
  "summary_bg_stdv": 6.260485759897542,
  "summary_csf_k": -0.19705849697726752,
  "summary_csf_mad": 100.72711468930413,
  "summary_csf_mean": 373.1951677127999,
  "summary_csf_median": 351.8987337052822,
  "summary_csf_n": 24328.0,
  "summary_csf_p05": 241.54388844966888,
  "summary_csf_p95": 560.1162059307098,
  "summary_csf_stdv": 101.30259326151301,
  "summary_gm_k": 0.10415372895731734,
  "summary_gm_mad": 47.50234119739938,
  "summary_gm_mean": 753.4749074237137,
  "summary_gm_median": 754.8869049847126,
  "summary_gm_n": 17028.0,
  "summary_gm_p05": 671.8966581568122,
  "summary_gm_p95": 831.2512958347797,
  "summary_gm_stdv": 48.44824435915214,
  "summary_wm_k": 0.6314215312481708,
  "summary_wm_mad": 34.82684600741975,
  "summary_wm_mean": 998.9509105599589,
  "summary_wm_median": 1000.041501045227,
  "summary_wm_n": 212274.0,
  "summary_wm_p05": 934.9097310557962,
  "summary_wm_p95": 1057.9373299777508,
  "summary_wm_stdv": 37.47418689467284,
  "tpm_overlap_csf": 0.1619086116552353,
  "tpm_overlap_gm": 0.4188706576824188,
  "tpm_overlap_wm": 0.503516674041748,
  "wm2max": 0.5302636665441596
}