{
  "bids_meta": {
    "AcquisitionMatrixPE": 256,
    "AcquisitionNumber": 1,
    "AcquisitionTime": "14:53:20.597500",
    "BaseResolution": 256,
    "BodyPartExamined": "HEAD",
    "CoilCombinationMethod": "Adaptive Combine",
    "ConsistencyInfo": "N4_VD13D_LATEST_20130810",
    "ConversionSoftware": "dcm2niix",
    "ConversionSoftwareVersion": "v1.0.20211006",
    "Dcm2bidsVersion": "2.1.6",
    "DeviceSerialNumber": "66040",
    "DwellTime": 1.5e-05,
    "EchoTime": 0.00303,
    "FlipAngle": 9,
    "ImageOrientationPatientDICOM": [
      -0.0320781,
      0.982275,
      -0.184681,
      0.0439834,
      -0.183209,
      -0.98209
    ],
    "ImageOrientationText": "Sag>Cor(-2.3)>Tra(-2.1)",
    "ImageType": [
      "ORIGINAL",
      "PRIMARY",
      "M",
      "ND",
      "NORM"
    ],
    "ImagingFrequency": 123.21,
    "InPlanePhaseEncodingDirectionDICOM": "ROW",
    "InstitutionAddress": "Magyar Tudosok Korutja 2,Budapest,,HU,1117",
    "InstitutionName": "RCNS",
    "InstitutionalDepartmentName": "BIC",
    "InversionTime": 0.9,
    "MRAcquisitionType": "3D",
    "MagneticFieldStrength": 3,
    "Manufacturer": "Siemens",
    "ManufacturersModelName": "Prisma",
    "MatrixCoilMode": "GRAPPA",
    "Modality": "MR",
    "ParallelReductionFactorInPlane": 2,
    "PartialFourier": 1,
    "PatientPosition": "HFS",
    "PercentPhaseFOV": 100,
    "PercentSampling": 100,
    "PhaseEncodingSteps": 255,
    "PhaseResolution": 1,
    "PixelBandwidth": 130,
    "ProcedureStepDescription": "head^MR-artefacts",
    "ProtocolName": "MPRAGE_move1",
    "PulseSequenceDetails": "%SiemensSeq%\\tfl",
    "ReceiveCoilActiveElements": "HE1-4",
    "ReceiveCoilName": "HeadNeck_20",
    "ReconMatrixPE": 256,
    "RefLinesPE": 24,
    "RepetitionTime": 2.3,
    "SAR": 0.0683588,
    "ScanOptions": "IR",
    "ScanningSequence": "GR\\IR",
    "SequenceName": "*tfl3d1_16ns",
    "SequenceVariant": "SK\\SP\\MP",
    "SeriesDescription": "MPRAGE_move1",
    "SeriesNumber": 18,
    "ShimSetting": [
      5964,
      -935,
      1146,
      225,
      30,
      -139,
      -6,
      -77
    ],
    "SliceThickness": 1,
    "SoftwareVersions": "syngo MR D13D",
    "SpoilingState": true,
    "StationName": "AWP66040",
    "TxRefAmp": 285.571,
    "acq_id": "headmotion1",
    "dataset": "<unset>",
    "modality": "T1w",
    "subject_id": "365622"
  },
  "cjv": 0.4554176244990939,
  "cnr": 2.916804023118155,
  "efc": 0.5711622155760799,
  "fber": 4470.020104700378,
  "fwhm_avg": 4.541176666666666,
  "fwhm_x": 4.37155,
  "fwhm_y": 4.63776,
  "fwhm_z": 4.61422,
  "icvs_csf": 0.24054872070901542,
  "icvs_gm": 0.36323582300068563,
  "icvs_wm": 0.396215456290299,
  "inu_med": 1.1500009298324585,
  "inu_range": 0.3292156457901001,
  "provenance": {
    "md5sum": "578e60bd9da4cb08f24908c344b08c48",
    "settings": {
      "testing": false
    },
    "software": "mriqc",
    "version": "0.16.1",
    "warnings": {
      "large_rot_frame": true,
      "small_air_mask": false
    },
    "webapi_port": null,
    "webapi_url": "https://mriqc.nimh.nih.gov/api/v1"
  },
  "qi_1": 0.003674455787344512,
  "qi_2": 0.0026115751851513215,
  "rpve_csf": 28.47199274999317,
  "rpve_gm": 17.409070270633872,
  "rpve_wm": 19.938130189443598,
  "size_x": 192,
  "size_y": 256,
  "size_z": 256,
  "snr_csf": 3.7598832815426375,
  "snr_gm": 12.638793519781226,
  "snr_total": 11.357827840991499,
  "snr_wm": 17.674806721650636,
  "snrd_csf": 31.931844498431985,
  "snrd_gm": 61.69746668774133,
  "snrd_total": 58.521226614856,
  "snrd_wm": 81.93436865839467,
  "spacing_x": 1.0,
  "spacing_y": 1.0,
  "spacing_z": 1.0,
  "summary_bg_k": 7.236139018650654,
  "summary_bg_mad": 7.996192379040553,
  "summary_bg_mean": 15.512765954883239,
  "summary_bg_median": 8.110300451517105,
  "summary_bg_n": 3636804.0,
  "summary_bg_p05": 0.0,
  "summary_bg_p95": 59.691811323165894,
  "summary_bg_stdv": 20.4971855192676,
  "summary_csf_k": -0.25012382121753785,
  "summary_csf_mad": 109.72218865976699,
  "summary_csf_mean": 395.04770493115075,
  "summary_csf_median": 389.7404881976545,
  "summary_csf_n": 37552.0,
  "summary_csf_p05": 235.70763444732876,
  "summary_csf_p95": 570.3345759266986,
  "summary_csf_stdv": 103.65622271637376,
  "summary_gm_k": -0.02795903118639398,
  "summary_gm_mad": 59.40028624430125,
  "summary_gm_mean": 754.2866263976648,
  "summary_gm_median": 753.0413969233632,
  "summary_gm_n": 7856.0,
  "summary_gm_p05": 656.7315790615976,
  "summary_gm_p95": 854.4302904428914,
  "summary_gm_stdv": 59.577954686265095,
  "summary_wm_k": 0.7884791280199068,
  "summary_wm_mad": 53.08750278716397,
  "summary_wm_mean": 1004.0401898000545,
  "summary_wm_median": 1000.0405971743166,
  "summary_wm_n": 205545.0,
  "summary_wm_p05": 918.9375926591456,
  "summary_wm_p95": 1102.9603099040687,
  "summary_wm_stdv": 56.57986422506478,
  "tpm_overlap_csf": 0.15607954561710358,
  "tpm_overlap_gm": 0.41156718134880066,
  "tpm_overlap_wm": 0.5004280805587769,
  "wm2max": 0.5014130898887827
}