{
  "bids_meta": {
    "AcquisitionMatrixPE": 256,
    "AcquisitionNumber": 1,
    "AcquisitionTime": "11:06:51.780000",
    "BodyPartExamined": "HEAD",
    "CoilString": "HeadNeck_20",
    "ConversionSoftware": "dcm2niix",
    "ConversionSoftwareVersion": "v1.0.20211006",
    "Dcm2bidsVersion": "2.1.6",
    "DeviceSerialNumber": "66040",
    "EchoTime": 0.00303,
    "FlipAngle": 9,
    "ImageOrientationPatientDICOM": [
      0.0442353,
      0.98834,
      -0.145695,
      -0.00567427,
      -0.145587,
      -0.989329
    ],
    "ImageType": [
      "ORIGINAL",
      "PRIMARY",
      "M",
      "NONE"
    ],
    "ImagingFrequency": 123.21,
    "InPlanePhaseEncodingDirectionDICOM": "ROW",
    "InstitutionAddress": "Magyar Tudosok Korutja 2,Budapest,,HU,1117",
    "InstitutionName": "RCNS",
    "InstitutionalDepartmentName": "BIC",
    "InversionTime": 0.9,
    "MRAcquisitionType": "3D",
    "MTState": true,
    "MagneticFieldStrength": 3,
    "Manufacturer": "Siemens",
    "ManufacturersModelName": "MAGNETOM Prisma",
    "Modality": "MR",
    "ParallelAcquisitionTechnique": "GRAPPA",
    "ParallelReductionFactorInPlane": 2,
    "PatientPosition": "HFS",
    "PercentPhaseFOV": 100,
    "PercentSampling": 100,
    "PixelBandwidth": 130,
    "ProcedureStepDescription": "head Dementia_XA30",
    "ProtocolName": "MPRAGE_conventional",
    "ReceiveCoilActiveElements": "HE1-4;NE1,2",
    "ReconMatrixPE": 256,
    "RepetitionTime": 2.3,
    "SequenceVariant": "SK\\SP\\MP",
    "SeriesDescription": "MPRAGE_conventional",
    "SeriesNumber": 34,
    "SliceThickness": 1,
    "SoftwareVersions": "syngo MR XA30",
    "StationName": "AWP66040",
    "acq_id": "standard",
    "dataset": "<unset>",
    "modality": "T1w",
    "subject_id": "279373"
  },
  "cjv": 0.5525759153619205,
  "cnr": 2.495483419334789,
  "efc": 0.560701907699391,
  "fber": 7352.1236613564915,
  "fwhm_avg": 4.49974,
  "fwhm_x": 4.43805,
  "fwhm_y": 4.63598,
  "fwhm_z": 4.42519,
  "icvs_csf": 0.23686784674986758,
  "icvs_gm": 0.3876195554861702,
  "icvs_wm": 0.37551259776396223,
  "inu_med": 1.252545714378357,
  "inu_range": 0.45938930511474596,
  "provenance": {
    "md5sum": "a1b0ea6a6dcef2d8e18fe0939fc2b5f3",
    "settings": {
      "testing": false
    },
    "software": "mriqc",
    "version": "0.16.1",
    "warnings": {
      "large_rot_frame": true,
      "small_air_mask": false
    },
    "webapi_port": null,
    "webapi_url": "https://mriqc.nimh.nih.gov/api/v1"
  },
  "qi_1": 0.0,
  "qi_2": 0.01686164964597138,
  "rpve_csf": 26.09739059612192,
  "rpve_gm": 15.506242566885538,
  "rpve_wm": 19.400599520011426,
  "size_x": 192,
  "size_y": 256,
  "size_z": 256,
  "snr_csf": 3.588402806811213,
  "snr_gm": 12.326348787136471,
  "snr_total": 11.856902750285691,
  "snr_wm": 19.65595665690939,
  "snrd_csf": 35.344026466446095,
  "snrd_gm": 79.1431829814057,
  "snrd_total": 71.37396051873104,
  "snrd_wm": 99.63467210834133,
  "spacing_x": 1.0,
  "spacing_y": 1.0,
  "spacing_z": 1.0,
  "summary_bg_k": 14.85105424846613,
  "summary_bg_mad": 6.575385767695003,
  "summary_bg_mean": 8.483818173514011,
  "summary_bg_median": 8.93625508993864,
  "summary_bg_n": 3400317.0,
  "summary_bg_p05": 0.0,
  "summary_bg_p95": 22.506123930215836,
  "summary_bg_stdv": 7.179620274963738,
  "summary_csf_k": 8.868999211329935,
  "summary_csf_mad": 86.46141584088504,
  "summary_csf_mean": 375.7554198062942,
  "summary_csf_median": 354.7362298294902,
  "summary_csf_n": 29412.0,
  "summary_csf_p05": 248.59668742977084,
  "summary_csf_p95": 566.7869436655192,
  "summary_csf_stdv": 98.85462095761588,
  "summary_gm_k": -0.14394934966972173,
  "summary_gm_mad": 67.02967879605502,
  "summary_gm_mean": 794.6422203448842,
  "summary_gm_median": 794.3337857723236,
  "summary_gm_n": 14694.0,
  "summary_gm_p05": 691.4443924460561,
  "summary_gm_p95": 900.9102117542175,
  "summary_gm_stdv": 64.4397436614046,
  "summary_wm_k": 0.5841409493726095,
  "summary_wm_mad": 46.61654089037502,
  "summary_wm_mean": 1003.0798778517668,
  "summary_wm_median": 1000.0000418052077,
  "summary_wm_n": 209998.0,
  "summary_wm_p05": 922.7510811388493,
  "summary_wm_p95": 1091.8779830262065,
  "summary_wm_stdv": 50.87504405315735,
  "tpm_overlap_csf": 0.16428908705711365,
  "tpm_overlap_gm": 0.41190454363822937,
  "tpm_overlap_wm": 0.4960901737213135,
  "wm2max": 0.42824489229662693
}