{
  "bids_meta": {
    "AcquisitionMatrixPE": 256,
    "AcquisitionNumber": 1,
    "AcquisitionTime": "11:12:21.675000",
    "BodyPartExamined": "HEAD",
    "CoilString": "HeadNeck_20",
    "ConversionSoftware": "dcm2niix",
    "ConversionSoftwareVersion": "v1.0.20211006",
    "Dcm2bidsVersion": "2.1.6",
    "DeviceSerialNumber": "66040",
    "EchoTime": 0.00303,
    "FlipAngle": 9,
    "ImageOrientationPatientDICOM": [
      0.0442351,
      0.988334,
      -0.145738,
      -0.00567614,
      -0.145629,
      -0.989323
    ],
    "ImageType": [
      "ORIGINAL",
      "PRIMARY",
      "M",
      "NONE"
    ],
    "ImagingFrequency": 123.21,
    "InPlanePhaseEncodingDirectionDICOM": "ROW",
    "InstitutionAddress": "Magyar Tudosok Korutja 2,Budapest,,HU,1117",
    "InstitutionName": "RCNS",
    "InstitutionalDepartmentName": "BIC",
    "InversionTime": 0.9,
    "MRAcquisitionType": "3D",
    "MTState": true,
    "MagneticFieldStrength": 3,
    "Manufacturer": "Siemens",
    "ManufacturersModelName": "MAGNETOM Prisma",
    "Modality": "MR",
    "ParallelAcquisitionTechnique": "GRAPPA",
    "ParallelReductionFactorInPlane": 2,
    "PatientPosition": "HFS",
    "PercentPhaseFOV": 100,
    "PercentSampling": 100,
    "PixelBandwidth": 130,
    "ProcedureStepDescription": "head Dementia_XA30",
    "ProtocolName": "MPRAGE_move2",
    "ReceiveCoilActiveElements": "HE1-4;NE1,2",
    "ReconMatrixPE": 256,
    "RepetitionTime": 2.3,
    "SequenceVariant": "SK\\SP\\MP",
    "SeriesDescription": "MPRAGE_move2",
    "SeriesNumber": 35,
    "SliceThickness": 1,
    "SoftwareVersions": "syngo MR XA30",
    "StationName": "AWP66040",
    "acq_id": "headmotion2",
    "dataset": "<unset>",
    "modality": "T1w",
    "subject_id": "279373"
  },
  "cjv": 0.5192858023332437,
  "cnr": 2.367308712671198,
  "efc": 0.6128530675185122,
  "fber": 987.3365174064475,
  "fwhm_avg": 3.9216,
  "fwhm_x": 3.76149,
  "fwhm_y": 3.90206,
  "fwhm_z": 4.10125,
  "icvs_csf": 0.23217871831651352,
  "icvs_gm": 0.38847367881047173,
  "icvs_wm": 0.3793476028730147,
  "inu_med": 1.2740172147750854,
  "inu_range": 0.4300271332263945,
  "provenance": {
    "md5sum": "26f5aff96fbee21bc7545b42f1ac5c76",
    "settings": {
      "testing": false
    },
    "software": "mriqc",
    "version": "0.16.1",
    "warnings": {
      "large_rot_frame": true,
      "small_air_mask": false
    },
    "webapi_port": null,
    "webapi_url": "https://mriqc.nimh.nih.gov/api/v1"
  },
  "qi_1": 0.005059547279829662,
  "qi_2": 0.003317809078730861,
  "rpve_csf": 24.00407314758243,
  "rpve_gm": 13.281684850787192,
  "rpve_wm": 15.922382145785912,
  "size_x": 192,
  "size_y": 256,
  "size_z": 256,
  "snr_csf": 3.0376751440933476,
  "snr_gm": 10.592641261735118,
  "snr_total": 7.758874419899475,
  "snr_wm": 9.646306853869959,
  "snrd_csf": 17.281056177372538,
  "snrd_gm": 35.65491226306767,
  "snrd_total": 34.76056270129276,
  "snrd_wm": 51.34571966343808,
  "spacing_x": 1.0,
  "spacing_y": 1.0,
  "spacing_z": 1.0,
  "summary_bg_k": 12.57476802097919,
  "summary_bg_mad": 12.759318345372858,
  "summary_bg_mean": 27.193902834664232,
  "summary_bg_median": 12.883277609944344,
  "summary_bg_n": 3546963.0,
  "summary_bg_p05": 0.0,
  "summary_bg_p95": 112.34218075871468,
  "summary_bg_stdv": 40.247938909798215,
  "summary_csf_k": 6.1933171311292785,
  "summary_csf_mad": 109.63845404556916,
  "summary_csf_mean": 337.35911686129026,
  "summary_csf_median": 336.56274428218603,
  "summary_csf_n": 47316.0,
  "summary_csf_p05": 157.1244537308812,
  "summary_csf_p95": 518.6807565763593,
  "summary_csf_stdv": 110.79499016712485,
  "summary_gm_k": -0.008167197085304778,
  "summary_gm_mad": 65.01904138869642,
  "summary_gm_mean": 695.165173999255,
  "summary_gm_median": 694.4086631760001,
  "summary_gm_n": 9956.0,
  "summary_gm_p05": 587.6449416223913,
  "summary_gm_p95": 804.4833870753646,
  "summary_gm_stdv": 65.55246904569407,
  "summary_wm_k": 2.6598976892063924,
  "summary_wm_mad": 93.67020533788697,
  "summary_wm_mean": 1012.3615338514613,
  "summary_wm_median": 1000.00000808388,
  "summary_wm_n": 188002.0,
  "summary_wm_p05": 868.9513082355261,
  "summary_wm_p95": 1196.5988244116306,
  "summary_wm_stdv": 103.66634233006619,
  "tpm_overlap_csf": 0.1375715583562851,
  "tpm_overlap_gm": 0.3753315508365631,
  "tpm_overlap_wm": 0.43710917234420776,
  "wm2max": 0.4981133044125574
}