{
  "bids_meta": {
    "AcquisitionMatrixPE": 256,
    "AcquisitionNumber": 1,
    "AcquisitionTime": "14:24:17.210000",
    "BodyPartExamined": "HEAD",
    "CoilString": "HeadNeck_20",
    "ConversionSoftware": "dcm2niix",
    "ConversionSoftwareVersion": "v1.0.20211006",
    "Dcm2bidsVersion": "2.1.6",
    "DeviceSerialNumber": "66040",
    "EchoTime": 0.00303,
    "FlipAngle": 9,
    "ImageOrientationPatientDICOM": [
      -0.0243856,
      0.998134,
      0.0559855,
      -0.0205429,
      0.05549,
      -0.998248
    ],
    "ImageType": [
      "ORIGINAL",
      "PRIMARY",
      "M",
      "NONE"
    ],
    "ImagingFrequency": 123.227,
    "InPlanePhaseEncodingDirectionDICOM": "ROW",
    "InstitutionAddress": "Magyar Tudosok Korutja 2,Budapest,,HU,1117",
    "InstitutionName": "RCNS",
    "InstitutionalDepartmentName": "BIC",
    "InversionTime": 0.9,
    "MRAcquisitionType": "3D",
    "MTState": true,
    "MagneticFieldStrength": 3,
    "Manufacturer": "Siemens",
    "ManufacturersModelName": "MAGNETOM Prisma",
    "Modality": "MR",
    "ParallelAcquisitionTechnique": "GRAPPA",
    "ParallelReductionFactorInPlane": 2,
    "PatientPosition": "HFS",
    "PercentPhaseFOV": 100,
    "PercentSampling": 100,
    "PixelBandwidth": 130,
    "ProcedureStepDescription": "head MR-artefacts",
    "ProtocolName": "MPRAGE_move2",
    "ReceiveCoilActiveElements": "HE1-4;NE1,2",
    "ReconMatrixPE": 256,
    "RepetitionTime": 2.3,
    "SequenceVariant": "SK\\SP\\MP",
    "SeriesDescription": "MPRAGE_move2",
    "SeriesNumber": 7,
    "SliceThickness": 1,
    "SoftwareVersions": "syngo MR XA30",
    "StationName": "AWP66040",
    "acq_id": "headmotion2",
    "dataset": "<unset>",
    "modality": "T1w",
    "subject_id": "992121"
  },
  "cjv": 0.4005133955204707,
  "cnr": 3.345069600296811,
  "efc": 0.6107996529786897,
  "fber": 1938.4835546034337,
  "fwhm_avg": 4.58767,
  "fwhm_x": 4.32872,
  "fwhm_y": 4.73235,
  "fwhm_z": 4.70194,
  "icvs_csf": 0.237253800538125,
  "icvs_gm": 0.38973359660345974,
  "icvs_wm": 0.37301260285841525,
  "inu_med": 1.2073941230773926,
  "inu_range": 0.4565352022647857,
  "provenance": {
    "md5sum": "416a40ac268396a3498a9f7cfd37ffb4",
    "settings": {
      "testing": false
    },
    "software": "mriqc",
    "version": "0.16.1",
    "warnings": {
      "large_rot_frame": true,
      "small_air_mask": false
    },
    "webapi_port": null,
    "webapi_url": "https://mriqc.nimh.nih.gov/api/v1"
  },
  "qi_1": 0.0,
  "qi_2": 0.017134296569691593,
  "rpve_csf": 23.778683276869316,
  "rpve_gm": 13.904040126286915,
  "rpve_wm": 17.81511018047946,
  "size_x": 192,
  "size_y": 256,
  "size_z": 256,
  "snr_csf": 3.4594738043975792,
  "snr_gm": 11.409411414220406,
  "snr_total": 10.97450363046044,
  "snr_wm": 18.054625672763333,
  "snrd_csf": 18.008807297278356,
  "snrd_gm": 40.08071278415871,
  "snrd_total": 38.000991982595444,
  "snrd_wm": 55.91345586634927,
  "spacing_x": 1.0,
  "spacing_y": 1.0,
  "spacing_z": 1.0,
  "summary_bg_k": 3.483171719993523,
  "summary_bg_mad": 11.716972002079842,
  "summary_bg_mean": 14.671475423083795,
  "summary_bg_median": 11.929022669792175,
  "summary_bg_n": 2375635.0,
  "summary_bg_p05": 0.0,
  "summary_bg_p95": 39.66400037705898,
  "summary_bg_stdv": 12.28734777274705,
  "summary_csf_k": 0.04035077521955266,
  "summary_csf_mad": 95.28330062068702,
  "summary_csf_mean": 334.9413823169603,
  "summary_csf_median": 322.08361208438873,
  "summary_csf_n": 27085.0,
  "summary_csf_p05": 204.68214730918407,
  "summary_csf_p95": 500.7107857123017,
  "summary_csf_stdv": 93.10018934873679,
  "summary_gm_k": 0.18667512347232496,
  "summary_gm_mad": 61.458834275060305,
  "summary_gm_mean": 716.0254785498445,
  "summary_gm_median": 716.8348539322615,
  "summary_gm_n": 14879.0,
  "summary_gm_p05": 611.1635947823524,
  "summary_gm_p95": 817.883616797626,
  "summary_gm_stdv": 62.82627023358482,
  "summary_wm_k": 0.4989975590936102,
  "summary_wm_mad": 51.95261170733515,
  "summary_wm_mean": 1001.1235552809555,
  "summary_wm_median": 1000.0000295564532,
  "summary_wm_n": 224760.0,
  "summary_wm_p05": 911.3276277109981,
  "summary_wm_p95": 1093.9907873421907,
  "summary_wm_stdv": 55.387346327947185,
  "tpm_overlap_csf": 0.16945046186447144,
  "tpm_overlap_gm": 0.4297850430011749,
  "tpm_overlap_wm": 0.4917466640472412,
  "wm2max": 0.44124398476367827
}