{
  "bids_meta": {
    "AcquisitionMatrixPE": 256,
    "AcquisitionNumber": 1,
    "AcquisitionTime": "14:19:35.980000",
    "BodyPartExamined": "HEAD",
    "CoilString": "HeadNeck_20",
    "ConversionSoftware": "dcm2niix",
    "ConversionSoftwareVersion": "v1.0.20211006",
    "Dcm2bidsVersion": "2.1.6",
    "DeviceSerialNumber": "66040",
    "EchoTime": 0.00303,
    "FlipAngle": 9,
    "ImageOrientationPatientDICOM": [
      0.012075,
      0.999043,
      -0.0420294,
      0.0955652,
      -0.0429931,
      -0.994494
    ],
    "ImageType": [
      "ORIGINAL",
      "PRIMARY",
      "M",
      "NONE"
    ],
    "ImagingFrequency": 123.227,
    "InPlanePhaseEncodingDirectionDICOM": "ROW",
    "InstitutionAddress": "Magyar Tudosok Korutja 2,Budapest,,HU,1117",
    "InstitutionName": "RCNS",
    "InstitutionalDepartmentName": "BIC",
    "InversionTime": 0.9,
    "MRAcquisitionType": "3D",
    "MTState": true,
    "MagneticFieldStrength": 3,
    "Manufacturer": "Siemens",
    "ManufacturersModelName": "MAGNETOM Prisma",
    "Modality": "MR",
    "ParallelAcquisitionTechnique": "GRAPPA",
    "ParallelReductionFactorInPlane": 2,
    "PatientPosition": "HFS",
    "PercentPhaseFOV": 100,
    "PercentSampling": 100,
    "PixelBandwidth": 130,
    "ProcedureStepDescription": "head MR-artefacts",
    "ProtocolName": "MPRAGE_move1",
    "ReceiveCoilActiveElements": "HE1-4;NE1,2",
    "ReconMatrixPE": 256,
    "RepetitionTime": 2.3,
    "SequenceVariant": "SK\\SP\\MP",
    "SeriesDescription": "MPRAGE_move1",
    "SeriesNumber": 6,
    "SliceThickness": 1,
    "SoftwareVersions": "syngo MR XA30",
    "StationName": "AWP66040",
    "acq_id": "headmotion1",
    "dataset": "<unset>",
    "modality": "T1w",
    "subject_id": "409228"
  },
  "cjv": 0.5050707592311255,
  "cnr": 2.4353434707256376,
  "efc": 0.6161954953919683,
  "fber": 760.7820862041339,
  "fwhm_avg": 4.956426666666666,
  "fwhm_x": 4.72669,
  "fwhm_y": 5.04001,
  "fwhm_z": 5.10258,
  "icvs_csf": 0.24072711727651333,
  "icvs_gm": 0.3753297914783569,
  "icvs_wm": 0.38394309124512976,
  "inu_med": 1.254063606262207,
  "inu_range": 0.5679022669792175,
  "provenance": {
    "md5sum": "5e6940d47de6b790b4caaf43299646ed",
    "settings": {
      "testing": false
    },
    "software": "mriqc",
    "version": "0.16.1",
    "warnings": {
      "large_rot_frame": true,
      "small_air_mask": false
    },
    "webapi_port": null,
    "webapi_url": "https://mriqc.nimh.nih.gov/api/v1"
  },
  "qi_1": 0.0,
  "qi_2": 0.003917413352560043,
  "rpve_csf": 26.160183463960344,
  "rpve_gm": 15.524342422289115,
  "rpve_wm": 18.426825957500803,
  "size_x": 192,
  "size_y": 256,
  "size_z": 256,
  "snr_csf": 3.9418020392528192,
  "snr_gm": 11.779729403741243,
  "snr_total": 10.050537322039988,
  "snr_wm": 14.4300805231259,
  "snrd_csf": 13.715866228819603,
  "snrd_gm": 25.24856906109025,
  "snrd_total": 24.211189704992393,
  "snrd_wm": 33.66913382506733,
  "spacing_x": 1.0,
  "spacing_y": 1.0,
  "spacing_z": 1.0,
  "summary_bg_k": 2.4486580166882037,
  "summary_bg_mad": 19.45891402770048,
  "summary_bg_mean": 34.95615417165434,
  "summary_bg_median": 17.456467784941196,
  "summary_bg_n": 2640333.0,
  "summary_bg_p05": 0.0,
  "summary_bg_p95": 123.14823303371668,
  "summary_bg_stdv": 41.12982521127311,
  "summary_csf_k": -0.2050764027305565,
  "summary_csf_mad": 107.69834595529275,
  "summary_csf_mean": 406.4151114164423,
  "summary_csf_median": 407.38977547734976,
  "summary_csf_n": 35203.0,
  "summary_csf_p05": 236.68457971140742,
  "summary_csf_p95": 573.1135970614852,
  "summary_csf_stdv": 103.34968247670912,
  "summary_gm_k": 0.1668075489353562,
  "summary_gm_mad": 61.00979645648665,
  "summary_gm_mean": 752.2746232937727,
  "summary_gm_median": 749.9350539967418,
  "summary_gm_n": 12041.0,
  "summary_gm_p05": 651.4771103858948,
  "summary_gm_p95": 861.7777334526181,
  "summary_gm_stdv": 63.66053809488442,
  "summary_wm_k": 0.3661368022225462,
  "summary_wm_mad": 65.31259262762833,
  "summary_wm_mean": 1005.7770596708368,
  "summary_wm_median": 1000.0433542206883,
  "summary_wm_n": 205265.0,
  "summary_wm_p05": 900.8057172596455,
  "summary_wm_p95": 1131.031837053597,
  "summary_wm_stdv": 69.30251821075132,
  "tpm_overlap_csf": 0.14240524172782898,
  "tpm_overlap_gm": 0.3988279700279236,
  "tpm_overlap_wm": 0.4632517099380493,
  "wm2max": 0.44434355438024326
}