{
  "bids_meta": {
    "AcquisitionMatrixPE": 256,
    "AcquisitionNumber": 1,
    "AcquisitionTime": "16:26:34.297500",
    "BodyPartExamined": "HEAD",
    "CoilString": "HeadNeck_20",
    "ConversionSoftware": "dcm2niix",
    "ConversionSoftwareVersion": "v1.0.20211006",
    "Dcm2bidsVersion": "2.1.6",
    "DeviceSerialNumber": "66040",
    "EchoTime": 0.00303,
    "FlipAngle": 9,
    "ImageOrientationPatientDICOM": [
      -0.0538416,
      0.997171,
      0.0524415,
      0.0483371,
      0.0550588,
      -0.997312
    ],
    "ImageType": [
      "ORIGINAL",
      "PRIMARY",
      "M",
      "NONE"
    ],
    "ImagingFrequency": 123.227,
    "InPlanePhaseEncodingDirectionDICOM": "ROW",
    "InstitutionAddress": "Magyar Tudosok Korutja 2,Budapest,,HU,1117",
    "InstitutionName": "RCNS",
    "InstitutionalDepartmentName": "BIC",
    "InversionTime": 0.9,
    "MRAcquisitionType": "3D",
    "MTState": true,
    "MagneticFieldStrength": 3,
    "Manufacturer": "Siemens",
    "ManufacturersModelName": "MAGNETOM Prisma",
    "Modality": "MR",
    "ParallelAcquisitionTechnique": "GRAPPA",
    "ParallelReductionFactorInPlane": 2,
    "PatientPosition": "HFS",
    "PercentPhaseFOV": 100,
    "PercentSampling": 100,
    "PixelBandwidth": 130,
    "ProcedureStepDescription": "head MR-artefacts",
    "ProtocolName": "MPRAGE_move1",
    "ReceiveCoilActiveElements": "HE1-4;NE1,2",
    "ReconMatrixPE": 256,
    "RepetitionTime": 2.3,
    "SequenceVariant": "SK\\SP\\MP",
    "SeriesDescription": "MPRAGE_move1",
    "SeriesNumber": 6,
    "SliceThickness": 1,
    "SoftwareVersions": "syngo MR XA30",
    "StationName": "AWP66040",
    "acq_id": "headmotion1",
    "dataset": "<unset>",
    "modality": "T1w",
    "subject_id": "136038"
  },
  "cjv": 0.5151786583553523,
  "cnr": 2.4124742311832916,
  "efc": 0.6114316869926942,
  "fber": 683.8449786947562,
  "fwhm_avg": 4.163626666666667,
  "fwhm_x": 3.84296,
  "fwhm_y": 4.12579,
  "fwhm_z": 4.52213,
  "icvs_csf": 0.23540390648512258,
  "icvs_gm": 0.3934982637048089,
  "icvs_wm": 0.37109782981006856,
  "inu_med": 1.2205398082733154,
  "inu_range": 0.361886954307556,
  "provenance": {
    "md5sum": "c896705a506483ed33a863bf2e850b9e",
    "settings": {
      "testing": false
    },
    "software": "mriqc",
    "version": "0.16.1",
    "warnings": {
      "large_rot_frame": true,
      "small_air_mask": false
    },
    "webapi_port": null,
    "webapi_url": "https://mriqc.nimh.nih.gov/api/v1"
  },
  "qi_1": 2.420681989451382e-05,
  "qi_2": 0.002121661204331461,
  "rpve_csf": 34.591696046683836,
  "rpve_gm": 19.320807107615902,
  "rpve_wm": 23.722913532372477,
  "size_x": 192,
  "size_y": 256,
  "size_z": 256,
  "snr_csf": 4.093513117909851,
  "snr_gm": 11.443138382974633,
  "snr_total": 9.017211186314926,
  "snr_wm": 11.514982058060296,
  "snrd_csf": 11.374882074130163,
  "snrd_gm": 20.98555548853008,
  "snrd_total": 20.39970088652299,
  "snrd_wm": 28.838665096908716,
  "spacing_x": 1.0,
  "spacing_y": 1.0,
  "spacing_z": 1.0,
  "summary_bg_k": 5.552593365095699,
  "summary_bg_mad": 22.71816416128936,
  "summary_bg_mean": 31.186936357904624,
  "summary_bg_median": 19.201966002583504,
  "summary_bg_n": 2328657.0,
  "summary_bg_p05": 3.8403932005167007,
  "summary_bg_p95": 101.53999622166157,
  "summary_bg_stdv": 34.0023915283142,
  "summary_csf_k": 0.16555893840863378,
  "summary_csf_mad": 94.23198417777917,
  "summary_csf_mean": 391.92294319456585,
  "summary_csf_median": 394.44678562507033,
  "summary_csf_n": 27419.0,
  "summary_csf_p05": 229.02568890601395,
  "summary_csf_p95": 545.4164827305823,
  "summary_csf_stdv": 96.35723185727855,
  "summary_gm_k": 0.10161548641408524,
  "summary_gm_mad": 62.40377925005799,
  "summary_gm_mean": 729.6853623020967,
  "summary_gm_median": 727.7161075659096,
  "summary_gm_n": 7083.0,
  "summary_gm_p05": 626.2529192082584,
  "summary_gm_p95": 836.8178379993885,
  "summary_gm_stdv": 63.58961246348148,
  "summary_wm_k": 1.945596327867067,
  "summary_wm_mad": 77.89084855299208,
  "summary_wm_mean": 1009.9936690161773,
  "summary_wm_median": 1000.0383894145489,
  "summary_wm_n": 138860.0,
  "summary_wm_p05": 888.7053905315697,
  "summary_wm_p95": 1166.0585874728858,
  "summary_wm_stdv": 86.84640440415379,
  "tpm_overlap_csf": 0.1620691865682602,
  "tpm_overlap_gm": 0.4245731234550476,
  "tpm_overlap_wm": 0.4859878718852997,
  "wm2max": 0.5072364960944348
}