{
  "bids_meta": {
    "AcquisitionMatrixPE": 256,
    "AcquisitionNumber": 1,
    "AcquisitionTime": "13:18:27.657500",
    "BaseResolution": 256,
    "BodyPartExamined": "HEAD",
    "CoilCombinationMethod": "Adaptive Combine",
    "ConsistencyInfo": "N4_VD13D_LATEST_20130810",
    "ConversionSoftware": "dcm2niix",
    "ConversionSoftwareVersion": "v1.0.20211006",
    "Dcm2bidsVersion": "2.1.6",
    "DeviceSerialNumber": "66040",
    "DwellTime": 1.5e-05,
    "EchoTime": 0.00303,
    "FlipAngle": 9,
    "FrameTimesStart": [
      0
    ],
    "ImageOrientationPatientDICOM": [
      -0.0679008,
      0.989138,
      -0.13037,
      0.0353913,
      -0.128202,
      -0.991116
    ],
    "ImageOrientationText": "Sag>Cor(-4.1)>Tra(-1.5)",
    "ImageType": [
      "ORIGINAL",
      "PRIMARY",
      "M",
      "ND",
      "NORM"
    ],
    "ImagingFrequency": 123.21,
    "InPlanePhaseEncodingDirectionDICOM": "ROW",
    "InstitutionAddress": "Magyar Tudosok Korutja 2,Budapest,,HU,1117",
    "InstitutionName": "RCNS",
    "InstitutionalDepartmentName": "BIC",
    "InversionTime": 0.9,
    "MRAcquisitionType": "3D",
    "MagneticFieldStrength": 3,
    "Manufacturer": "Siemens",
    "ManufacturersModelName": "Prisma",
    "MatrixCoilMode": "GRAPPA",
    "Modality": "MR",
    "ParallelReductionFactorInPlane": 2,
    "PartialFourier": 1,
    "PatientPosition": "HFS",
    "PercentPhaseFOV": 100,
    "PercentSampling": 100,
    "PhaseEncodingSteps": 255,
    "PhaseResolution": 1,
    "PixelBandwidth": 130,
    "ProcedureStepDescription": "head^MR-artefacts",
    "ProtocolName": "MPRAGE_conventional",
    "PulseSequenceDetails": "%SiemensSeq%\\tfl",
    "ReceiveCoilActiveElements": "HE1-4",
    "ReceiveCoilName": "HeadNeck_20",
    "ReconMatrixPE": 256,
    "RefLinesPE": 24,
    "RepetitionTime": 2.3,
    "SAR": 0.0588844,
    "ScanOptions": "IR",
    "ScanningSequence": "GR\\IR",
    "SequenceName": "*tfl3d1_16ns",
    "SequenceVariant": "SK\\SP\\MP",
    "SeriesDescription": "MPRAGE_conventional",
    "SeriesNumber": 6,
    "ShimSetting": [
      5964,
      -1045,
      1162,
      200,
      10,
      -133,
      74,
      -11
    ],
    "SliceThickness": 1,
    "SoftwareVersions": "syngo MR D13D",
    "SpoilingState": true,
    "StationName": "AWP66040",
    "TxRefAmp": 244.325,
    "acq_id": "standard",
    "dataset": "<unset>",
    "modality": "T1w",
    "subject_id": "067018"
  },
  "cjv": 0.3025012169817162,
  "cnr": 4.312973367158191,
  "efc": 0.5387246630923963,
  "fber": 16741.980314440483,
  "fwhm_avg": 4.480193333333333,
  "fwhm_x": 4.30168,
  "fwhm_y": 4.51234,
  "fwhm_z": 4.62656,
  "icvs_csf": 0.22074243975412317,
  "icvs_gm": 0.41910978133743504,
  "icvs_wm": 0.3601477789084418,
  "inu_med": 0.9736733436584473,
  "inu_range": 0.3393767893314362,
  "provenance": {
    "md5sum": "d8ca3f3d4e76c267d64fa977215bca55",
    "settings": {
      "testing": false
    },
    "software": "mriqc",
    "version": "0.16.1",
    "warnings": {
      "large_rot_frame": true,
      "small_air_mask": false
    },
    "webapi_port": null,
    "webapi_url": "https://mriqc.nimh.nih.gov/api/v1"
  },
  "qi_1": 0.0,
  "qi_2": 0.011076573744558605,
  "rpve_csf": 25.58071439113181,
  "rpve_gm": 14.058568169862317,
  "rpve_wm": 19.861715984978936,
  "size_x": 192,
  "size_y": 256,
  "size_z": 256,
  "snr_csf": 2.336455680210761,
  "snr_gm": 13.645105468902125,
  "snr_total": 13.46265210431114,
  "snr_wm": 24.406395163820534,
  "snrd_csf": 57.70166890217003,
  "snrd_gm": 120.22294291834145,
  "snrd_total": 115.51637758313326,
  "snrd_wm": 168.62452092888833,
  "spacing_x": 1.0,
  "spacing_y": 1.0,
  "spacing_z": 1.0,
  "summary_bg_k": 9.750489896625382,
  "summary_bg_mad": 3.8851785635611047,
  "summary_bg_mean": 5.430275557808513,
  "summary_bg_median": 5.241026237607002,
  "summary_bg_n": 3172486.0,
  "summary_bg_p05": 0.0,
  "summary_bg_p95": 13.285392090678215,
  "summary_bg_stdv": 4.517075865822115,
  "summary_csf_k": 56.62415779948472,
  "summary_csf_mad": 109.50782369851301,
  "summary_csf_mean": 367.7131009504412,
  "summary_csf_median": 342.1902595832944,
  "summary_csf_n": 19878.0,
  "summary_csf_p05": 216.76214154921473,
  "summary_csf_p95": 555.731607683003,
  "summary_csf_stdv": 146.4533032286722,
  "summary_gm_k": 0.22445841691561164,
  "summary_gm_mad": 51.23014524509643,
  "summary_gm_mean": 713.3297409788141,
  "summary_gm_median": 712.962394811213,
  "summary_gm_n": 30198.0,
  "summary_gm_p05": 628.679379850626,
  "summary_gm_p95": 800.231575883925,
  "summary_gm_stdv": 52.24954776226533,
  "summary_wm_k": 1.235401939559333,
  "summary_wm_mad": 35.59907800100175,
  "summary_wm_mean": 996.8111437035901,
  "summary_wm_median": 999.9999945685267,
  "summary_wm_n": 210361.0,
  "summary_wm_p05": 922.3596756532788,
  "summary_wm_p95": 1057.041861526668,
  "summary_wm_stdv": 40.972770086983324,
  "tpm_overlap_csf": 0.16867263615131378,
  "tpm_overlap_gm": 0.45870810747146606,
  "tpm_overlap_wm": 0.5182529091835022,
  "wm2max": 0.4946777599010763
}