{
  "bids_meta": {
    "AcquisitionMatrixPE": 256,
    "AcquisitionNumber": 1,
    "AcquisitionTime": "13:07:2.605000",
    "BaseResolution": 256,
    "BodyPartExamined": "HEAD",
    "CoilCombinationMethod": "Adaptive Combine",
    "ConsistencyInfo": "N4_VD13D_LATEST_20130810",
    "ConversionSoftware": "dcm2niix",
    "ConversionSoftwareVersion": "v1.0.20211006",
    "Dcm2bidsVersion": "2.1.6",
    "DeviceSerialNumber": "66040",
    "DwellTime": 1.5e-05,
    "EchoTime": 0.00303,
    "FlipAngle": 9,
    "ImageOrientationPatientDICOM": [
      -0.107736,
      0.993632,
      0.0330023,
      0.0771016,
      0.0414461,
      -0.996161
    ],
    "ImageOrientationText": "Sag>Cor(-6.0)>Tra(-4.7)",
    "ImageType": [
      "ORIGINAL",
      "PRIMARY",
      "M",
      "ND",
      "NORM"
    ],
    "ImagingFrequency": 123.21,
    "InPlanePhaseEncodingDirectionDICOM": "ROW",
    "InstitutionAddress": "Magyar Tudosok Korutja 2,Budapest,,HU,1117",
    "InstitutionName": "RCNS",
    "InstitutionalDepartmentName": "BIC",
    "InversionTime": 0.9,
    "MRAcquisitionType": "3D",
    "MagneticFieldStrength": 3,
    "Manufacturer": "Siemens",
    "ManufacturersModelName": "Prisma",
    "MatrixCoilMode": "GRAPPA",
    "Modality": "MR",
    "ParallelReductionFactorInPlane": 2,
    "PartialFourier": 1,
    "PatientPosition": "HFS",
    "PercentPhaseFOV": 100,
    "PercentSampling": 100,
    "PhaseEncodingSteps": 255,
    "PhaseResolution": 1,
    "PixelBandwidth": 130,
    "ProcedureStepDescription": "head^MR-artefacts",
    "ProtocolName": "MPRAGE_conventional",
    "PulseSequenceDetails": "%SiemensSeq%\\tfl",
    "ReceiveCoilActiveElements": "HE1-4",
    "ReceiveCoilName": "HeadNeck_20",
    "ReconMatrixPE": 256,
    "RefLinesPE": 24,
    "RepetitionTime": 2.3,
    "SAR": 0.0666399,
    "ScanOptions": "IR",
    "ScanningSequence": "GR\\IR",
    "SequenceName": "*tfl3d1_16ns",
    "SequenceVariant": "SK\\SP\\MP",
    "SeriesDescription": "MPRAGE_conventional",
    "SeriesNumber": 6,
    "ShimSetting": [
      5963,
      -1039,
      1125,
      111,
      -109,
      -173,
      107,
      -58
    ],
    "SliceThickness": 1,
    "SoftwareVersions": "syngo MR D13D",
    "SpoilingState": true,
    "StationName": "AWP66040",
    "TxRefAmp": 245.171,
    "acq_id": "standard",
    "dataset": "<unset>",
    "modality": "T1w",
    "subject_id": "945652"
  },
  "cjv": 0.3037717698193897,
  "cnr": 4.256839339423789,
  "efc": 0.5434985122586459,
  "fber": 8422.768285667324,
  "fwhm_avg": 4.30915,
  "fwhm_x": 3.99657,
  "fwhm_y": 4.48058,
  "fwhm_z": 4.4503,
  "icvs_csf": 0.23230278831259824,
  "icvs_gm": 0.4182368165986771,
  "icvs_wm": 0.3494603950887246,
  "inu_med": 1.480677843093872,
  "inu_range": 0.3824642598628998,
  "provenance": {
    "md5sum": "248d4f780540cd185d1fe8746c4e3c19",
    "settings": {
      "testing": false
    },
    "software": "mriqc",
    "version": "0.16.1",
    "warnings": {
      "large_rot_frame": true,
      "small_air_mask": false
    },
    "webapi_port": null,
    "webapi_url": "https://mriqc.nimh.nih.gov/api/v1"
  },
  "qi_1": 0.0,
  "qi_2": 0.009453389753573554,
  "rpve_csf": 31.836046245129747,
  "rpve_gm": 18.077632399297183,
  "rpve_wm": 26.061028563815835,
  "size_x": 192,
  "size_y": 256,
  "size_z": 256,
  "snr_csf": 3.179022145157799,
  "snr_gm": 14.122963702239204,
  "snr_total": 13.756794215426828,
  "snr_wm": 23.968396798883475,
  "snrd_csf": 63.18923634540401,
  "snrd_gm": 129.1798427148291,
  "snrd_total": 124.00231061686156,
  "snrd_wm": 179.63785279035162,
  "spacing_x": 1.0,
  "spacing_y": 1.0,
  "spacing_z": 1.0,
  "summary_bg_k": 8.576533092265542,
  "summary_bg_mad": 3.646983958239557,
  "summary_bg_mean": 5.699093467712974,
  "summary_bg_median": 4.873294271528721,
  "summary_bg_n": 2449141.0,
  "summary_bg_p05": 0.0,
  "summary_bg_p95": 14.573470488190651,
  "summary_bg_stdv": 4.563430309298868,
  "summary_csf_k": -0.16768446068661635,
  "summary_csf_mad": 129.43352500846427,
  "summary_csf_mean": 370.08580818989196,
  "summary_csf_median": 351.7590217515826,
  "summary_csf_n": 16871.0,
  "summary_csf_p05": 222.12939412891865,
  "summary_csf_p95": 558.1082249060273,
  "summary_csf_stdv": 110.64679029437917,
  "summary_gm_k": 0.13148540780090912,
  "summary_gm_mad": 49.88798810799394,
  "summary_gm_mean": 719.6806447633915,
  "summary_gm_median": 719.1125851720572,
  "summary_gm_n": 20141.0,
  "summary_gm_p05": 637.7053646743298,
  "summary_gm_p95": 805.2538629621267,
  "summary_gm_stdv": 50.91670191562755,
  "summary_wm_k": 1.2760027661071405,
  "summary_wm_mad": 35.4376743111957,
  "summary_wm_mean": 995.8776091001113,
  "summary_wm_median": 999.9999845176935,
  "summary_wm_n": 144932.0,
  "summary_wm_p05": 916.8755079433322,
  "summary_wm_p95": 1055.3234775811434,
  "summary_wm_stdv": 41.72146109766657,
  "tpm_overlap_csf": 0.16640755534172058,
  "tpm_overlap_gm": 0.46068862080574036,
  "tpm_overlap_wm": 0.49893084168434143,
  "wm2max": 0.5331188915006805
}