{
  "bids_meta": {
    "AcquisitionMatrixPE": 256,
    "AcquisitionNumber": 1,
    "AcquisitionTime": "10:42:54.840000",
    "BodyPartExamined": "HEAD",
    "CoilString": "HeadNeck_20",
    "ConversionSoftware": "dcm2niix",
    "ConversionSoftwareVersion": "v1.0.20211006",
    "Dcm2bidsVersion": "2.1.6",
    "DeviceSerialNumber": "66040",
    "EchoTime": 0.00303,
    "FlipAngle": 9,
    "ImageOrientationPatientDICOM": [
      -0.0485027,
      0.998726,
      -0.0139373,
      -0.0589421,
      -0.0167914,
      -0.99812
    ],
    "ImageType": [
      "ORIGINAL",
      "PRIMARY",
      "M",
      "NONE"
    ],
    "ImagingFrequency": 123.227,
    "InPlanePhaseEncodingDirectionDICOM": "ROW",
    "InstitutionAddress": "Magyar Tudosok Korutja 2,Budapest,,HU,1117",
    "InstitutionName": "RCNS",
    "InstitutionalDepartmentName": "BIC",
    "InversionTime": 0.9,
    "MRAcquisitionType": "3D",
    "MTState": true,
    "MagneticFieldStrength": 3,
    "Manufacturer": "Siemens",
    "ManufacturersModelName": "MAGNETOM Prisma",
    "Modality": "MR",
    "ParallelAcquisitionTechnique": "GRAPPA",
    "ParallelReductionFactorInPlane": 2,
    "PatientPosition": "HFS",
    "PercentPhaseFOV": 100,
    "PercentSampling": 100,
    "PixelBandwidth": 130,
    "ProcedureStepDescription": "head MR-artefacts",
    "ProtocolName": "MPRAGE_conventional",
    "ReceiveCoilActiveElements": "HE1-4;NE1,2",
    "ReconMatrixPE": 256,
    "RepetitionTime": 2.3,
    "SequenceVariant": "SK\\SP\\MP",
    "SeriesDescription": "MPRAGE_conventional",
    "SeriesNumber": 5,
    "SliceThickness": 1,
    "SoftwareVersions": "syngo MR XA30",
    "StationName": "AWP66040",
    "acq_id": "standard",
    "dataset": "<unset>",
    "modality": "T1w",
    "subject_id": "313623"
  },
  "cjv": 0.312649750878753,
  "cnr": 4.119311640467087,
  "efc": 0.5695457859248327,
  "fber": 8339.383442747128,
  "fwhm_avg": 4.857433333333334,
  "fwhm_x": 4.60143,
  "fwhm_y": 5.01367,
  "fwhm_z": 4.9572,
  "icvs_csf": 0.2378889105171991,
  "icvs_gm": 0.3934374420434262,
  "icvs_wm": 0.3686736474393747,
  "inu_med": 0.9497023820877075,
  "inu_range": 0.3357739865779875,
  "provenance": {
    "md5sum": "82613c5bec2ced159465db9e64d8f232",
    "settings": {
      "testing": false
    },
    "software": "mriqc",
    "version": "0.16.1",
    "warnings": {
      "large_rot_frame": true,
      "small_air_mask": false
    },
    "webapi_port": null,
    "webapi_url": "https://mriqc.nimh.nih.gov/api/v1"
  },
  "qi_1": 0.0,
  "qi_2": 0.021013644613462886,
  "rpve_csf": 26.750641990803306,
  "rpve_gm": 15.804871309016264,
  "rpve_wm": 20.728099331106453,
  "size_x": 192,
  "size_y": 256,
  "size_z": 256,
  "snr_csf": 3.390985208598625,
  "snr_gm": 14.268411803081724,
  "snr_total": 14.57163274884008,
  "snr_wm": 26.055501234839895,
  "snrd_csf": 43.2894474359288,
  "snrd_gm": 89.27538405792578,
  "snrd_total": 84.68582890696429,
  "snrd_wm": 121.4926552270383,
  "spacing_x": 1.0,
  "spacing_y": 1.0,
  "spacing_z": 1.0,
  "summary_bg_k": 10.538688254389784,
  "summary_bg_mad": 5.392395168113405,
  "summary_bg_mean": 5.644684069338296,
  "summary_bg_median": 3.7197769805788994,
  "summary_bg_n": 2183346.0,
  "summary_bg_p05": 0.0,
  "summary_bg_p95": 14.7551153562963,
  "summary_bg_stdv": 4.359013932296301,
  "summary_csf_k": -0.5158795399737994,
  "summary_csf_mad": 113.4241301838399,
  "summary_csf_mean": 370.1308810614641,
  "summary_csf_median": 356.3133038841188,
  "summary_csf_n": 21482.0,
  "summary_csf_p05": 217.23497566580772,
  "summary_csf_p95": 549.4916551994161,
  "summary_csf_stdv": 105.07418598729865,
  "summary_gm_k": 0.3678891905028676,
  "summary_gm_mad": 48.96049703775694,
  "summary_gm_mean": 732.940986371651,
  "summary_gm_median": 734.8212770856917,
  "summary_gm_n": 18451.0,
  "summary_gm_p05": 645.7532838284969,
  "summary_gm_p95": 815.5611029919237,
  "summary_gm_stdv": 51.498469078437296,
  "summary_wm_k": 1.2246151551283964,
  "summary_wm_mad": 33.94757867198666,
  "summary_wm_mean": 998.1172429765,
  "summary_wm_median": 1000.0000449456275,
  "summary_wm_n": 200656.0,
  "summary_wm_p05": 930.274891987443,
  "summary_wm_p95": 1056.127346497029,
  "summary_wm_stdv": 38.379517020323696,
  "tpm_overlap_csf": 0.16047552227973938,
  "tpm_overlap_gm": 0.43562954664230347,
  "tpm_overlap_wm": 0.5013994574546814,
  "wm2max": 0.5340170222643513
}