{
  "bids_meta": {
    "AcquisitionMatrixPE": 256,
    "AcquisitionNumber": 1,
    "AcquisitionTime": "09:25:38.062500",
    "BaseResolution": 256,
    "BodyPartExamined": "HEAD",
    "CoilCombinationMethod": "Adaptive Combine",
    "ConsistencyInfo": "N4_VD13D_LATEST_20130810",
    "ConversionSoftware": "dcm2niix",
    "ConversionSoftwareVersion": "v1.0.20211006",
    "Dcm2bidsVersion": "2.1.6",
    "DeviceSerialNumber": "66040",
    "DwellTime": 1.5e-05,
    "EchoTime": 0.00303,
    "FlipAngle": 9,
    "ImageOrientationPatientDICOM": [
      0.00983955,
      0.963181,
      -0.268672,
      -0.00478281,
      -0.268637,
      -0.96323
    ],
    "ImageOrientationText": "Sag>Cor(0.6)>Tra(0.1)",
    "ImageType": [
      "ORIGINAL",
      "PRIMARY",
      "M",
      "ND",
      "NORM"
    ],
    "ImagingFrequency": 123.21,
    "InPlanePhaseEncodingDirectionDICOM": "ROW",
    "InstitutionAddress": "Magyar Tudosok Korutja 2,Budapest,,HU,1117",
    "InstitutionName": "RCNS",
    "InstitutionalDepartmentName": "BIC",
    "InversionTime": 0.9,
    "MRAcquisitionType": "3D",
    "MagneticFieldStrength": 3,
    "Manufacturer": "Siemens",
    "ManufacturersModelName": "Prisma",
    "MatrixCoilMode": "GRAPPA",
    "Modality": "MR",
    "ParallelReductionFactorInPlane": 2,
    "PartialFourier": 1,
    "PatientPosition": "HFS",
    "PercentPhaseFOV": 100,
    "PercentSampling": 100,
    "PhaseEncodingSteps": 255,
    "PhaseResolution": 1,
    "PixelBandwidth": 130,
    "ProcedureStepDescription": "head^MR-artefacts",
    "ProtocolName": "MPRAGE_conventional",
    "PulseSequenceDetails": "%SiemensSeq%\\tfl",
    "ReceiveCoilActiveElements": "HE1-4",
    "ReceiveCoilName": "HeadNeck_20",
    "ReconMatrixPE": 256,
    "RefLinesPE": 24,
    "RepetitionTime": 2.3,
    "SAR": 0.0644727,
    "ScanOptions": "IR",
    "ScanningSequence": "GR\\IR",
    "SequenceName": "*tfl3d1_16ns",
    "SequenceVariant": "SK\\SP\\MP",
    "SeriesDescription": "MPRAGE_conventional",
    "SeriesNumber": 6,
    "ShimSetting": [
      5958,
      -1007,
      1150,
      225,
      -38,
      -3,
      8,
      -12
    ],
    "SliceThickness": 1,
    "SoftwareVersions": "syngo MR D13D",
    "SpoilingState": true,
    "StationName": "AWP66040",
    "TxRefAmp": 264.288,
    "acq_id": "standard",
    "dataset": "<unset>",
    "modality": "T1w",
    "subject_id": "772389"
  },
  "cjv": 0.3314404772857109,
  "cnr": 3.9284880955083863,
  "efc": 0.5821585121862602,
  "fber": 16284.595679012347,
  "fwhm_avg": 4.883226666666666,
  "fwhm_x": 4.67786,
  "fwhm_y": 5.05278,
  "fwhm_z": 4.91904,
  "icvs_csf": 0.23312206522053724,
  "icvs_gm": 0.39410836717115283,
  "icvs_wm": 0.37276956760830987,
  "inu_med": 1.1507891416549683,
  "inu_range": 0.5103381931781767,
  "provenance": {
    "md5sum": "8fcc427c0cc423fba0c352dfb0f48fd1",
    "settings": {
      "testing": false
    },
    "software": "mriqc",
    "version": "0.16.1",
    "warnings": {
      "large_rot_frame": true,
      "small_air_mask": false
    },
    "webapi_port": null,
    "webapi_url": "https://mriqc.nimh.nih.gov/api/v1"
  },
  "qi_1": 0.0,
  "qi_2": 0.00653874921964867,
  "rpve_csf": 23.826946954212907,
  "rpve_gm": 13.831937690835218,
  "rpve_wm": 18.222757317122973,
  "size_x": 192,
  "size_y": 256,
  "size_z": 256,
  "snr_csf": 3.6109212090901597,
  "snr_gm": 13.084904981943152,
  "snr_total": 12.980684539671683,
  "snr_wm": 22.246227427981733,
  "snrd_csf": 56.27342026852885,
  "snrd_gm": 116.00474857549528,
  "snrd_total": 111.12299605064221,
  "snrd_wm": 161.09081930790254,
  "spacing_x": 1.0,
  "spacing_y": 1.0,
  "spacing_z": 1.0,
  "summary_bg_k": 23.808622562909022,
  "summary_bg_mad": 4.0670529324565035,
  "summary_bg_mean": 5.626409820964565,
  "summary_bg_median": 5.486371032893658,
  "summary_bg_n": 2910579.0,
  "summary_bg_p05": 0.0,
  "summary_bg_p95": 13.80301283672452,
  "summary_bg_stdv": 5.140183669347117,
  "summary_csf_k": 0.27204091948414266,
  "summary_csf_mad": 85.86000635185952,
  "summary_csf_mean": 363.7083926487634,
  "summary_csf_median": 349.3424983881414,
  "summary_csf_n": 24964.0,
  "summary_csf_p05": 224.46877484302968,
  "summary_csf_p95": 542.3168909447268,
  "summary_csf_stdv": 96.74414952979575,
  "summary_gm_k": 0.30497435956502317,
  "summary_gm_mad": 52.936244517687825,
  "summary_gm_mean": 720.7528271283153,
  "summary_gm_median": 720.1515120081604,
  "summary_gm_n": 17545.0,
  "summary_gm_p05": 630.1576100178063,
  "summary_gm_p95": 810.755010779947,
  "summary_gm_stdv": 55.03524784668925,
  "summary_wm_k": 0.9522726946189426,
  "summary_wm_mad": 39.83129617977243,
  "summary_wm_mean": 996.2284591247574,
  "summary_wm_median": 1000.0435199402273,
  "summary_wm_n": 233236.0,
  "summary_wm_p05": 913.6114048585296,
  "summary_wm_p95": 1062.570732664317,
  "summary_wm_stdv": 44.95330182749857,
  "tpm_overlap_csf": 0.1737075001001358,
  "tpm_overlap_gm": 0.44181928038597107,
  "tpm_overlap_wm": 0.5162906646728516,
  "wm2max": 0.5572682543720443
}