{
  "bids_meta": {
    "AcquisitionMatrixPE": 256,
    "AcquisitionNumber": 1,
    "AcquisitionTime": "09:23:54.120000",
    "BaseResolution": 256,
    "BodyPartExamined": "HEAD",
    "CoilCombinationMethod": "Adaptive Combine",
    "ConsistencyInfo": "N4_VD13D_LATEST_20130810",
    "ConversionSoftware": "dcm2niix",
    "ConversionSoftwareVersion": "v1.0.20211006",
    "Dcm2bidsVersion": "2.1.6",
    "DeviceSerialNumber": "66040",
    "DwellTime": 1.5e-05,
    "EchoTime": 0.00303,
    "FlipAngle": 9,
    "ImageOrientationPatientDICOM": [
      -0.0608856,
      0.994515,
      -0.0850475,
      0.0918101,
      -0.0792645,
      -0.992617
    ],
    "ImageOrientationText": "Sag>Tra(-5.0)>Cor(-3.9)",
    "ImageType": [
      "ORIGINAL",
      "PRIMARY",
      "M",
      "ND",
      "NORM"
    ],
    "ImagingFrequency": 123.21,
    "InPlanePhaseEncodingDirectionDICOM": "ROW",
    "InstitutionAddress": "Magyar Tudosok Korutja 2,Budapest,,HU,1117",
    "InstitutionName": "RCNS",
    "InstitutionalDepartmentName": "BIC",
    "InversionTime": 0.9,
    "MRAcquisitionType": "3D",
    "MagneticFieldStrength": 3,
    "Manufacturer": "Siemens",
    "ManufacturersModelName": "Prisma",
    "MatrixCoilMode": "GRAPPA",
    "Modality": "MR",
    "ParallelReductionFactorInPlane": 2,
    "PartialFourier": 1,
    "PatientPosition": "HFS",
    "PercentPhaseFOV": 100,
    "PercentSampling": 100,
    "PhaseEncodingSteps": 255,
    "PhaseResolution": 1,
    "PixelBandwidth": 130,
    "ProcedureStepDescription": "head^MR-artefacts",
    "ProtocolName": "MPRAGE_conventional",
    "PulseSequenceDetails": "%SiemensSeq%\\tfl",
    "ReceiveCoilActiveElements": "HE1-4",
    "ReceiveCoilName": "HeadNeck_20",
    "ReconMatrixPE": 256,
    "RefLinesPE": 24,
    "RepetitionTime": 2.3,
    "SAR": 0.0714446,
    "ScanOptions": "IR",
    "ScanningSequence": "GR\\IR",
    "SequenceName": "*tfl3d1_16ns",
    "SequenceVariant": "SK\\SP\\MP",
    "SeriesDescription": "MPRAGE_conventional",
    "SeriesNumber": 6,
    "ShimSetting": [
      5964,
      -1022,
      1169,
      181,
      -13,
      -179,
      64,
      -23
    ],
    "SliceThickness": 1,
    "SoftwareVersions": "syngo MR D13D",
    "SpoilingState": true,
    "StationName": "AWP66040",
    "TxRefAmp": 292.073,
    "acq_id": "standard",
    "dataset": "<unset>",
    "modality": "T1w",
    "subject_id": "000175"
  },
  "cjv": 0.32719858282697784,
  "cnr": 3.855116177891836,
  "efc": 0.575435995278023,
  "fber": 22280.131611828405,
  "fwhm_avg": 4.351873333333334,
  "fwhm_x": 4.12459,
  "fwhm_y": 4.41386,
  "fwhm_z": 4.51717,
  "icvs_csf": 0.22774152507900317,
  "icvs_gm": 0.40019374467689584,
  "icvs_wm": 0.372064730244101,
  "inu_med": 1.2104237079620361,
  "inu_range": 0.43667116165161124,
  "provenance": {
    "md5sum": "80782339d82dd8d7d0a596333cbfe82e",
    "settings": {
      "testing": false
    },
    "software": "mriqc",
    "version": "0.16.1",
    "warnings": {
      "large_rot_frame": true,
      "small_air_mask": false
    },
    "webapi_port": null,
    "webapi_url": "https://mriqc.nimh.nih.gov/api/v1"
  },
  "qi_1": 0.0,
  "qi_2": 0.007481239461002934,
  "rpve_csf": 24.388698088216334,
  "rpve_gm": 13.747454457527708,
  "rpve_wm": 18.00977213255383,
  "size_x": 192,
  "size_y": 256,
  "size_z": 256,
  "snr_csf": 3.8345139242367017,
  "snr_gm": 12.631369626411201,
  "snr_total": 13.515928959539316,
  "snr_wm": 24.081903327970046,
  "snrd_csf": 59.50988592026845,
  "snrd_gm": 135.342380344202,
  "snrd_total": 127.09089593489064,
  "snrd_wm": 186.42042154020146,
  "spacing_x": 1.0,
  "spacing_y": 1.0,
  "spacing_z": 1.0,
  "summary_bg_k": 17.03903111581694,
  "summary_bg_mad": 3.514464995616855,
  "summary_bg_mean": 5.062619064962438,
  "summary_bg_median": 4.692564282566309,
  "summary_bg_n": 3295998.0,
  "summary_bg_p05": 0.0,
  "summary_bg_p95": 14.029315896332264,
  "summary_bg_stdv": 4.86966605268547,
  "summary_csf_k": 1.7157992459669433,
  "summary_csf_mad": 73.01480337832568,
  "summary_csf_mean": 330.4057953284864,
  "summary_csf_median": 319.239502068609,
  "summary_csf_n": 22149.0,
  "summary_csf_p05": 222.77586104348302,
  "summary_csf_p95": 488.491104120016,
  "summary_csf_stdv": 83.25235001360782,
  "summary_gm_k": 0.42866891155262854,
  "summary_gm_mad": 52.573527383411324,
  "summary_gm_mean": 723.9003895686686,
  "summary_gm_median": 726.041286110878,
  "summary_gm_n": 14528.0,
  "summary_gm_p05": 624.691572997719,
  "summary_gm_p95": 817.038331631571,
  "summary_gm_stdv": 57.47724272975383,
  "summary_wm_k": 0.8011057816448366,
  "summary_wm_mad": 37.08119189252886,
  "summary_wm_mean": 996.9148207909152,
  "summary_wm_median": 1000.0483386516571,
  "summary_wm_n": 215336.0,
  "summary_wm_p05": 920.0812380425632,
  "summary_wm_p95": 1058.9714654162526,
  "summary_wm_stdv": 41.52686782952672,
  "tpm_overlap_csf": 0.1626068353652954,
  "tpm_overlap_gm": 0.41792526841163635,
  "tpm_overlap_wm": 0.48908787965774536,
  "wm2max": 0.4733684451568583
}