{
  "bids_meta": {
    "AcquisitionMatrixPE": 256,
    "AcquisitionNumber": 1,
    "AcquisitionTime": "11:52:0.955000",
    "BodyPartExamined": "HEAD",
    "CoilString": "HeadNeck_20",
    "ConversionSoftware": "dcm2niix",
    "ConversionSoftwareVersion": "v1.0.20211006",
    "Dcm2bidsVersion": "2.1.6",
    "DeviceSerialNumber": "66040",
    "EchoTime": 0.00303,
    "FlipAngle": 9,
    "ImageOrientationPatientDICOM": [
      -0.0385778,
      0.995379,
      -0.0879388,
      -0.0409878,
      -0.0895065,
      -0.995142
    ],
    "ImageType": [
      "ORIGINAL",
      "PRIMARY",
      "M",
      "NONE"
    ],
    "ImagingFrequency": 123.227,
    "InPlanePhaseEncodingDirectionDICOM": "ROW",
    "InstitutionAddress": "Magyar Tudosok Korutja 2,Budapest,,HU,1117",
    "InstitutionName": "RCNS",
    "InstitutionalDepartmentName": "BIC",
    "InversionTime": 0.9,
    "MRAcquisitionType": "3D",
    "MTState": true,
    "MagneticFieldStrength": 3,
    "Manufacturer": "Siemens",
    "ManufacturersModelName": "MAGNETOM Prisma",
    "Modality": "MR",
    "ParallelAcquisitionTechnique": "GRAPPA",
    "ParallelReductionFactorInPlane": 2,
    "PatientPosition": "HFS",
    "PercentPhaseFOV": 100,
    "PercentSampling": 100,
    "PixelBandwidth": 130,
    "ProcedureStepDescription": "head MR-artefacts",
    "ProtocolName": "MPRAGE_conventional",
    "ReceiveCoilActiveElements": "HE1-4;NE1,2",
    "ReconMatrixPE": 256,
    "RepetitionTime": 2.3,
    "SequenceVariant": "SK\\SP\\MP",
    "SeriesDescription": "MPRAGE_conventional",
    "SeriesNumber": 5,
    "SliceThickness": 1,
    "SoftwareVersions": "syngo MR XA30",
    "StationName": "AWP66040",
    "acq_id": "standard",
    "dataset": "<unset>",
    "modality": "T1w",
    "subject_id": "262577"
  },
  "cjv": 0.3280163738139596,
  "cnr": 4.012509589048058,
  "efc": 0.5693988343764474,
  "fber": 9499.603434917357,
  "fwhm_avg": 4.832603333333334,
  "fwhm_x": 4.55329,
  "fwhm_y": 4.97158,
  "fwhm_z": 4.97294,
  "icvs_csf": 0.22108412597659213,
  "icvs_gm": 0.4101649253493498,
  "icvs_wm": 0.36875094867405805,
  "inu_med": 0.925279438495636,
  "inu_range": 0.32965453863143934,
  "provenance": {
    "md5sum": "208c4f6da19ec82b185db9cf98992628",
    "settings": {
      "testing": false
    },
    "software": "mriqc",
    "version": "0.16.1",
    "warnings": {
      "large_rot_frame": true,
      "small_air_mask": false
    },
    "webapi_port": null,
    "webapi_url": "https://mriqc.nimh.nih.gov/api/v1"
  },
  "qi_1": 0.0,
  "qi_2": 0.013563372763426172,
  "rpve_csf": 30.17292176658893,
  "rpve_gm": 16.39021232282784,
  "rpve_wm": 21.729508011519766,
  "size_x": 192,
  "size_y": 256,
  "size_z": 256,
  "snr_csf": 3.6389249417788596,
  "snr_gm": 14.770696922830906,
  "snr_total": 13.615132554548241,
  "snr_wm": 22.43577579903496,
  "snrd_csf": 46.4154679159613,
  "snrd_gm": 90.53009795197178,
  "snrd_total": 86.8790627142132,
  "snrd_wm": 123.69162227470653,
  "spacing_x": 1.0,
  "spacing_y": 1.0,
  "spacing_z": 1.0,
  "summary_bg_k": 10.551067123054304,
  "summary_bg_mad": 5.296529752892601,
  "summary_bg_mean": 6.096809033109066,
  "summary_bg_median": 3.654580432921648,
  "summary_bg_n": 2231113.0,
  "summary_bg_p05": 0.0,
  "summary_bg_p95": 14.536196328699589,
  "summary_bg_stdv": 4.7475415078925565,
  "summary_csf_k": 1.0276494558539007,
  "summary_csf_mad": 113.20571351153784,
  "summary_csf_mean": 385.27998323096404,
  "summary_csf_median": 375.25149759836495,
  "summary_csf_n": 21764.0,
  "summary_csf_p05": 235.50075247045606,
  "summary_csf_p95": 558.4465809063986,
  "summary_csf_stdv": 103.1191581527348,
  "summary_gm_k": 0.20878629888170108,
  "summary_gm_mad": 48.85592099650934,
  "summary_gm_mean": 729.0746271412207,
  "summary_gm_median": 731.9015914201736,
  "summary_gm_n": 19466.0,
  "summary_gm_p05": 644.242989406921,
  "summary_gm_p95": 805.3627643920481,
  "summary_gm_stdv": 49.54964518711373,
  "summary_wm_k": 0.9196897450086645,
  "summary_wm_mad": 39.08473679720747,
  "summary_wm_mean": 998.7394895991077,
  "summary_wm_median": 999.999969471246,
  "summary_wm_n": 180455.0,
  "summary_wm_p05": 919.3117610365152,
  "summary_wm_p95": 1068.4104301594198,
  "summary_wm_stdv": 44.57154535911471,
  "tpm_overlap_csf": 0.16488967835903168,
  "tpm_overlap_gm": 0.4525297284126282,
  "tpm_overlap_wm": 0.5016899704933167,
  "wm2max": 0.5046521748140166
}