{
  "bids_meta": {
    "AcquisitionMatrixPE": 256,
    "AcquisitionNumber": 1,
    "AcquisitionTime": "11:33:58.637500",
    "BaseResolution": 256,
    "BodyPartExamined": "HEAD",
    "CoilCombinationMethod": "Adaptive Combine",
    "ConsistencyInfo": "N4_VD13D_LATEST_20130810",
    "ConversionSoftware": "dcm2niix",
    "ConversionSoftwareVersion": "v1.0.20211006",
    "Dcm2bidsVersion": "2.1.6",
    "DeviceSerialNumber": "66040",
    "DwellTime": 1.5e-05,
    "EchoTime": 0.00303,
    "FlipAngle": 9,
    "FrameTimesStart": [
      0
    ],
    "ImageOrientationPatientDICOM": [
      -0.0260592,
      0.997334,
      0.0681544,
      -0.0336789,
      0.0672629,
      -0.997167
    ],
    "ImageOrientationText": "Sag>Tra(1.8)>Cor(-1.6)",
    "ImageType": [
      "ORIGINAL",
      "PRIMARY",
      "M",
      "ND",
      "NORM"
    ],
    "ImagingFrequency": 123.21,
    "InPlanePhaseEncodingDirectionDICOM": "ROW",
    "InstitutionAddress": "Magyar Tudosok Korutja 2,Budapest,,HU,1117",
    "InstitutionName": "RCNS",
    "InstitutionalDepartmentName": "BIC",
    "InversionTime": 0.9,
    "MRAcquisitionType": "3D",
    "MagneticFieldStrength": 3,
    "Manufacturer": "Siemens",
    "ManufacturersModelName": "Prisma",
    "MatrixCoilMode": "GRAPPA",
    "Modality": "MR",
    "ParallelReductionFactorInPlane": 2,
    "PartialFourier": 1,
    "PatientPosition": "HFS",
    "PercentPhaseFOV": 100,
    "PercentSampling": 100,
    "PhaseEncodingSteps": 255,
    "PhaseResolution": 1,
    "PixelBandwidth": 130,
    "ProcedureStepDescription": "head^MR-artefacts",
    "ProtocolName": "MPRAGE_move2",
    "PulseSequenceDetails": "%SiemensSeq%\\tfl",
    "ReceiveCoilActiveElements": "HE1-4",
    "ReceiveCoilName": "HeadNeck_20",
    "ReconMatrixPE": 256,
    "RefLinesPE": 24,
    "RepetitionTime": 2.3,
    "SAR": 0.0543979,
    "ScanOptions": "IR",
    "ScanningSequence": "GR\\IR",
    "SequenceName": "*tfl3d1_16ns",
    "SequenceVariant": "SK\\SP\\MP",
    "SeriesDescription": "MPRAGE_move2",
    "SeriesNumber": 19,
    "ShimSetting": [
      5948,
      -1054,
      1147,
      224,
      9,
      -24,
      62,
      14
    ],
    "SliceThickness": 1,
    "SoftwareVersions": "syngo MR D13D",
    "SpoilingState": true,
    "StationName": "AWP66040",
    "TxRefAmp": 252.56,
    "acq_id": "headmotion2",
    "dataset": "<unset>",
    "modality": "T1w",
    "subject_id": "367500"
  },
  "cjv": 0.502383692037523,
  "cnr": 2.672554952017703,
  "efc": 0.5707061805227583,
  "fber": 2821.9741944359826,
  "fwhm_avg": 4.348466666666666,
  "fwhm_x": 4.11987,
  "fwhm_y": 4.39217,
  "fwhm_z": 4.53336,
  "icvs_csf": 0.22665949401731608,
  "icvs_gm": 0.4106696779715416,
  "icvs_wm": 0.36267082801114237,
  "inu_med": 1.3732855319976807,
  "inu_range": 0.5010278522968292,
  "provenance": {
    "md5sum": "6284f51d7587c5ff8dd590cfaf110e94",
    "settings": {
      "testing": false
    },
    "software": "mriqc",
    "version": "0.16.1",
    "warnings": {
      "large_rot_frame": true,
      "small_air_mask": false
    },
    "webapi_port": null,
    "webapi_url": "https://mriqc.nimh.nih.gov/api/v1"
  },
  "qi_1": 7.897993909546975e-05,
  "qi_2": 0.004988157683225084,
  "rpve_csf": 26.640402566907873,
  "rpve_gm": 14.751383829641536,
  "rpve_wm": 19.831006809801544,
  "size_x": 192,
  "size_y": 256,
  "size_z": 256,
  "snr_csf": 3.525979636412737,
  "snr_gm": 11.340976506432574,
  "snr_total": 10.177976027362876,
  "snr_wm": 15.666971939243314,
  "snrd_csf": 21.780846035216037,
  "snrd_gm": 41.200307946820196,
  "snrd_total": 39.38679611327405,
  "snrd_wm": 55.179234357785916,
  "spacing_x": 1.0,
  "spacing_y": 1.0,
  "spacing_z": 1.0,
  "summary_bg_k": 6.966220210194976,
  "summary_bg_mad": 11.872879311189585,
  "summary_bg_mean": 19.336859911723092,
  "summary_bg_median": 10.71988495439291,
  "summary_bg_n": 2783452.0,
  "summary_bg_p05": 0.0,
  "summary_bg_p95": 70.29363296180964,
  "summary_bg_stdv": 24.02360761071377,
  "summary_csf_k": -0.40597528381766024,
  "summary_csf_mad": 123.0005168852339,
  "summary_csf_mean": 397.9596224889132,
  "summary_csf_median": 394.7290444076061,
  "summary_csf_n": 24229.0,
  "summary_csf_p05": 225.45655273646116,
  "summary_csf_p95": 581.6957019165158,
  "summary_csf_stdv": 111.94644871172868,
  "summary_gm_k": -0.03479454958856998,
  "summary_gm_mad": 66.58863529026964,
  "summary_gm_mean": 747.5949965891922,
  "summary_gm_median": 746.6632911711931,
  "summary_gm_n": 15618.0,
  "summary_gm_p05": 640.3966055363417,
  "summary_gm_p95": 856.2836483243852,
  "summary_gm_stdv": 65.83554656257108,
  "summary_wm_k": 0.486228794528476,
  "summary_wm_mad": 60.683605368302324,
  "summary_wm_mean": 1002.2005108755758,
  "summary_wm_median": 1000.0000190064311,
  "summary_wm_n": 204238.0,
  "summary_wm_p05": 900.6398205161095,
  "summary_wm_p95": 1110.3767000585794,
  "summary_wm_stdv": 63.82838845675744,
  "tpm_overlap_csf": 0.16462762653827667,
  "tpm_overlap_gm": 0.4564884603023529,
  "tpm_overlap_wm": 0.5100058317184448,
  "wm2max": 0.45859241411472096
}