{
  "bids_meta": {
    "AcquisitionMatrixPE": 256,
    "AcquisitionNumber": 1,
    "AcquisitionTime": "13:23:36.630000",
    "BaseResolution": 256,
    "BodyPartExamined": "HEAD",
    "CoilCombinationMethod": "Adaptive Combine",
    "ConsistencyInfo": "N4_VD13D_LATEST_20130810",
    "ConversionSoftware": "dcm2niix",
    "ConversionSoftwareVersion": "v1.0.20211006",
    "Dcm2bidsVersion": "2.1.6",
    "DeviceSerialNumber": "66040",
    "DwellTime": 1.5e-05,
    "EchoTime": 0.00303,
    "FlipAngle": 9,
    "FrameTimesStart": [
      0
    ],
    "ImageOrientationPatientDICOM": [
      -0.0642916,
      0.970132,
      -0.233902,
      0.0693874,
      -0.229473,
      -0.970838
    ],
    "ImageOrientationText": "Sag>Cor(-4.5)>Tra(-3.0)",
    "ImageType": [
      "ORIGINAL",
      "PRIMARY",
      "M",
      "ND",
      "NORM"
    ],
    "ImagingFrequency": 123.21,
    "InPlanePhaseEncodingDirectionDICOM": "ROW",
    "InstitutionAddress": "Magyar Tudosok Korutja 2,Budapest,,HU,1117",
    "InstitutionName": "RCNS",
    "InstitutionalDepartmentName": "BIC",
    "InversionTime": 0.9,
    "MRAcquisitionType": "3D",
    "MagneticFieldStrength": 3,
    "Manufacturer": "Siemens",
    "ManufacturersModelName": "Prisma",
    "MatrixCoilMode": "GRAPPA",
    "Modality": "MR",
    "ParallelReductionFactorInPlane": 2,
    "PartialFourier": 1,
    "PatientPosition": "HFS",
    "PercentPhaseFOV": 100,
    "PercentSampling": 100,
    "PhaseEncodingSteps": 255,
    "PhaseResolution": 1,
    "PixelBandwidth": 130,
    "ProcedureStepDescription": "head^MR-artefacts",
    "ProtocolName": "MPRAGE_conventional",
    "PulseSequenceDetails": "%SiemensSeq%\\tfl",
    "ReceiveCoilActiveElements": "HE1-4",
    "ReceiveCoilName": "HeadNeck_20",
    "ReconMatrixPE": 256,
    "RefLinesPE": 24,
    "RepetitionTime": 2.3,
    "SAR": 0.0632485,
    "ScanOptions": "IR",
    "ScanningSequence": "GR\\IR",
    "SequenceName": "*tfl3d1_16ns",
    "SequenceVariant": "SK\\SP\\MP",
    "SeriesDescription": "MPRAGE_conventional",
    "SeriesNumber": 6,
    "ShimSetting": [
      5955,
      -1008,
      1159,
      271,
      -69,
      -172,
      30,
      2
    ],
    "SliceThickness": 1,
    "SoftwareVersions": "syngo MR D13D",
    "SpoilingState": true,
    "StationName": "AWP66040",
    "TxRefAmp": 269.525,
    "acq_id": "standard",
    "dataset": "<unset>",
    "modality": "T1w",
    "subject_id": "143104"
  },
  "cjv": 0.3292021016150814,
  "cnr": 3.906979620650051,
  "efc": 0.554963674411011,
  "fber": 8506.143833568287,
  "fwhm_avg": 4.509856666666667,
  "fwhm_x": 4.27364,
  "fwhm_y": 4.64508,
  "fwhm_z": 4.61085,
  "icvs_csf": 0.21146337329928908,
  "icvs_gm": 0.40338177883270077,
  "icvs_wm": 0.3851548478680102,
  "inu_med": 0.981764554977417,
  "inu_range": 0.3155560970306398,
  "provenance": {
    "md5sum": "271fc77f50f0af960f16ddda136bfadd",
    "settings": {
      "testing": false
    },
    "software": "mriqc",
    "version": "0.16.1",
    "warnings": {
      "large_rot_frame": true,
      "small_air_mask": false
    },
    "webapi_port": null,
    "webapi_url": "https://mriqc.nimh.nih.gov/api/v1"
  },
  "qi_1": 0.0,
  "qi_2": 0.01578737068968407,
  "rpve_csf": 25.4064759330424,
  "rpve_gm": 13.826229219337405,
  "rpve_wm": 17.808271608808536,
  "size_x": 192,
  "size_y": 256,
  "size_z": 256,
  "snr_csf": 2.8099652151486643,
  "snr_gm": 14.239001095436823,
  "snr_total": 14.289056465648658,
  "snr_wm": 25.818203086360487,
  "snrd_csf": 52.98694294122011,
  "snrd_gm": 125.70265198123151,
  "snrd_total": 115.82382831838338,
  "snrd_wm": 168.7818900326985,
  "spacing_x": 1.0,
  "spacing_y": 1.0,
  "spacing_z": 1.0,
  "summary_bg_k": 8.453489762016538,
  "summary_bg_mad": 3.8815560572142775,
  "summary_bg_mean": 6.551931813172032,
  "summary_bg_median": 5.236139550805092,
  "summary_bg_n": 3405322.0,
  "summary_bg_p05": 0.0,
  "summary_bg_p95": 18.069814920425415,
  "summary_bg_stdv": 5.650642768489968,
  "summary_csf_k": 7.440394657871044,
  "summary_csf_mad": 93.15734537314268,
  "summary_csf_mean": 345.06887262579085,
  "summary_csf_median": 313.93736689165235,
  "summary_csf_n": 20426.0,
  "summary_csf_p05": 206.46816934645176,
  "summary_csf_p95": 552.6180614158511,
  "summary_csf_stdv": 111.72013103798051,
  "summary_gm_k": 0.1797348367963263,
  "summary_gm_mad": 50.76466451297888,
  "summary_gm_mean": 745.5999897526609,
  "summary_gm_median": 744.7638490498066,
  "summary_gm_n": 27248.0,
  "summary_gm_p05": 660.4902363676578,
  "summary_gm_p95": 832.5461885780096,
  "summary_gm_stdv": 52.303541346613265,
  "summary_wm_k": 1.1370481394884093,
  "summary_wm_mad": 33.25960778436548,
  "summary_wm_mean": 997.9496699274155,
  "summary_wm_median": 999.9999848008156,
  "summary_wm_n": 250110.0,
  "summary_wm_p05": 928.2854068353772,
  "summary_wm_p95": 1057.2381769493222,
  "summary_wm_stdv": 38.732284440304454,
  "tpm_overlap_csf": 0.15749846398830414,
  "tpm_overlap_gm": 0.4323030710220337,
  "tpm_overlap_wm": 0.48869913816452026,
  "wm2max": 0.5004425821198111
}