{
  "bids_meta": {
    "AcquisitionMatrixPE": 256,
    "AcquisitionNumber": 1,
    "AcquisitionTime": "13:21:23.717500",
    "BaseResolution": 256,
    "BodyPartExamined": "HEAD",
    "CoilCombinationMethod": "Adaptive Combine",
    "ConsistencyInfo": "N4_VD13D_LATEST_20130810",
    "ConversionSoftware": "dcm2niix",
    "ConversionSoftwareVersion": "v1.0.20211006",
    "Dcm2bidsVersion": "2.1.6",
    "DeviceSerialNumber": "66040",
    "DwellTime": 1.5e-05,
    "EchoTime": 0.00303,
    "FlipAngle": 9,
    "FrameTimesStart": [
      0
    ],
    "ImageOrientationPatientDICOM": [
      -0.0419912,
      0.994213,
      -0.0988843,
      0.0140953,
      -0.0983722,
      -0.99505
    ],
    "ImageOrientationText": "Sag>Cor(-2.5)>Tra(-0.6)",
    "ImageType": [
      "ORIGINAL",
      "PRIMARY",
      "M",
      "ND",
      "NORM"
    ],
    "ImagingFrequency": 123.21,
    "InPlanePhaseEncodingDirectionDICOM": "ROW",
    "InstitutionAddress": "Magyar Tudosok Korutja 2,Budapest,,HU,1117",
    "InstitutionName": "RCNS",
    "InstitutionalDepartmentName": "BIC",
    "InversionTime": 0.9,
    "MRAcquisitionType": "3D",
    "MagneticFieldStrength": 3,
    "Manufacturer": "Siemens",
    "ManufacturersModelName": "Prisma",
    "MatrixCoilMode": "GRAPPA",
    "Modality": "MR",
    "ParallelReductionFactorInPlane": 2,
    "PartialFourier": 1,
    "PatientPosition": "HFS",
    "PercentPhaseFOV": 100,
    "PercentSampling": 100,
    "PhaseEncodingSteps": 255,
    "PhaseResolution": 1,
    "PixelBandwidth": 130,
    "ProcedureStepDescription": "head^MR-artefacts",
    "ProtocolName": "MPRAGE_conventional",
    "PulseSequenceDetails": "%SiemensSeq%\\tfl",
    "ReceiveCoilActiveElements": "HE1-4",
    "ReceiveCoilName": "HeadNeck_20",
    "ReconMatrixPE": 256,
    "RefLinesPE": 24,
    "RepetitionTime": 2.3,
    "SAR": 0.0660215,
    "ScanOptions": "IR",
    "ScanningSequence": "GR\\IR",
    "SequenceName": "*tfl3d1_16ns",
    "SequenceVariant": "SK\\SP\\MP",
    "SeriesDescription": "MPRAGE_conventional",
    "SeriesNumber": 6,
    "ShimSetting": [
      5959,
      -1060,
      1159,
      146,
      -52,
      -160,
      56,
      -29
    ],
    "SliceThickness": 1,
    "SoftwareVersions": "syngo MR D13D",
    "SpoilingState": true,
    "StationName": "AWP66040",
    "TxRefAmp": 292.304,
    "acq_id": "standard",
    "dataset": "<unset>",
    "modality": "T1w",
    "subject_id": "791907"
  },
  "cjv": 0.3409871859585998,
  "cnr": 3.774709315015866,
  "efc": 0.5756088117925676,
  "fber": 19638.309299437507,
  "fwhm_avg": 4.5118833333333335,
  "fwhm_x": 4.40268,
  "fwhm_y": 4.53349,
  "fwhm_z": 4.59948,
  "icvs_csf": 0.21506357218999456,
  "icvs_gm": 0.39908992967755796,
  "icvs_wm": 0.3858464981324475,
  "inu_med": 1.4139418601989746,
  "inu_range": 0.47109401822090136,
  "provenance": {
    "md5sum": "9b7c531642ab1cf329b809b4ed412299",
    "settings": {
      "testing": false
    },
    "software": "mriqc",
    "version": "0.16.1",
    "warnings": {
      "large_rot_frame": true,
      "small_air_mask": false
    },
    "webapi_port": null,
    "webapi_url": "https://mriqc.nimh.nih.gov/api/v1"
  },
  "qi_1": 0.0,
  "qi_2": 0.011313533813436446,
  "rpve_csf": 26.684134939038074,
  "rpve_gm": 14.588749813265391,
  "rpve_wm": 18.651404636060036,
  "size_x": 192,
  "size_y": 256,
  "size_z": 256,
  "snr_csf": 3.475500896355496,
  "snr_gm": 13.487000391099318,
  "snr_total": 13.813379826038236,
  "snr_wm": 24.477638190659896,
  "snrd_csf": 63.501601752947,
  "snrd_gm": 128.33266115507087,
  "snrd_total": 121.68410313110705,
  "snrd_wm": 173.2180464853033,
  "spacing_x": 1.0,
  "spacing_y": 1.0,
  "spacing_z": 1.0,
  "summary_bg_k": 66.51643029106748,
  "summary_bg_mad": 3.7821484142490602,
  "summary_bg_mean": 5.396460319498958,
  "summary_bg_median": 5.146023787558079,
  "summary_bg_n": 3529911.0,
  "summary_bg_p05": 0.0,
  "summary_bg_p95": 13.282899007201195,
  "summary_bg_stdv": 5.110502012731911,
  "summary_csf_k": 0.39614683565575826,
  "summary_csf_mad": 102.37884500639699,
  "summary_csf_mean": 385.53136205098906,
  "summary_csf_median": 366.5992159768939,
  "summary_csf_n": 21451.0,
  "summary_csf_p05": 239.02620746567845,
  "summary_csf_p95": 575.5409766845405,
  "summary_csf_stdv": 105.4785142549728,
  "summary_gm_k": 0.25842229110277737,
  "summary_gm_mad": 52.49361161156023,
  "summary_gm_mean": 742.2259723241158,
  "summary_gm_median": 740.8734845258296,
  "summary_gm_n": 21418.0,
  "summary_gm_p05": 655.700193375349,
  "summary_gm_p95": 837.0557479329406,
  "summary_gm_stdv": 54.93113125676258,
  "summary_wm_k": 0.9959209556346247,
  "summary_wm_mad": 35.86520047994799,
  "summary_wm_mean": 996.8811655899942,
  "summary_wm_median": 999.9999729394913,
  "summary_wm_n": 225477.0,
  "summary_wm_p05": 922.0619032680988,
  "summary_wm_p95": 1057.6178461164236,
  "summary_wm_stdv": 40.85352302484769,
  "tpm_overlap_csf": 0.17095842957496643,
  "tpm_overlap_gm": 0.4427369236946106,
  "tpm_overlap_wm": 0.5184142589569092,
  "wm2max": 0.4763560937794632
}