{
  "bids_meta": {
    "AcquisitionMatrixPE": 256,
    "AcquisitionNumber": 1,
    "AcquisitionTime": "16:03:15.815000",
    "BaseResolution": 256,
    "BodyPartExamined": "HEAD",
    "CoilCombinationMethod": "Adaptive Combine",
    "ConsistencyInfo": "N4_VD13D_LATEST_20130810",
    "ConversionSoftware": "dcm2niix",
    "ConversionSoftwareVersion": "v1.0.20211006",
    "Dcm2bidsVersion": "2.1.6",
    "DeviceSerialNumber": "66040",
    "DwellTime": 1.5e-05,
    "EchoTime": 0.00303,
    "FlipAngle": 9,
    "ImageOrientationPatientDICOM": [
      0.0183489,
      0.999348,
      0.0310809,
      0.0747494,
      0.029628,
      -0.996762
    ],
    "ImageOrientationText": "Sag>Tra(-4.3)>Cor(1.2)",
    "ImageType": [
      "ORIGINAL",
      "PRIMARY",
      "M",
      "ND",
      "NORM"
    ],
    "ImagingFrequency": 123.21,
    "InPlanePhaseEncodingDirectionDICOM": "ROW",
    "InstitutionAddress": "Magyar Tudosok Korutja 2,Budapest,,HU,1117",
    "InstitutionName": "RCNS",
    "InstitutionalDepartmentName": "BIC",
    "InversionTime": 0.9,
    "MRAcquisitionType": "3D",
    "MagneticFieldStrength": 3,
    "Manufacturer": "Siemens",
    "ManufacturersModelName": "Prisma",
    "MatrixCoilMode": "GRAPPA",
    "Modality": "MR",
    "ParallelReductionFactorInPlane": 2,
    "PartialFourier": 1,
    "PatientPosition": "HFS",
    "PercentPhaseFOV": 100,
    "PercentSampling": 100,
    "PhaseEncodingSteps": 255,
    "PhaseResolution": 1,
    "PixelBandwidth": 130,
    "ProcedureStepDescription": "head^MR-artefacts",
    "ProtocolName": "MPRAGE_conventional",
    "PulseSequenceDetails": "%SiemensSeq%\\tfl",
    "ReceiveCoilActiveElements": "HE1-4",
    "ReceiveCoilName": "HeadNeck_20",
    "ReconMatrixPE": 256,
    "RefLinesPE": 24,
    "RepetitionTime": 2.3,
    "SAR": 0.0569565,
    "ScanOptions": "IR",
    "ScanningSequence": "GR\\IR",
    "SequenceName": "*tfl3d1_16ns",
    "SequenceVariant": "SK\\SP\\MP",
    "SeriesDescription": "MPRAGE_conventional",
    "SeriesNumber": 6,
    "ShimSetting": [
      5959,
      -1023,
      1129,
      174,
      -23,
      -101,
      151,
      -15
    ],
    "SliceThickness": 1,
    "SoftwareVersions": "syngo MR D13D",
    "SpoilingState": true,
    "StationName": "AWP66040",
    "TxRefAmp": 263.045,
    "acq_id": "standard",
    "dataset": "<unset>",
    "modality": "T1w",
    "subject_id": "000179"
  },
  "cjv": 0.34584498036391376,
  "cnr": 3.736684327522233,
  "efc": 0.5489178088230188,
  "fber": 15698.615916955017,
  "fwhm_avg": 4.353206666666668,
  "fwhm_x": 4.16856,
  "fwhm_y": 4.43003,
  "fwhm_z": 4.46103,
  "icvs_csf": 0.22772583302485944,
  "icvs_gm": 0.38659676985880803,
  "icvs_wm": 0.38567739711633253,
  "inu_med": 1.1478465795516968,
  "inu_range": 0.319667077064514,
  "provenance": {
    "md5sum": "9fb019d4b6912b95ec0706d04a1eafae",
    "settings": {
      "testing": false
    },
    "software": "mriqc",
    "version": "0.16.1",
    "warnings": {
      "large_rot_frame": true,
      "small_air_mask": false
    },
    "webapi_port": null,
    "webapi_url": "https://mriqc.nimh.nih.gov/api/v1"
  },
  "qi_1": 0.0004259458954731804,
  "qi_2": 0.007823379419842668,
  "rpve_csf": 28.191211677448617,
  "rpve_gm": 16.455027267839313,
  "rpve_wm": 20.922670621557725,
  "size_x": 192,
  "size_y": 256,
  "size_z": 256,
  "snr_csf": 3.1939870704413065,
  "snr_gm": 13.518474734078808,
  "snr_total": 15.113185643411962,
  "snr_wm": 28.62709512571577,
  "snrd_csf": 53.58015844672517,
  "snrd_gm": 124.03799190878375,
  "snrd_total": 114.11185688016668,
  "snrd_wm": 164.71742028499114,
  "spacing_x": 1.0,
  "spacing_y": 1.0,
  "spacing_z": 1.0,
  "summary_bg_k": 278.16634907721965,
  "summary_bg_mad": 3.9775158902340677,
  "summary_bg_mean": 6.320019165359768,
  "summary_bg_median": 5.3655873984098434,
  "summary_bg_n": 3065536.0,
  "summary_bg_p05": 0.0,
  "summary_bg_p95": 16.05129111558199,
  "summary_bg_stdv": 6.719147880777914,
  "summary_csf_k": 2.725473234887289,
  "summary_csf_mad": 87.10085644376974,
  "summary_csf_mean": 352.23976952402006,
  "summary_csf_median": 325.30010379850864,
  "summary_csf_n": 19003.0,
  "summary_csf_p05": 227.67824290320277,
  "summary_csf_p95": 547.6900601387022,
  "summary_csf_stdv": 101.8449784968477,
  "summary_gm_k": 0.07035451598749454,
  "summary_gm_mad": 54.471743039137735,
  "summary_gm_mean": 753.7579890214282,
  "summary_gm_median": 753.069285582751,
  "summary_gm_n": 17552.0,
  "summary_gm_p05": 663.1752346735448,
  "summary_gm_p95": 848.1925106514245,
  "summary_gm_stdv": 55.70508859687795,
  "summary_wm_k": 1.087909279304215,
  "summary_wm_mad": 30.94372531554978,
  "summary_wm_mean": 997.5497511338207,
  "summary_wm_median": 1000.0454546883702,
  "summary_wm_n": 217685.0,
  "summary_wm_p05": 935.1582240313292,
  "summary_wm_p95": 1049.2906339466572,
  "summary_wm_stdv": 34.93344865389764,
  "tpm_overlap_csf": 0.167181596159935,
  "tpm_overlap_gm": 0.4190896451473236,
  "tpm_overlap_wm": 0.49345430731773376,
  "wm2max": 0.5024841527458062
}