{
  "bids_meta": {
    "AcquisitionMatrixPE": 256,
    "AcquisitionNumber": 1,
    "AcquisitionTime": "11:46:0.290000",
    "BodyPartExamined": "HEAD",
    "CoilString": "HeadNeck_20",
    "ConversionSoftware": "dcm2niix",
    "ConversionSoftwareVersion": "v1.0.20211006",
    "Dcm2bidsVersion": "2.1.6",
    "DeviceSerialNumber": "66040",
    "EchoTime": 0.00303,
    "FlipAngle": 9,
    "ImageOrientationPatientDICOM": [
      0.0177602,
      0.999412,
      -0.0293146,
      0.0131635,
      -0.0295504,
      -0.999477
    ],
    "ImageType": [
      "ORIGINAL",
      "PRIMARY",
      "M",
      "NONE"
    ],
    "ImagingFrequency": 123.228,
    "InPlanePhaseEncodingDirectionDICOM": "ROW",
    "InstitutionAddress": "Magyar Tudosok Korutja 2,Budapest,,HU,1117",
    "InstitutionName": "RCNS",
    "InstitutionalDepartmentName": "BIC",
    "InversionTime": 0.9,
    "MRAcquisitionType": "3D",
    "MTState": true,
    "MagneticFieldStrength": 3,
    "Manufacturer": "Siemens",
    "ManufacturersModelName": "MAGNETOM Prisma",
    "Modality": "MR",
    "ParallelAcquisitionTechnique": "GRAPPA",
    "ParallelReductionFactorInPlane": 2,
    "PatientPosition": "HFS",
    "PercentPhaseFOV": 100,
    "PercentSampling": 100,
    "PixelBandwidth": 130,
    "ProcedureStepDescription": "head MR-artefacts",
    "ProtocolName": "MPRAGE_move2",
    "ReceiveCoilActiveElements": "HE1-4;NE1,2",
    "ReconMatrixPE": 256,
    "RepetitionTime": 2.3,
    "SequenceVariant": "SK\\SP\\MP",
    "SeriesDescription": "MPRAGE_move2",
    "SeriesNumber": 7,
    "SliceThickness": 1,
    "SoftwareVersions": "syngo MR XA30",
    "StationName": "AWP66040",
    "acq_id": "headmotion2",
    "dataset": "<unset>",
    "modality": "T1w",
    "subject_id": "654178"
  },
  "cjv": 0.39494083578977607,
  "cnr": 3.3765623698063374,
  "efc": 0.5816678939418084,
  "fber": 3809.5280141017424,
  "fwhm_avg": 4.961320000000001,
  "fwhm_x": 4.72196,
  "fwhm_y": 5.06265,
  "fwhm_z": 5.09935,
  "icvs_csf": 0.2370457239833997,
  "icvs_gm": 0.3869070180574398,
  "icvs_wm": 0.3760472579591605,
  "inu_med": 1.5841869115829468,
  "inu_range": 0.6037755250930785,
  "provenance": {
    "md5sum": "1d6e7584a4484a9b16c056cca3d580bf",
    "settings": {
      "testing": false
    },
    "software": "mriqc",
    "version": "0.16.1",
    "warnings": {
      "large_rot_frame": true,
      "small_air_mask": false
    },
    "webapi_port": null,
    "webapi_url": "https://mriqc.nimh.nih.gov/api/v1"
  },
  "qi_1": 4.5321370630548606e-05,
  "qi_2": 0.017640597013776425,
  "rpve_csf": 27.020784130526934,
  "rpve_gm": 15.830003712099275,
  "rpve_wm": 19.961560391295667,
  "size_x": 192,
  "size_y": 256,
  "size_z": 256,
  "snr_csf": 3.8656512795687967,
  "snr_gm": 12.901378026527517,
  "snr_total": 12.088408799244695,
  "snr_wm": 19.498197091637767,
  "snrd_csf": 44.0376353106479,
  "snrd_gm": 84.96451633680933,
  "snrd_total": 81.37254501880665,
  "snrd_wm": 115.11548340896273,
  "spacing_x": 1.0,
  "spacing_y": 1.0,
  "spacing_z": 1.0,
  "summary_bg_k": 15.515026651555292,
  "summary_bg_mad": 5.691371263290223,
  "summary_bg_mean": 10.285351318988909,
  "summary_bg_median": 7.6775431632995605,
  "summary_bg_n": 2289529.0,
  "summary_bg_p05": 0.0,
  "summary_bg_p95": 30.666550248861313,
  "summary_bg_stdv": 10.679585038842559,
  "summary_csf_k": -0.13040489297011204,
  "summary_csf_mad": 103.70583887143036,
  "summary_csf_mean": 387.1068056429263,
  "summary_csf_median": 382.56848603487015,
  "summary_csf_n": 25330.0,
  "summary_csf_p05": 232.3961779847741,
  "summary_csf_p95": 551.6489252448082,
  "summary_csf_stdv": 98.96416065640638,
  "summary_gm_k": 0.1001137689716014,
  "summary_gm_mad": 56.42865258205363,
  "summary_gm_mean": 737.5165128844603,
  "summary_gm_median": 738.1128925830126,
  "summary_gm_n": 15466.0,
  "summary_gm_p05": 643.4304639697075,
  "summary_gm_p95": 830.6469177827239,
  "summary_gm_stdv": 57.21009246011671,
  "summary_wm_k": 0.7595492054522062,
  "summary_wm_mad": 47.01848759559082,
  "summary_wm_mean": 1000.7527984866688,
  "summary_wm_median": 1000.0436194241047,
  "summary_wm_n": 211297.0,
  "summary_wm_p05": 916.7248271405697,
  "summary_wm_p95": 1085.2381750941277,
  "summary_wm_stdv": 51.28890882991156,
  "tpm_overlap_csf": 0.15440647304058075,
  "tpm_overlap_gm": 0.4325162470340729,
  "tpm_overlap_wm": 0.49729403853416443,
  "wm2max": 0.47333874849378665
}