{
  "bids_meta": {
    "AcquisitionMatrixPE": 256,
    "AcquisitionNumber": 1,
    "AcquisitionTime": "15:42:41.835000",
    "BodyPartExamined": "HEAD",
    "CoilString": "HeadNeck_20",
    "ConversionSoftware": "dcm2niix",
    "ConversionSoftwareVersion": "v1.0.20211006",
    "Dcm2bidsVersion": "2.1.6",
    "DeviceSerialNumber": "66040",
    "EchoTime": 0.00303,
    "FlipAngle": 9,
    "ImageOrientationPatientDICOM": [
      -0.0236308,
      0.995611,
      -0.0905568,
      0.0432001,
      -0.0894805,
      -0.995051
    ],
    "ImageType": [
      "ORIGINAL",
      "PRIMARY",
      "M",
      "NONE"
    ],
    "ImagingFrequency": 123.21,
    "InPlanePhaseEncodingDirectionDICOM": "ROW",
    "InstitutionAddress": "Magyar Tudosok Korutja 2,Budapest,,HU,1117",
    "InstitutionName": "RCNS",
    "InstitutionalDepartmentName": "BIC",
    "InversionTime": 0.9,
    "MRAcquisitionType": "3D",
    "MTState": true,
    "MagneticFieldStrength": 3,
    "Manufacturer": "Siemens",
    "ManufacturersModelName": "MAGNETOM Prisma",
    "Modality": "MR",
    "ParallelAcquisitionTechnique": "GRAPPA",
    "ParallelReductionFactorInPlane": 2,
    "PatientPosition": "HFS",
    "PercentPhaseFOV": 100,
    "PercentSampling": 100,
    "PixelBandwidth": 130,
    "ProcedureStepDescription": "head Dementia_XA30",
    "ProtocolName": "MPRAGE_conventional",
    "ReceiveCoilActiveElements": "HE1-4;NE1,2",
    "ReconMatrixPE": 256,
    "RepetitionTime": 2.3,
    "SequenceVariant": "SK\\SP\\MP",
    "SeriesDescription": "MPRAGE_conventional",
    "SeriesNumber": 36,
    "SliceThickness": 1,
    "SoftwareVersions": "syngo MR XA30",
    "StationName": "AWP66040",
    "acq_id": "standard",
    "dataset": "<unset>",
    "modality": "T1w",
    "subject_id": "694330"
  },
  "cjv": 0.3508413034832533,
  "cnr": 3.653100783862038,
  "efc": 0.5646571213262851,
  "fber": 4844.049524439405,
  "fwhm_avg": 4.519176666666667,
  "fwhm_x": 4.42091,
  "fwhm_y": 4.53927,
  "fwhm_z": 4.59735,
  "icvs_csf": 0.25520707324118375,
  "icvs_gm": 0.3810476154472767,
  "icvs_wm": 0.36374531131153953,
  "inu_med": 1.0173518657684326,
  "inu_range": 0.2910631150007248,
  "provenance": {
    "md5sum": "4f588b03fcf61cf25cecceefea6586b2",
    "settings": {
      "testing": false
    },
    "software": "mriqc",
    "version": "0.16.1",
    "warnings": {
      "large_rot_frame": true,
      "small_air_mask": false
    },
    "webapi_port": null,
    "webapi_url": "https://mriqc.nimh.nih.gov/api/v1"
  },
  "qi_1": 0.0,
  "qi_2": 0.008705468929130183,
  "rpve_csf": 30.31168979042054,
  "rpve_gm": 18.87224179098138,
  "rpve_wm": 23.944767920375156,
  "size_x": 192,
  "size_y": 256,
  "size_z": 256,
  "snr_csf": 4.053217225931164,
  "snr_gm": 14.637395059437145,
  "snr_total": 13.241902579555967,
  "snr_wm": 21.03509545329959,
  "snrd_csf": 41.18144267249704,
  "snrd_gm": 95.96474813198805,
  "snrd_total": 88.66437069391013,
  "snrd_wm": 128.84692127724531,
  "spacing_x": 1.0,
  "spacing_y": 1.0,
  "spacing_z": 1.0,
  "summary_bg_k": 5.359249738637059,
  "summary_bg_mad": 5.084610132547062,
  "summary_bg_mean": 8.111985364197796,
  "summary_bg_median": 6.8196150958538055,
  "summary_bg_n": 2454643.0,
  "summary_bg_p05": 0.0,
  "summary_bg_p95": 17.384105533361435,
  "summary_bg_stdv": 5.619733837500914,
  "summary_csf_k": 1.207808164865373,
  "summary_csf_mad": 63.177741991762915,
  "summary_csf_mean": 338.29994978194435,
  "summary_csf_median": 319.61525547504425,
  "summary_csf_n": 38270.0,
  "summary_csf_p05": 242.3525642156601,
  "summary_csf_p95": 500.02166857868417,
  "summary_csf_stdv": 78.85367643491288,
  "summary_gm_k": 0.60428083422575,
  "summary_gm_mad": 46.75503570158217,
  "summary_gm_mean": 739.3763253880494,
  "summary_gm_median": 744.7965758442879,
  "summary_gm_n": 7634.0,
  "summary_gm_p05": 644.1560075178743,
  "summary_gm_p95": 813.0065237119793,
  "summary_gm_stdv": 50.87980406903067,
  "summary_wm_k": 0.516015466732485,
  "summary_wm_mad": 42.78085766694769,
  "summary_wm_mean": 998.2583154914386,
  "summary_wm_median": 999.9999754428864,
  "summary_wm_n": 155089.0,
  "summary_wm_p05": 912.7640898525715,
  "summary_wm_p95": 1073.123593956232,
  "summary_wm_stdv": 47.53944443478294,
  "tpm_overlap_csf": 0.15745572745800018,
  "tpm_overlap_gm": 0.40231141448020935,
  "tpm_overlap_wm": 0.4720025956630707,
  "wm2max": 0.49508196721311476
}