{
  "bids_meta": {
    "AcquisitionMatrixPE": 256,
    "AcquisitionNumber": 1,
    "AcquisitionTime": "11:32:17.410000",
    "BaseResolution": 256,
    "BodyPartExamined": "HEAD",
    "CoilCombinationMethod": "Adaptive Combine",
    "ConsistencyInfo": "N4_VD13D_LATEST_20130810",
    "ConversionSoftware": "dcm2niix",
    "ConversionSoftwareVersion": "v1.0.20211006",
    "Dcm2bidsVersion": "2.1.6",
    "DeviceSerialNumber": "66040",
    "DwellTime": 1.5e-05,
    "EchoTime": 0.00303,
    "FlipAngle": 9,
    "ImageOrientationPatientDICOM": [
      -0.00412756,
      0.997379,
      -0.0722355,
      0.0608493,
      -0.0718517,
      -0.995557
    ],
    "ImageOrientationText": "Sag>Tra(-3.5)>Cor(-0.5)",
    "ImageType": [
      "ORIGINAL",
      "PRIMARY",
      "M",
      "ND",
      "NORM"
    ],
    "ImagingFrequency": 123.21,
    "InPlanePhaseEncodingDirectionDICOM": "ROW",
    "InstitutionAddress": "Magyar Tudosok Korutja 2,Budapest,,HU,1117",
    "InstitutionName": "RCNS",
    "InstitutionalDepartmentName": "BIC",
    "InversionTime": 0.9,
    "MRAcquisitionType": "3D",
    "MagneticFieldStrength": 3,
    "Manufacturer": "Siemens",
    "ManufacturersModelName": "Prisma",
    "MatrixCoilMode": "GRAPPA",
    "Modality": "MR",
    "ParallelReductionFactorInPlane": 2,
    "PartialFourier": 1,
    "PatientPosition": "HFS",
    "PercentPhaseFOV": 100,
    "PercentSampling": 100,
    "PhaseEncodingSteps": 255,
    "PhaseResolution": 1,
    "PixelBandwidth": 130,
    "ProcedureStepDescription": "head^MR-artefacts",
    "ProtocolName": "MPRAGE_move1",
    "PulseSequenceDetails": "%SiemensSeq%\\tfl",
    "ReceiveCoilActiveElements": "HE1-4",
    "ReceiveCoilName": "HeadNeck_20",
    "ReconMatrixPE": 256,
    "RefLinesPE": 24,
    "RepetitionTime": 2.3,
    "SAR": 0.0645806,
    "ScanOptions": "IR",
    "ScanningSequence": "GR\\IR",
    "SequenceName": "*tfl3d1_16ns",
    "SequenceVariant": "SK\\SP\\MP",
    "SeriesDescription": "MPRAGE_move1",
    "SeriesNumber": 17,
    "ShimSetting": [
      5956,
      -1023,
      1073,
      256,
      23,
      45,
      -293,
      3
    ],
    "SliceThickness": 1,
    "SoftwareVersions": "syngo MR D13D",
    "SpoilingState": true,
    "StationName": "AWP66040",
    "TxRefAmp": 254.742,
    "acq_id": "headmotion1",
    "dataset": "<unset>",
    "modality": "T1w",
    "subject_id": "561646"
  },
  "cjv": 0.4971424105703308,
  "cnr": 2.818978215908436,
  "efc": 0.5419951867518523,
  "fber": 7919.959098526043,
  "fwhm_avg": 4.3563600000000005,
  "fwhm_x": 4.20563,
  "fwhm_y": 4.30222,
  "fwhm_z": 4.56123,
  "icvs_csf": 0.23388342019898797,
  "icvs_gm": 0.41433564728222116,
  "icvs_wm": 0.3517809325187909,
  "inu_med": 1.1903742551803589,
  "inu_range": 0.4018220424652097,
  "provenance": {
    "md5sum": "517c12f065415f78c8c87fdb0fba31c8",
    "settings": {
      "testing": false
    },
    "software": "mriqc",
    "version": "0.16.1",
    "warnings": {
      "large_rot_frame": true,
      "small_air_mask": false
    },
    "webapi_port": null,
    "webapi_url": "https://mriqc.nimh.nih.gov/api/v1"
  },
  "qi_1": 0.0,
  "qi_2": 0.007572916278513879,
  "rpve_csf": 34.64353837167132,
  "rpve_gm": 19.459767797042048,
  "rpve_wm": 26.75489081177215,
  "size_x": 192,
  "size_y": 256,
  "size_z": 256,
  "snr_csf": 3.5408799606059476,
  "snr_gm": 12.24466114455106,
  "snr_total": 10.397370134747604,
  "snr_wm": 15.406569299085803,
  "snrd_csf": 57.70833951112593,
  "snrd_gm": 126.77384148649145,
  "snrd_total": 118.07831209123178,
  "snrd_wm": 169.75275527607798,
  "spacing_x": 1.0,
  "spacing_y": 1.0,
  "spacing_z": 1.0,
  "summary_bg_k": 14.926385342428269,
  "summary_bg_mad": 3.8595326458007224,
  "summary_bg_mean": 9.8839151274119,
  "summary_bg_median": 5.206430420279503,
  "summary_bg_n": 2865159.0,
  "summary_bg_p05": 0.0,
  "summary_bg_p95": 32.79137755930424,
  "summary_bg_stdv": 11.581264039152623,
  "summary_csf_k": 0.21966220472737685,
  "summary_csf_mad": 96.14976064977238,
  "summary_csf_mean": 353.9581078847256,
  "summary_csf_median": 339.9707723557949,
  "summary_csf_n": 19494.0,
  "summary_csf_p05": 221.50164507329464,
  "summary_csf_p95": 529.8387855816632,
  "summary_csf_stdv": 96.01061209187532,
  "summary_gm_k": -0.0201895616913621,
  "summary_gm_mad": 61.41396683756588,
  "summary_gm_mean": 747.8865302686515,
  "summary_gm_median": 746.8487426564097,
  "summary_gm_n": 12527.0,
  "summary_gm_p05": 650.2374890506268,
  "summary_gm_p95": 850.5252136833965,
  "summary_gm_stdv": 60.99139238595947,
  "summary_wm_k": -0.01507753239557097,
  "summary_wm_mad": 64.46096629477698,
  "summary_wm_mean": 997.3835625515572,
  "summary_wm_median": 1000.0456746742129,
  "summary_wm_n": 136416.0,
  "summary_wm_p05": 885.8695689663291,
  "summary_wm_p95": 1100.6576590240002,
  "summary_wm_stdv": 64.91010359458933,
  "tpm_overlap_csf": 0.169353187084198,
  "tpm_overlap_gm": 0.4462549090385437,
  "tpm_overlap_wm": 0.4931184649467468,
  "wm2max": 0.5218417101594338
}