{
  "bids_meta": {
    "AcquisitionMatrixPE": 256,
    "AcquisitionNumber": 1,
    "AcquisitionTime": "09:40:40.112500",
    "BaseResolution": 256,
    "BodyPartExamined": "HEAD",
    "CoilCombinationMethod": "Adaptive Combine",
    "ConsistencyInfo": "N4_VD13D_LATEST_20130810",
    "ConversionSoftware": "dcm2niix",
    "ConversionSoftwareVersion": "v1.0.20211006",
    "Dcm2bidsVersion": "2.1.6",
    "DeviceSerialNumber": "66040",
    "DwellTime": 1.5e-05,
    "EchoTime": 0.00303,
    "FlipAngle": 9,
    "ImageOrientationPatientDICOM": [
      -0.0220032,
      0.981992,
      -0.187635,
      0.0397283,
      -0.186673,
      -0.981618
    ],
    "ImageOrientationText": "Sag>Tra(-2.0)>Cor(-1.7)",
    "ImageType": [
      "ORIGINAL",
      "PRIMARY",
      "M",
      "ND",
      "NORM"
    ],
    "ImagingFrequency": 123.21,
    "InPlanePhaseEncodingDirectionDICOM": "ROW",
    "InstitutionAddress": "Magyar Tudosok Korutja 2,Budapest,,HU,1117",
    "InstitutionName": "RCNS",
    "InstitutionalDepartmentName": "BIC",
    "InversionTime": 0.9,
    "MRAcquisitionType": "3D",
    "MagneticFieldStrength": 3,
    "Manufacturer": "Siemens",
    "ManufacturersModelName": "Prisma",
    "MatrixCoilMode": "GRAPPA",
    "Modality": "MR",
    "ParallelReductionFactorInPlane": 2,
    "PartialFourier": 1,
    "PatientPosition": "HFS",
    "PercentPhaseFOV": 100,
    "PercentSampling": 100,
    "PhaseEncodingSteps": 255,
    "PhaseResolution": 1,
    "PixelBandwidth": 130,
    "ProcedureStepDescription": "head^MR-artefacts",
    "ProtocolName": "MPRAGE_conventional",
    "PulseSequenceDetails": "%SiemensSeq%\\tfl",
    "ReceiveCoilActiveElements": "HE1-4",
    "ReceiveCoilName": "HeadNeck_20",
    "ReconMatrixPE": 256,
    "RefLinesPE": 24,
    "RepetitionTime": 2.3,
    "SAR": 0.0569992,
    "ScanOptions": "IR",
    "ScanningSequence": "GR\\IR",
    "SequenceName": "*tfl3d1_16ns",
    "SequenceVariant": "SK\\SP\\MP",
    "SeriesDescription": "MPRAGE_conventional",
    "SeriesNumber": 6,
    "ShimSetting": [
      5965,
      -1023,
      1170,
      208,
      8,
      -198,
      62,
      -13
    ],
    "SliceThickness": 1,
    "SoftwareVersions": "syngo MR D13D",
    "SpoilingState": true,
    "StationName": "AWP66040",
    "TxRefAmp": 258.027,
    "acq_id": "standard",
    "dataset": "<unset>",
    "modality": "T1w",
    "subject_id": "645865"
  },
  "cjv": 0.3383420317049709,
  "cnr": 3.8506583812540858,
  "efc": 0.5569195532948845,
  "fber": 17774.112445530875,
  "fwhm_avg": 4.67068,
  "fwhm_x": 4.32945,
  "fwhm_y": 4.83494,
  "fwhm_z": 4.84765,
  "icvs_csf": 0.2217384628317726,
  "icvs_gm": 0.4011095434377898,
  "icvs_wm": 0.37715199373043756,
  "inu_med": 0.952556312084198,
  "inu_range": 0.4022051453590394,
  "provenance": {
    "md5sum": "3ddb7492ce206a82c6b9808086fc876f",
    "settings": {
      "testing": false
    },
    "software": "mriqc",
    "version": "0.16.1",
    "warnings": {
      "large_rot_frame": true,
      "small_air_mask": false
    },
    "webapi_port": null,
    "webapi_url": "https://mriqc.nimh.nih.gov/api/v1"
  },
  "qi_1": 0.0,
  "qi_2": 0.017658838133364926,
  "rpve_csf": 23.464216434268383,
  "rpve_gm": 13.12951835976356,
  "rpve_wm": 17.37638065353368,
  "size_x": 192,
  "size_y": 256,
  "size_z": 256,
  "snr_csf": 3.1768500644001545,
  "snr_gm": 12.921524801909552,
  "snr_total": 12.967353456821911,
  "snr_wm": 22.80368550415603,
  "snrd_csf": 66.81635742933308,
  "snrd_gm": 120.41305527358456,
  "snrd_total": 117.75562138299017,
  "snrd_wm": 166.03745144605284,
  "spacing_x": 1.0,
  "spacing_y": 1.0,
  "spacing_z": 1.0,
  "summary_bg_k": 17.4363673768954,
  "summary_bg_mad": 3.945714418014673,
  "summary_bg_mean": 4.952434530513471,
  "summary_bg_median": 5.322687864303589,
  "summary_bg_n": 3442465.0,
  "summary_bg_p05": 0.0,
  "summary_bg_p95": 13.306719660758972,
  "summary_bg_stdv": 4.402329351279325,
  "summary_csf_k": 3.330932578806025,
  "summary_csf_mad": 150.59476695422669,
  "summary_csf_mean": 402.6805427756859,
  "summary_csf_median": 402.4173804074526,
  "summary_csf_n": 25323.0,
  "summary_csf_p05": 214.51540986448526,
  "summary_csf_p95": 596.3628194630146,
  "summary_csf_stdv": 126.66931913127202,
  "summary_gm_k": 0.2513506716779008,
  "summary_gm_mad": 53.92476371286719,
  "summary_gm_mean": 725.600511770354,
  "summary_gm_median": 725.216221511364,
  "summary_gm_n": 26472.0,
  "summary_gm_p05": 633.8434131741524,
  "summary_gm_p95": 819.0840397849679,
  "summary_gm_stdv": 56.12360264763414,
  "summary_wm_k": 0.7666031593622291,
  "summary_wm_mad": 39.04613226160353,
  "summary_wm_mean": 997.8962737281643,
  "summary_wm_median": 999.9999825060368,
  "summary_wm_n": 246210.0,
  "summary_wm_p05": 919.1062159016728,
  "summary_wm_p95": 1065.9236894920468,
  "summary_wm_stdv": 43.8524707567569,
  "tpm_overlap_csf": 0.16979701817035675,
  "tpm_overlap_gm": 0.4563749134540558,
  "tpm_overlap_wm": 0.517234206199646,
  "wm2max": 0.5418894012324793
}