{
  "bids_meta": {
    "AcquisitionMatrixPE": 256,
    "AcquisitionNumber": 1,
    "AcquisitionTime": "14:45:8.535000",
    "BaseResolution": 256,
    "BodyPartExamined": "HEAD",
    "CoilCombinationMethod": "Adaptive Combine",
    "ConsistencyInfo": "N4_VD13D_LATEST_20130810",
    "ConversionSoftware": "dcm2niix",
    "ConversionSoftwareVersion": "v1.0.20211006",
    "Dcm2bidsVersion": "2.1.6",
    "DeviceSerialNumber": "66040",
    "DwellTime": 1.5e-05,
    "EchoTime": 0.00303,
    "FlipAngle": 9,
    "ImageOrientationPatientDICOM": [
      -0.0549757,
      0.993309,
      -0.10156,
      -0.0128256,
      -0.102408,
      -0.99466
    ],
    "ImageOrientationText": "Sag>Cor(-3.1)>Tra(1.1)",
    "ImageType": [
      "ORIGINAL",
      "PRIMARY",
      "M",
      "ND",
      "NORM"
    ],
    "ImagingFrequency": 123.21,
    "InPlanePhaseEncodingDirectionDICOM": "ROW",
    "InstitutionAddress": "Magyar Tudosok Korutja 2,Budapest,,HU,1117",
    "InstitutionName": "RCNS",
    "InstitutionalDepartmentName": "BIC",
    "InversionTime": 0.9,
    "MRAcquisitionType": "3D",
    "MagneticFieldStrength": 3,
    "Manufacturer": "Siemens",
    "ManufacturersModelName": "Prisma",
    "MatrixCoilMode": "GRAPPA",
    "Modality": "MR",
    "ParallelReductionFactorInPlane": 2,
    "PartialFourier": 1,
    "PatientPosition": "HFS",
    "PercentPhaseFOV": 100,
    "PercentSampling": 100,
    "PhaseEncodingSteps": 255,
    "PhaseResolution": 1,
    "PixelBandwidth": 130,
    "ProcedureStepDescription": "head^MR-artefacts",
    "ProtocolName": "MPRAGE_move1",
    "PulseSequenceDetails": "%SiemensSeq%\\tfl",
    "ReceiveCoilActiveElements": "HE1-4",
    "ReceiveCoilName": "HeadNeck_20",
    "ReconMatrixPE": 256,
    "RefLinesPE": 24,
    "RepetitionTime": 2.3,
    "SAR": 0.0623692,
    "ScanOptions": "IR",
    "ScanningSequence": "GR\\IR",
    "SequenceName": "*tfl3d1_16ns",
    "SequenceVariant": "SK\\SP\\MP",
    "SeriesDescription": "MPRAGE_move1",
    "SeriesNumber": 17,
    "ShimSetting": [
      5958,
      -1043,
      1090,
      113,
      43,
      -175,
      53,
      -23
    ],
    "SliceThickness": 1,
    "SoftwareVersions": "syngo MR D13D",
    "SpoilingState": true,
    "StationName": "AWP66040",
    "TxRefAmp": 246.386,
    "acq_id": "headmotion1",
    "dataset": "<unset>",
    "modality": "T1w",
    "subject_id": "000159"
  },
  "cjv": 0.37970604416655684,
  "cnr": 3.437932564852043,
  "efc": 0.5561538288710183,
  "fber": 9398.547814550539,
  "fwhm_avg": 4.821996666666666,
  "fwhm_x": 4.57453,
  "fwhm_y": 5.02694,
  "fwhm_z": 4.86452,
  "icvs_csf": 0.22440449232388607,
  "icvs_gm": 0.39657578293250845,
  "icvs_wm": 0.3790197247436055,
  "inu_med": 1.0546388626098633,
  "inu_range": 0.38890872001647936,
  "provenance": {
    "md5sum": "7f61fd249bf7376491b865dcc8f0208e",
    "settings": {
      "testing": false
    },
    "software": "mriqc",
    "version": "0.16.1",
    "warnings": {
      "large_rot_frame": true,
      "small_air_mask": false
    },
    "webapi_port": null,
    "webapi_url": "https://mriqc.nimh.nih.gov/api/v1"
  },
  "qi_1": 6.369291522472984e-05,
  "qi_2": 0.00975907842063542,
  "rpve_csf": 26.64828369133331,
  "rpve_gm": 14.980519911918645,
  "rpve_wm": 19.14426298317828,
  "size_x": 192,
  "size_y": 256,
  "size_z": 256,
  "snr_csf": 4.28700961521065,
  "snr_gm": 14.109213217657892,
  "snr_total": 12.762836025897519,
  "snr_wm": 19.892285244824013,
  "snrd_csf": 79.27850369159268,
  "snrd_gm": 137.2046005961395,
  "snrd_total": 133.50646263819587,
  "snrd_wm": 184.03628362685538,
  "spacing_x": 1.0,
  "spacing_y": 1.0,
  "spacing_z": 1.0,
  "summary_bg_k": 17.213303003323947,
  "summary_bg_mad": 3.5598218978532494,
  "summary_bg_mean": 9.495071953426606,
  "summary_bg_median": 4.75925063341856,
  "summary_bg_n": 3119836.0,
  "summary_bg_p05": 0.0,
  "summary_bg_p95": 34.21515320241451,
  "summary_bg_stdv": 12.635263055178509,
  "summary_csf_k": 0.0526640154018474,
  "summary_csf_mad": 100.5649686143543,
  "summary_csf_mean": 422.56766690479145,
  "summary_csf_median": 430.7764965221286,
  "summary_csf_n": 27314.0,
  "summary_csf_p05": 247.60966133326292,
  "summary_csf_p95": 574.0985423989594,
  "summary_csf_stdv": 100.48230572799336,
  "summary_gm_k": 0.12841534367469842,
  "summary_gm_mad": 52.44380474515948,
  "summary_gm_mean": 746.3947702208225,
  "summary_gm_median": 745.5301803052425,
  "summary_gm_n": 19693.0,
  "summary_gm_p05": 661.4500857815146,
  "summary_gm_p95": 834.5581804424523,
  "summary_gm_stdv": 52.83861259677831,
  "summary_wm_k": 1.0602363194583795,
  "summary_wm_mad": 44.179932482285864,
  "summary_wm_mean": 999.4427129869119,
  "summary_wm_median": 1000.0000227317214,
  "summary_wm_n": 218753.0,
  "summary_wm_p05": 913.1329796388745,
  "summary_wm_p95": 1079.3637427538633,
  "summary_wm_stdv": 50.2706312893999,
  "tpm_overlap_csf": 0.15237130224704742,
  "tpm_overlap_gm": 0.4418589770793915,
  "tpm_overlap_wm": 0.4936743378639221,
  "wm2max": 0.5236235128757063
}