{
  "bids_meta": {
    "AcquisitionMatrixPE": 256,
    "AcquisitionNumber": 1,
    "AcquisitionTime": "13:26:9.010000",
    "BaseResolution": 256,
    "BodyPartExamined": "HEAD",
    "CoilCombinationMethod": "Adaptive Combine",
    "ConsistencyInfo": "N4_VD13D_LATEST_20130810",
    "ConversionSoftware": "dcm2niix",
    "ConversionSoftwareVersion": "v1.0.20211006",
    "Dcm2bidsVersion": "2.1.6",
    "DeviceSerialNumber": "66040",
    "DwellTime": 1.5e-05,
    "EchoTime": 0.00303,
    "FlipAngle": 9,
    "ImageOrientationPatientDICOM": [
      -0.00191419,
      0.987032,
      -0.16051,
      0.0615731,
      -0.160089,
      -0.98518
    ],
    "ImageOrientationText": "Sag>Tra(-3.5)>Cor(-0.7)",
    "ImageType": [
      "ORIGINAL",
      "PRIMARY",
      "M",
      "ND",
      "NORM"
    ],
    "ImagingFrequency": 123.21,
    "InPlanePhaseEncodingDirectionDICOM": "ROW",
    "InstitutionAddress": "Magyar Tudosok Korutja 2,Budapest,,HU,1117",
    "InstitutionName": "RCNS",
    "InstitutionalDepartmentName": "BIC",
    "InversionTime": 0.9,
    "MRAcquisitionType": "3D",
    "MagneticFieldStrength": 3,
    "Manufacturer": "Siemens",
    "ManufacturersModelName": "Prisma",
    "MatrixCoilMode": "GRAPPA",
    "Modality": "MR",
    "ParallelReductionFactorInPlane": 2,
    "PartialFourier": 1,
    "PatientPosition": "HFS",
    "PercentPhaseFOV": 100,
    "PercentSampling": 100,
    "PhaseEncodingSteps": 255,
    "PhaseResolution": 1,
    "PixelBandwidth": 130,
    "ProcedureStepDescription": "head^MR-artefacts",
    "ProtocolName": "MPRAGE_conventional",
    "PulseSequenceDetails": "%SiemensSeq%\\tfl",
    "ReceiveCoilActiveElements": "HE1-4",
    "ReceiveCoilName": "HeadNeck_20",
    "ReconMatrixPE": 256,
    "RefLinesPE": 24,
    "RepetitionTime": 2.3,
    "SAR": 0.0630797,
    "ScanOptions": "IR",
    "ScanningSequence": "GR\\IR",
    "SequenceName": "*tfl3d1_16ns",
    "SequenceVariant": "SK\\SP\\MP",
    "SeriesDescription": "MPRAGE_conventional",
    "SeriesNumber": 6,
    "ShimSetting": [
      5972,
      -1017,
      1176,
      130,
      -8,
      -43,
      110,
      -13
    ],
    "SliceThickness": 1,
    "SoftwareVersions": "syngo MR D13D",
    "SpoilingState": true,
    "StationName": "AWP66040",
    "TxRefAmp": 266.682,
    "acq_id": "standard",
    "dataset": "<unset>",
    "modality": "T1w",
    "subject_id": "927452"
  },
  "cjv": 0.33807425098224403,
  "cnr": 3.74273911644748,
  "efc": 0.5498234654876956,
  "fber": 19261.08573625529,
  "fwhm_avg": 4.643676666666667,
  "fwhm_x": 4.36338,
  "fwhm_y": 4.81114,
  "fwhm_z": 4.75651,
  "icvs_csf": 0.21311810701395612,
  "icvs_gm": 0.42563908723173016,
  "icvs_wm": 0.3612428057543138,
  "inu_med": 1.4742603302001953,
  "inu_range": 0.5403542160987853,
  "provenance": {
    "md5sum": "6439586260035f93655dc95ab94b7eca",
    "settings": {
      "testing": false
    },
    "software": "mriqc",
    "version": "0.16.1",
    "warnings": {
      "large_rot_frame": true,
      "small_air_mask": false
    },
    "webapi_port": null,
    "webapi_url": "https://mriqc.nimh.nih.gov/api/v1"
  },
  "qi_1": 0.0,
  "qi_2": 0.026586788722074556,
  "rpve_csf": 26.547594444727935,
  "rpve_gm": 14.023493666649328,
  "rpve_wm": 19.601750632843892,
  "size_x": 192,
  "size_y": 256,
  "size_z": 256,
  "snr_csf": 3.2865614951832356,
  "snr_gm": 13.857831044607098,
  "snr_total": 12.673218271850082,
  "snr_wm": 20.875262275759916,
  "snrd_csf": 65.58424096772632,
  "snrd_gm": 129.71026878902023,
  "snrd_total": 124.12192467026819,
  "snrd_wm": 177.071264254058,
  "spacing_x": 1.0,
  "spacing_y": 1.0,
  "spacing_z": 1.0,
  "summary_bg_k": 10.189397662897385,
  "summary_bg_mad": 3.700030567471178,
  "summary_bg_mean": 5.048216690132363,
  "summary_bg_median": 5.041178040206432,
  "summary_bg_n": 3479870.0,
  "summary_bg_p05": 0.0,
  "summary_bg_p95": 12.727726735174656,
  "summary_bg_stdv": 4.258041852867078,
  "summary_csf_k": 0.20314021128625992,
  "summary_csf_mad": 122.32301056059714,
  "summary_csf_mean": 385.0148665437805,
  "summary_csf_median": 370.4018043205142,
  "summary_csf_n": 23066.0,
  "summary_csf_p05": 225.1060689240694,
  "summary_csf_p95": 578.5874835848808,
  "summary_csf_stdv": 112.69948108484603,
  "summary_gm_k": 0.40642038734657104,
  "summary_gm_mad": 49.35840777006551,
  "summary_gm_mean": 735.3224759739174,
  "summary_gm_median": 732.5680207535625,
  "summary_gm_n": 29260.0,
  "summary_gm_p05": 653.1045801702886,
  "summary_gm_p95": 827.9511022865772,
  "summary_gm_stdv": 52.86220477346336,
  "summary_wm_k": 0.9109670945896187,
  "summary_wm_mad": 41.07033929893007,
  "summary_wm_mean": 995.6415559793454,
  "summary_wm_median": 1000.049932807684,
  "summary_wm_n": 212191.0,
  "summary_wm_p05": 904.8165892362595,
  "summary_wm_p95": 1066.5335877537727,
  "summary_wm_stdv": 47.905868827376494,
  "tpm_overlap_csf": 0.1644815057516098,
  "tpm_overlap_gm": 0.4620903432369232,
  "tpm_overlap_wm": 0.5154268741607666,
  "wm2max": 0.5456278423790202
}