{
  "bids_meta": {
    "AcquisitionMatrixPE": 256,
    "AcquisitionNumber": 1,
    "AcquisitionTime": "13:51:23.657500",
    "BaseResolution": 256,
    "BodyPartExamined": "HEAD",
    "CoilCombinationMethod": "Adaptive Combine",
    "ConsistencyInfo": "N4_VD13D_LATEST_20130810",
    "ConversionSoftware": "dcm2niix",
    "ConversionSoftwareVersion": "v1.0.20211006",
    "Dcm2bidsVersion": "2.1.6",
    "DeviceSerialNumber": "66040",
    "DwellTime": 1.5e-05,
    "EchoTime": 0.00303,
    "FlipAngle": 9,
    "ImageOrientationPatientDICOM": [
      -0.0529195,
      0.998247,
      0.0264995,
      -0.0460801,
      0.0240673,
      -0.998648
    ],
    "ImageOrientationText": "Sag>Cor(-3.1)>Tra(2.6)",
    "ImageType": [
      "ORIGINAL",
      "PRIMARY",
      "M",
      "ND",
      "NORM"
    ],
    "ImagingFrequency": 123.21,
    "InPlanePhaseEncodingDirectionDICOM": "ROW",
    "InstitutionAddress": "Magyar Tudosok Korutja 2,Budapest,,HU,1117",
    "InstitutionName": "RCNS",
    "InstitutionalDepartmentName": "BIC",
    "InversionTime": 0.9,
    "MRAcquisitionType": "3D",
    "MagneticFieldStrength": 3,
    "Manufacturer": "Siemens",
    "ManufacturersModelName": "Prisma",
    "MatrixCoilMode": "GRAPPA",
    "Modality": "MR",
    "ParallelReductionFactorInPlane": 2,
    "PartialFourier": 1,
    "PatientPosition": "HFS",
    "PercentPhaseFOV": 100,
    "PercentSampling": 100,
    "PhaseEncodingSteps": 255,
    "PhaseResolution": 1,
    "PixelBandwidth": 130,
    "ProcedureStepDescription": "head^MR-artefacts",
    "ProtocolName": "MPRAGE_move1",
    "PulseSequenceDetails": "%SiemensSeq%\\tfl",
    "ReceiveCoilActiveElements": "HE1-4",
    "ReceiveCoilName": "HeadNeck_20",
    "ReconMatrixPE": 256,
    "RefLinesPE": 24,
    "RepetitionTime": 2.3,
    "SAR": 0.0565817,
    "ScanOptions": "IR",
    "ScanningSequence": "GR\\IR",
    "SequenceName": "*tfl3d1_16ns",
    "SequenceVariant": "SK\\SP\\MP",
    "SeriesDescription": "MPRAGE_move1",
    "SeriesNumber": 17,
    "ShimSetting": [
      5934,
      -1049,
      1163,
      227,
      43,
      -127,
      152,
      -8
    ],
    "SliceThickness": 1,
    "SoftwareVersions": "syngo MR D13D",
    "SpoilingState": true,
    "StationName": "AWP66040",
    "TxRefAmp": 240.849,
    "acq_id": "headmotion1",
    "dataset": "<unset>",
    "modality": "T1w",
    "subject_id": "599619"
  },
  "cjv": 0.3376600024161226,
  "cnr": 3.902761449505372,
  "efc": 0.5258752256895195,
  "fber": 9051.443182316565,
  "fwhm_avg": 4.4956233333333335,
  "fwhm_x": 4.33003,
  "fwhm_y": 4.57521,
  "fwhm_z": 4.58163,
  "icvs_csf": 0.22362004244736858,
  "icvs_gm": 0.4070072869579696,
  "icvs_wm": 0.3693726705946618,
  "inu_med": 1.5791401863098145,
  "inu_range": 0.4720852732658387,
  "provenance": {
    "md5sum": "d42d6a9f7502868794e31117313a1e57",
    "settings": {
      "testing": false
    },
    "software": "mriqc",
    "version": "0.16.1",
    "warnings": {
      "large_rot_frame": true,
      "small_air_mask": false
    },
    "webapi_port": null,
    "webapi_url": "https://mriqc.nimh.nih.gov/api/v1"
  },
  "qi_1": 1.9284338066534995e-05,
  "qi_2": 0.013125777517511919,
  "rpve_csf": 27.380787777826487,
  "rpve_gm": 15.328613950984762,
  "rpve_wm": 20.520145630669727,
  "size_x": 192,
  "size_y": 256,
  "size_z": 256,
  "snr_csf": 3.201881719698533,
  "snr_gm": 13.929853591848673,
  "snr_total": 14.003166330333002,
  "snr_wm": 24.877763679451796,
  "snrd_csf": 65.86704594157987,
  "snrd_gm": 136.36502333001172,
  "snrd_total": 128.9178256852014,
  "snrd_wm": 184.52140778401264,
  "spacing_x": 1.0,
  "spacing_y": 1.0,
  "spacing_z": 1.0,
  "summary_bg_k": 15.857342093916095,
  "summary_bg_mad": 3.5504627217921136,
  "summary_bg_mean": 6.496382220549747,
  "summary_bg_median": 4.837396442890167,
  "summary_bg_n": 3250864.0,
  "summary_bg_p05": 0.0,
  "summary_bg_p95": 18.96642565727234,
  "summary_bg_stdv": 6.435049730046279,
  "summary_csf_k": -0.5043500681271418,
  "summary_csf_mad": 126.11243587805588,
  "summary_csf_mean": 374.45435712939343,
  "summary_csf_median": 356.9615414738655,
  "summary_csf_n": 22396.0,
  "summary_csf_p05": 220.68825207650661,
  "summary_csf_p95": 563.4968168288469,
  "summary_csf_stdv": 111.48243542983529,
  "summary_gm_k": 0.18566934528673906,
  "summary_gm_mad": 51.83675573816486,
  "summary_gm_mean": 739.007386000289,
  "summary_gm_median": 739.0200704336166,
  "summary_gm_n": 26435.0,
  "summary_gm_p05": 651.9469344615936,
  "summary_gm_p95": 826.8116316199303,
  "summary_gm_stdv": 53.051964068964956,
  "summary_wm_k": 0.9623922003988108,
  "summary_wm_mad": 36.2857290167154,
  "summary_wm_mean": 998.8408827662558,
  "summary_wm_median": 1000.0000032782555,
  "summary_wm_n": 210635.0,
  "summary_wm_p05": 930.6959176063538,
  "summary_wm_p95": 1061.8324667215347,
  "summary_wm_stdv": 40.19644379558345,
  "tpm_overlap_csf": 0.16639970242977142,
  "tpm_overlap_gm": 0.4490196704864502,
  "tpm_overlap_wm": 0.5204897522926331,
  "wm2max": 0.5073069241758041
}