{
  "bids_meta": {
    "AcquisitionMatrixPE": 256,
    "AcquisitionNumber": 1,
    "AcquisitionTime": "10:42:19.670000",
    "BaseResolution": 256,
    "BodyPartExamined": "HEAD",
    "CoilCombinationMethod": "Adaptive Combine",
    "ConsistencyInfo": "N4_VD13D_LATEST_20130810",
    "ConversionSoftware": "dcm2niix",
    "ConversionSoftwareVersion": "v1.0.20211006",
    "Dcm2bidsVersion": "2.1.6",
    "DeviceSerialNumber": "66040",
    "DwellTime": 1.5e-05,
    "EchoTime": 0.00303,
    "FlipAngle": 9,
    "FrameTimesStart": [
      0
    ],
    "ImageOrientationPatientDICOM": [
      0.0120318,
      0.98504,
      -0.171907,
      0.015888,
      -0.172087,
      -0.984954
    ],
    "ImageOrientationText": "Sag>Tra(-1.0)>Cor(0.5)",
    "ImageType": [
      "ORIGINAL",
      "PRIMARY",
      "M",
      "ND",
      "NORM"
    ],
    "ImagingFrequency": 123.21,
    "InPlanePhaseEncodingDirectionDICOM": "ROW",
    "InstitutionAddress": "Magyar Tudosok Korutja 2,Budapest,,HU,1117",
    "InstitutionName": "RCNS",
    "InstitutionalDepartmentName": "BIC",
    "InversionTime": 0.9,
    "MRAcquisitionType": "3D",
    "MagneticFieldStrength": 3,
    "Manufacturer": "Siemens",
    "ManufacturersModelName": "Prisma",
    "MatrixCoilMode": "GRAPPA",
    "Modality": "MR",
    "ParallelReductionFactorInPlane": 2,
    "PartialFourier": 1,
    "PatientPosition": "HFS",
    "PercentPhaseFOV": 100,
    "PercentSampling": 100,
    "PhaseEncodingSteps": 255,
    "PhaseResolution": 1,
    "PixelBandwidth": 130,
    "ProcedureStepDescription": "head^MR-artefacts",
    "ProtocolName": "MPRAGE_conventional",
    "PulseSequenceDetails": "%SiemensSeq%\\tfl",
    "ReceiveCoilActiveElements": "HE1-4",
    "ReceiveCoilName": "HeadNeck_20",
    "ReconMatrixPE": 256,
    "RefLinesPE": 24,
    "RepetitionTime": 2.3,
    "SAR": 0.0546101,
    "ScanOptions": "IR",
    "ScanningSequence": "GR\\IR",
    "SequenceName": "*tfl3d1_16ns",
    "SequenceVariant": "SK\\SP\\MP",
    "SeriesDescription": "MPRAGE_conventional",
    "SeriesNumber": 6,
    "ShimSetting": [
      5967,
      -1029,
      1155,
      183,
      19,
      -152,
      30,
      28
    ],
    "SliceThickness": 1,
    "SoftwareVersions": "syngo MR D13D",
    "SpoilingState": true,
    "StationName": "AWP66040",
    "TxRefAmp": 263.157,
    "acq_id": "standard",
    "dataset": "<unset>",
    "modality": "T1w",
    "subject_id": "678878"
  },
  "cjv": 0.2905574068898287,
  "cnr": 4.450927331494517,
  "efc": 0.5733613522489156,
  "fber": 9397.962588406372,
  "fwhm_avg": 4.555176666666667,
  "fwhm_x": 4.225,
  "fwhm_y": 4.78265,
  "fwhm_z": 4.65788,
  "icvs_csf": 0.21412862502088437,
  "icvs_gm": 0.4278505165426676,
  "icvs_wm": 0.358020858436448,
  "inu_med": 1.0907889604568481,
  "inu_range": 0.408238703012466,
  "provenance": {
    "md5sum": "dd3f271afc22a631a023e84d2ebb96c8",
    "settings": {
      "testing": false
    },
    "software": "mriqc",
    "version": "0.16.1",
    "warnings": {
      "large_rot_frame": true,
      "small_air_mask": false
    },
    "webapi_port": null,
    "webapi_url": "https://mriqc.nimh.nih.gov/api/v1"
  },
  "qi_1": 0.0,
  "qi_2": 0.0155980217719191,
  "rpve_csf": 24.572945394373967,
  "rpve_gm": 12.989998027927898,
  "rpve_wm": 18.425469989142748,
  "size_x": 192,
  "size_y": 256,
  "size_z": 256,
  "snr_csf": 3.0043295621475803,
  "snr_gm": 13.81586292666637,
  "snr_total": 12.840933456202984,
  "snr_wm": 21.702607879795003,
  "snrd_csf": 57.73934882843443,
  "snrd_gm": 126.58889305825858,
  "snrd_total": 122.12447426218246,
  "snrd_wm": 182.0451808998544,
  "spacing_x": 1.0,
  "spacing_y": 1.0,
  "spacing_z": 1.0,
  "summary_bg_k": 12.637275182145542,
  "summary_bg_mad": 3.5987570255470445,
  "summary_bg_mean": 5.656873555536757,
  "summary_bg_median": 4.796856008470058,
  "summary_bg_n": 3192653.0,
  "summary_bg_p05": 0.0,
  "summary_bg_p95": 14.795122146606445,
  "summary_bg_stdv": 5.2905618270781085,
  "summary_csf_k": 3.6637590908840316,
  "summary_csf_mad": 107.02017916448234,
  "summary_csf_mean": 328.7984464268305,
  "summary_csf_median": 317.17043101787567,
  "summary_csf_n": 19634.0,
  "summary_csf_p05": 182.56949555128813,
  "summary_csf_p95": 514.4396895300596,
  "summary_csf_stdv": 105.56842958904046,
  "summary_gm_k": 0.39274585921207805,
  "summary_gm_mad": 47.983427007293926,
  "summary_gm_mean": 695.677727867173,
  "summary_gm_median": 695.3707408905029,
  "summary_gm_n": 32656.0,
  "summary_gm_p05": 613.1740124803036,
  "summary_gm_p95": 777.899781614542,
  "summary_gm_stdv": 50.330558257104016,
  "summary_wm_k": 1.0359502878336802,
  "summary_wm_mad": 40.52885888294647,
  "summary_wm_mean": 995.4767366770676,
  "summary_wm_median": 999.9999941512942,
  "summary_wm_n": 213978.0,
  "summary_wm_p05": 910.0647233370692,
  "summary_wm_p95": 1062.3013288155198,
  "summary_wm_stdv": 46.077303842859884,
  "tpm_overlap_csf": 0.1671055406332016,
  "tpm_overlap_gm": 0.45660918951034546,
  "tpm_overlap_wm": 0.49578386545181274,
  "wm2max": 0.5024245767879439
}