{
  "bids_meta": {
    "AcquisitionMatrixPE": 256,
    "AcquisitionNumber": 1,
    "AcquisitionTime": "11:14:13.680000",
    "BaseResolution": 256,
    "BodyPartExamined": "HEAD",
    "CoilCombinationMethod": "Adaptive Combine",
    "ConsistencyInfo": "N4_VD13D_LATEST_20130810",
    "ConversionSoftware": "dcm2niix",
    "ConversionSoftwareVersion": "v1.0.20211006",
    "Dcm2bidsVersion": "2.1.6",
    "DeviceSerialNumber": "66040",
    "DwellTime": 1.5e-05,
    "EchoTime": 0.00303,
    "FlipAngle": 9,
    "FrameTimesStart": [
      0
    ],
    "ImageOrientationPatientDICOM": [
      0.0120318,
      0.985041,
      -0.171902,
      0.0158878,
      -0.172081,
      -0.984955
    ],
    "ImageOrientationText": "Sag>Tra(-1.0)>Cor(0.5)",
    "ImageType": [
      "ORIGINAL",
      "PRIMARY",
      "M",
      "ND",
      "NORM"
    ],
    "ImagingFrequency": 123.21,
    "InPlanePhaseEncodingDirectionDICOM": "ROW",
    "InstitutionAddress": "Magyar Tudosok Korutja 2,Budapest,,HU,1117",
    "InstitutionName": "RCNS",
    "InstitutionalDepartmentName": "BIC",
    "InversionTime": 0.9,
    "MRAcquisitionType": "3D",
    "MagneticFieldStrength": 3,
    "Manufacturer": "Siemens",
    "ManufacturersModelName": "Prisma",
    "MatrixCoilMode": "GRAPPA",
    "Modality": "MR",
    "ParallelReductionFactorInPlane": 2,
    "PartialFourier": 1,
    "PatientPosition": "HFS",
    "PercentPhaseFOV": 100,
    "PercentSampling": 100,
    "PhaseEncodingSteps": 255,
    "PhaseResolution": 1,
    "PixelBandwidth": 130,
    "ProcedureStepDescription": "head^MR-artefacts",
    "ProtocolName": "MPRAGE_move1",
    "PulseSequenceDetails": "%SiemensSeq%\\tfl",
    "ReceiveCoilActiveElements": "HE1-4",
    "ReceiveCoilName": "HeadNeck_20",
    "ReconMatrixPE": 256,
    "RefLinesPE": 24,
    "RepetitionTime": 2.3,
    "SAR": 0.0546101,
    "ScanOptions": "IR",
    "ScanningSequence": "GR\\IR",
    "SequenceName": "*tfl3d1_16ns",
    "SequenceVariant": "SK\\SP\\MP",
    "SeriesDescription": "MPRAGE_move1",
    "SeriesNumber": 19,
    "ShimSetting": [
      5967,
      -1029,
      1155,
      183,
      19,
      -152,
      30,
      28
    ],
    "SliceThickness": 1,
    "SoftwareVersions": "syngo MR D13D",
    "SpoilingState": true,
    "StationName": "AWP66040",
    "TxRefAmp": 263.157,
    "acq_id": "headmotion1",
    "dataset": "<unset>",
    "modality": "T1w",
    "subject_id": "678878"
  },
  "cjv": 0.393025155188894,
  "cnr": 3.392227580646894,
  "efc": 0.5895808997271722,
  "fber": 5235.357340976331,
  "fwhm_avg": 4.6257866666666665,
  "fwhm_x": 4.3089,
  "fwhm_y": 4.87666,
  "fwhm_z": 4.6918,
  "icvs_csf": 0.22712819701399808,
  "icvs_gm": 0.4158676833153804,
  "icvs_wm": 0.35700411967062157,
  "inu_med": 1.515349268913269,
  "inu_range": 0.6534999847412108,
  "provenance": {
    "md5sum": "560c0588f763e94679e737c3707d8851",
    "settings": {
      "testing": false
    },
    "software": "mriqc",
    "version": "0.16.1",
    "warnings": {
      "large_rot_frame": true,
      "small_air_mask": false
    },
    "webapi_port": null,
    "webapi_url": "https://mriqc.nimh.nih.gov/api/v1"
  },
  "qi_1": 0.0,
  "qi_2": 0.00455850738665895,
  "rpve_csf": 23.948412568930074,
  "rpve_gm": 13.268110655065906,
  "rpve_wm": 18.320005633282136,
  "size_x": 192,
  "size_y": 256,
  "size_z": 256,
  "snr_csf": 3.2219107425025793,
  "snr_gm": 12.020235583424789,
  "snr_total": 10.773489658561601,
  "snr_wm": 17.07832264975744,
  "snrd_csf": 62.30547080211165,
  "snrd_gm": 128.1626785989643,
  "snrd_total": 123.38256308178548,
  "snrd_wm": 179.6795398442805,
  "spacing_x": 1.0,
  "spacing_y": 1.0,
  "spacing_z": 1.0,
  "summary_bg_k": 12.413670526878484,
  "summary_bg_mad": 3.6463071767586235,
  "summary_bg_mean": 10.958199147796899,
  "summary_bg_median": 4.872389920055866,
  "summary_bg_n": 3145489.0,
  "summary_bg_p05": 0.0,
  "summary_bg_p95": 38.515082225203514,
  "summary_bg_stdv": 13.93539289142731,
  "summary_csf_k": -0.20928248699880392,
  "summary_csf_mad": 114.13629445740672,
  "summary_csf_mean": 351.2555293078966,
  "summary_csf_median": 346.77495116740465,
  "summary_csf_n": 25409.0,
  "summary_csf_p05": 180.3248307555914,
  "summary_csf_p95": 528.0278561934829,
  "summary_csf_stdv": 107.62809865125325,
  "summary_gm_k": 0.0415516677626786,
  "summary_gm_mad": 59.304090308791196,
  "summary_gm_mean": 714.4423253192754,
  "summary_gm_median": 713.3178842961788,
  "summary_gm_n": 24950.0,
  "summary_gm_p05": 618.654308706522,
  "summary_gm_p95": 813.457098081708,
  "summary_gm_stdv": 59.34189760714535,
  "summary_wm_k": 0.5993743168627175,
  "summary_wm_mad": 53.387440927635694,
  "summary_wm_mean": 997.8642736701385,
  "summary_wm_median": 1000.0464301630855,
  "summary_wm_n": 212711.0,
  "summary_wm_p05": 895.9629007279873,
  "summary_wm_p95": 1090.2552492544055,
  "summary_wm_stdv": 58.55634068713565,
  "tpm_overlap_csf": 0.16390888392925262,
  "tpm_overlap_gm": 0.4505918323993683,
  "tpm_overlap_wm": 0.4965130388736725,
  "wm2max": 0.5048190472248394
}