{
  "bids_meta": {
    "AcquisitionMatrixPE": 256,
    "AcquisitionNumber": 1,
    "AcquisitionTime": "14:25:18.027500",
    "BodyPartExamined": "HEAD",
    "CoilString": "HeadNeck_20",
    "ConversionSoftware": "dcm2niix",
    "ConversionSoftwareVersion": "v1.0.20211006",
    "Dcm2bidsVersion": "2.1.6",
    "DeviceSerialNumber": "66040",
    "EchoTime": 0.00303,
    "FlipAngle": 9,
    "ImageOrientationPatientDICOM": [
      0.012075,
      0.999043,
      -0.0420294,
      0.0955652,
      -0.0429931,
      -0.994494
    ],
    "ImageType": [
      "ORIGINAL",
      "PRIMARY",
      "M",
      "NONE"
    ],
    "ImagingFrequency": 123.227,
    "InPlanePhaseEncodingDirectionDICOM": "ROW",
    "InstitutionAddress": "Magyar Tudosok Korutja 2,Budapest,,HU,1117",
    "InstitutionName": "RCNS",
    "InstitutionalDepartmentName": "BIC",
    "InversionTime": 0.9,
    "MRAcquisitionType": "3D",
    "MTState": true,
    "MagneticFieldStrength": 3,
    "Manufacturer": "Siemens",
    "ManufacturersModelName": "MAGNETOM Prisma",
    "Modality": "MR",
    "ParallelAcquisitionTechnique": "GRAPPA",
    "ParallelReductionFactorInPlane": 2,
    "PatientPosition": "HFS",
    "PercentPhaseFOV": 100,
    "PercentSampling": 100,
    "PixelBandwidth": 130,
    "ProcedureStepDescription": "head MR-artefacts",
    "ProtocolName": "MPRAGE_move2",
    "ReceiveCoilActiveElements": "HE1-4;NE1,2",
    "ReconMatrixPE": 256,
    "RepetitionTime": 2.3,
    "SequenceVariant": "SK\\SP\\MP",
    "SeriesDescription": "MPRAGE_move2",
    "SeriesNumber": 7,
    "SliceThickness": 1,
    "SoftwareVersions": "syngo MR XA30",
    "StationName": "AWP66040",
    "acq_id": "headmotion2",
    "dataset": "<unset>",
    "modality": "T1w",
    "subject_id": "409228"
  },
  "cjv": 0.622078178316069,
  "cnr": 1.9959646988103075,
  "efc": 0.6482281913969548,
  "fber": 197.7683542878589,
  "fwhm_avg": 3.57265,
  "fwhm_x": 3.27875,
  "fwhm_y": 3.49847,
  "fwhm_z": 3.94073,
  "icvs_csf": 0.22404398620887786,
  "icvs_gm": 0.4032049694211829,
  "icvs_wm": 0.3727510443699393,
  "inu_med": 1.1208683252334595,
  "inu_range": 0.43255392313003527,
  "provenance": {
    "md5sum": "99d249f5fed3ccb699134e453d5a81e4",
    "settings": {
      "testing": false
    },
    "software": "mriqc",
    "version": "0.16.1",
    "warnings": {
      "large_rot_frame": true,
      "small_air_mask": false
    },
    "webapi_port": null,
    "webapi_url": "https://mriqc.nimh.nih.gov/api/v1"
  },
  "qi_1": 0.0,
  "qi_2": 0.004991780197059089,
  "rpve_csf": 27.404562919321503,
  "rpve_gm": 14.24884410331832,
  "rpve_wm": 17.769318280516057,
  "size_x": 192,
  "size_y": 256,
  "size_z": 256,
  "snr_csf": 3.441954821060861,
  "snr_gm": 9.421448556612473,
  "snr_total": 7.699708848145481,
  "snr_wm": 10.235723166763112,
  "snrd_csf": 5.524915529238668,
  "snrd_gm": 10.496441931173564,
  "snrd_total": 10.143626155687315,
  "snrd_wm": 14.409521006649713,
  "spacing_x": 1.0,
  "spacing_y": 1.0,
  "spacing_z": 1.0,
  "summary_bg_k": 3.0343564178946387,
  "summary_bg_mad": 45.46987817273177,
  "summary_bg_mean": 53.82496679342198,
  "summary_bg_median": 39.390454195439816,
  "summary_bg_n": 2650249.0,
  "summary_bg_p05": 4.360743712633848,
  "summary_bg_p95": 163.40808857232332,
  "summary_bg_stdv": 54.67943471377988,
  "summary_csf_k": 0.3116553267784967,
  "summary_csf_mad": 110.40654793816432,
  "summary_csf_mean": 382.974218153262,
  "summary_csf_median": 383.4579251483083,
  "summary_csf_n": 32437.0,
  "summary_csf_p05": 199.53996504843235,
  "summary_csf_p95": 561.9800639070568,
  "summary_csf_stdv": 111.40530141357067,
  "summary_gm_k": -0.10293264138279623,
  "summary_gm_mad": 77.93821305544805,
  "summary_gm_mean": 729.1977024307702,
  "summary_gm_median": 728.5077614430338,
  "summary_gm_n": 8220.0,
  "summary_gm_p05": 603.2681604214013,
  "summary_gm_p95": 858.8772263595833,
  "summary_gm_stdv": 77.31968630872365,
  "summary_wm_k": 0.8483462456421278,
  "summary_wm_mad": 91.01080303010843,
  "summary_wm_mean": 1010.0178589337453,
  "summary_wm_median": 1000.0958382710814,
  "summary_wm_n": 157223.0,
  "summary_wm_p05": 867.7879988141358,
  "summary_wm_p95": 1186.5056519210339,
  "summary_wm_stdv": 97.70610649303265,
  "tpm_overlap_csf": 0.1427401453256607,
  "tpm_overlap_gm": 0.40157657861709595,
  "tpm_overlap_wm": 0.4417892098426819,
  "wm2max": 0.46245208180992264
}