{
  "bids_meta": {
    "AcquisitionMatrixPE": 256,
    "AcquisitionNumber": 1,
    "AcquisitionTime": "09:32:15.022500",
    "BodyPartExamined": "HEAD",
    "CoilString": "HeadNeck_20",
    "ConversionSoftware": "dcm2niix",
    "ConversionSoftwareVersion": "v1.0.20211006",
    "Dcm2bidsVersion": "2.1.6",
    "DeviceSerialNumber": "66040",
    "EchoTime": 0.00303,
    "FlipAngle": 9,
    "ImageOrientationPatientDICOM": [
      -0.0533296,
      0.998105,
      -0.0307052,
      0.0241034,
      -0.0294533,
      -0.999276
    ],
    "ImageType": [
      "ORIGINAL",
      "PRIMARY",
      "M",
      "NONE"
    ],
    "ImagingFrequency": 123.227,
    "InPlanePhaseEncodingDirectionDICOM": "ROW",
    "InstitutionAddress": "Magyar Tudosok Korutja 2,Budapest,,HU,1117",
    "InstitutionName": "RCNS",
    "InstitutionalDepartmentName": "BIC",
    "InversionTime": 0.9,
    "MRAcquisitionType": "3D",
    "MTState": true,
    "MagneticFieldStrength": 3,
    "Manufacturer": "Siemens",
    "ManufacturersModelName": "MAGNETOM Prisma",
    "Modality": "MR",
    "ParallelAcquisitionTechnique": "GRAPPA",
    "ParallelReductionFactorInPlane": 2,
    "PatientPosition": "HFS",
    "PercentPhaseFOV": 100,
    "PercentSampling": 100,
    "PixelBandwidth": 130,
    "ProcedureStepDescription": "head MR-artefacts",
    "ProtocolName": "MPRAGE_conventional",
    "ReceiveCoilActiveElements": "HE1-4;NE1,2",
    "ReconMatrixPE": 256,
    "RepetitionTime": 2.3,
    "SequenceVariant": "SK\\SP\\MP",
    "SeriesDescription": "MPRAGE_conventional",
    "SeriesNumber": 5,
    "SliceThickness": 1,
    "SoftwareVersions": "syngo MR XA30",
    "StationName": "AWP66040",
    "acq_id": "standard",
    "dataset": "<unset>",
    "modality": "T1w",
    "subject_id": "453666"
  },
  "cjv": 0.3190657279497113,
  "cnr": 4.072115956144319,
  "efc": 0.5870047083931336,
  "fber": 9144.946471405126,
  "fwhm_avg": 4.926953333333333,
  "fwhm_x": 4.62508,
  "fwhm_y": 5.07446,
  "fwhm_z": 5.08132,
  "icvs_csf": 0.2406478169604589,
  "icvs_gm": 0.3816198717664202,
  "icvs_wm": 0.3777323112731209,
  "inu_med": 1.0477185249328613,
  "inu_range": 0.355691596865654,
  "provenance": {
    "md5sum": "0fae37d4e1bf34689ae4eba2fabd01f0",
    "settings": {
      "testing": false
    },
    "software": "mriqc",
    "version": "0.16.1",
    "warnings": {
      "large_rot_frame": true,
      "small_air_mask": false
    },
    "webapi_port": null,
    "webapi_url": "https://mriqc.nimh.nih.gov/api/v1"
  },
  "qi_1": 0.0,
  "qi_2": 0.013923804966230916,
  "rpve_csf": 24.38065791375478,
  "rpve_gm": 14.801006973374173,
  "rpve_wm": 18.705727677889953,
  "size_x": 192,
  "size_y": 256,
  "size_z": 256,
  "snr_csf": 3.331395446965359,
  "snr_gm": 13.711660989444148,
  "snr_total": 14.605018184337508,
  "snr_wm": 26.771998116603015,
  "snrd_csf": 41.024798231242116,
  "snrd_gm": 94.42231406857732,
  "snrd_total": 88.04848984725663,
  "snrd_wm": 128.69835724195048,
  "spacing_x": 1.0,
  "spacing_y": 1.0,
  "spacing_z": 1.0,
  "summary_bg_k": 19.567485758397208,
  "summary_bg_mad": 5.0904795339691935,
  "summary_bg_mean": 5.653805028425463,
  "summary_bg_median": 3.511509820818901,
  "summary_bg_n": 2138605.0,
  "summary_bg_p05": 0.0,
  "summary_bg_p95": 13.928988955914974,
  "summary_bg_stdv": 4.413751053501178,
  "summary_csf_k": 0.26369293632735946,
  "summary_csf_mad": 93.4218687200028,
  "summary_csf_mean": 335.5821014032252,
  "summary_csf_median": 318.76705817878246,
  "summary_csf_n": 33162.0,
  "summary_csf_p05": 211.15879055857658,
  "summary_csf_p95": 515.0585063237696,
  "summary_csf_stdv": 95.68430317185117,
  "summary_gm_k": 0.20244818899065864,
  "summary_gm_mad": 51.83033707314088,
  "summary_gm_mean": 730.7037465756991,
  "summary_gm_median": 733.6714518964291,
  "summary_gm_n": 19955.0,
  "summary_gm_p05": 637.0659150481224,
  "summary_gm_p95": 814.0069932416081,
  "summary_gm_stdv": 53.50577651260001,
  "summary_wm_k": 0.9197444677146467,
  "summary_wm_mad": 33.145963329140315,
  "summary_wm_mean": 999.4426168414406,
  "summary_wm_median": 999.9999634176493,
  "summary_wm_n": 234679.0,
  "summary_wm_p05": 936.0904846787453,
  "summary_wm_p95": 1059.3444793894887,
  "summary_wm_stdv": 37.35237947090147,
  "tpm_overlap_csf": 0.16687129437923431,
  "tpm_overlap_gm": 0.4392581284046173,
  "tpm_overlap_wm": 0.5070642828941345,
  "wm2max": 0.5313568985176739
}