{
  "bids_meta": {
    "AcquisitionMatrixPE": 256,
    "AcquisitionNumber": 1,
    "AcquisitionTime": "09:37:40.982500",
    "BodyPartExamined": "HEAD",
    "CoilString": "HeadNeck_20",
    "ConversionSoftware": "dcm2niix",
    "ConversionSoftwareVersion": "v1.0.20211006",
    "Dcm2bidsVersion": "2.1.6",
    "DeviceSerialNumber": "66040",
    "EchoTime": 0.00303,
    "FlipAngle": 9,
    "ImageOrientationPatientDICOM": [
      -0.0533296,
      0.998105,
      -0.0307052,
      0.0241034,
      -0.0294533,
      -0.999276
    ],
    "ImageType": [
      "ORIGINAL",
      "PRIMARY",
      "M",
      "NONE"
    ],
    "ImagingFrequency": 123.227,
    "InPlanePhaseEncodingDirectionDICOM": "ROW",
    "InstitutionAddress": "Magyar Tudosok Korutja 2,Budapest,,HU,1117",
    "InstitutionName": "RCNS",
    "InstitutionalDepartmentName": "BIC",
    "InversionTime": 0.9,
    "MRAcquisitionType": "3D",
    "MTState": true,
    "MagneticFieldStrength": 3,
    "Manufacturer": "Siemens",
    "ManufacturersModelName": "MAGNETOM Prisma",
    "Modality": "MR",
    "ParallelAcquisitionTechnique": "GRAPPA",
    "ParallelReductionFactorInPlane": 2,
    "PatientPosition": "HFS",
    "PercentPhaseFOV": 100,
    "PercentSampling": 100,
    "PixelBandwidth": 130,
    "ProcedureStepDescription": "head MR-artefacts",
    "ProtocolName": "MPRAGE_move1",
    "ReceiveCoilActiveElements": "HE1-4;NE1,2",
    "ReconMatrixPE": 256,
    "RepetitionTime": 2.3,
    "SequenceVariant": "SK\\SP\\MP",
    "SeriesDescription": "MPRAGE_move1",
    "SeriesNumber": 6,
    "SliceThickness": 1,
    "SoftwareVersions": "syngo MR XA30",
    "StationName": "AWP66040",
    "acq_id": "headmotion1",
    "dataset": "<unset>",
    "modality": "T1w",
    "subject_id": "453666"
  },
  "cjv": 0.35782546005856664,
  "cnr": 3.7136217019728246,
  "efc": 0.5911754651683285,
  "fber": 8327.257311448375,
  "fwhm_avg": 4.891203333333333,
  "fwhm_x": 4.5823,
  "fwhm_y": 5.07046,
  "fwhm_z": 5.02085,
  "icvs_csf": 0.24230318481178575,
  "icvs_gm": 0.37676237575916105,
  "icvs_wm": 0.3809344394290532,
  "inu_med": 1.181542158126831,
  "inu_range": 0.41686114072799674,
  "provenance": {
    "md5sum": "457c46cd5f542c0a34bdae71b77820d3",
    "settings": {
      "testing": false
    },
    "software": "mriqc",
    "version": "0.16.1",
    "warnings": {
      "large_rot_frame": true,
      "small_air_mask": false
    },
    "webapi_port": null,
    "webapi_url": "https://mriqc.nimh.nih.gov/api/v1"
  },
  "qi_1": 0.0,
  "qi_2": 0.012962649480085686,
  "rpve_csf": 24.489145361520475,
  "rpve_gm": 15.02528846223756,
  "rpve_wm": 18.656059445815252,
  "size_x": 192,
  "size_y": 256,
  "size_z": 256,
  "snr_csf": 3.277064735344621,
  "snr_gm": 12.921229210141435,
  "snr_total": 13.621039317375606,
  "snr_wm": 24.664824006640767,
  "snrd_csf": 40.29788657713531,
  "snrd_gm": 89.67942518171893,
  "snrd_total": 83.7952473805885,
  "snrd_wm": 121.40843038291128,
  "spacing_x": 1.0,
  "spacing_y": 1.0,
  "spacing_z": 1.0,
  "summary_bg_k": 6.577017975564299,
  "summary_bg_mad": 5.396135775413477,
  "summary_bg_mean": 7.352525455162187,
  "summary_bg_median": 7.316798586398363,
  "summary_bg_n": 2152928.0,
  "summary_bg_p05": 0.0,
  "summary_bg_p95": 18.723499972373247,
  "summary_bg_stdv": 6.394643526341544,
  "summary_csf_k": -0.3432030529168375,
  "summary_csf_mad": 105.4749838163294,
  "summary_csf_mean": 348.76426134576894,
  "summary_csf_median": 331.920001514256,
  "summary_csf_n": 29009.0,
  "summary_csf_p05": 213.53044818192723,
  "summary_csf_p95": 531.8749741651118,
  "summary_csf_stdv": 101.28401703571406,
  "summary_gm_k": -0.03173701223631786,
  "summary_gm_mad": 57.35480396341541,
  "summary_gm_mean": 736.2674302642872,
  "summary_gm_median": 738.6589588299394,
  "summary_gm_n": 15985.0,
  "summary_gm_p05": 638.4375792182982,
  "summary_gm_p95": 826.0477993823588,
  "summary_gm_stdv": 57.16451907963042,
  "summary_wm_k": 0.8692412999566668,
  "summary_wm_mad": 36.15967272184288,
  "summary_wm_mean": 999.6957233323609,
  "summary_wm_median": 999.9999955184758,
  "summary_wm_n": 234449.0,
  "summary_wm_p05": 931.259610850364,
  "summary_wm_p95": 1065.4009182676673,
  "summary_wm_stdv": 40.543482596388685,
  "tpm_overlap_csf": 0.16976603865623474,
  "tpm_overlap_gm": 0.43686673045158386,
  "tpm_overlap_wm": 0.5067688822746277,
  "wm2max": 0.5183708400599071
}