{
  "bids_meta": {
    "AcquisitionMatrixPE": 256,
    "AcquisitionNumber": 1,
    "AcquisitionTime": "10:34:0.035000",
    "BodyPartExamined": "HEAD",
    "CoilString": "HeadNeck_20",
    "ConversionSoftware": "dcm2niix",
    "ConversionSoftwareVersion": "v1.0.20211006",
    "Dcm2bidsVersion": "2.1.6",
    "DeviceSerialNumber": "66040",
    "EchoTime": 0.00303,
    "FlipAngle": 9,
    "ImageOrientationPatientDICOM": [
      -0.00640559,
      0.997396,
      -0.0718409,
      0.0710859,
      -0.0712064,
      -0.994925
    ],
    "ImageType": [
      "ORIGINAL",
      "PRIMARY",
      "M",
      "NONE"
    ],
    "ImagingFrequency": 123.227,
    "InPlanePhaseEncodingDirectionDICOM": "ROW",
    "InstitutionAddress": "Magyar Tudosok Korutja 2,Budapest,,HU,1117",
    "InstitutionName": "RCNS",
    "InstitutionalDepartmentName": "BIC",
    "InversionTime": 0.9,
    "MRAcquisitionType": "3D",
    "MTState": true,
    "MagneticFieldStrength": 3,
    "Manufacturer": "Siemens",
    "ManufacturersModelName": "MAGNETOM Prisma",
    "Modality": "MR",
    "ParallelAcquisitionTechnique": "GRAPPA",
    "ParallelReductionFactorInPlane": 2,
    "PatientPosition": "HFS",
    "PercentPhaseFOV": 100,
    "PercentSampling": 100,
    "PixelBandwidth": 130,
    "ProcedureStepDescription": "head MR-artefacts",
    "ProtocolName": "MPRAGE_conventional",
    "ReceiveCoilActiveElements": "HE1-4;NE1,2",
    "ReconMatrixPE": 256,
    "RepetitionTime": 2.3,
    "SequenceVariant": "SK\\SP\\MP",
    "SeriesDescription": "MPRAGE_conventional",
    "SeriesNumber": 5,
    "SliceThickness": 1,
    "SoftwareVersions": "syngo MR XA30",
    "StationName": "AWP66040",
    "acq_id": "standard",
    "dataset": "<unset>",
    "modality": "T1w",
    "subject_id": "946200"
  },
  "cjv": 0.3477957262166013,
  "cnr": 3.72780440722567,
  "efc": 0.5939130957312463,
  "fber": 11575.92299970256,
  "fwhm_avg": 4.849853333333333,
  "fwhm_x": 4.57808,
  "fwhm_y": 4.96233,
  "fwhm_z": 5.00915,
  "icvs_csf": 0.23459382953763622,
  "icvs_gm": 0.38843045680795085,
  "icvs_wm": 0.37697571365441296,
  "inu_med": 0.9624536633491516,
  "inu_range": 0.42310289144516,
  "provenance": {
    "md5sum": "d08b467d5b35f7221c937e2a2c65b63d",
    "settings": {
      "testing": false
    },
    "software": "mriqc",
    "version": "0.16.1",
    "warnings": {
      "large_rot_frame": true,
      "small_air_mask": false
    },
    "webapi_port": null,
    "webapi_url": "https://mriqc.nimh.nih.gov/api/v1"
  },
  "qi_1": 0.03438816761485093,
  "qi_2": 0.01777402910454232,
  "rpve_csf": 22.06069452627519,
  "rpve_gm": 13.007617411887871,
  "rpve_wm": 16.77473247037933,
  "size_x": 192,
  "size_y": 256,
  "size_z": 256,
  "snr_csf": 3.2732280807175886,
  "snr_gm": 12.679825165099562,
  "snr_total": 13.072841624744987,
  "snr_wm": 23.265471628417803,
  "snrd_csf": 36.87511729387388,
  "snrd_gm": 79.76867793756875,
  "snrd_total": 75.24085247076755,
  "snrd_wm": 109.07876218086001,
  "spacing_x": 1.0,
  "spacing_y": 1.0,
  "spacing_z": 1.0,
  "summary_bg_k": 14.593132992055047,
  "summary_bg_mad": 6.006085477246785,
  "summary_bg_mean": 4.948281073646833,
  "summary_bg_median": 4.051043093204498,
  "summary_bg_n": 2402693.0,
  "summary_bg_p05": 0.0,
  "summary_bg_p95": 12.396191865205765,
  "summary_bg_stdv": 4.707890465462387,
  "summary_csf_k": 2.4196139895452715,
  "summary_csf_mad": 96.7580370384457,
  "summary_csf_mean": 353.1795128623406,
  "summary_csf_median": 338.0595461279154,
  "summary_csf_n": 26567.0,
  "summary_csf_p05": 207.77800025045872,
  "summary_csf_p95": 545.8375463783741,
  "summary_csf_stdv": 103.27822422872133,
  "summary_gm_k": 0.24213612445787502,
  "summary_gm_mad": 55.43616895498783,
  "summary_gm_mean": 730.0770528134534,
  "summary_gm_median": 731.294299185276,
  "summary_gm_n": 21602.0,
  "summary_gm_p05": 632.7749566800892,
  "summary_gm_p95": 823.8586083434523,
  "summary_gm_stdv": 57.67251227254075,
  "summary_wm_k": 0.9926134823951758,
  "summary_wm_mad": 38.01852107097215,
  "summary_wm_mean": 997.1576015574536,
  "summary_wm_median": 999.9999875575304,
  "summary_wm_n": 256331.0,
  "summary_wm_p05": 919.4247404336929,
  "summary_wm_p95": 1061.697373867035,
  "summary_wm_stdv": 42.9820659956562,
  "tpm_overlap_csf": 0.16462001204490662,
  "tpm_overlap_gm": 0.43328943848609924,
  "tpm_overlap_wm": 0.5044885277748108,
  "wm2max": 0.5086172925202198
}