{
  "bids_meta": {
    "AcquisitionMatrixPE": 256,
    "AcquisitionNumber": 1,
    "AcquisitionTime": "10:56:10.087500",
    "BaseResolution": 256,
    "BodyPartExamined": "HEAD",
    "CoilCombinationMethod": "Adaptive Combine",
    "ConsistencyInfo": "N4_VD13D_LATEST_20130810",
    "ConversionSoftware": "dcm2niix",
    "ConversionSoftwareVersion": "v1.0.20211006",
    "Dcm2bidsVersion": "2.1.6",
    "DeviceSerialNumber": "66040",
    "DwellTime": 1.5e-05,
    "EchoTime": 0.00303,
    "FlipAngle": 9,
    "ImageOrientationPatientDICOM": [
      0.00826432,
      0.994688,
      -0.102605,
      0.085329,
      -0.102936,
      -0.991021
    ],
    "ImageOrientationText": "Sag>Tra(-4.9)>Cor(-0.0)",
    "ImageType": [
      "ORIGINAL",
      "PRIMARY",
      "M",
      "ND",
      "NORM"
    ],
    "ImagingFrequency": 123.21,
    "InPlanePhaseEncodingDirectionDICOM": "ROW",
    "InstitutionAddress": "Magyar Tudosok Korutja 2,Budapest,,HU,1117",
    "InstitutionName": "RCNS",
    "InstitutionalDepartmentName": "BIC",
    "InversionTime": 0.9,
    "MRAcquisitionType": "3D",
    "MagneticFieldStrength": 3,
    "Manufacturer": "Siemens",
    "ManufacturersModelName": "Prisma",
    "MatrixCoilMode": "GRAPPA",
    "Modality": "MR",
    "ParallelReductionFactorInPlane": 2,
    "PartialFourier": 1,
    "PatientPosition": "HFS",
    "PercentPhaseFOV": 100,
    "PercentSampling": 100,
    "PhaseEncodingSteps": 255,
    "PhaseResolution": 1,
    "PixelBandwidth": 130,
    "ProcedureStepDescription": "head^MR-artefacts",
    "ProtocolName": "MPRAGE_conventional",
    "PulseSequenceDetails": "%SiemensSeq%\\tfl",
    "ReceiveCoilActiveElements": "HE1-4",
    "ReceiveCoilName": "HeadNeck_20",
    "ReconMatrixPE": 256,
    "RefLinesPE": 24,
    "RepetitionTime": 2.3,
    "SAR": 0.0615504,
    "ScanOptions": "IR",
    "ScanningSequence": "GR\\IR",
    "SequenceName": "*tfl3d1_16ns",
    "SequenceVariant": "SK\\SP\\MP",
    "SeriesDescription": "MPRAGE_conventional",
    "SeriesNumber": 6,
    "ShimSetting": [
      5971,
      -1048,
      1187,
      123,
      -21,
      -173,
      164,
      -54
    ],
    "SliceThickness": 1,
    "SoftwareVersions": "syngo MR D13D",
    "SpoilingState": true,
    "StationName": "AWP66040",
    "TxRefAmp": 274.522,
    "acq_id": "standard",
    "dataset": "<unset>",
    "modality": "T1w",
    "subject_id": "127867"
  },
  "cjv": 0.34469977322045026,
  "cnr": 3.791976648269002,
  "efc": 0.5599957883724499,
  "fber": 7086.959258434196,
  "fwhm_avg": 4.111963333333333,
  "fwhm_x": 4.12067,
  "fwhm_y": 4.1866,
  "fwhm_z": 4.02862,
  "icvs_csf": 0.23288147242622725,
  "icvs_gm": 0.4019279479387558,
  "icvs_wm": 0.36519057963501694,
  "inu_med": 0.9974095225334167,
  "inu_range": 0.23312595188617702,
  "provenance": {
    "md5sum": "d6d32bb967beeec80f8e59d64e6a6768",
    "settings": {
      "testing": false
    },
    "software": "mriqc",
    "version": "0.16.1",
    "warnings": {
      "large_rot_frame": true,
      "small_air_mask": false
    },
    "webapi_port": null,
    "webapi_url": "https://mriqc.nimh.nih.gov/api/v1"
  },
  "qi_1": 0.00011650919801281912,
  "qi_2": 0.016350348827420532,
  "rpve_csf": 29.651776274304353,
  "rpve_gm": 17.39593839081874,
  "rpve_wm": 22.838296560017664,
  "size_x": 192,
  "size_y": 256,
  "size_z": 256,
  "snr_csf": 2.72467412722119,
  "snr_gm": 15.646241944218623,
  "snr_total": 14.517137157994426,
  "snr_wm": 25.180495402543464,
  "snrd_csf": 49.75080146651718,
  "snrd_gm": 116.89098965252234,
  "snrd_total": 106.76234337694613,
  "snrd_wm": 153.6452390117989,
  "spacing_x": 1.0,
  "spacing_y": 1.0,
  "spacing_z": 1.0,
  "summary_bg_k": 62.12320611533768,
  "summary_bg_mad": 4.264135332815152,
  "summary_bg_mean": 7.124498174721041,
  "summary_bg_median": 5.709935333579779,
  "summary_bg_n": 2370690.0,
  "summary_bg_p05": 0.0,
  "summary_bg_p95": 17.08751018345356,
  "summary_bg_stdv": 6.191522337490201,
  "summary_csf_k": 27.819765863558253,
  "summary_csf_mad": 69.48032277587042,
  "summary_csf_mean": 352.12778386083244,
  "summary_csf_median": 323.8167771399021,
  "summary_csf_n": 26184.0,
  "summary_csf_p05": 242.10125814378262,
  "summary_csf_p95": 534.7883137613535,
  "summary_csf_stdv": 118.84378772497269,
  "summary_gm_k": 0.3603207014137886,
  "summary_gm_mad": 46.02757844538708,
  "summary_gm_mean": 759.4618780390907,
  "summary_gm_median": 760.8171613365412,
  "summary_gm_n": 20157.0,
  "summary_gm_p05": 676.775372389704,
  "summary_gm_p95": 837.2034073546529,
  "summary_gm_stdv": 48.6249855737381,
  "summary_wm_k": 0.5381242916101652,
  "summary_wm_mad": 36.43327394655299,
  "summary_wm_mean": 1000.3879654920831,
  "summary_wm_median": 1000.042303904891,
  "summary_wm_n": 179943.0,
  "summary_wm_p05": 935.1605201885104,
  "summary_wm_p95": 1066.9965826682746,
  "summary_wm_stdv": 39.71484711237186,
  "tpm_overlap_csf": 0.15896542370319366,
  "tpm_overlap_gm": 0.41360023617744446,
  "tpm_overlap_wm": 0.4724177122116089,
  "wm2max": 0.47718858825408345
}