{
  "bids_meta": {
    "AcquisitionMatrixPE": 256,
    "AcquisitionNumber": 1,
    "AcquisitionTime": "13:07:19.655000",
    "BaseResolution": 256,
    "BodyPartExamined": "HEAD",
    "CoilCombinationMethod": "Adaptive Combine",
    "ConsistencyInfo": "N4_VD13D_LATEST_20130810",
    "ConversionSoftware": "dcm2niix",
    "ConversionSoftwareVersion": "v1.0.20211006",
    "Dcm2bidsVersion": "2.1.6",
    "DeviceSerialNumber": "66040",
    "DwellTime": 1.5e-05,
    "EchoTime": 0.00303,
    "FlipAngle": 9,
    "FrameTimesStart": [
      0
    ],
    "ImageOrientationPatientDICOM": [
      -0.0416438,
      0.997482,
      -0.0574057,
      0.0730433,
      -0.0542624,
      -0.995852
    ],
    "ImageOrientationText": "Sag>Tra(-4.1)>Cor(-2.6)",
    "ImageType": [
      "ORIGINAL",
      "PRIMARY",
      "M",
      "ND",
      "NORM"
    ],
    "ImagingFrequency": 123.21,
    "InPlanePhaseEncodingDirectionDICOM": "ROW",
    "InstitutionAddress": "Magyar Tudosok Korutja 2,Budapest,,HU,1117",
    "InstitutionName": "RCNS",
    "InstitutionalDepartmentName": "BIC",
    "InversionTime": 0.9,
    "MRAcquisitionType": "3D",
    "MagneticFieldStrength": 3,
    "Manufacturer": "Siemens",
    "ManufacturersModelName": "Prisma",
    "MatrixCoilMode": "GRAPPA",
    "Modality": "MR",
    "ParallelReductionFactorInPlane": 2,
    "PartialFourier": 1,
    "PatientPosition": "HFS",
    "PercentPhaseFOV": 100,
    "PercentSampling": 100,
    "PhaseEncodingSteps": 255,
    "PhaseResolution": 1,
    "PixelBandwidth": 130,
    "ProcedureStepDescription": "head^MR-artefacts",
    "ProtocolName": "MPRAGE_conventional",
    "PulseSequenceDetails": "%SiemensSeq%\\tfl",
    "ReceiveCoilActiveElements": "HE1-4",
    "ReceiveCoilName": "HeadNeck_20",
    "ReconMatrixPE": 256,
    "RefLinesPE": 24,
    "RepetitionTime": 2.3,
    "SAR": 0.109637,
    "ScanOptions": "IR",
    "ScanningSequence": "GR\\IR",
    "SequenceName": "*tfl3d1_16ns",
    "SequenceVariant": "SK\\SP\\MP",
    "SeriesDescription": "MPRAGE_conventional",
    "SeriesNumber": 6,
    "ShimSetting": [
      5956,
      -1058,
      1157,
      199,
      -36,
      -170,
      65,
      -34
    ],
    "SliceThickness": 1,
    "SoftwareVersions": "syngo MR D13D",
    "SpoilingState": true,
    "StationName": "AWP66040",
    "TxRefAmp": 289.573,
    "acq_id": "standard",
    "dataset": "<unset>",
    "modality": "T1w",
    "subject_id": "986786"
  },
  "cjv": 0.3514543092247819,
  "cnr": 3.669550598164119,
  "efc": 0.5808553134689366,
  "fber": 8960.117036011081,
  "fwhm_avg": 4.66564,
  "fwhm_x": 4.46378,
  "fwhm_y": 4.77659,
  "fwhm_z": 4.75655,
  "icvs_csf": 0.23754970623685845,
  "icvs_gm": 0.39831452514104726,
  "icvs_wm": 0.3641357686220943,
  "inu_med": 1.3311290740966797,
  "inu_range": 0.5341302812099455,
  "provenance": {
    "md5sum": "1502f7ae70dd30d9bec8dadc093d7871",
    "settings": {
      "testing": false
    },
    "software": "mriqc",
    "version": "0.16.1",
    "warnings": {
      "large_rot_frame": true,
      "small_air_mask": false
    },
    "webapi_port": null,
    "webapi_url": "https://mriqc.nimh.nih.gov/api/v1"
  },
  "qi_1": 0.0,
  "qi_2": 0.011188655150887324,
  "rpve_csf": 24.28136230355694,
  "rpve_gm": 14.180277607128598,
  "rpve_wm": 19.128947187167576,
  "size_x": 192,
  "size_y": 256,
  "size_z": 256,
  "snr_csf": 3.1303447526128783,
  "snr_gm": 12.234982522648504,
  "snr_total": 12.034637524713217,
  "snr_wm": 20.738585298878267,
  "snrd_csf": 58.51547626068478,
  "snrd_gm": 121.63248176841587,
  "snrd_total": 116.3723772367046,
  "snrd_wm": 168.9691736810131,
  "spacing_x": 1.0,
  "spacing_y": 1.0,
  "spacing_z": 1.0,
  "summary_bg_k": 15.713243474472218,
  "summary_bg_mad": 3.877253775853492,
  "summary_bg_mean": 6.387698903150667,
  "summary_bg_median": 5.230335861444473,
  "summary_bg_n": 3210015.0,
  "summary_bg_p05": 0.0,
  "summary_bg_p95": 18.2055921331048,
  "summary_bg_stdv": 6.476032992833858,
  "summary_csf_k": 0.041514708625422614,
  "summary_csf_mad": 117.95798987308125,
  "summary_csf_mean": 356.6669666276022,
  "summary_csf_median": 346.30858405679464,
  "summary_csf_n": 25562.0,
  "summary_csf_p05": 196.1426239732653,
  "summary_csf_p95": 548.7804173393174,
  "summary_csf_stdv": 110.6273709331714,
  "summary_gm_k": 0.4055428304207327,
  "summary_gm_mad": 55.06445987438085,
  "summary_gm_mean": 721.2436673451826,
  "summary_gm_median": 719.8501187767833,
  "summary_gm_n": 22124.0,
  "summary_gm_p05": 627.0870947726071,
  "summary_gm_p95": 820.3077715002,
  "summary_gm_stdv": 58.834072604995264,
  "summary_wm_k": 0.7517989970031356,
  "summary_wm_mad": 43.39541726051409,
  "summary_wm_mean": 997.6072643659292,
  "summary_wm_median": 999.999983355403,
  "summary_wm_n": 215294.0,
  "summary_wm_p05": 911.2854404747486,
  "summary_wm_p95": 1071.866809759289,
  "summary_wm_stdv": 48.21918402511251,
  "tpm_overlap_csf": 0.15529252588748932,
  "tpm_overlap_gm": 0.4342440664768219,
  "tpm_overlap_wm": 0.4961667060852051,
  "wm2max": 0.47708521376782076
}